REDIRECTS: ON
RESTRICTION: || (== net461) (== netcoreapp2.0) (== netstandard2.0)
NUGET
  remote: https://api.nuget.org/v3/index.json
    aliyun-log-csharp-sdk (0.6)
      Newtonsoft.Json (>= 10.0.2)
    Argu (5.1)
      FSharp.Core (>= 4.0.0.1) - restriction: || (== net461) (&& (== netcoreapp2.0) (>= net45)) (&& (== netstandard2.0) (>= net45))
      FSharp.Core (>= 4.3.2) - restriction: || (&& (== net461) (< net45) (>= netstandard2.0)) (== netcoreapp2.0) (== netstandard2.0)
      System.Configuration.ConfigurationManager (>= 4.4) - restriction: || (&& (== net461) (< net45) (>= netstandard2.0)) (== netcoreapp2.0) (== netstandard2.0)
    Autofac (4.6.2)
      NETStandard.Library (>= 1.6) - restriction: || (&& (== net461) (< net45)) (== netcoreapp2.0) (== netstandard2.0)
      System.ComponentModel (>= 4.0.1) - restriction: || (&& (== net461) (< net45)) (== netcoreapp2.0) (== netstandard2.0)
    Castle.Core (4.2.1)
      NETStandard.Library (>= 1.6.1) - restriction: || (&& (== net461) (< net35)) (== netcoreapp2.0) (== netstandard2.0)
      System.Collections.Specialized (>= 4.3) - restriction: || (&& (== net461) (< net35)) (== netcoreapp2.0) (== netstandard2.0)
      System.ComponentModel (>= 4.3) - restriction: || (&& (== net461) (< net35)) (== netcoreapp2.0) (== netstandard2.0)
      System.ComponentModel.TypeConverter (>= 4.3) - restriction: || (&& (== net461) (< net35)) (== netcoreapp2.0) (== netstandard2.0)
      System.Diagnostics.TraceSource (>= 4.3) - restriction: || (&& (== net461) (< net35)) (== netcoreapp2.0) (== netstandard2.0)
      System.Dynamic.Runtime (>= 4.3) - restriction: || (&& (== net461) (< net35)) (== netcoreapp2.0) (== netstandard2.0)
      System.Reflection (>= 4.3) - restriction: || (&& (== net461) (< net35)) (== netcoreapp2.0) (== netstandard2.0)
      System.Reflection.Emit (>= 4.3) - restriction: || (&& (== net461) (< net35)) (== netcoreapp2.0) (== netstandard2.0)
      System.Reflection.TypeExtensions (>= 4.3) - restriction: || (&& (== net461) (< net35)) (== netcoreapp2.0) (== netstandard2.0)
      System.Xml.XmlDocument (>= 4.3) - restriction: || (&& (== net461) (< net35)) (== netcoreapp2.0) (== netstandard2.0)
    elmah.corelibrary (1.2.2)
    elmah.io.client (3.2.50)
      Microsoft.Rest.ClientRuntime (>= 2.3.6) - restriction: || (== net461) (&& (== netcoreapp2.0) (>= net45)) (&& (== netcoreapp2.0) (< netstandard1.4)) (&& (== netstandard2.0) (>= net45)) (&& (== netstandard2.0) (< netstandard1.4))
      Microsoft.Rest.ClientRuntime (>= 2.3.10) - restriction: || (&& (== net461) (< net45)) (== netcoreapp2.0) (== netstandard2.0)
      NETStandard.Library (>= 1.6.1) - restriction: || (&& (== net461) (< net45)) (== netcoreapp2.0) (== netstandard2.0)
    elmah.io.core (2.0.29)
      elmah.corelibrary (>= 1.2.2)
      elmah.io.client (>= 2.0.29)
    EventStore.Client (3.9.5)
    Expecto (7.0)
      Argu (>= 5.1)
      Mono.Cecil (>= 0.10.0-beta7)
      System.Diagnostics.FileVersionInfo (>= 4.3) - restriction: || (== netcoreapp2.0) (== netstandard2.0)
    Expecto.FsCheck (7.0)
      Expecto (>= 7.0)
      FsCheck (>= 2.10.4)
    FluentMigrator (1.6.2)
    FluentMigrator.Runner (1.6.2)
      FluentMigrator (>= 1.6.2)
    FParsec (1.0.3)
      FSharp.Core (>= 4.0.0.1) - restriction: || (== net461) (&& (== netcoreapp2.0) (>= net40)) (&& (== netstandard2.0) (>= net40))
      FSharp.Core (>= 4.2.3) - restriction: || (&& (== net461) (< net40) (>= netstandard1.6)) (== netcoreapp2.0) (== netstandard2.0)
      NETStandard.Library (>= 1.6.1) - restriction: || (&& (== net461) (< net40) (>= netstandard1.6)) (== netcoreapp2.0) (== netstandard2.0)
    FsCheck (2.10.8)
      FSharp.Core (>= 4.0.0.1) - restriction: || (== net461) (&& (== netcoreapp2.0) (>= net452)) (&& (== netcoreapp2.0) (< netstandard1.6)) (&& (== netcoreapp2.0) (< portable-net45+win8+wp8)) (&& (== netstandard2.0) (>= net452)) (&& (== netstandard2.0) (< netstandard1.6)) (&& (== netstandard2.0) (< portable-net45+win8+wp8))
      FSharp.Core (>= 4.2.3) - restriction: || (&& (== net461) (< net452) (>= netstandard1.6)) (== netcoreapp2.0) (== netstandard2.0)
      NETStandard.Library (>= 1.6.1) - restriction: || (&& (== net461) (< net452) (>= netstandard1.6)) (== netcoreapp2.0) (== netstandard2.0)
      System.ValueTuple (>= 4.4) - restriction: || (&& (== net461) (< net452) (>= netstandard1.6)) (== netcoreapp2.0) (== netstandard2.0)
    FSharp.Core (4.3.4)
    FsPickler (5.2)
      FSharp.Core (>= 3.1.2) - restriction: || (== net461) (&& (== netcoreapp2.0) (>= net45)) (&& (== netstandard2.0) (>= net45))
      FSharp.Core (>= 4.3.2) - restriction: || (&& (== net461) (< net45) (>= netstandard2.0)) (== netcoreapp2.0) (== netstandard2.0)
      System.Reflection.Emit.Lightweight (>= 4.3) - restriction: || (&& (== net461) (< net45) (>= netstandard2.0)) (== netcoreapp2.0) (== netstandard2.0)
    FsPickler.Json (5.2)
      FSharp.Core (>= 3.1.2) - restriction: || (== net461) (&& (== netcoreapp2.0) (>= net45)) (&& (== netstandard2.0) (>= net45))
      FSharp.Core (>= 4.3.2) - restriction: || (&& (== net461) (< net45) (>= netstandard2.0)) (== netcoreapp2.0) (== netstandard2.0)
      Newtonsoft.Json (>= 6.0.5) - restriction: || (== net461) (&& (== netcoreapp2.0) (>= net45)) (&& (== netstandard2.0) (>= net45))
      Newtonsoft.Json (>= 10.0.1) - restriction: || (&& (== net461) (< net45) (>= netstandard2.0)) (== netcoreapp2.0) (== netstandard2.0)
    FsSql (2.1)
      FSharp.Core (>= 3.1.2.1) - restriction: || (== net461) (&& (== netcoreapp2.0) (>= net40)) (&& (== netstandard2.0) (>= net40))
    fszmq (12.2.2)
      FSharp.Core
    Google.Api.CommonProtos (1.2)
      Google.Protobuf (>= 3.5.1)
      NETStandard.Library (>= 1.6.1) - restriction: || (&& (== net461) (< net45)) (== netcoreapp2.0) (== netstandard2.0)
    Google.Api.Gax (2.3)
      Microsoft.Extensions.PlatformAbstractions (>= 1.1) - restriction: || (&& (== net461) (< net45)) (== netcoreapp2.0) (== netstandard2.0)
      NETStandard.Library (>= 1.6.1) - restriction: || (&& (== net461) (< net45)) (== netcoreapp2.0) (== netstandard2.0)
      Newtonsoft.Json (>= 10.0.2)
      System.Interactive.Async (>= 3.1.1)
      System.Net.Http (>= 4.1.1) - restriction: || (== net461) (&& (== netcoreapp2.0) (>= net45)) (&& (== netstandard2.0) (>= net45))
    Google.Api.Gax.Grpc (2.3)
      Google.Api.CommonProtos (>= 1.2)
      Google.Api.Gax (>= 2.3)
      Google.Apis.Auth (>= 1.32.2)
      Grpc.Auth (>= 1.10)
      Grpc.Core (>= 1.10)
      NETStandard.Library (>= 1.6.1) - restriction: || (&& (== net461) (< net45) (>= netstandard1.5)) (== netcoreapp2.0) (== netstandard2.0)
    Google.Api.Gax.Rest (2.3)
      Google.Api.Gax (>= 2.3)
      Google.Apis.Auth (>= 1.32.2)
      NETStandard.Library (>= 1.6.1) - restriction: || (&& (== net461) (< net45)) (== netcoreapp2.0) (== netstandard2.0)
    Google.Apis (1.32.2)
      Google.Apis.Core (>= 1.32.2)
      NETStandard.Library (>= 1.6.1) - restriction: || (&& (== net461) (< net45)) (== netcoreapp2.0) (== netstandard2.0)
      Newtonsoft.Json (>= 10.0.2)
      System.Net.Http (>= 4.3.1)
      System.Reflection.TypeExtensions (>= 4.3) - restriction: || (&& (== net461) (< net45)) (== netcoreapp2.0) (== netstandard2.0)
    Google.Apis.Auth (1.32.2)
      Google.Apis (>= 1.32.2)
      Google.Apis.Core (>= 1.32.2)
      NETStandard.Library (>= 1.6.1) - restriction: || (&& (== net461) (< net45)) (== netcoreapp2.0) (== netstandard2.0)
      System.Diagnostics.Process (>= 4.3) - restriction: || (&& (== net461) (< net45)) (== netcoreapp2.0) (== netstandard2.0)
      System.Net.Requests (>= 4.3) - restriction: || (&& (== net461) (< net45)) (== netcoreapp2.0) (== netstandard2.0)
    Google.Apis.Core (1.32.2)
      NETStandard.Library (>= 1.6.1) - restriction: || (&& (== net461) (< net45)) (== netcoreapp2.0) (== netstandard2.0)
      Newtonsoft.Json (>= 10.0.2)
      System.Net.Http (>= 4.3.1)
      System.Reflection.TypeExtensions (>= 4.3) - restriction: || (&& (== net461) (< net45)) (== netcoreapp2.0) (== netstandard2.0)
    Google.Cloud.Logging.Type (2.0)
      Google.Api.CommonProtos (>= 1.1)
      NETStandard.Library (>= 1.6.1) - restriction: || (&& (== net461) (< net45) (>= netstandard1.5)) (== netcoreapp2.0) (== netstandard2.0)
    Google.Cloud.Logging.V2 (2.1)
      Google.Api.Gax.Grpc (>= 2.2.1)
      Google.Cloud.Logging.Type (>= 2.0)
      Grpc.Core (>= 1.7.1)
      NETStandard.Library (>= 1.6.1) - restriction: || (&& (== net461) (< net45) (>= netstandard1.5)) (== netcoreapp2.0) (== netstandard2.0)
    Google.Protobuf (3.5.1)
      NETStandard.Library (>= 1.6.1) - restriction: || (&& (== net461) (< net45)) (== netcoreapp2.0) (== netstandard2.0)
    Grpc.Auth (1.10)
      Google.Apis.Auth (>= 1.21)
      Grpc.Core (>= 1.10)
      NETStandard.Library (>= 1.6.1) - restriction: || (&& (== net461) (< net45) (>= netstandard1.5)) (== netcoreapp2.0) (== netstandard2.0)
    Grpc.Core (1.10)
      NETStandard.Library (>= 1.6.1) - restriction: || (&& (== net461) (< net45) (>= netstandard1.5)) (== netcoreapp2.0) (== netstandard2.0)
      System.Interactive.Async (>= 3.1.1)
      System.Runtime.Loader (>= 4.0) - restriction: || (&& (== net461) (< net45) (>= netstandard1.5)) (== netcoreapp2.0) (== netstandard2.0)
      System.Threading.Thread (>= 4.0) - restriction: || (&& (== net461) (< net45) (>= netstandard1.5)) (== netcoreapp2.0) (== netstandard2.0)
      System.Threading.ThreadPool (>= 4.0.10) - restriction: || (&& (== net461) (< net45) (>= netstandard1.5)) (== netcoreapp2.0) (== netstandard2.0)
    Hopac (0.3.23)
      FSharp.Core (>= 3.1.2.5) - restriction: || (== net461) (&& (== netcoreapp2.0) (< netstandard1.6)) (&& (== netstandard2.0) (< netstandard1.6))
      FSharp.Core (>= 4.0.1.7-alpha) - restriction: || (&& (== net461) (>= netstandard1.6)) (== netcoreapp2.0) (== netstandard2.0)
      NETStandard.Library (>= 1.6) - restriction: || (&& (== net461) (>= netstandard1.6)) (== netcoreapp2.0) (== netstandard2.0)
    Http.fs (5.0.2)
      FSharp.Core (>= 4.1.18)
      Hopac (>= 0.3.23)
      System.Diagnostics.FileVersionInfo (>= 4.3) - restriction: || (== netcoreapp2.0) (== netstandard2.0)
    libzmq_vc120 (4.2.30)
    Machine.Specifications (0.12)
      NETStandard.Library (>= 1.6) - restriction: || (&& (== net461) (< net35)) (== netcoreapp2.0) (== netstandard2.0)
      System.Diagnostics.TextWriterTraceListener (>= 4.0) - restriction: || (&& (== net461) (< net35)) (== netcoreapp2.0) (== netstandard2.0)
      System.Diagnostics.TraceSource (>= 4.0) - restriction: || (&& (== net461) (< net35)) (== netcoreapp2.0) (== netstandard2.0)
      System.Reflection (>= 4.1) - restriction: || (&& (== net461) (< net35)) (== netcoreapp2.0) (== netstandard2.0)
      System.Reflection.Extensions (>= 4.0.1) - restriction: || (&& (== net461) (< net35)) (== netcoreapp2.0) (== netstandard2.0)
      System.Reflection.TypeExtensions (>= 4.1) - restriction: || (&& (== net461) (< net35)) (== netcoreapp2.0) (== netstandard2.0)
      System.Xml.XPath (>= 4.0.1) - restriction: || (&& (== net461) (< net35)) (== netcoreapp2.0) (== netstandard2.0)
      System.Xml.XPath.XDocument (>= 4.0.1) - restriction: || (&& (== net461) (< net35)) (== netcoreapp2.0) (== netstandard2.0)
    Machine.Specifications.Runner.Console (0.9.3)
    Machine.Specifications.Runner.VisualStudio (2.6.1)
      Microsoft.NETCore.App (>= 1.1.2) - restriction: || (&& (== net461) (>= netcoreapp1.1)) (== netcoreapp2.0) (&& (== netstandard2.0) (>= netcoreapp1.1))
      Mono.Cecil (>= 0.9.6.1) - restriction: || (== net461) (&& (== netcoreapp2.0) (>= net46)) (&& (== netstandard2.0) (>= net46))
      Mono.Cecil (>= 0.10.0-beta7) - restriction: || (&& (== net461) (>= netcoreapp1.1)) (== netcoreapp2.0) (&& (== netstandard2.0) (>= netcoreapp1.1))
    Machine.Specifications.Should (0.11)
      Machine.Specifications (>= 0.11)
      NETStandard.Library (>= 1.6) - restriction: || (&& (== net461) (< net35)) (== netcoreapp2.0) (== netstandard2.0)
    Microsoft.ApplicationInsights (2.5.1)
      NETStandard.Library (>= 1.6.1) - restriction: || (&& (== net461) (< net45)) (== netcoreapp2.0) (== netstandard2.0)
      System.Diagnostics.DiagnosticSource (>= 4.4)
      System.Diagnostics.StackTrace (>= 4.3) - restriction: || (&& (== net461) (< net45)) (== netcoreapp2.0) (== netstandard2.0)
      System.Net.Requests (>= 4.3) - restriction: || (&& (== net461) (< net45)) (== netcoreapp2.0) (== netstandard2.0)
    Microsoft.ApplicationInsights.Agent.Intercept (2.4) - restriction: || (== net461) (&& (== netcoreapp2.0) (>= net45)) (&& (== netstandard2.0) (>= net45))
    Microsoft.ApplicationInsights.DependencyCollector (2.5.1)
      Microsoft.ApplicationInsights (2.5.1)
      Microsoft.ApplicationInsights.Agent.Intercept (>= 2.4) - restriction: || (== net461) (&& (== netcoreapp2.0) (>= net45)) (&& (== netstandard2.0) (>= net45))
      Microsoft.Extensions.PlatformAbstractions (>= 1.1) - restriction: || (&& (== net461) (< net45) (>= netstandard1.6)) (== netcoreapp2.0) (== netstandard2.0)
      NETStandard.Library (>= 1.6.1) - restriction: || (&& (== net461) (< net45) (>= netstandard1.6)) (== netcoreapp2.0) (== netstandard2.0)
      System.Data.SqlClient (>= 4.3.1) - restriction: || (&& (== net461) (< net45) (>= netstandard1.6)) (== netcoreapp2.0) (== netstandard2.0)
      System.Diagnostics.DiagnosticSource (>= 4.4)
      System.Diagnostics.StackTrace (>= 4.3) - restriction: || (&& (== net461) (< net45) (>= netstandard1.6)) (== netcoreapp2.0) (== netstandard2.0)
    Microsoft.AspNetCore.Hosting.Abstractions (2.1.0-preview1-final)
      Microsoft.AspNetCore.Hosting.Server.Abstractions (>= 2.1.0-preview1-final) - restriction: || (&& (== net461) (>= netstandard2.0)) (== netcoreapp2.0) (== netstandard2.0)
      Microsoft.AspNetCore.Http.Abstractions (>= 2.1.0-preview1-final) - restriction: || (&& (== net461) (>= netstandard2.0)) (== netcoreapp2.0) (== netstandard2.0)
      Microsoft.Extensions.Hosting.Abstractions (>= 2.1.0-preview1-final) - restriction: || (&& (== net461) (>= netstandard2.0)) (== netcoreapp2.0) (== netstandard2.0)
    Microsoft.AspNetCore.Hosting.Server.Abstractions (2.1.0-preview1-final) - restriction: || (&& (== net461) (>= netstandard2.0)) (== netcoreapp2.0) (== netstandard2.0)
      Microsoft.AspNetCore.Http.Features (>= 2.1.0-preview1-final) - restriction: || (&& (== net461) (>= netstandard2.0)) (== netcoreapp2.0) (== netstandard2.0)
      Microsoft.Extensions.Configuration.Abstractions (>= 2.1.0-preview1-final) - restriction: || (&& (== net461) (>= netstandard2.0)) (== netcoreapp2.0) (== netstandard2.0)
    Microsoft.AspNetCore.Http.Abstractions (2.1.0-preview1-final) - restriction: || (&& (== net461) (>= netstandard2.0)) (== netcoreapp2.0) (== netstandard2.0)
      Microsoft.AspNetCore.Http.Features (>= 2.1.0-preview1-final) - restriction: || (&& (== net461) (>= netstandard2.0)) (== netcoreapp2.0) (== netstandard2.0)
      System.Text.Encodings.Web (>= 4.5.0-preview1-26216-02) - restriction: || (&& (== net461) (>= netstandard2.0)) (== netcoreapp2.0) (== netstandard2.0)
    Microsoft.AspNetCore.Http.Features (2.1.0-preview1-final) - restriction: || (&& (== net461) (>= netstandard2.0)) (== netcoreapp2.0) (== netstandard2.0)
      Microsoft.Extensions.Primitives (>= 2.1.0-preview1-final) - restriction: || (&& (== net461) (>= netstandard2.0)) (== netcoreapp2.0) (== netstandard2.0)
    Microsoft.CodeCoverage (1.0.3) - restriction: || (== net461) (== netcoreapp2.0) (&& (== netstandard2.0) (>= net45)) (&& (== netstandard2.0) (>= netcoreapp1.0))
    Microsoft.Diagnostics.Tracing.EventSource.Redist (2.0) - restriction: || (== net461) (&& (== netcoreapp2.0) (>= net451)) (&& (== netstandard2.0) (>= net451))
    Microsoft.DotNet.PlatformAbstractions (2.0.4) - restriction: || (&& (== net461) (>= netcoreapp1.0)) (== netcoreapp2.0) (&& (== netstandard2.0) (>= netcoreapp1.0))
      System.AppContext (>= 4.1) - restriction: || (&& (== net461) (< net45)) (== netcoreapp2.0) (== netstandard2.0)
      System.Collections (>= 4.0.11) - restriction: || (&& (== net461) (< net45)) (== netcoreapp2.0) (== netstandard2.0)
      System.IO (>= 4.1) - restriction: || (&& (== net461) (< net45)) (== netcoreapp2.0) (== netstandard2.0)
      System.IO.FileSystem (>= 4.0.1) - restriction: || (&& (== net461) (< net45)) (== netcoreapp2.0) (== netstandard2.0)
      System.Reflection.TypeExtensions (>= 4.1) - restriction: || (&& (== net461) (< net45)) (== netcoreapp2.0) (== netstandard2.0)
      System.Runtime.Extensions (>= 4.1) - restriction: || (&& (== net461) (< net45)) (== netcoreapp2.0) (== netstandard2.0)
      System.Runtime.InteropServices (>= 4.1) - restriction: || (&& (== net461) (< net45)) (== netcoreapp2.0) (== netstandard2.0)
      System.Runtime.InteropServices.RuntimeInformation (>= 4.0) - restriction: || (&& (== net461) (< net45)) (== netcoreapp2.0) (== netstandard2.0)
    Microsoft.Extensions.Configuration (2.1.0-preview1-final) - restriction: || (&& (== net461) (>= netstandard2.0)) (== netcoreapp2.0) (== netstandard2.0)
      Microsoft.Extensions.Configuration.Abstractions (>= 2.1.0-preview1-final) - restriction: || (&& (== net461) (>= netstandard2.0)) (== netcoreapp2.0) (== netstandard2.0)
    Microsoft.Extensions.Configuration.Abstractions (2.1.0-preview1-final) - restriction: || (&& (== net461) (>= netstandard2.0)) (== netcoreapp2.0) (== netstandard2.0)
      Microsoft.Extensions.Primitives (>= 2.1.0-preview1-final) - restriction: || (&& (== net461) (>= netstandard2.0)) (== netcoreapp2.0) (== netstandard2.0)
    Microsoft.Extensions.Configuration.Binder (2.1.0-preview1-final) - restriction: || (&& (== net461) (>= netstandard2.0)) (== netcoreapp2.0) (== netstandard2.0)
      Microsoft.Extensions.Configuration (>= 2.1.0-preview1-final) - restriction: || (&& (== net461) (>= netstandard2.0)) (== netcoreapp2.0) (== netstandard2.0)
    Microsoft.Extensions.DependencyInjection.Abstractions (2.1.0-preview1-final) - restriction: || (&& (== net461) (>= netstandard2.0)) (== netcoreapp2.0) (== netstandard2.0)
    Microsoft.Extensions.DependencyModel (2.0.4) - restriction: || (&& (== net461) (>= netcoreapp1.0)) (== netcoreapp2.0) (&& (== netstandard2.0) (>= netcoreapp1.0))
      Microsoft.DotNet.PlatformAbstractions (>= 2.0.4)
      Newtonsoft.Json (>= 9.0.1)
      System.Diagnostics.Debug (>= 4.0.11) - restriction: || (&& (== net461) (< net451)) (== netcoreapp2.0) (== netstandard2.0)
      System.Dynamic.Runtime (>= 4.0.11) - restriction: || (&& (== net461) (< net451)) (== netcoreapp2.0) (== netstandard2.0)
      System.Linq (>= 4.1) - restriction: || (&& (== net461) (< net451)) (== netcoreapp2.0) (== netstandard2.0)
    Microsoft.Extensions.FileProviders.Abstractions (2.1.0-preview1-final) - restriction: || (&& (== net461) (>= netstandard2.0)) (== netcoreapp2.0) (== netstandard2.0)
      Microsoft.Extensions.Primitives (>= 2.1.0-preview1-final) - restriction: || (&& (== net461) (>= netstandard2.0)) (== netcoreapp2.0) (== netstandard2.0)
    Microsoft.Extensions.Hosting.Abstractions (2.1.0-preview1-final) - restriction: || (&& (== net461) (>= netstandard2.0)) (== netcoreapp2.0) (== netstandard2.0)
      Microsoft.Extensions.Configuration.Abstractions (>= 2.1.0-preview1-final) - restriction: || (&& (== net461) (>= netstandard2.0)) (== netcoreapp2.0) (== netstandard2.0)
      Microsoft.Extensions.DependencyInjection.Abstractions (>= 2.1.0-preview1-final) - restriction: || (&& (== net461) (>= netstandard2.0)) (== netcoreapp2.0) (== netstandard2.0)
      Microsoft.Extensions.FileProviders.Abstractions (>= 2.1.0-preview1-final) - restriction: || (&& (== net461) (>= netstandard2.0)) (== netcoreapp2.0) (== netstandard2.0)
      Microsoft.Extensions.Logging.Abstractions (>= 2.1.0-preview1-final) - restriction: || (&& (== net461) (>= netstandard2.0)) (== netcoreapp2.0) (== netstandard2.0)
    Microsoft.Extensions.Logging (2.1.0-preview1-final)
      Microsoft.Extensions.Configuration.Binder (>= 2.1.0-preview1-final) - restriction: || (&& (== net461) (>= netstandard2.0)) (== netcoreapp2.0) (== netstandard2.0)
      Microsoft.Extensions.DependencyInjection.Abstractions (>= 2.1.0-preview1-final) - restriction: || (&& (== net461) (>= netstandard2.0)) (== netcoreapp2.0) (== netstandard2.0)
      Microsoft.Extensions.Logging.Abstractions (>= 2.1.0-preview1-final) - restriction: || (&& (== net461) (>= netstandard2.0)) (== netcoreapp2.0) (== netstandard2.0)
      Microsoft.Extensions.Options (>= 2.1.0-preview1-final) - restriction: || (&& (== net461) (>= netstandard2.0)) (== netcoreapp2.0) (== netstandard2.0)
    Microsoft.Extensions.Logging.Abstractions (2.1.0-preview1-final) - restriction: || (&& (== net461) (>= netstandard2.0)) (== netcoreapp2.0) (== netstandard2.0)
    Microsoft.Extensions.Options (2.1.0-preview1-final) - restriction: || (&& (== net461) (>= netstandard2.0)) (== netcoreapp2.0) (== netstandard2.0)
      Microsoft.Extensions.DependencyInjection.Abstractions (>= 2.1.0-preview1-final) - restriction: || (&& (== net461) (>= netstandard2.0)) (== netcoreapp2.0) (== netstandard2.0)
      Microsoft.Extensions.Primitives (>= 2.1.0-preview1-final) - restriction: || (&& (== net461) (>= netstandard2.0)) (== netcoreapp2.0) (== netstandard2.0)
    Microsoft.Extensions.PlatformAbstractions (1.1) - restriction: || (&& (== net461) (< net45) (>= netstandard1.6)) (== netcoreapp2.0) (== netstandard2.0)
      NETStandard.Library (>= 1.6.1)
      System.Reflection.TypeExtensions (>= 4.3) - restriction: || (&& (== net461) (< net451)) (== netcoreapp2.0) (== netstandard2.0)
    Microsoft.Extensions.Primitives (2.1.0-preview1-final) - restriction: || (&& (== net461) (>= netstandard2.0)) (== netcoreapp2.0) (== netstandard2.0)
      System.Runtime.CompilerServices.Unsafe (>= 4.5.0-preview1-26216-02) - restriction: || (&& (== net461) (>= netstandard2.0)) (== netcoreapp2.0) (== netstandard2.0)
    Microsoft.NET.Test.Sdk (15.6.1)
      Microsoft.CodeCoverage (>= 1.0.3) - restriction: || (== net461) (== netcoreapp2.0) (&& (== netstandard2.0) (>= net45)) (&& (== netstandard2.0) (>= netcoreapp1.0))
      Microsoft.TestPlatform.TestHost (>= 15.6.1) - restriction: || (&& (== net461) (>= netcoreapp1.0)) (== netcoreapp2.0) (&& (== netstandard2.0) (>= netcoreapp1.0))
    Microsoft.NETCore.App (2.0.6) - restriction: || (&& (== net461) (>= netcoreapp1.1)) (== netcoreapp2.0) (&& (== netstandard2.0) (>= netcoreapp1.1))
      Microsoft.NETCore.DotNetHostPolicy (>= 2.0.6) - restriction: || (&& (== net461) (>= netcoreapp2.0)) (== netcoreapp2.0) (&& (== netstandard2.0) (>= netcoreapp2.0))
      Microsoft.NETCore.Platforms (>= 2.0.1) - restriction: || (&& (== net461) (>= netcoreapp2.0)) (== netcoreapp2.0) (&& (== netstandard2.0) (>= netcoreapp2.0))
      NETStandard.Library (>= 2.0.1) - restriction: || (&& (== net461) (>= netcoreapp2.0)) (== netcoreapp2.0) (&& (== netstandard2.0) (>= netcoreapp2.0))
    Microsoft.NETCore.DotNetAppHost (2.0.6) - restriction: || (&& (== net461) (>= netcoreapp2.0)) (== netcoreapp2.0) (&& (== netstandard2.0) (>= netcoreapp2.0))
    Microsoft.NETCore.DotNetHostPolicy (2.0.6) - restriction: || (&& (== net461) (>= netcoreapp2.0)) (== netcoreapp2.0) (&& (== netstandard2.0) (>= netcoreapp2.0))
      Microsoft.NETCore.DotNetHostResolver (>= 2.0.6)
    Microsoft.NETCore.DotNetHostResolver (2.0.6) - restriction: || (&& (== net461) (>= netcoreapp2.0)) (== netcoreapp2.0) (&& (== netstandard2.0) (>= netcoreapp2.0))
      Microsoft.NETCore.DotNetAppHost (>= 2.0.6)
    Microsoft.NETCore.Platforms (2.0.1) - restriction: || (&& (== net461) (>= dnxcore50)) (&& (== net461) (< net45)) (== netcoreapp2.0) (== netstandard2.0)
    Microsoft.NETCore.Targets (2.0) - restriction: || (&& (== net461) (>= dnxcore50)) (&& (== net461) (< net35)) (== netcoreapp2.0) (== netstandard2.0)
    Microsoft.Rest.ClientRuntime (2.3.11)
      NETStandard.Library (>= 1.6.1) - restriction: || (&& (== net461) (< net452)) (== netcoreapp2.0) (== netstandard2.0)
      Newtonsoft.Json (>= 6.0.8) - restriction: || (== net461) (&& (== netcoreapp2.0) (>= net452)) (&& (== netstandard2.0) (>= net452))
      Newtonsoft.Json (>= 9.0.1) - restriction: || (&& (== net461) (< net452)) (== netcoreapp2.0) (== netstandard2.0)
    Microsoft.TestPlatform.ObjectModel (15.6.1) - restriction: || (&& (== net461) (>= netcoreapp1.0)) (== netcoreapp2.0) (&& (== netstandard2.0) (>= netcoreapp1.0))
      NETStandard.Library (>= 1.6) - restriction: || (&& (== net461) (< net451) (>= netstandard1.5)) (== netcoreapp2.0) (== netstandard2.0)
      System.ComponentModel.EventBasedAsync (>= 4.0.11) - restriction: || (&& (== net461) (< net451) (>= netstandard1.5)) (== netcoreapp2.0) (== netstandard2.0)
      System.ComponentModel.TypeConverter (>= 4.1) - restriction: || (&& (== net461) (< net451)) (== netcoreapp2.0) (== netstandard2.0)
      System.Diagnostics.Process (>= 4.1) - restriction: || (&& (== net461) (< net451) (>= netstandard1.5)) (== netcoreapp2.0) (== netstandard2.0)
      System.Diagnostics.TextWriterTraceListener (>= 4.0) - restriction: || (&& (== net461) (< net451) (>= netstandard1.5)) (== netcoreapp2.0) (== netstandard2.0)
      System.Diagnostics.TraceSource (>= 4.0) - restriction: || (&& (== net461) (< net451) (>= netstandard1.5)) (== netcoreapp2.0) (== netstandard2.0)
      System.Reflection.Metadata (>= 1.3)
      System.Reflection.TypeExtensions (>= 4.1) - restriction: || (&& (== net461) (< net451) (>= netstandard1.5)) (== netcoreapp2.0) (== netstandard2.0)
      System.Runtime.InteropServices.RuntimeInformation (>= 4.0) - restriction: || (&& (== net461) (< net451)) (== netcoreapp2.0) (== netstandard2.0)
      System.Runtime.Loader (>= 4.0) - restriction: || (&& (== net461) (< net451) (>= netstandard1.5)) (== netcoreapp2.0) (== netstandard2.0)
      System.Runtime.Serialization.Json (>= 4.0.2) - restriction: || (&& (== net461) (< net451) (>= netstandard1.5)) (== netcoreapp2.0) (== netstandard2.0)
      System.Runtime.Serialization.Primitives (>= 4.1.1) - restriction: || (&& (== net461) (< net451) (>= netstandard1.5)) (== netcoreapp2.0) (== netstandard2.0)
      System.Threading.Thread (>= 4.0) - restriction: || (&& (== net461) (< net451) (>= netstandard1.5)) (== netcoreapp2.0) (== netstandard2.0)
      System.Xml.XPath.XmlDocument (>= 4.0.1) - restriction: || (&& (== net461) (< net451) (>= netstandard1.5)) (== netcoreapp2.0) (== netstandard2.0)
    Microsoft.TestPlatform.TestHost (15.6.1) - restriction: || (&& (== net461) (>= netcoreapp1.0)) (== netcoreapp2.0) (&& (== netstandard2.0) (>= netcoreapp1.0))
      Microsoft.Extensions.DependencyModel (>= 1.0.3) - restriction: || (&& (== net461) (>= netcoreapp1.0)) (== netcoreapp2.0) (&& (== netstandard2.0) (>= netcoreapp1.0))
      Microsoft.TestPlatform.ObjectModel (>= 15.6.1) - restriction: || (&& (== net461) (>= netcoreapp1.0)) (&& (== net461) (>= uap10.0)) (== netcoreapp2.0) (&& (== netstandard2.0) (>= netcoreapp1.0)) (&& (== netstandard2.0) (>= uap10.0))
      Newtonsoft.Json (>= 9.0.1) - restriction: || (&& (== net461) (>= netcoreapp1.0)) (&& (== net461) (>= uap10.0)) (== netcoreapp2.0) (&& (== netstandard2.0) (>= netcoreapp1.0)) (&& (== netstandard2.0) (>= uap10.0))
    Microsoft.Win32.Primitives (4.3) - restriction: || (&& (== net461) (< net451) (>= netstandard1.5)) (&& (== net461) (< net451) (>= netstandard1.6)) (== netcoreapp2.0) (== netstandard2.0)
      Microsoft.NETCore.Platforms (>= 1.1) - restriction: || (&& (== net461) (< net46)) (== netcoreapp2.0) (== netstandard2.0)
      Microsoft.NETCore.Targets (>= 1.1) - restriction: || (&& (== net461) (< net46)) (== netcoreapp2.0) (== netstandard2.0)
      System.Runtime (>= 4.3) - restriction: || (&& (== net461) (< net46)) (== netcoreapp2.0) (== netstandard2.0)
    Microsoft.Win32.Registry (4.4) - restriction: || (&& (== net461) (< net45) (>= netstandard2.0)) (&& (== net461) (>= netcoreapp2.0)) (== netcoreapp2.0) (== netstandard2.0)
      Microsoft.NETCore.Platforms (>= 2.0) - restriction: || (&& (== net461) (>= netcoreapp2.0)) (== netcoreapp2.0) (&& (== netstandard2.0) (>= netcoreapp2.0))
      System.Security.AccessControl (>= 4.4)
      System.Security.Principal.Windows (>= 4.4)
    Mono.Cecil (0.10)
      System.Collections (>= 4.0.11) - restriction: || (&& (== net461) (< net35)) (== netcoreapp2.0) (== netstandard2.0)
      System.IO.FileSystem (>= 4.0.1) - restriction: || (&& (== net461) (< net35)) (== netcoreapp2.0) (== netstandard2.0)
      System.IO.FileSystem.Primitives (>= 4.0.1) - restriction: || (&& (== net461) (< net35)) (== netcoreapp2.0) (== netstandard2.0)
      System.Reflection (>= 4.1) - restriction: || (&& (== net461) (< net35)) (== netcoreapp2.0) (== netstandard2.0)
      System.Runtime.Extensions (>= 4.1) - restriction: || (&& (== net461) (< net35)) (== netcoreapp2.0) (== netstandard2.0)
      System.Security.Cryptography.Algorithms (>= 4.2) - restriction: || (&& (== net461) (< net35)) (== netcoreapp2.0) (== netstandard2.0)
      System.Security.Cryptography.Csp (>= 4.0) - restriction: || (&& (== net461) (< net35)) (== netcoreapp2.0) (== netstandard2.0)
      System.Threading (>= 4.0.11) - restriction: || (&& (== net461) (< net35)) (== netcoreapp2.0) (== netstandard2.0)
    NETStandard.Library (2.0.1) - restriction: || (&& (== net461) (>= netstandard1.6)) (== netcoreapp2.0) (== netstandard2.0)
      Microsoft.NETCore.Platforms (>= 1.1)
    Newtonsoft.Json (11.0.2)
    Nito.AsyncEx.Context (1.1)
      Nito.AsyncEx.Tasks (>= 1.1)
      System.Collections.Concurrent (>= 4.0.12) - restriction: || (&& (== net461) (< net46)) (== netcoreapp2.0) (== netstandard2.0)
      System.Diagnostics.Debug (>= 4.0.11) - restriction: || (&& (== net461) (< net46)) (== netcoreapp2.0) (== netstandard2.0)
      System.Threading (>= 4.0.11) - restriction: || (&& (== net461) (< net46)) (== netcoreapp2.0) (== netstandard2.0)
    Nito.AsyncEx.Tasks (1.1)
      Nito.Disposables (>= 1.0)
      System.Threading.Tasks (>= 4.0.11) - restriction: || (&& (== net461) (< net46)) (== netcoreapp2.0) (== netstandard2.0)
    Nito.Disposables (1.2.3)
      NETStandard.Library (>= 1.6.1) - restriction: || (== net461) (&& (== netcoreapp2.0) (< netstandard2.0))
      System.Collections.Immutable (>= 1.4)
    NLog (4.5)
    NodaTime (2.2.5)
      NETStandard.Library (>= 1.6.1) - restriction: || (&& (== net461) (< net45)) (== netcoreapp2.0) (== netstandard2.0)
      System.Runtime.Serialization.Xml (>= 4.1.1) - restriction: || (&& (== net461) (< net45)) (== netcoreapp2.0) (== netstandard2.0)
    protobuf-net (2.3.7)
      System.Reflection.Emit (>= 4.3) - restriction: || (&& (== net461) (< net20)) (== netcoreapp2.0) (== netstandard2.0)
      System.Reflection.Emit.ILGeneration (>= 4.3) - restriction: || (&& (== net461) (< net20)) (== netcoreapp2.0) (== netstandard2.0)
      System.Reflection.Emit.Lightweight (>= 4.3) - restriction: || (&& (== net461) (< net20)) (== netcoreapp2.0) (== netstandard2.0)
      System.Reflection.TypeExtensions (>= 4.3) - restriction: || (&& (== net461) (< net20)) (== netcoreapp2.0) (== netstandard2.0)
      System.Runtime.Serialization.Primitives (>= 4.3) - restriction: || (&& (== net461) (< net20)) (== netcoreapp2.0) (== netstandard2.0)
      System.Xml.XmlSerializer (>= 4.3) - restriction: || (&& (== net461) (< net20)) (== netcoreapp2.0) (== netstandard2.0)
    RabbitMQ.Client (5.0.1)
      Microsoft.Diagnostics.Tracing.EventSource.Redist (>= 1.1.28) - restriction: || (== net461) (&& (== netcoreapp2.0) (>= net451)) (&& (== netstandard2.0) (>= net451))
      NETStandard.Library (>= 1.6.1) - restriction: || (&& (== net461) (< net451) (>= netstandard1.5)) (== netcoreapp2.0) (== netstandard2.0)
      System.Collections.Concurrent (>= 4.3) - restriction: || (&& (== net461) (< net451) (>= netstandard1.5)) (== netcoreapp2.0) (== netstandard2.0)
      System.Console (>= 4.3) - restriction: || (&& (== net461) (< net451) (>= netstandard1.5)) (== netcoreapp2.0) (== netstandard2.0)
      System.Diagnostics.Debug (>= 4.3) - restriction: || (&& (== net461) (< net451) (>= netstandard1.5)) (== netcoreapp2.0) (== netstandard2.0)
      System.Diagnostics.Tracing (>= 4.3) - restriction: || (&& (== net461) (< net451) (>= netstandard1.5)) (== netcoreapp2.0) (== netstandard2.0)
      System.IO (>= 4.3) - restriction: || (&& (== net461) (< net451) (>= netstandard1.5)) (== netcoreapp2.0) (== netstandard2.0)
      System.Linq (>= 4.3) - restriction: || (&& (== net461) (< net451) (>= netstandard1.5)) (== netcoreapp2.0) (== netstandard2.0)
      System.Net.NameResolution (>= 4.3) - restriction: || (&& (== net461) (< net451) (>= netstandard1.5)) (== netcoreapp2.0) (== netstandard2.0)
      System.Net.Security (>= 4.3) - restriction: || (&& (== net461) (< net451) (>= netstandard1.5)) (== netcoreapp2.0) (== netstandard2.0)
      System.Net.Sockets (>= 4.3) - restriction: || (&& (== net461) (< net451) (>= netstandard1.5)) (== netcoreapp2.0) (== netstandard2.0)
      System.Reflection.Extensions (>= 4.3) - restriction: || (&& (== net461) (< net451) (>= netstandard1.5)) (== netcoreapp2.0) (== netstandard2.0)
      System.Reflection.TypeExtensions (>= 4.3) - restriction: || (&& (== net461) (< net451) (>= netstandard1.5)) (== netcoreapp2.0) (== netstandard2.0)
      System.Runtime (>= 4.3) - restriction: || (&& (== net461) (< net451) (>= netstandard1.5)) (== netcoreapp2.0) (== netstandard2.0)
      System.Runtime.Extensions (>= 4.3) - restriction: || (&& (== net461) (< net451) (>= netstandard1.5)) (== netcoreapp2.0) (== netstandard2.0)
      System.Text.RegularExpressions (>= 4.3) - restriction: || (&& (== net461) (< net451) (>= netstandard1.5)) (== netcoreapp2.0) (== netstandard2.0)
      System.Threading (>= 4.3) - restriction: || (&& (== net461) (< net451) (>= netstandard1.5)) (== netcoreapp2.0) (== netstandard2.0)
      System.Threading.Thread (>= 4.3) - restriction: || (&& (== net461) (< net451) (>= netstandard1.5)) (== netcoreapp2.0) (== netstandard2.0)
      System.Threading.Timer (>= 4.3) - restriction: || (&& (== net461) (< net451) (>= netstandard1.5)) (== netcoreapp2.0) (== netstandard2.0)
    runtime.debian.8-x64.runtime.native.System.Security.Cryptography.OpenSsl (4.3.2) - restriction: || (&& (== net461) (< net45) (>= netstandard1.6)) (== netcoreapp2.0) (== netstandard2.0)
    runtime.fedora.23-x64.runtime.native.System.Security.Cryptography.OpenSsl (4.3.2) - restriction: || (&& (== net461) (< net45) (>= netstandard1.6)) (== netcoreapp2.0) (== netstandard2.0)
    runtime.fedora.24-x64.runtime.native.System.Security.Cryptography.OpenSsl (4.3.2) - restriction: || (&& (== net461) (< net45) (>= netstandard1.6)) (== netcoreapp2.0) (== netstandard2.0)
    runtime.native.System (4.3) - restriction: || (&& (== net461) (< net45) (>= netstandard1.6)) (== netcoreapp2.0) (== netstandard2.0)
      Microsoft.NETCore.Platforms (>= 1.1)
      Microsoft.NETCore.Targets (>= 1.1)
    runtime.native.System.Data.SqlClient.sni (4.4) - restriction: || (&& (== net461) (< net45) (>= netstandard1.6)) (&& (== net461) (< net45) (>= netstandard2.0)) (&& (== net461) (>= netcoreapp2.0)) (== netcoreapp2.0) (== netstandard2.0)
      runtime.win-arm64.runtime.native.System.Data.SqlClient.sni (>= 4.4)
      runtime.win-x64.runtime.native.System.Data.SqlClient.sni (>= 4.4)
      runtime.win-x86.runtime.native.System.Data.SqlClient.sni (>= 4.4)
    runtime.native.System.Net.Http (4.3) - restriction: || (&& (== net461) (< net45) (>= netstandard1.6)) (== netcoreapp2.0) (== netstandard2.0)
      Microsoft.NETCore.Platforms (>= 1.1)
      Microsoft.NETCore.Targets (>= 1.1)
    runtime.native.System.Net.Security (4.3) - restriction: || (&& (== net461) (< net451) (>= netstandard1.6)) (== netcoreapp2.0) (== netstandard2.0)
      Microsoft.NETCore.Platforms (>= 1.1)
      Microsoft.NETCore.Targets (>= 1.1)
    runtime.native.System.Security.Cryptography.Apple (4.3.1) - restriction: || (&& (== net461) (< net45) (>= netstandard1.6)) (== netcoreapp2.0) (== netstandard2.0)
      runtime.osx.10.10-x64.runtime.native.System.Security.Cryptography.Apple (>= 4.3.1)
    runtime.native.System.Security.Cryptography.OpenSsl (4.3.2) - restriction: || (&& (== net461) (< net45) (>= netstandard1.6)) (== netcoreapp2.0) (== netstandard2.0)
      runtime.debian.8-x64.runtime.native.System.Security.Cryptography.OpenSsl (>= 4.3.2)
      runtime.fedora.23-x64.runtime.native.System.Security.Cryptography.OpenSsl (>= 4.3.2)
      runtime.fedora.24-x64.runtime.native.System.Security.Cryptography.OpenSsl (>= 4.3.2)
      runtime.opensuse.13.2-x64.runtime.native.System.Security.Cryptography.OpenSsl (>= 4.3.2)
      runtime.opensuse.42.1-x64.runtime.native.System.Security.Cryptography.OpenSsl (>= 4.3.2)
      runtime.osx.10.10-x64.runtime.native.System.Security.Cryptography.OpenSsl (>= 4.3.2)
      runtime.rhel.7-x64.runtime.native.System.Security.Cryptography.OpenSsl (>= 4.3.2)
      runtime.ubuntu.14.04-x64.runtime.native.System.Security.Cryptography.OpenSsl (>= 4.3.2)
      runtime.ubuntu.16.04-x64.runtime.native.System.Security.Cryptography.OpenSsl (>= 4.3.2)
      runtime.ubuntu.16.10-x64.runtime.native.System.Security.Cryptography.OpenSsl (>= 4.3.2)
    runtime.opensuse.13.2-x64.runtime.native.System.Security.Cryptography.OpenSsl (4.3.2) - restriction: || (&& (== net461) (< net45) (>= netstandard1.6)) (== netcoreapp2.0) (== netstandard2.0)
    runtime.opensuse.42.1-x64.runtime.native.System.Security.Cryptography.OpenSsl (4.3.2) - restriction: || (&& (== net461) (< net45) (>= netstandard1.6)) (== netcoreapp2.0) (== netstandard2.0)
    runtime.osx.10.10-x64.runtime.native.System.Security.Cryptography.Apple (4.3.1) - restriction: || (&& (== net461) (< net45) (>= netstandard1.6)) (== netcoreapp2.0) (== netstandard2.0)
    runtime.osx.10.10-x64.runtime.native.System.Security.Cryptography.OpenSsl (4.3.2) - restriction: || (&& (== net461) (< net45) (>= netstandard1.6)) (== netcoreapp2.0) (== netstandard2.0)
    runtime.rhel.7-x64.runtime.native.System.Security.Cryptography.OpenSsl (4.3.2) - restriction: || (&& (== net461) (< net45) (>= netstandard1.6)) (== netcoreapp2.0) (== netstandard2.0)
    runtime.ubuntu.14.04-x64.runtime.native.System.Security.Cryptography.OpenSsl (4.3.2) - restriction: || (&& (== net461) (< net45) (>= netstandard1.6)) (== netcoreapp2.0) (== netstandard2.0)
    runtime.ubuntu.16.04-x64.runtime.native.System.Security.Cryptography.OpenSsl (4.3.2) - restriction: || (&& (== net461) (< net45) (>= netstandard1.6)) (== netcoreapp2.0) (== netstandard2.0)
    runtime.ubuntu.16.10-x64.runtime.native.System.Security.Cryptography.OpenSsl (4.3.2) - restriction: || (&& (== net461) (< net45) (>= netstandard1.6)) (== netcoreapp2.0) (== netstandard2.0)
    runtime.win-arm64.runtime.native.System.Data.SqlClient.sni (4.4) - restriction: || (&& (== net461) (< net45) (>= netstandard1.6)) (&& (== net461) (< net45) (>= netstandard2.0)) (&& (== net461) (>= netcoreapp2.0)) (== netcoreapp2.0) (== netstandard2.0)
    runtime.win-x64.runtime.native.System.Data.SqlClient.sni (4.4) - restriction: || (&& (== net461) (< net45) (>= netstandard1.6)) (&& (== net461) (< net45) (>= netstandard2.0)) (&& (== net461) (>= netcoreapp2.0)) (== netcoreapp2.0) (== netstandard2.0)
    runtime.win-x86.runtime.native.System.Data.SqlClient.sni (4.4) - restriction: || (&& (== net461) (< net45) (>= netstandard1.6)) (&& (== net461) (< net45) (>= netstandard2.0)) (&& (== net461) (>= netcoreapp2.0)) (== netcoreapp2.0) (== netstandard2.0)
    SQLite.Interop (1.0)
    SQLite.Interop.dll (1.0.103)
    Suave (2.2.1)
      FSharp.Core (>= 4.0.0.1) - restriction: || (== net461) (&& (== netcoreapp2.0) (< netstandard1.6)) (&& (== netstandard2.0) (< netstandard1.6))
      FSharp.Core (>= 4.1.17) - restriction: || (&& (== net461) (>= netstandard1.6)) (== netcoreapp2.0) (== netstandard2.0)
      NETStandard.Library (>= 1.6.1) - restriction: || (&& (== net461) (>= netstandard1.6)) (== netcoreapp2.0) (== netstandard2.0)
      System.Data.Common (>= 4.1) - restriction: || (&& (== net461) (>= netstandard1.6)) (== netcoreapp2.0) (== netstandard2.0)
      System.Diagnostics.Process (>= 4.1) - restriction: || (&& (== net461) (>= netstandard1.6)) (== netcoreapp2.0) (== netstandard2.0)
      System.Globalization.Extensions (>= 4.3) - restriction: || (&& (== net461) (>= netstandard1.6)) (== netcoreapp2.0) (== netstandard2.0)
      System.Net.Security (>= 4.0) - restriction: || (&& (== net461) (>= netstandard1.6)) (== netcoreapp2.0) (== netstandard2.0)
      System.Runtime.Serialization.Json (>= 4.0.2) - restriction: || (&& (== net461) (>= netstandard1.6)) (== netcoreapp2.0) (== netstandard2.0)
      System.Security.Claims (>= 4.0.1) - restriction: || (&& (== net461) (>= netstandard1.6)) (== netcoreapp2.0) (== netstandard2.0)
      System.Security.Cryptography.Primitives (>= 4.3) - restriction: || (&& (== net461) (>= netstandard1.6)) (== netcoreapp2.0) (== netstandard2.0)
    System.AppContext (4.3) - restriction: || (&& (== net461) (>= netcoreapp1.0)) (== netcoreapp2.0) (&& (== netstandard2.0) (>= netcoreapp1.0))
      System.Runtime (>= 4.3) - restriction: || (&& (== net461) (>= dnxcore50)) (&& (== net461) (< net46)) (== netcoreapp2.0) (== netstandard2.0)
    System.Collections (4.3) - restriction: || (&& (== net461) (>= dnxcore50)) (&& (== net461) (< net45)) (== netcoreapp2.0) (== netstandard2.0)
      Microsoft.NETCore.Platforms (>= 1.1) - restriction: || (&& (== net461) (>= dnxcore50)) (&& (== net461) (< net45)) (== netcoreapp2.0) (== netstandard2.0)
      Microsoft.NETCore.Targets (>= 1.1) - restriction: || (&& (== net461) (>= dnxcore50)) (&& (== net461) (< net45)) (== netcoreapp2.0) (== netstandard2.0)
      System.Runtime (>= 4.3) - restriction: || (&& (== net461) (>= dnxcore50)) (&& (== net461) (< net45)) (== netcoreapp2.0) (== netstandard2.0)
    System.Collections.Concurrent (4.3) - restriction: || (&& (== net461) (< net451) (>= netstandard1.5)) (== netcoreapp2.0) (== netstandard2.0)
      System.Collections (>= 4.3) - restriction: || (&& (== net461) (>= dnxcore50)) (&& (== net461) (< net45)) (== netcoreapp2.0) (== netstandard2.0)
      System.Diagnostics.Debug (>= 4.3) - restriction: || (&& (== net461) (>= dnxcore50)) (&& (== net461) (< net45)) (== netcoreapp2.0) (== netstandard2.0)
      System.Diagnostics.Tracing (>= 4.3) - restriction: || (&& (== net461) (>= dnxcore50)) (&& (== net461) (< net45)) (== netcoreapp2.0) (== netstandard2.0)
      System.Globalization (>= 4.3) - restriction: || (&& (== net461) (>= dnxcore50)) (&& (== net461) (< net45)) (== netcoreapp2.0) (== netstandard2.0)
      System.Reflection (>= 4.3) - restriction: || (&& (== net461) (< net45)) (== netcoreapp2.0) (== netstandard2.0)
      System.Resources.ResourceManager (>= 4.3) - restriction: || (&& (== net461) (>= dnxcore50)) (&& (== net461) (< net45)) (== netcoreapp2.0) (== netstandard2.0)
      System.Runtime (>= 4.3) - restriction: || (&& (== net461) (>= dnxcore50)) (&& (== net461) (< net45)) (== netcoreapp2.0) (== netstandard2.0)
      System.Runtime.Extensions (>= 4.3) - restriction: || (&& (== net461) (>= dnxcore50)) (&& (== net461) (< net45)) (== netcoreapp2.0) (== netstandard2.0)
      System.Threading (>= 4.3) - restriction: || (&& (== net461) (>= dnxcore50)) (&& (== net461) (< net45)) (== netcoreapp2.0) (== netstandard2.0)
      System.Threading.Tasks (>= 4.3) - restriction: || (&& (== net461) (>= dnxcore50)) (&& (== net461) (< net45)) (== netcoreapp2.0) (== netstandard2.0)
    System.Collections.Immutable (1.4) - restriction: || (&& (== net461) (== netcoreapp2.0)) (&& (== netcoreapp2.0) (>= monoandroid)) (&& (== netcoreapp2.0) (>= monotouch)) (&& (== netcoreapp2.0) (< netstandard1.1)) (&& (== netcoreapp2.0) (< netstandard2.0)) (&& (== netcoreapp2.0) (< portable-net45+win8)) (&& (== netcoreapp2.0) (>= xamarinios)) (&& (== netcoreapp2.0) (>= xamarinmac)) (&& (== netcoreapp2.0) (>= xamarintvos)) (&& (== netcoreapp2.0) (>= xamarinwatchos)) (== netstandard2.0)
    System.Collections.NonGeneric (4.3) - restriction: || (&& (== net461) (< net35)) (== netcoreapp2.0) (== netstandard2.0)
      System.Diagnostics.Debug (>= 4.3) - restriction: || (&& (== net461) (< net46)) (== netcoreapp2.0) (== netstandard2.0)
      System.Globalization (>= 4.3) - restriction: || (&& (== net461) (< net46)) (== netcoreapp2.0) (== netstandard2.0)
      System.Resources.ResourceManager (>= 4.3) - restriction: || (&& (== net461) (< net46)) (== netcoreapp2.0) (== netstandard2.0)
      System.Runtime (>= 4.3) - restriction: || (&& (== net461) (< net46)) (== netcoreapp2.0) (== netstandard2.0)
      System.Runtime.Extensions (>= 4.3) - restriction: || (&& (== net461) (< net46)) (== netcoreapp2.0) (== netstandard2.0)
      System.Threading (>= 4.3) - restriction: || (&& (== net461) (< net46)) (== netcoreapp2.0) (== netstandard2.0)
    System.Collections.Specialized (4.3) - restriction: || (&& (== net461) (< net35)) (== netcoreapp2.0) (== netstandard2.0)
      System.Collections.NonGeneric (>= 4.3) - restriction: || (&& (== net461) (< net46)) (== netcoreapp2.0) (== netstandard2.0)
      System.Globalization (>= 4.3) - restriction: || (&& (== net461) (< net46)) (== netcoreapp2.0) (== netstandard2.0)
      System.Globalization.Extensions (>= 4.3) - restriction: || (&& (== net461) (< net46)) (== netcoreapp2.0) (== netstandard2.0)
      System.Resources.ResourceManager (>= 4.3) - restriction: || (&& (== net461) (< net46)) (== netcoreapp2.0) (== netstandard2.0)
      System.Runtime (>= 4.3) - restriction: || (&& (== net461) (< net46)) (== netcoreapp2.0) (== netstandard2.0)
      System.Runtime.Extensions (>= 4.3) - restriction: || (&& (== net461) (< net46)) (== netcoreapp2.0) (== netstandard2.0)
      System.Threading (>= 4.3) - restriction: || (&& (== net461) (< net46)) (== netcoreapp2.0) (== netstandard2.0)
    System.ComponentModel (4.3) - restriction: || (&& (== net461) (< net35)) (== netcoreapp2.0) (== netstandard2.0)
      System.Runtime (>= 4.3) - restriction: || (&& (== net461) (>= dnxcore50)) (&& (== net461) (< net45)) (== netcoreapp2.0) (== netstandard2.0)
    System.ComponentModel.EventBasedAsync (4.3) - restriction: || (&& (== net461) (>= netcoreapp1.0)) (== netcoreapp2.0) (&& (== netstandard2.0) (>= netcoreapp1.0))
      System.Resources.ResourceManager (>= 4.3) - restriction: || (&& (== net461) (>= dnxcore50)) (&& (== net461) (< net45)) (== netcoreapp2.0) (== netstandard2.0)
      System.Runtime (>= 4.3) - restriction: || (&& (== net461) (>= dnxcore50)) (&& (== net461) (< net45)) (== netcoreapp2.0) (== netstandard2.0)
      System.Threading (>= 4.3) - restriction: || (&& (== net461) (>= dnxcore50)) (&& (== net461) (< net45)) (== netcoreapp2.0) (== netstandard2.0)
      System.Threading.Tasks (>= 4.3) - restriction: || (&& (== net461) (>= dnxcore50)) (&& (== net461) (< net45)) (== netcoreapp2.0) (== netstandard2.0)
    System.ComponentModel.Primitives (4.3) - restriction: || (&& (== net461) (< net35)) (&& (== net461) (< netstandard1.0) (>= win8)) (&& (== net461) (>= wp8)) (&& (== net461) (>= wpa81)) (== netcoreapp2.0) (== netstandard2.0)
      System.ComponentModel (>= 4.3) - restriction: || (&& (== net461) (< net45)) (== netcoreapp2.0) (== netstandard2.0)
      System.Resources.ResourceManager (>= 4.3) - restriction: || (&& (== net461) (< net45)) (== netcoreapp2.0) (== netstandard2.0)
      System.Runtime (>= 4.3) - restriction: || (&& (== net461) (< net45)) (== netcoreapp2.0) (== netstandard2.0)
    System.ComponentModel.TypeConverter (4.3) - restriction: || (&& (== net461) (< net35)) (== netcoreapp2.0) (== netstandard2.0)
      System.Collections (>= 4.3) - restriction: || (&& (== net461) (< net45)) (== netcoreapp2.0) (== netstandard2.0)
      System.Collections.NonGeneric (>= 4.3) - restriction: || (&& (== net461) (< net45) (>= netstandard1.5)) (&& (== net461) (>= net462)) (== netcoreapp2.0) (== netstandard2.0)
      System.Collections.Specialized (>= 4.3) - restriction: || (&& (== net461) (< net45) (>= netstandard1.5)) (== netcoreapp2.0) (== netstandard2.0)
      System.ComponentModel (>= 4.3) - restriction: || (&& (== net461) (< net45)) (== netcoreapp2.0) (== netstandard2.0)
      System.ComponentModel.Primitives (>= 4.3)
      System.Globalization (>= 4.3) - restriction: || (&& (== net461) (< net45)) (== netcoreapp2.0) (== netstandard2.0)
      System.Linq (>= 4.3) - restriction: || (&& (== net461) (< net45) (>= netstandard1.5)) (== netcoreapp2.0) (== netstandard2.0)
      System.Reflection (>= 4.3) - restriction: || (&& (== net461) (< net45)) (== netcoreapp2.0) (== netstandard2.0)
      System.Reflection.Extensions (>= 4.3) - restriction: || (&& (== net461) (< net45)) (== netcoreapp2.0) (== netstandard2.0)
      System.Reflection.Primitives (>= 4.3) - restriction: || (&& (== net461) (< net45)) (== netcoreapp2.0) (== netstandard2.0)
      System.Reflection.TypeExtensions (>= 4.3) - restriction: || (&& (== net461) (< net45) (>= netstandard1.5)) (== netcoreapp2.0) (== netstandard2.0)
      System.Resources.ResourceManager (>= 4.3) - restriction: || (&& (== net461) (< net45)) (== netcoreapp2.0) (== netstandard2.0)
      System.Runtime (>= 4.3) - restriction: || (&& (== net461) (< net45)) (== netcoreapp2.0) (== netstandard2.0)
      System.Runtime.Extensions (>= 4.3) - restriction: || (&& (== net461) (< net45)) (== netcoreapp2.0) (== netstandard2.0)
      System.Threading (>= 4.3) - restriction: || (&& (== net461) (< net45)) (== netcoreapp2.0) (== netstandard2.0)
    System.Configuration.ConfigurationManager (4.4.1) - restriction: || (&& (== net461) (< net45) (>= netstandard2.0)) (== netcoreapp2.0) (== netstandard2.0)
      System.Security.Cryptography.ProtectedData (>= 4.4) - restriction: || (&& (== net461) (>= netcoreapp2.0)) (== netcoreapp2.0) (== netstandard2.0)
    System.Console (4.3) - restriction: || (&& (== net461) (< net451) (>= netstandard1.5)) (== netcoreapp2.0) (== netstandard2.0)
      Microsoft.NETCore.Platforms (>= 1.1) - restriction: || (&& (== net461) (< net46)) (== netcoreapp2.0) (== netstandard2.0)
      Microsoft.NETCore.Targets (>= 1.1) - restriction: || (&& (== net461) (< net46)) (== netcoreapp2.0) (== netstandard2.0)
      System.IO (>= 4.3) - restriction: || (&& (== net461) (< net46)) (== netcoreapp2.0) (== netstandard2.0)
      System.Runtime (>= 4.3) - restriction: || (&& (== net461) (< net46)) (== netcoreapp2.0) (== netstandard2.0)
      System.Text.Encoding (>= 4.3) - restriction: || (&& (== net461) (< net46)) (== netcoreapp2.0) (== netstandard2.0)
    System.Data.Common (4.3) - restriction: || (&& (== net461) (>= netstandard1.6)) (== netcoreapp2.0) (== netstandard2.0)
      System.Collections (>= 4.3) - restriction: || (&& (== net461) (< net451)) (== netcoreapp2.0) (== netstandard2.0)
      System.Globalization (>= 4.3) - restriction: || (&& (== net461) (< net451)) (== netcoreapp2.0) (== netstandard2.0)
      System.IO (>= 4.3) - restriction: || (&& (== net461) (< net451)) (== netcoreapp2.0) (== netstandard2.0)
      System.Resources.ResourceManager (>= 4.3) - restriction: || (&& (== net461) (< net451)) (== netcoreapp2.0) (== netstandard2.0)
      System.Runtime (>= 4.3) - restriction: || (&& (== net461) (< net451)) (== netcoreapp2.0) (== netstandard2.0)
      System.Runtime.Extensions (>= 4.3) - restriction: || (&& (== net461) (< net451)) (== netcoreapp2.0) (== netstandard2.0)
      System.Text.RegularExpressions (>= 4.3) - restriction: || (&& (== net461) (< net451)) (== netcoreapp2.0) (== netstandard2.0)
      System.Threading.Tasks (>= 4.3) - restriction: || (&& (== net461) (< net451)) (== netcoreapp2.0) (== netstandard2.0)
    System.Data.SqlClient (4.4.3) - restriction: || (&& (== net461) (< net45) (>= netstandard1.6)) (== netcoreapp2.0) (== netstandard2.0)
      Microsoft.Win32.Registry (>= 4.4) - restriction: || (&& (== net461) (< net451) (>= netstandard2.0)) (&& (== net461) (>= netcoreapp2.0)) (== netcoreapp2.0) (== netstandard2.0)
      runtime.native.System.Data.SqlClient.sni (>= 4.4) - restriction: || (&& (== net461) (< net451)) (&& (== net461) (>= netcoreapp2.0)) (== netcoreapp2.0) (== netstandard2.0)
      System.Diagnostics.DiagnosticSource (>= 4.4.1) - restriction: || (&& (== net461) (< net451)) (&& (== netcoreapp2.0) (< netstandard2.0)) (== netstandard2.0)
      System.Security.Principal.Windows (>= 4.4) - restriction: || (&& (== net461) (< net451)) (&& (== net461) (>= netcoreapp2.0)) (== netcoreapp2.0) (== netstandard2.0)
      System.Text.Encoding.CodePages (>= 4.4) - restriction: || (&& (== net461) (< net451)) (&& (== net461) (>= netcoreapp2.0)) (== netcoreapp2.0) (== netstandard2.0)
    System.Data.SQLite.Core (1.0.108)
    System.Diagnostics.Debug (4.3) - restriction: || (&& (== net461) (< net451) (>= netstandard1.5)) (== netcoreapp2.0) (== netstandard2.0)
      Microsoft.NETCore.Platforms (>= 1.1) - restriction: || (&& (== net461) (>= dnxcore50)) (&& (== net461) (< net45)) (== netcoreapp2.0) (== netstandard2.0)
      Microsoft.NETCore.Targets (>= 1.1) - restriction: || (&& (== net461) (>= dnxcore50)) (&& (== net461) (< net45)) (== netcoreapp2.0) (== netstandard2.0)
      System.Runtime (>= 4.3) - restriction: || (&& (== net461) (>= dnxcore50)) (&& (== net461) (< net45)) (== netcoreapp2.0) (== netstandard2.0)
    System.Diagnostics.DiagnosticSource (4.4.1)
      System.Collections (>= 4.3) - restriction: || (&& (== net461) (< net45)) (&& (== netcoreapp2.0) (< netstandard1.3)) (== netstandard2.0)
      System.Diagnostics.Debug (>= 4.3) - restriction: || (&& (== net461) (< net45)) (== netstandard2.0)
      System.Diagnostics.Tracing (>= 4.3) - restriction: || (&& (== net461) (< net45)) (&& (== netcoreapp2.0) (< netstandard1.3)) (== netstandard2.0)
      System.Reflection (>= 4.3) - restriction: || (&& (== net461) (< net45)) (&& (== netcoreapp2.0) (< netstandard1.3)) (== netstandard2.0)
      System.Runtime (>= 4.3) - restriction: || (&& (== net461) (< net45)) (&& (== netcoreapp2.0) (< netstandard1.3)) (== netstandard2.0)
      System.Runtime.Extensions (>= 4.3) - restriction: || (&& (== net461) (< net45)) (== netstandard2.0)
      System.Threading (>= 4.3) - restriction: || (&& (== net461) (< net45)) (&& (== netcoreapp2.0) (< netstandard1.3)) (== netstandard2.0)
    System.Diagnostics.FileVersionInfo (4.3) - restriction: || (== netcoreapp2.0) (== netstandard2.0)
      Microsoft.NETCore.Platforms (>= 1.1) - restriction: || (&& (== net461) (>= dnxcore50)) (&& (== net461) (< net46)) (== netcoreapp2.0) (== netstandard2.0)
      System.Globalization (>= 4.3) - restriction: || (&& (== net461) (< net46)) (== netcoreapp2.0) (== netstandard2.0)
      System.IO (>= 4.3) - restriction: || (&& (== net461) (>= dnxcore50)) (&& (== net461) (< net46)) (== netcoreapp2.0) (== netstandard2.0)
      System.IO.FileSystem (>= 4.3) - restriction: || (&& (== net461) (>= dnxcore50)) (&& (== net461) (< net46)) (== netcoreapp2.0) (== netstandard2.0)
      System.IO.FileSystem.Primitives (>= 4.3) - restriction: || (&& (== net461) (>= dnxcore50)) (&& (== net461) (< net46)) (== netcoreapp2.0) (== netstandard2.0)
      System.Reflection.Metadata (>= 1.4.1) - restriction: || (&& (== net461) (>= dnxcore50)) (&& (== net461) (< net46)) (== netcoreapp2.0) (== netstandard2.0)
      System.Runtime (>= 4.3) - restriction: || (&& (== net461) (>= dnxcore50)) (&& (== net461) (< net46)) (== netcoreapp2.0) (== netstandard2.0)
      System.Runtime.Extensions (>= 4.3) - restriction: || (&& (== net461) (>= dnxcore50)) (&& (== net461) (< net46)) (== netcoreapp2.0) (== netstandard2.0)
      System.Runtime.InteropServices (>= 4.3) - restriction: || (&& (== net461) (< net46)) (== netcoreapp2.0) (== netstandard2.0)
    System.Diagnostics.Process (4.3) - restriction: || (&& (== net461) (>= netstandard1.6)) (== netcoreapp2.0) (== netstandard2.0)
      Microsoft.NETCore.Platforms (>= 1.1) - restriction: || (&& (== net461) (< net46)) (== netcoreapp2.0) (== netstandard2.0)
      Microsoft.Win32.Primitives (>= 4.3) - restriction: || (&& (== net461) (< net46)) (== netcoreapp2.0) (== netstandard2.0)
      Microsoft.Win32.Registry (>= 4.3) - restriction: || (&& (== net461) (< net46)) (== netcoreapp2.0) (== netstandard2.0)
      runtime.native.System (>= 4.3) - restriction: || (&& (== net461) (< net46)) (== netcoreapp2.0) (== netstandard2.0)
      System.Collections (>= 4.3) - restriction: || (&& (== net461) (< net46)) (== netcoreapp2.0) (== netstandard2.0)
      System.Diagnostics.Debug (>= 4.3) - restriction: || (&& (== net461) (< net46)) (== netcoreapp2.0) (== netstandard2.0)
      System.Globalization (>= 4.3) - restriction: || (&& (== net461) (< net46)) (== netcoreapp2.0) (== netstandard2.0)
      System.IO (>= 4.3) - restriction: || (&& (== net461) (< net46)) (== netcoreapp2.0) (== netstandard2.0)
      System.IO.FileSystem (>= 4.3) - restriction: || (&& (== net461) (< net46)) (== netcoreapp2.0) (== netstandard2.0)
      System.IO.FileSystem.Primitives (>= 4.3) - restriction: || (&& (== net461) (< net46)) (== netcoreapp2.0) (== netstandard2.0)
      System.Resources.ResourceManager (>= 4.3) - restriction: || (&& (== net461) (< net46)) (== netcoreapp2.0) (== netstandard2.0)
      System.Runtime (>= 4.3) - restriction: || (&& (== net461) (< net46)) (== netcoreapp2.0) (== netstandard2.0)
      System.Runtime.Extensions (>= 4.3) - restriction: || (&& (== net461) (< net46)) (== netcoreapp2.0) (== netstandard2.0)
      System.Runtime.Handles (>= 4.3) - restriction: || (&& (== net461) (< net46)) (== netcoreapp2.0) (== netstandard2.0)
      System.Runtime.InteropServices (>= 4.3) - restriction: || (&& (== net461) (< net46)) (== netcoreapp2.0) (== netstandard2.0)
      System.Text.Encoding (>= 4.3) - restriction: || (&& (== net461) (< net46)) (== netcoreapp2.0) (== netstandard2.0)
      System.Text.Encoding.Extensions (>= 4.3) - restriction: || (&& (== net461) (< net46)) (== netcoreapp2.0) (== netstandard2.0)
      System.Threading (>= 4.3) - restriction: || (&& (== net461) (< net46)) (== netcoreapp2.0) (== netstandard2.0)
      System.Threading.Tasks (>= 4.3) - restriction: || (&& (== net461) (< net46)) (== netcoreapp2.0) (== netstandard2.0)
      System.Threading.Thread (>= 4.3) - restriction: || (&& (== net461) (< net46)) (== netcoreapp2.0) (== netstandard2.0)
      System.Threading.ThreadPool (>= 4.3) - restriction: || (&& (== net461) (< net46)) (== netcoreapp2.0) (== netstandard2.0)
    System.Diagnostics.StackTrace (4.3) - restriction: || (&& (== net461) (< net45)) (== netcoreapp2.0) (== netstandard2.0)
      System.IO.FileSystem (>= 4.3) - restriction: || (&& (== net461) (< net46)) (== netcoreapp2.0) (== netstandard2.0)
      System.Reflection (>= 4.3) - restriction: || (&& (== net461) (< net46)) (== netcoreapp2.0) (== netstandard2.0)
      System.Reflection.Metadata (>= 1.4.1) - restriction: || (&& (== net461) (< net46)) (== netcoreapp2.0) (== netstandard2.0)
      System.Runtime (>= 4.3) - restriction: || (&& (== net461) (< net46)) (== netcoreapp2.0) (== netstandard2.0)
    System.Diagnostics.TextWriterTraceListener (4.3) - restriction: || (&& (== net461) (< net35)) (== netcoreapp2.0) (== netstandard2.0)
      System.Diagnostics.TraceSource (>= 4.3)
      System.Globalization (>= 4.3) - restriction: || (&& (== net461) (< net46)) (== netcoreapp2.0) (== netstandard2.0)
      System.IO (>= 4.3) - restriction: || (&& (== net461) (< net46)) (== netcoreapp2.0) (== netstandard2.0)
      System.Resources.ResourceManager (>= 4.3) - restriction: || (&& (== net461) (< net46)) (== netcoreapp2.0) (== netstandard2.0)
      System.Runtime (>= 4.3) - restriction: || (&& (== net461) (< net46)) (== netcoreapp2.0) (== netstandard2.0)
      System.Threading (>= 4.3) - restriction: || (&& (== net461) (< net46)) (== netcoreapp2.0) (== netstandard2.0)
    System.Diagnostics.Tools (4.3) - restriction: || (&& (== net461) (>= dnxcore50)) (&& (== net461) (< net35)) (== netcoreapp2.0) (== netstandard2.0)
      Microsoft.NETCore.Platforms (>= 1.1) - restriction: || (&& (== net461) (>= dnxcore50)) (&& (== net461) (< net45)) (== netcoreapp2.0) (== netstandard2.0)
      Microsoft.NETCore.Targets (>= 1.1) - restriction: || (&& (== net461) (>= dnxcore50)) (&& (== net461) (< net45)) (== netcoreapp2.0) (== netstandard2.0)
      System.Runtime (>= 4.3) - restriction: || (&& (== net461) (>= dnxcore50)) (&& (== net461) (< net45)) (== netcoreapp2.0) (== netstandard2.0)
    System.Diagnostics.TraceSource (4.3) - restriction: || (&& (== net461) (< net35)) (== netcoreapp2.0) (== netstandard2.0)
      Microsoft.NETCore.Platforms (>= 1.1) - restriction: || (&& (== net461) (< net46)) (== netcoreapp2.0) (== netstandard2.0)
      runtime.native.System (>= 4.3) - restriction: || (&& (== net461) (< net46)) (== netcoreapp2.0) (== netstandard2.0)
      System.Collections (>= 4.3) - restriction: || (&& (== net461) (< net46)) (== netcoreapp2.0) (== netstandard2.0)
      System.Diagnostics.Debug (>= 4.3) - restriction: || (&& (== net461) (< net46)) (== netcoreapp2.0) (== netstandard2.0)
      System.Globalization (>= 4.3) - restriction: || (&& (== net461) (< net46)) (== netcoreapp2.0) (== netstandard2.0)
      System.Resources.ResourceManager (>= 4.3) - restriction: || (&& (== net461) (< net46)) (== netcoreapp2.0) (== netstandard2.0)
      System.Runtime (>= 4.3) - restriction: || (&& (== net461) (< net46)) (== netcoreapp2.0) (== netstandard2.0)
      System.Runtime.Extensions (>= 4.3) - restriction: || (&& (== net461) (< net46)) (== netcoreapp2.0) (== netstandard2.0)
      System.Threading (>= 4.3) - restriction: || (&& (== net461) (< net46)) (== netcoreapp2.0) (== netstandard2.0)
    System.Diagnostics.Tracing (4.3) - restriction: || (&& (== net461) (< net451) (>= netstandard1.5)) (== netcoreapp2.0) (== netstandard2.0)
      Microsoft.NETCore.Platforms (>= 1.1) - restriction: || (&& (== net461) (>= dnxcore50)) (&& (== net461) (< net45)) (== netcoreapp2.0) (== netstandard2.0)
      Microsoft.NETCore.Targets (>= 1.1) - restriction: || (&& (== net461) (>= dnxcore50)) (&& (== net461) (< net45)) (== netcoreapp2.0) (== netstandard2.0)
      System.Runtime (>= 4.3) - restriction: || (&& (== net461) (>= dnxcore50)) (&& (== net461) (< net45)) (== netcoreapp2.0) (== netstandard2.0)
    System.Dynamic.Runtime (4.3) - restriction: || (&& (== net461) (< net35)) (== netcoreapp2.0) (== netstandard2.0)
      System.Collections (>= 4.3) - restriction: || (&& (== net461) (>= dnxcore50)) (&& (== net461) (< net45)) (== netcoreapp2.0) (== netstandard2.0)
      System.Diagnostics.Debug (>= 4.3) - restriction: || (&& (== net461) (>= dnxcore50)) (&& (== net461) (< net45)) (== netcoreapp2.0) (== netstandard2.0)
      System.Linq (>= 4.3) - restriction: || (&& (== net461) (>= dnxcore50)) (&& (== net461) (< net45)) (== netcoreapp2.0) (== netstandard2.0)
      System.Linq.Expressions (>= 4.3) - restriction: || (&& (== net461) (>= dnxcore50)) (&& (== net461) (< net45)) (== netcoreapp2.0) (== netstandard2.0)
      System.ObjectModel (>= 4.3) - restriction: || (&& (== net461) (>= dnxcore50)) (&& (== net461) (< net45)) (== netcoreapp2.0) (== netstandard2.0)
      System.Reflection (>= 4.3) - restriction: || (&& (== net461) (>= dnxcore50)) (&& (== net461) (< net45)) (== netcoreapp2.0) (== netstandard2.0)
      System.Reflection.Emit (>= 4.3) - restriction: || (&& (== net461) (< net45)) (== netcoreapp2.0) (== netstandard2.0)
      System.Reflection.Emit.ILGeneration (>= 4.3) - restriction: || (&& (== net461) (< net45)) (== netcoreapp2.0) (== netstandard2.0)
      System.Reflection.Primitives (>= 4.3) - restriction: || (&& (== net461) (< net45)) (== netcoreapp2.0) (== netstandard2.0)
      System.Reflection.TypeExtensions (>= 4.3) - restriction: || (&& (== net461) (>= dnxcore50)) (&& (== net461) (< net45)) (== netcoreapp2.0) (== netstandard2.0)
      System.Resources.ResourceManager (>= 4.3) - restriction: || (&& (== net461) (>= dnxcore50)) (&& (== net461) (< net45)) (== netcoreapp2.0) (== netstandard2.0)
      System.Runtime (>= 4.3) - restriction: || (&& (== net461) (>= dnxcore50)) (&& (== net461) (< net45)) (== netcoreapp2.0) (== netstandard2.0)
      System.Runtime.Extensions (>= 4.3) - restriction: || (&& (== net461) (>= dnxcore50)) (&& (== net461) (< net45)) (== netcoreapp2.0) (== netstandard2.0)
      System.Threading (>= 4.3) - restriction: || (&& (== net461) (>= dnxcore50)) (&& (== net461) (< net45)) (== netcoreapp2.0) (== netstandard2.0)
    System.Globalization (4.3) - restriction: || (&& (== net461) (>= dnxcore50)) (&& (== net461) (< net45)) (== netcoreapp2.0) (== netstandard2.0)
      Microsoft.NETCore.Platforms (>= 1.1) - restriction: || (&& (== net461) (>= dnxcore50)) (&& (== net461) (< net45)) (== netcoreapp2.0) (== netstandard2.0)
      Microsoft.NETCore.Targets (>= 1.1) - restriction: || (&& (== net461) (>= dnxcore50)) (&& (== net461) (< net45)) (== netcoreapp2.0) (== netstandard2.0)
      System.Runtime (>= 4.3) - restriction: || (&& (== net461) (>= dnxcore50)) (&& (== net461) (< net45)) (== netcoreapp2.0) (== netstandard2.0)
    System.Globalization.Calendars (4.3) - restriction: || (&& (== net461) (>= dnxcore50)) (&& (== net461) (< net46) (>= netstandard1.6)) (== netcoreapp2.0) (== netstandard2.0)
      Microsoft.NETCore.Platforms (>= 1.1) - restriction: || (&& (== net461) (< net46)) (== netcoreapp2.0) (== netstandard2.0)
      Microsoft.NETCore.Targets (>= 1.1) - restriction: || (&& (== net461) (< net46)) (== netcoreapp2.0) (== netstandard2.0)
      System.Globalization (>= 4.3) - restriction: || (&& (== net461) (< net46)) (== netcoreapp2.0) (== netstandard2.0)
      System.Runtime (>= 4.3) - restriction: || (&& (== net461) (< net46)) (== netcoreapp2.0) (== netstandard2.0)
    System.Globalization.Extensions (4.3) - restriction: || (&& (== net461) (>= netstandard1.6)) (== netcoreapp2.0) (== netstandard2.0)
      Microsoft.NETCore.Platforms (>= 1.1) - restriction: || (&& (== net461) (< net46)) (== netcoreapp2.0) (== netstandard2.0)
      System.Globalization (>= 4.3) - restriction: || (&& (== net461) (< net46)) (== netcoreapp2.0) (== netstandard2.0)
      System.Resources.ResourceManager (>= 4.3) - restriction: || (&& (== net461) (< net46)) (== netcoreapp2.0) (== netstandard2.0)
      System.Runtime (>= 4.3) - restriction: || (&& (== net461) (< net46)) (== netcoreapp2.0) (== netstandard2.0)
      System.Runtime.Extensions (>= 4.3) - restriction: || (&& (== net461) (< net46)) (== netcoreapp2.0) (== netstandard2.0)
      System.Runtime.InteropServices (>= 4.3) - restriction: || (&& (== net461) (< net46)) (== netcoreapp2.0) (== netstandard2.0)
    System.Interactive.Async (3.1.1)
      NETStandard.Library (>= 1.6) - restriction: || (&& (== net461) (< net45)) (== netcoreapp2.0) (== netstandard2.0)
    System.IO (4.3) - restriction: || (&& (== net461) (< net451) (>= netstandard1.5)) (== netcoreapp2.0) (== netstandard2.0)
      Microsoft.NETCore.Platforms (>= 1.1) - restriction: || (&& (== net461) (>= dnxcore50)) (&& (== net461) (< net45)) (== netcoreapp2.0) (== netstandard2.0)
      Microsoft.NETCore.Targets (>= 1.1) - restriction: || (&& (== net461) (>= dnxcore50)) (&& (== net461) (< net45)) (== netcoreapp2.0) (== netstandard2.0)
      System.Runtime (>= 4.3) - restriction: || (&& (== net461) (>= dnxcore50)) (&& (== net461) (< net45)) (== netcoreapp2.0) (== netstandard2.0)
      System.Text.Encoding (>= 4.3) - restriction: || (&& (== net461) (>= dnxcore50)) (&& (== net461) (< net45)) (== netcoreapp2.0) (== netstandard2.0)
      System.Threading.Tasks (>= 4.3) - restriction: || (&& (== net461) (>= dnxcore50)) (&& (== net461) (< net45)) (== netcoreapp2.0) (== netstandard2.0)
    System.IO.FileSystem (4.3) - restriction: || (&& (== net461) (< net45) (>= netstandard1.6)) (== netcoreapp2.0) (== netstandard2.0)
      Microsoft.NETCore.Platforms (>= 1.1) - restriction: || (&& (== net461) (< net46)) (== netcoreapp2.0) (== netstandard2.0)
      Microsoft.NETCore.Targets (>= 1.1) - restriction: || (&& (== net461) (< net46)) (== netcoreapp2.0) (== netstandard2.0)
      System.IO (>= 4.3) - restriction: || (&& (== net461) (< net46)) (== netcoreapp2.0) (== netstandard2.0)
      System.IO.FileSystem.Primitives (>= 4.3)
      System.Runtime (>= 4.3) - restriction: || (&& (== net461) (< net46)) (== netcoreapp2.0) (== netstandard2.0)
      System.Runtime.Handles (>= 4.3) - restriction: || (&& (== net461) (< net46)) (== netcoreapp2.0) (== netstandard2.0)
      System.Text.Encoding (>= 4.3) - restriction: || (&& (== net461) (< net46)) (== netcoreapp2.0) (== netstandard2.0)
      System.Threading.Tasks (>= 4.3) - restriction: || (&& (== net461) (< net46)) (== netcoreapp2.0) (== netstandard2.0)
    System.IO.FileSystem.Primitives (4.3) - restriction: || (== netcoreapp2.0) (== netstandard2.0)
      System.Runtime (>= 4.3) - restriction: || (&& (== net461) (< net46)) (== netcoreapp2.0) (== netstandard2.0)
    System.Linq (4.3) - restriction: || (&& (== net461) (< net451) (>= netstandard1.5)) (== netcoreapp2.0) (== netstandard2.0)
      System.Collections (>= 4.3) - restriction: || (&& (== net461) (>= dnxcore50)) (&& (== net461) (< net45)) (== netcoreapp2.0) (== netstandard2.0)
      System.Diagnostics.Debug (>= 4.3) - restriction: || (&& (== net461) (>= dnxcore50)) (&& (== net461) (< net45) (>= netstandard1.6)) (== netcoreapp2.0) (== netstandard2.0)
      System.Resources.ResourceManager (>= 4.3) - restriction: || (&& (== net461) (>= dnxcore50)) (&& (== net461) (< net45) (>= netstandard1.6)) (== netcoreapp2.0) (== netstandard2.0)
      System.Runtime (>= 4.3) - restriction: || (&& (== net461) (>= dnxcore50)) (&& (== net461) (< net45)) (== netcoreapp2.0) (== netstandard2.0)
      System.Runtime.Extensions (>= 4.3) - restriction: || (&& (== net461) (>= dnxcore50)) (&& (== net461) (< net45) (>= netstandard1.6)) (== netcoreapp2.0) (== netstandard2.0)
    System.Linq.Expressions (4.3) - restriction: || (&& (== net461) (>= dnxcore50)) (&& (== net461) (< net35)) (== netcoreapp2.0) (== netstandard2.0)
      System.Collections (>= 4.3) - restriction: || (&& (== net461) (>= dnxcore50)) (&& (== net461) (< net45) (>= netstandard1.6)) (== netcoreapp2.0) (== netstandard2.0)
      System.Diagnostics.Debug (>= 4.3) - restriction: || (&& (== net461) (>= dnxcore50)) (&& (== net461) (< net45) (>= netstandard1.6)) (== netcoreapp2.0) (== netstandard2.0)
      System.Globalization (>= 4.3) - restriction: || (&& (== net461) (>= dnxcore50)) (&& (== net461) (< net45) (>= netstandard1.6)) (== netcoreapp2.0) (== netstandard2.0)
      System.IO (>= 4.3) - restriction: || (&& (== net461) (>= dnxcore50)) (&& (== net461) (< net45) (>= netstandard1.6)) (== netcoreapp2.0) (== netstandard2.0)
      System.Linq (>= 4.3) - restriction: || (&& (== net461) (>= dnxcore50)) (&& (== net461) (< net45) (>= netstandard1.6)) (== netcoreapp2.0) (== netstandard2.0)
      System.ObjectModel (>= 4.3) - restriction: || (&& (== net461) (< net45) (>= netstandard1.6)) (== netcoreapp2.0) (== netstandard2.0)
      System.Reflection (>= 4.3) - restriction: || (&& (== net461) (>= dnxcore50)) (&& (== net461) (< net45)) (== netcoreapp2.0) (== netstandard2.0)
      System.Reflection.Emit (>= 4.3) - restriction: || (&& (== net461) (< net45) (>= netstandard1.6)) (== netcoreapp2.0) (== netstandard2.0)
      System.Reflection.Emit.ILGeneration (>= 4.3) - restriction: || (&& (== net461) (>= dnxcore50)) (&& (== net461) (< net45) (>= netstandard1.6)) (== netcoreapp2.0) (== netstandard2.0)
      System.Reflection.Emit.Lightweight (>= 4.3) - restriction: || (&& (== net461) (>= dnxcore50)) (&& (== net461) (< net45) (>= netstandard1.6)) (== netcoreapp2.0) (== netstandard2.0)
      System.Reflection.Extensions (>= 4.3) - restriction: || (&& (== net461) (>= dnxcore50)) (&& (== net461) (< net45) (>= netstandard1.6)) (== netcoreapp2.0) (== netstandard2.0)
      System.Reflection.Primitives (>= 4.3) - restriction: || (&& (== net461) (>= dnxcore50)) (&& (== net461) (< net45) (>= netstandard1.6)) (== netcoreapp2.0) (== netstandard2.0)
      System.Reflection.TypeExtensions (>= 4.3) - restriction: || (&& (== net461) (>= dnxcore50)) (&& (== net461) (< net45) (>= netstandard1.6)) (== netcoreapp2.0) (== netstandard2.0)
      System.Resources.ResourceManager (>= 4.3) - restriction: || (&& (== net461) (>= dnxcore50)) (&& (== net461) (< net45) (>= netstandard1.6)) (== netcoreapp2.0) (== netstandard2.0)
      System.Runtime (>= 4.3) - restriction: || (&& (== net461) (>= dnxcore50)) (&& (== net461) (< net45)) (== netcoreapp2.0) (== netstandard2.0)
      System.Runtime.Extensions (>= 4.3) - restriction: || (&& (== net461) (>= dnxcore50)) (&& (== net461) (< net45) (>= netstandard1.6)) (== netcoreapp2.0) (== netstandard2.0)
      System.Threading (>= 4.3) - restriction: || (&& (== net461) (>= dnxcore50)) (&& (== net461) (< net45) (>= netstandard1.6)) (== netcoreapp2.0) (== netstandard2.0)
    System.Net.Http (4.3.3)
      Microsoft.NETCore.Platforms (>= 1.1) - restriction: || (&& (== net461) (>= dnxcore50)) (&& (== net461) (< net45)) (== netcoreapp2.0) (== netstandard2.0)
      runtime.native.System (>= 4.3) - restriction: || (&& (== net461) (< net45) (>= netstandard1.6)) (== netcoreapp2.0) (== netstandard2.0)
      runtime.native.System.Net.Http (>= 4.3) - restriction: || (&& (== net461) (< net45) (>= netstandard1.6)) (== netcoreapp2.0) (== netstandard2.0)
      runtime.native.System.Security.Cryptography.OpenSsl (>= 4.3.2) - restriction: || (&& (== net461) (< net45) (>= netstandard1.6)) (== netcoreapp2.0) (== netstandard2.0)
      System.Collections (>= 4.3) - restriction: || (&& (== net461) (>= dnxcore50)) (&& (== net461) (< net45)) (== netcoreapp2.0) (== netstandard2.0)
      System.Diagnostics.Debug (>= 4.3) - restriction: || (&& (== net461) (>= dnxcore50)) (&& (== net461) (< net45)) (== netcoreapp2.0) (== netstandard2.0)
      System.Diagnostics.DiagnosticSource (>= 4.3) - restriction: || (&& (== net461) (>= dnxcore50)) (&& (== net461) (< net45)) (== netcoreapp2.0) (== netstandard2.0)
      System.Diagnostics.Tracing (>= 4.3) - restriction: || (&& (== net461) (>= dnxcore50)) (&& (== net461) (< net45)) (== netcoreapp2.0) (== netstandard2.0)
      System.Globalization (>= 4.3) - restriction: || (&& (== net461) (>= dnxcore50)) (&& (== net461) (< net45)) (== netcoreapp2.0) (== netstandard2.0)
      System.Globalization.Extensions (>= 4.3) - restriction: || (&& (== net461) (< net45) (>= netstandard1.6)) (== netcoreapp2.0) (== netstandard2.0)
      System.IO (>= 4.3) - restriction: || (&& (== net461) (>= dnxcore50)) (&& (== net461) (< net45)) (== netcoreapp2.0) (== netstandard2.0)
      System.IO.FileSystem (>= 4.3) - restriction: || (&& (== net461) (< net45) (>= netstandard1.6)) (== netcoreapp2.0) (== netstandard2.0)
      System.Net.Primitives (>= 4.3) - restriction: || (&& (== net461) (>= dnxcore50)) (&& (== net461) (< net45)) (== netcoreapp2.0) (== netstandard2.0)
      System.Resources.ResourceManager (>= 4.3) - restriction: || (&& (== net461) (>= dnxcore50)) (&& (== net461) (< net45)) (== netcoreapp2.0) (== netstandard2.0)
      System.Runtime (>= 4.3) - restriction: || (&& (== net461) (>= dnxcore50)) (&& (== net461) (< net45)) (== netcoreapp2.0) (== netstandard2.0)
      System.Runtime.Extensions (>= 4.3) - restriction: || (&& (== net461) (>= dnxcore50)) (&& (== net461) (< net45)) (== netcoreapp2.0) (== netstandard2.0)
      System.Runtime.Handles (>= 4.3) - restriction: || (&& (== net461) (< net45)) (== netcoreapp2.0) (== netstandard2.0)
      System.Runtime.InteropServices (>= 4.3) - restriction: || (&& (== net461) (>= dnxcore50)) (&& (== net461) (< net45)) (== netcoreapp2.0) (== netstandard2.0)
      System.Security.Cryptography.Algorithms (>= 4.3) - restriction: || (&& (== net461) (< net45) (>= netstandard1.6)) (== netcoreapp2.0) (== netstandard2.0)
      System.Security.Cryptography.Encoding (>= 4.3) - restriction: || (&& (== net461) (< net45)) (== netcoreapp2.0) (== netstandard2.0)
      System.Security.Cryptography.OpenSsl (>= 4.3) - restriction: || (&& (== net461) (< net45) (>= netstandard1.6)) (== netcoreapp2.0) (== netstandard2.0)
      System.Security.Cryptography.Primitives (>= 4.3) - restriction: || (&& (== net461) (< net45) (>= netstandard1.6)) (== netcoreapp2.0) (== netstandard2.0)
      System.Security.Cryptography.X509Certificates (>= 4.3)
      System.Text.Encoding (>= 4.3) - restriction: || (&& (== net461) (>= dnxcore50)) (&& (== net461) (< net45)) (== netcoreapp2.0) (== netstandard2.0)
      System.Threading (>= 4.3) - restriction: || (&& (== net461) (>= dnxcore50)) (&& (== net461) (< net45)) (== netcoreapp2.0) (== netstandard2.0)
      System.Threading.Tasks (>= 4.3) - restriction: || (&& (== net461) (>= dnxcore50)) (&& (== net461) (< net45)) (== netcoreapp2.0) (== netstandard2.0)
    System.Net.NameResolution (4.3) - restriction: || (&& (== net461) (< net451) (>= netstandard1.5)) (== netcoreapp2.0) (== netstandard2.0)
      Microsoft.NETCore.Platforms (>= 1.1) - restriction: || (&& (== net461) (>= dnxcore50)) (&& (== net461) (< net46)) (== netcoreapp2.0) (== netstandard2.0)
      runtime.native.System (>= 4.3) - restriction: || (&& (== net461) (< net46)) (== netcoreapp2.0) (== netstandard2.0)
      System.Collections (>= 4.3) - restriction: || (&& (== net461) (>= dnxcore50)) (&& (== net461) (< net46)) (== netcoreapp2.0) (== netstandard2.0)
      System.Diagnostics.Tracing (>= 4.3) - restriction: || (&& (== net461) (>= dnxcore50)) (&& (== net461) (< net46)) (== netcoreapp2.0) (== netstandard2.0)
      System.Globalization (>= 4.3) - restriction: || (&& (== net461) (>= dnxcore50)) (&& (== net461) (< net46)) (== netcoreapp2.0) (== netstandard2.0)
      System.Net.Primitives (>= 4.3) - restriction: || (&& (== net461) (>= dnxcore50)) (&& (== net461) (< net46)) (== netcoreapp2.0) (== netstandard2.0)
      System.Resources.ResourceManager (>= 4.3) - restriction: || (&& (== net461) (>= dnxcore50)) (&& (== net461) (< net46)) (== netcoreapp2.0) (== netstandard2.0)
      System.Runtime (>= 4.3) - restriction: || (&& (== net461) (>= dnxcore50)) (&& (== net461) (< net46)) (== netcoreapp2.0) (== netstandard2.0)
      System.Runtime.Extensions (>= 4.3) - restriction: || (&& (== net461) (>= dnxcore50)) (&& (== net461) (< net46)) (== netcoreapp2.0) (== netstandard2.0)
      System.Runtime.Handles (>= 4.3) - restriction: || (&& (== net461) (>= dnxcore50)) (&& (== net461) (< net46)) (== netcoreapp2.0) (== netstandard2.0)
      System.Runtime.InteropServices (>= 4.3) - restriction: || (&& (== net461) (>= dnxcore50)) (&& (== net461) (< net46)) (== netcoreapp2.0) (== netstandard2.0)
      System.Security.Principal.Windows (>= 4.3) - restriction: || (&& (== net461) (< net46)) (== netcoreapp2.0) (== netstandard2.0)
      System.Threading (>= 4.3) - restriction: || (&& (== net461) (>= dnxcore50)) (&& (== net461) (< net46)) (== netcoreapp2.0) (== netstandard2.0)
      System.Threading.Tasks (>= 4.3) - restriction: || (&& (== net461) (>= dnxcore50)) (&& (== net461) (< net46)) (== netcoreapp2.0) (== netstandard2.0)
    System.Net.Primitives (4.3) - restriction: || (&& (== net461) (>= dnxcore50)) (&& (== net461) (< net45)) (== netcoreapp2.0) (== netstandard2.0)
      Microsoft.NETCore.Platforms (>= 1.1) - restriction: || (&& (== net461) (>= dnxcore50)) (&& (== net461) (< net45)) (&& (== net461) (< netstandard1.1)) (== netcoreapp2.0) (== netstandard2.0)
      Microsoft.NETCore.Targets (>= 1.1) - restriction: || (&& (== net461) (>= dnxcore50)) (&& (== net461) (< net45)) (&& (== net461) (< netstandard1.1)) (== netcoreapp2.0) (== netstandard2.0)
      System.Runtime (>= 4.3) - restriction: || (&& (== net461) (>= dnxcore50)) (&& (== net461) (< net45)) (&& (== net461) (< netstandard1.1)) (== netcoreapp2.0) (== netstandard2.0)
      System.Runtime.Handles (>= 4.3) - restriction: || (&& (== net461) (>= dnxcore50)) (&& (== net461) (< net45)) (== netcoreapp2.0) (== netstandard2.0)
    System.Net.Requests (4.3) - restriction: || (&& (== net461) (< net45)) (== netcoreapp2.0) (== netstandard2.0)
      Microsoft.NETCore.Platforms (>= 1.1) - restriction: || (&& (== net461) (< net45)) (== netcoreapp2.0) (== netstandard2.0)
      System.Collections (>= 4.3) - restriction: || (&& (== net461) (>= dnxcore50)) (&& (== net461) (< net45)) (== netcoreapp2.0) (== netstandard2.0)
      System.Diagnostics.Debug (>= 4.3) - restriction: || (&& (== net461) (>= dnxcore50)) (&& (== net461) (< net45)) (== netcoreapp2.0) (== netstandard2.0)
      System.Diagnostics.Tracing (>= 4.3) - restriction: || (&& (== net461) (>= dnxcore50)) (&& (== net461) (< net45)) (== netcoreapp2.0) (== netstandard2.0)
      System.Globalization (>= 4.3) - restriction: || (&& (== net461) (>= dnxcore50)) (&& (== net461) (< net45)) (== netcoreapp2.0) (== netstandard2.0)
      System.IO (>= 4.3) - restriction: || (&& (== net461) (>= dnxcore50)) (&& (== net461) (< net45)) (&& (== net461) (< netstandard1.1)) (== netcoreapp2.0) (== netstandard2.0)
      System.Net.Http (>= 4.3) - restriction: || (&& (== net461) (>= dnxcore50)) (&& (== net461) (< net45)) (== netcoreapp2.0) (== netstandard2.0)
      System.Net.Primitives (>= 4.3) - restriction: || (&& (== net461) (>= dnxcore50)) (&& (== net461) (< net45)) (&& (== net461) (< netstandard1.1)) (== netcoreapp2.0) (== netstandard2.0)
      System.Net.WebHeaderCollection (>= 4.3) - restriction: || (&& (== net461) (>= dnxcore50)) (&& (== net461) (< net45)) (== netcoreapp2.0) (== netstandard2.0)
      System.Resources.ResourceManager (>= 4.3) - restriction: || (&& (== net461) (>= dnxcore50)) (&& (== net461) (< net45)) (== netcoreapp2.0) (== netstandard2.0)
      System.Runtime (>= 4.3) - restriction: || (&& (== net461) (>= dnxcore50)) (&& (== net461) (< net45)) (&& (== net461) (< netstandard1.1)) (== netcoreapp2.0) (== netstandard2.0)
      System.Threading (>= 4.3) - restriction: || (&& (== net461) (>= dnxcore50)) (&& (== net461) (< net45)) (== netcoreapp2.0) (== netstandard2.0)
      System.Threading.Tasks (>= 4.3) - restriction: || (&& (== net461) (>= dnxcore50)) (&& (== net461) (< net45)) (== netcoreapp2.0) (== netstandard2.0)
    System.Net.Security (4.3.2) - restriction: || (&& (== net461) (< net451) (>= netstandard1.5)) (== netcoreapp2.0) (== netstandard2.0)
      Microsoft.NETCore.Platforms (>= 1.1) - restriction: || (&& (== net461) (< net46)) (== netcoreapp2.0) (== netstandard2.0)
      Microsoft.Win32.Primitives (>= 4.3) - restriction: || (&& (== net461) (< net46)) (== netcoreapp2.0) (== netstandard2.0)
      runtime.native.System (>= 4.3) - restriction: || (&& (== net461) (< net46) (>= netstandard1.6)) (== netcoreapp2.0) (== netstandard2.0)
      runtime.native.System.Net.Security (>= 4.3) - restriction: || (&& (== net461) (< net46) (>= netstandard1.6)) (== netcoreapp2.0) (== netstandard2.0)
      runtime.native.System.Security.Cryptography.OpenSsl (>= 4.3.2) - restriction: || (&& (== net461) (< net46) (>= netstandard1.6)) (== netcoreapp2.0) (== netstandard2.0)
      System.Collections (>= 4.3) - restriction: || (&& (== net461) (< net46)) (== netcoreapp2.0) (== netstandard2.0)
      System.Collections.Concurrent (>= 4.3) - restriction: || (&& (== net461) (< net46)) (== netcoreapp2.0) (== netstandard2.0)
      System.Diagnostics.Tracing (>= 4.3) - restriction: || (&& (== net461) (< net46)) (== netcoreapp2.0) (== netstandard2.0)
      System.Globalization (>= 4.3) - restriction: || (&& (== net461) (< net46)) (== netcoreapp2.0) (== netstandard2.0)
      System.Globalization.Extensions (>= 4.3) - restriction: || (&& (== net461) (< net46) (>= netstandard1.6)) (== netcoreapp2.0) (== netstandard2.0)
      System.IO (>= 4.3) - restriction: || (&& (== net461) (< net46)) (== netcoreapp2.0) (== netstandard2.0)
      System.Net.Primitives (>= 4.3) - restriction: || (&& (== net461) (< net46)) (== netcoreapp2.0) (== netstandard2.0)
      System.Resources.ResourceManager (>= 4.3) - restriction: || (&& (== net461) (< net46)) (== netcoreapp2.0) (== netstandard2.0)
      System.Runtime (>= 4.3) - restriction: || (&& (== net461) (< net46)) (== netcoreapp2.0) (== netstandard2.0)
      System.Runtime.Extensions (>= 4.3) - restriction: || (&& (== net461) (< net46)) (== netcoreapp2.0) (== netstandard2.0)
      System.Runtime.Handles (>= 4.3) - restriction: || (&& (== net461) (< net46)) (== netcoreapp2.0) (== netstandard2.0)
      System.Runtime.InteropServices (>= 4.3) - restriction: || (&& (== net461) (< net46)) (== netcoreapp2.0) (== netstandard2.0)
      System.Security.Claims (>= 4.3) - restriction: || (&& (== net461) (< net46)) (== netcoreapp2.0) (== netstandard2.0)
      System.Security.Cryptography.Algorithms (>= 4.3) - restriction: || (&& (== net461) (< net46) (>= netstandard1.6)) (== netcoreapp2.0) (== netstandard2.0)
      System.Security.Cryptography.Encoding (>= 4.3) - restriction: || (&& (== net461) (< net46)) (== netcoreapp2.0) (== netstandard2.0)
      System.Security.Cryptography.OpenSsl (>= 4.3) - restriction: || (&& (== net461) (< net46) (>= netstandard1.6)) (== netcoreapp2.0) (== netstandard2.0)
      System.Security.Cryptography.Primitives (>= 4.3) - restriction: || (&& (== net461) (< net46)) (== netcoreapp2.0) (== netstandard2.0)
      System.Security.Cryptography.X509Certificates (>= 4.3)
      System.Security.Principal (>= 4.3) - restriction: || (&& (== net461) (< net46)) (== netcoreapp2.0) (== netstandard2.0)
      System.Text.Encoding (>= 4.3) - restriction: || (&& (== net461) (< net46) (>= netstandard1.6)) (== netcoreapp2.0) (== netstandard2.0)
      System.Threading (>= 4.3) - restriction: || (&& (== net461) (< net46)) (== netcoreapp2.0) (== netstandard2.0)
      System.Threading.Tasks (>= 4.3) - restriction: || (&& (== net461) (< net46)) (== netcoreapp2.0) (== netstandard2.0)
      System.Threading.ThreadPool (>= 4.3) - restriction: || (&& (== net461) (< net46)) (== netcoreapp2.0) (== netstandard2.0)
    System.Net.Sockets (4.3) - restriction: || (&& (== net461) (< net451) (>= netstandard1.5)) (== netcoreapp2.0) (== netstandard2.0)
      Microsoft.NETCore.Platforms (>= 1.1) - restriction: || (&& (== net461) (< net46)) (== netcoreapp2.0) (== netstandard2.0)
      Microsoft.NETCore.Targets (>= 1.1) - restriction: || (&& (== net461) (< net46)) (== netcoreapp2.0) (== netstandard2.0)
      System.IO (>= 4.3) - restriction: || (&& (== net461) (< net46)) (== netcoreapp2.0) (== netstandard2.0)
      System.Net.Primitives (>= 4.3) - restriction: || (&& (== net461) (< net46)) (== netcoreapp2.0) (== netstandard2.0)
      System.Runtime (>= 4.3) - restriction: || (&& (== net461) (< net46)) (== netcoreapp2.0) (== netstandard2.0)
      System.Threading.Tasks (>= 4.3) - restriction: || (&& (== net461) (< net46)) (== netcoreapp2.0) (== netstandard2.0)
    System.Net.WebHeaderCollection (4.3) - restriction: || (&& (== net461) (>= dnxcore50)) (&& (== net461) (< net45)) (== netcoreapp2.0) (== netstandard2.0)
      System.Collections (>= 4.3) - restriction: || (&& (== net461) (< net46)) (== netcoreapp2.0) (== netstandard2.0)
      System.Resources.ResourceManager (>= 4.3) - restriction: || (&& (== net461) (< net46)) (== netcoreapp2.0) (== netstandard2.0)
      System.Runtime (>= 4.3) - restriction: || (&& (== net461) (< net46)) (== netcoreapp2.0) (== netstandard2.0)
      System.Runtime.Extensions (>= 4.3) - restriction: || (&& (== net461) (< net46)) (== netcoreapp2.0) (== netstandard2.0)
    System.ObjectModel (4.3) - restriction: || (&& (== net461) (>= dnxcore50)) (&& (== net461) (< net35)) (== netcoreapp2.0) (== netstandard2.0)
      System.Collections (>= 4.3) - restriction: || (&& (== net461) (>= dnxcore50)) (&& (== net461) (< net45)) (== netcoreapp2.0) (== netstandard2.0)
      System.Diagnostics.Debug (>= 4.3) - restriction: || (&& (== net461) (>= dnxcore50)) (&& (== net461) (< net45)) (== netcoreapp2.0) (== netstandard2.0)
      System.Resources.ResourceManager (>= 4.3) - restriction: || (&& (== net461) (>= dnxcore50)) (&& (== net461) (< net45)) (== netcoreapp2.0) (== netstandard2.0)
      System.Runtime (>= 4.3) - restriction: || (&& (== net461) (>= dnxcore50)) (&& (== net461) (< net45)) (== netcoreapp2.0) (== netstandard2.0)
      System.Threading (>= 4.3) - restriction: || (&& (== net461) (>= dnxcore50)) (&& (== net461) (< net45)) (== netcoreapp2.0) (== netstandard2.0)
    System.Private.DataContractSerialization (4.3) - restriction: || (&& (== net461) (>= dnxcore50)) (&& (== net461) (< net45)) (== netcoreapp2.0) (== netstandard2.0)
      System.Collections (>= 4.3) - restriction: || (&& (== net461) (>= dnxcore50)) (&& (== net461) (< net46)) (== netcoreapp2.0) (== netstandard2.0)
      System.Collections.Concurrent (>= 4.3) - restriction: || (&& (== net461) (>= dnxcore50)) (&& (== net461) (< net46)) (== netcoreapp2.0) (== netstandard2.0)
      System.Diagnostics.Debug (>= 4.3) - restriction: || (&& (== net461) (>= dnxcore50)) (&& (== net461) (< net46)) (== netcoreapp2.0) (== netstandard2.0)
      System.Globalization (>= 4.3) - restriction: || (&& (== net461) (>= dnxcore50)) (&& (== net461) (< net46)) (== netcoreapp2.0) (== netstandard2.0)
      System.IO (>= 4.3) - restriction: || (&& (== net461) (>= dnxcore50)) (&& (== net461) (< net46)) (== netcoreapp2.0) (== netstandard2.0)
      System.Linq (>= 4.3) - restriction: || (&& (== net461) (>= dnxcore50)) (&& (== net461) (< net46)) (== netcoreapp2.0) (== netstandard2.0)
      System.Reflection (>= 4.3) - restriction: || (&& (== net461) (>= dnxcore50)) (&& (== net461) (< net46)) (== netcoreapp2.0) (== netstandard2.0)
      System.Reflection.Emit.ILGeneration (>= 4.3) - restriction: || (&& (== net461) (< net46)) (== netcoreapp2.0) (== netstandard2.0)
      System.Reflection.Emit.Lightweight (>= 4.3) - restriction: || (&& (== net461) (< net46)) (== netcoreapp2.0) (== netstandard2.0)
      System.Reflection.Extensions (>= 4.3) - restriction: || (&& (== net461) (>= dnxcore50)) (&& (== net461) (< net46)) (== netcoreapp2.0) (== netstandard2.0)
      System.Reflection.Primitives (>= 4.3) - restriction: || (&& (== net461) (>= dnxcore50)) (&& (== net461) (< net46)) (== netcoreapp2.0) (== netstandard2.0)
      System.Reflection.TypeExtensions (>= 4.3)
      System.Resources.ResourceManager (>= 4.3) - restriction: || (&& (== net461) (>= dnxcore50)) (&& (== net461) (< net46)) (== netcoreapp2.0) (== netstandard2.0)
      System.Runtime (>= 4.3) - restriction: || (&& (== net461) (>= dnxcore50)) (&& (== net461) (< net46)) (== netcoreapp2.0) (== netstandard2.0)
      System.Runtime.Extensions (>= 4.3) - restriction: || (&& (== net461) (>= dnxcore50)) (&& (== net461) (< net46)) (== netcoreapp2.0) (== netstandard2.0)
      System.Runtime.Serialization.Primitives (>= 4.3)
      System.Text.Encoding (>= 4.3) - restriction: || (&& (== net461) (>= dnxcore50)) (&& (== net461) (< net46)) (== netcoreapp2.0) (== netstandard2.0)
      System.Text.Encoding.Extensions (>= 4.3) - restriction: || (&& (== net461) (>= dnxcore50)) (&& (== net461) (< net46)) (== netcoreapp2.0) (== netstandard2.0)
      System.Text.RegularExpressions (>= 4.3) - restriction: || (&& (== net461) (>= dnxcore50)) (&& (== net461) (< net46)) (== netcoreapp2.0) (== netstandard2.0)
      System.Threading (>= 4.3) - restriction: || (&& (== net461) (>= dnxcore50)) (&& (== net461) (< net46)) (== netcoreapp2.0) (== netstandard2.0)
      System.Threading.Tasks (>= 4.3) - restriction: || (&& (== net461) (>= dnxcore50)) (&& (== net461) (< net46)) (== netcoreapp2.0) (== netstandard2.0)
      System.Xml.ReaderWriter (>= 4.3) - restriction: || (&& (== net461) (>= dnxcore50)) (&& (== net461) (< net46)) (== netcoreapp2.0) (== netstandard2.0)
      System.Xml.XDocument (>= 4.3) - restriction: || (&& (== net461) (>= dnxcore50)) (&& (== net461) (< net46)) (== netcoreapp2.0) (== netstandard2.0)
      System.Xml.XmlDocument (>= 4.3)
      System.Xml.XmlSerializer (>= 4.3) - restriction: || (&& (== net461) (>= dnxcore50)) (&& (== net461) (< net46)) (== netcoreapp2.0) (== netstandard2.0)
    System.Reflection (4.3) - restriction: || (&& (== net461) (< net35)) (== netcoreapp2.0) (== netstandard2.0)
      Microsoft.NETCore.Platforms (>= 1.1) - restriction: || (&& (== net461) (>= dnxcore50)) (&& (== net461) (< net45)) (== netcoreapp2.0) (== netstandard2.0)
      Microsoft.NETCore.Targets (>= 1.1) - restriction: || (&& (== net461) (>= dnxcore50)) (&& (== net461) (< net45)) (== netcoreapp2.0) (== netstandard2.0)
      System.IO (>= 4.3) - restriction: || (&& (== net461) (>= dnxcore50)) (&& (== net461) (< net45)) (== netcoreapp2.0) (== netstandard2.0)
      System.Reflection.Primitives (>= 4.3) - restriction: || (&& (== net461) (>= dnxcore50)) (&& (== net461) (< net45)) (== netcoreapp2.0) (== netstandard2.0)
      System.Runtime (>= 4.3) - restriction: || (&& (== net461) (>= dnxcore50)) (&& (== net461) (< net45)) (== netcoreapp2.0) (== netstandard2.0)
    System.Reflection.Emit (4.3) - restriction: || (&& (== net461) (< net35)) (== netcoreapp2.0) (== netstandard2.0)
      System.IO (>= 4.3) - restriction: || (&& (== net461) (< net45)) (== netcoreapp2.0) (== netstandard2.0)
      System.Reflection (>= 4.3) - restriction: || (&& (== net461) (< net45)) (== netcoreapp2.0) (== netstandard2.0)
      System.Reflection.Emit.ILGeneration (>= 4.3) - restriction: || (&& (== net461) (< net45)) (== netcoreapp2.0) (== netstandard2.0)
      System.Reflection.Primitives (>= 4.3) - restriction: || (&& (== net461) (< net45)) (== netcoreapp2.0) (== netstandard2.0)
      System.Runtime (>= 4.3) - restriction: || (&& (== net461) (< net45)) (== netcoreapp2.0) (== netstandard2.0)
    System.Reflection.Emit.ILGeneration (4.3) - restriction: || (&& (== net461) (< net20)) (== netcoreapp2.0) (== netstandard2.0)
      System.Reflection (>= 4.3) - restriction: || (&& (== net461) (< net45)) (== netcoreapp2.0) (== netstandard2.0)
      System.Reflection.Primitives (>= 4.3) - restriction: || (&& (== net461) (< net45)) (== netcoreapp2.0) (== netstandard2.0)
      System.Runtime (>= 4.3) - restriction: || (&& (== net461) (< net45)) (== netcoreapp2.0) (== netstandard2.0)
    System.Reflection.Emit.Lightweight (4.3) - restriction: || (&& (== net461) (< net45) (>= netstandard2.0)) (== netcoreapp2.0) (== netstandard2.0)
      System.Reflection (>= 4.3) - restriction: || (&& (== net461) (< net45)) (== netcoreapp2.0) (== netstandard2.0)
      System.Reflection.Emit.ILGeneration (>= 4.3) - restriction: || (&& (== net461) (< net45)) (== netcoreapp2.0) (== netstandard2.0)
      System.Reflection.Primitives (>= 4.3) - restriction: || (&& (== net461) (< net45)) (== netcoreapp2.0) (== netstandard2.0)
      System.Runtime (>= 4.3) - restriction: || (&& (== net461) (< net45)) (== netcoreapp2.0) (== netstandard2.0)
    System.Reflection.Extensions (4.3) - restriction: || (&& (== net461) (< net451) (>= netstandard1.5)) (== netcoreapp2.0) (== netstandard2.0)
      Microsoft.NETCore.Platforms (>= 1.1) - restriction: || (&& (== net461) (>= dnxcore50)) (&& (== net461) (< net45)) (== netcoreapp2.0) (== netstandard2.0)
      Microsoft.NETCore.Targets (>= 1.1) - restriction: || (&& (== net461) (>= dnxcore50)) (&& (== net461) (< net45)) (== netcoreapp2.0) (== netstandard2.0)
      System.Reflection (>= 4.3) - restriction: || (&& (== net461) (>= dnxcore50)) (&& (== net461) (< net45)) (== netcoreapp2.0) (== netstandard2.0)
      System.Runtime (>= 4.3) - restriction: || (&& (== net461) (>= dnxcore50)) (&& (== net461) (< net45)) (== netcoreapp2.0) (== netstandard2.0)
    System.Reflection.Metadata (1.5) - restriction: || (== netcoreapp2.0) (== netstandard2.0)
      System.Collections.Immutable (>= 1.4) - restriction: || (== net461) (&& (== netcoreapp2.0) (>= monoandroid)) (&& (== netcoreapp2.0) (>= monotouch)) (&& (== netcoreapp2.0) (< netstandard1.1)) (&& (== netcoreapp2.0) (< netstandard2.0)) (&& (== netcoreapp2.0) (< portable-net45+win8)) (&& (== netcoreapp2.0) (>= xamarinios)) (&& (== netcoreapp2.0) (>= xamarinmac)) (&& (== netcoreapp2.0) (>= xamarintvos)) (&& (== netcoreapp2.0) (>= xamarinwatchos)) (== netstandard2.0)
    System.Reflection.Primitives (4.3) - restriction: || (&& (== net461) (< net35)) (== netcoreapp2.0) (== netstandard2.0)
      Microsoft.NETCore.Platforms (>= 1.1) - restriction: || (&& (== net461) (>= dnxcore50)) (&& (== net461) (< net45)) (== netcoreapp2.0) (== netstandard2.0)
      Microsoft.NETCore.Targets (>= 1.1) - restriction: || (&& (== net461) (>= dnxcore50)) (&& (== net461) (< net45)) (== netcoreapp2.0) (== netstandard2.0)
      System.Runtime (>= 4.3) - restriction: || (&& (== net461) (>= dnxcore50)) (&& (== net461) (< net45)) (== netcoreapp2.0) (== netstandard2.0)
    System.Reflection.TypeExtensions (4.4) - restriction: || (&& (== net461) (< net35)) (== netcoreapp2.0) (== netstandard2.0)
    System.Resources.ResourceManager (4.3) - restriction: || (&& (== net461) (>= dnxcore50)) (&& (== net461) (< net45)) (== netcoreapp2.0) (== netstandard2.0)
      Microsoft.NETCore.Platforms (>= 1.1) - restriction: || (&& (== net461) (>= dnxcore50)) (&& (== net461) (< net45)) (== netcoreapp2.0) (== netstandard2.0)
      Microsoft.NETCore.Targets (>= 1.1) - restriction: || (&& (== net461) (>= dnxcore50)) (&& (== net461) (< net45)) (== netcoreapp2.0) (== netstandard2.0)
      System.Globalization (>= 4.3) - restriction: || (&& (== net461) (>= dnxcore50)) (&& (== net461) (< net45)) (== netcoreapp2.0) (== netstandard2.0)
      System.Reflection (>= 4.3) - restriction: || (&& (== net461) (>= dnxcore50)) (&& (== net461) (< net45)) (== netcoreapp2.0) (== netstandard2.0)
      System.Runtime (>= 4.3) - restriction: || (&& (== net461) (>= dnxcore50)) (&& (== net461) (< net45)) (== netcoreapp2.0) (== netstandard2.0)
    System.Runtime (4.3) - restriction: || (&& (== net461) (< net451) (>= netstandard1.5)) (== netcoreapp2.0) (== netstandard2.0)
      Microsoft.NETCore.Platforms (>= 1.1) - restriction: || (&& (== net461) (>= dnxcore50)) (&& (== net461) (< net45)) (== netcoreapp2.0) (== netstandard2.0)
      Microsoft.NETCore.Targets (>= 1.1) - restriction: || (&& (== net461) (>= dnxcore50)) (&& (== net461) (< net45)) (== netcoreapp2.0) (== netstandard2.0)
    System.Runtime.CompilerServices.Unsafe (4.5.0-preview1-26216-02) - restriction: || (&& (== net461) (>= netstandard2.0)) (== netcoreapp2.0) (== netstandard2.0)
    System.Runtime.Extensions (4.3) - restriction: || (&& (== net461) (< net451) (>= netstandard1.5)) (== netcoreapp2.0) (== netstandard2.0)
      Microsoft.NETCore.Platforms (>= 1.1) - restriction: || (&& (== net461) (>= dnxcore50)) (&& (== net461) (< net45)) (== netcoreapp2.0) (== netstandard2.0)
      Microsoft.NETCore.Targets (>= 1.1) - restriction: || (&& (== net461) (>= dnxcore50)) (&& (== net461) (< net45)) (== netcoreapp2.0) (== netstandard2.0)
      System.Runtime (>= 4.3) - restriction: || (&& (== net461) (>= dnxcore50)) (&& (== net461) (< net45)) (== netcoreapp2.0) (== netstandard2.0)
    System.Runtime.Handles (4.3) - restriction: || (&& (== net461) (< net45)) (== netcoreapp2.0) (== netstandard2.0)
      Microsoft.NETCore.Platforms (>= 1.1) - restriction: || (&& (== net461) (< net46)) (== netcoreapp2.0) (== netstandard2.0)
      Microsoft.NETCore.Targets (>= 1.1) - restriction: || (&& (== net461) (< net46)) (== netcoreapp2.0) (== netstandard2.0)
      System.Runtime (>= 4.3) - restriction: || (&& (== net461) (< net46)) (== netcoreapp2.0) (== netstandard2.0)
    System.Runtime.InteropServices (4.3) - restriction: || (&& (== net461) (>= dnxcore50)) (&& (== net461) (< net45)) (== netcoreapp2.0) (== netstandard2.0)
      Microsoft.NETCore.Platforms (>= 1.1) - restriction: || (&& (== net461) (>= dnxcore50)) (&& (== net461) (< net45)) (&& (== net461) (>= netcoreapp1.1)) (== netcoreapp2.0) (== netstandard2.0)
      Microsoft.NETCore.Targets (>= 1.1) - restriction: || (&& (== net461) (>= dnxcore50)) (&& (== net461) (< net45)) (&& (== net461) (>= netcoreapp1.1)) (== netcoreapp2.0) (== netstandard2.0)
      System.Reflection (>= 4.3) - restriction: || (&& (== net461) (>= dnxcore50)) (&& (== net461) (< net45)) (&& (== net461) (>= netcoreapp1.1)) (== netcoreapp2.0) (== netstandard2.0)
      System.Reflection.Primitives (>= 4.3) - restriction: || (&& (== net461) (>= dnxcore50)) (&& (== net461) (< net45)) (&& (== net461) (>= netcoreapp1.1)) (== netcoreapp2.0) (== netstandard2.0)
      System.Runtime (>= 4.3) - restriction: || (&& (== net461) (>= dnxcore50)) (&& (== net461) (< net45)) (&& (== net461) (>= net462)) (&& (== net461) (>= netcoreapp1.1)) (== netcoreapp2.0) (== netstandard2.0)
      System.Runtime.Handles (>= 4.3) - restriction: || (&& (== net461) (>= dnxcore50)) (&& (== net461) (< net45)) (&& (== net461) (>= netcoreapp1.1)) (== netcoreapp2.0) (== netstandard2.0)
    System.Runtime.InteropServices.RuntimeInformation (4.3) - restriction: || (&& (== net461) (>= netcoreapp1.0)) (== netcoreapp2.0) (&& (== netstandard2.0) (>= netcoreapp1.0))
      runtime.native.System (>= 4.3) - restriction: || (&& (== net461) (< net45)) (== netcoreapp2.0) (== netstandard2.0)
      System.Reflection (>= 4.3) - restriction: || (&& (== net461) (>= dnxcore50)) (&& (== net461) (< net45)) (== netcoreapp2.0) (== netstandard2.0)
      System.Reflection.Extensions (>= 4.3) - restriction: || (&& (== net461) (>= dnxcore50)) (&& (== net461) (< net45)) (== netcoreapp2.0) (== netstandard2.0)
      System.Resources.ResourceManager (>= 4.3) - restriction: || (&& (== net461) (>= dnxcore50)) (&& (== net461) (< net45)) (== netcoreapp2.0) (== netstandard2.0)
      System.Runtime (>= 4.3) - restriction: || (&& (== net461) (>= dnxcore50)) (&& (== net461) (< net45)) (== netcoreapp2.0) (== netstandard2.0)
      System.Runtime.InteropServices (>= 4.3) - restriction: || (&& (== net461) (< net45)) (== netcoreapp2.0) (== netstandard2.0)
      System.Threading (>= 4.3) - restriction: || (&& (== net461) (>= dnxcore50)) (&& (== net461) (< net45)) (== netcoreapp2.0) (== netstandard2.0)
    System.Runtime.Loader (4.3) - restriction: || (&& (== net461) (< net45) (>= netstandard1.5)) (== netcoreapp2.0) (== netstandard2.0)
      System.IO (>= 4.3) - restriction: || (&& (== net461) (>= netstandard1.5)) (== netcoreapp2.0) (== netstandard2.0)
      System.Reflection (>= 4.3) - restriction: || (&& (== net461) (>= netstandard1.5)) (== netcoreapp2.0) (== netstandard2.0)
      System.Runtime (>= 4.3) - restriction: || (&& (== net461) (>= netstandard1.5)) (== netcoreapp2.0) (== netstandard2.0)
    System.Runtime.Numerics (4.3) - restriction: || (&& (== net461) (< net45) (>= netstandard1.6)) (== netcoreapp2.0) (== netstandard2.0)
      System.Globalization (>= 4.3) - restriction: || (&& (== net461) (>= dnxcore50)) (&& (== net461) (< net45)) (== netcoreapp2.0) (== netstandard2.0)
      System.Resources.ResourceManager (>= 4.3) - restriction: || (&& (== net461) (>= dnxcore50)) (&& (== net461) (< net45)) (== netcoreapp2.0) (== netstandard2.0)
      System.Runtime (>= 4.3) - restriction: || (&& (== net461) (>= dnxcore50)) (&& (== net461) (< net45)) (== netcoreapp2.0) (== netstandard2.0)
      System.Runtime.Extensions (>= 4.3) - restriction: || (&& (== net461) (>= dnxcore50)) (&& (== net461) (< net45)) (== netcoreapp2.0) (== netstandard2.0)
    System.Runtime.Serialization.Json (4.3) - restriction: || (&& (== net461) (>= netstandard1.6)) (== netcoreapp2.0) (== netstandard2.0)
      System.IO (>= 4.3) - restriction: || (&& (== net461) (>= dnxcore50)) (&& (== net461) (< net45)) (== netcoreapp2.0) (== netstandard2.0)
      System.Private.DataContractSerialization (>= 4.3) - restriction: || (&& (== net461) (>= dnxcore50)) (&& (== net461) (< net45)) (== netcoreapp2.0) (== netstandard2.0)
      System.Runtime (>= 4.3) - restriction: || (&& (== net461) (>= dnxcore50)) (&& (== net461) (< net45)) (== netcoreapp2.0) (== netstandard2.0)
    System.Runtime.Serialization.Primitives (4.3) - restriction: || (&& (== net461) (< net20)) (== netcoreapp2.0) (== netstandard2.0)
      System.Resources.ResourceManager (>= 4.3) - restriction: || (&& (== net461) (>= dnxcore50)) (&& (== net461) (< net45)) (== netcoreapp2.0) (== netstandard2.0)
      System.Runtime (>= 4.3) - restriction: || (&& (== net461) (>= dnxcore50)) (&& (== net461) (< net45)) (== netcoreapp2.0) (== netstandard2.0)
    System.Runtime.Serialization.Xml (4.3) - restriction: || (&& (== net461) (< net45)) (== netcoreapp2.0) (== netstandard2.0)
      System.IO (>= 4.3) - restriction: || (&& (== net461) (>= dnxcore50)) (&& (== net461) (< net45)) (== netcoreapp2.0) (== netstandard2.0)
      System.Private.DataContractSerialization (>= 4.3) - restriction: || (&& (== net461) (>= dnxcore50)) (&& (== net461) (< net45)) (== netcoreapp2.0) (== netstandard2.0)
      System.Runtime (>= 4.3) - restriction: || (&& (== net461) (>= dnxcore50)) (&& (== net461) (< net45)) (== netcoreapp2.0) (== netstandard2.0)
      System.Runtime.Serialization.Primitives (>= 4.3)
      System.Text.Encoding (>= 4.3) - restriction: || (&& (== net461) (>= dnxcore50)) (&& (== net461) (< net45)) (== netcoreapp2.0) (== netstandard2.0)
      System.Xml.ReaderWriter (>= 4.3) - restriction: || (&& (== net461) (>= dnxcore50)) (&& (== net461) (< net45)) (== netcoreapp2.0) (== netstandard2.0)
    System.Security.AccessControl (4.4.1) - restriction: || (&& (== net461) (>= monoandroid) (>= netstandard2.0)) (&& (== net461) (>= monotouch) (>= netstandard2.0)) (&& (== net461) (< net45) (>= netstandard2.0)) (&& (== net461) (>= netcoreapp2.0)) (&& (== net461) (>= netstandard2.0) (>= xamarinios)) (&& (== net461) (>= netstandard2.0) (>= xamarinmac)) (&& (== net461) (>= netstandard2.0) (>= xamarintvos)) (&& (== net461) (>= netstandard2.0) (>= xamarinwatchos)) (== netcoreapp2.0) (== netstandard2.0)
      Microsoft.NETCore.Platforms (>= 2.0) - restriction: || (&& (== net461) (>= netcoreapp2.0)) (== netcoreapp2.0) (&& (== netstandard2.0) (>= netcoreapp2.0))
      System.Security.Principal.Windows (>= 4.4)
    System.Security.Claims (4.3) - restriction: || (&& (== net461) (< net451) (>= netstandard1.5)) (&& (== net461) (< net451) (>= netstandard1.6)) (== netcoreapp2.0) (== netstandard2.0)
      System.Collections (>= 4.3) - restriction: || (&& (== net461) (< net46)) (== netcoreapp2.0) (== netstandard2.0)
      System.Globalization (>= 4.3) - restriction: || (&& (== net461) (< net46)) (== netcoreapp2.0) (== netstandard2.0)
      System.IO (>= 4.3) - restriction: || (&& (== net461) (< net46)) (== netcoreapp2.0) (== netstandard2.0)
      System.Resources.ResourceManager (>= 4.3) - restriction: || (&& (== net461) (< net46)) (== netcoreapp2.0) (== netstandard2.0)
      System.Runtime (>= 4.3) - restriction: || (&& (== net461) (< net46)) (== netcoreapp2.0) (== netstandard2.0)
      System.Runtime.Extensions (>= 4.3) - restriction: || (&& (== net461) (< net46)) (== netcoreapp2.0) (== netstandard2.0)
      System.Security.Principal (>= 4.3) - restriction: || (&& (== net461) (< net46)) (== netcoreapp2.0) (== netstandard2.0)
    System.Security.Cryptography.Algorithms (4.3.1) - restriction: || (&& (== net461) (< net45) (>= netstandard1.6)) (== netcoreapp2.0) (== netstandard2.0)
      Microsoft.NETCore.Platforms (>= 1.1) - restriction: || (&& (== net461) (>= dnxcore50)) (&& (== net461) (< net46) (>= netstandard1.6)) (== netcoreapp2.0) (== netstandard2.0)
      runtime.native.System.Security.Cryptography.Apple (>= 4.3.1) - restriction: || (&& (== net461) (< net46) (>= netstandard1.6)) (== netcoreapp2.0) (== netstandard2.0)
      runtime.native.System.Security.Cryptography.OpenSsl (>= 4.3.2) - restriction: || (&& (== net461) (< net46) (>= netstandard1.6)) (== netcoreapp2.0) (== netstandard2.0)
      System.Collections (>= 4.3) - restriction: || (&& (== net461) (< net46) (>= netstandard1.6)) (== netcoreapp2.0) (== netstandard2.0)
      System.IO (>= 4.3) - restriction: || (&& (== net461) (>= dnxcore50)) (&& (== net461) (< net46)) (&& (== net461) (>= net463)) (== netcoreapp2.0) (== netstandard2.0)
      System.Resources.ResourceManager (>= 4.3) - restriction: || (&& (== net461) (>= dnxcore50)) (&& (== net461) (< net46) (>= netstandard1.6)) (== netcoreapp2.0) (== netstandard2.0)
      System.Runtime (>= 4.3) - restriction: || (&& (== net461) (>= dnxcore50)) (&& (== net461) (< net46)) (&& (== net461) (>= net463)) (== netcoreapp2.0) (== netstandard2.0)
      System.Runtime.Extensions (>= 4.3) - restriction: || (&& (== net461) (>= dnxcore50)) (&& (== net461) (< net46) (>= netstandard1.6)) (== netcoreapp2.0) (== netstandard2.0)
      System.Runtime.Handles (>= 4.3) - restriction: || (&& (== net461) (>= dnxcore50)) (&& (== net461) (< net46) (>= netstandard1.6)) (== netcoreapp2.0) (== netstandard2.0)
      System.Runtime.InteropServices (>= 4.3) - restriction: || (&& (== net461) (>= dnxcore50)) (&& (== net461) (< net46) (>= netstandard1.6)) (== netcoreapp2.0) (== netstandard2.0)
      System.Runtime.Numerics (>= 4.3) - restriction: || (&& (== net461) (< net46) (>= netstandard1.6)) (== netcoreapp2.0) (== netstandard2.0)
      System.Security.Cryptography.Encoding (>= 4.3) - restriction: || (&& (== net461) (>= dnxcore50)) (&& (== net461) (< net46) (>= netstandard1.6)) (&& (== net461) (>= net463)) (== netcoreapp2.0) (== netstandard2.0)
      System.Security.Cryptography.Primitives (>= 4.3)
      System.Text.Encoding (>= 4.3) - restriction: || (&& (== net461) (>= dnxcore50)) (&& (== net461) (< net46) (>= netstandard1.6)) (== netcoreapp2.0) (== netstandard2.0)
    System.Security.Cryptography.Cng (4.4) - restriction: || (&& (== net461) (>= dnxcore50)) (&& (== net461) (< net46) (>= netstandard1.6)) (== netcoreapp2.0) (== netstandard2.0)
      Microsoft.NETCore.Platforms (>= 2.0) - restriction: || (&& (== net461) (>= netcoreapp2.0)) (== netcoreapp2.0) (&& (== netstandard2.0) (>= netcoreapp2.0))
    System.Security.Cryptography.Csp (4.3) - restriction: || (&& (== net461) (< net35)) (== netcoreapp2.0) (== netstandard2.0)
      Microsoft.NETCore.Platforms (>= 1.1) - restriction: || (&& (== net461) (< net46)) (== netcoreapp2.0) (== netstandard2.0)
      System.IO (>= 4.3) - restriction: || (&& (== net461) (< net46)) (== netcoreapp2.0) (== netstandard2.0)
      System.Reflection (>= 4.3) - restriction: || (&& (== net461) (< net46)) (== netcoreapp2.0) (== netstandard2.0)
      System.Resources.ResourceManager (>= 4.3) - restriction: || (&& (== net461) (< net46)) (== netcoreapp2.0) (== netstandard2.0)
      System.Runtime (>= 4.3) - restriction: || (&& (== net461) (< net46)) (== netcoreapp2.0) (== netstandard2.0)
      System.Runtime.Extensions (>= 4.3) - restriction: || (&& (== net461) (< net46)) (== netcoreapp2.0) (== netstandard2.0)
      System.Runtime.Handles (>= 4.3) - restriction: || (&& (== net461) (< net46)) (== netcoreapp2.0) (== netstandard2.0)
      System.Runtime.InteropServices (>= 4.3) - restriction: || (&& (== net461) (< net46)) (== netcoreapp2.0) (== netstandard2.0)
      System.Security.Cryptography.Algorithms (>= 4.3)
      System.Security.Cryptography.Encoding (>= 4.3) - restriction: || (&& (== net461) (< net46)) (== netcoreapp2.0) (== netstandard2.0)
      System.Security.Cryptography.Primitives (>= 4.3)
      System.Text.Encoding (>= 4.3) - restriction: || (&& (== net461) (< net46)) (== netcoreapp2.0) (== netstandard2.0)
      System.Threading (>= 4.3) - restriction: || (&& (== net461) (< net46)) (== netcoreapp2.0) (== netstandard2.0)
    System.Security.Cryptography.Encoding (4.3) - restriction: || (&& (== net461) (< net45)) (== netcoreapp2.0) (== netstandard2.0)
      Microsoft.NETCore.Platforms (>= 1.1) - restriction: || (&& (== net461) (< net46)) (== netcoreapp2.0) (== netstandard2.0)
      runtime.native.System.Security.Cryptography.OpenSsl (>= 4.3) - restriction: || (&& (== net461) (< net46)) (== netcoreapp2.0) (== netstandard2.0)
      System.Collections (>= 4.3) - restriction: || (&& (== net461) (< net46)) (== netcoreapp2.0) (== netstandard2.0)
      System.Collections.Concurrent (>= 4.3) - restriction: || (&& (== net461) (< net46)) (== netcoreapp2.0) (== netstandard2.0)
      System.Linq (>= 4.3) - restriction: || (&& (== net461) (< net46)) (== netcoreapp2.0) (== netstandard2.0)
      System.Resources.ResourceManager (>= 4.3) - restriction: || (&& (== net461) (< net46)) (== netcoreapp2.0) (== netstandard2.0)
      System.Runtime (>= 4.3) - restriction: || (&& (== net461) (< net46)) (== netcoreapp2.0) (== netstandard2.0)
      System.Runtime.Extensions (>= 4.3) - restriction: || (&& (== net461) (< net46)) (== netcoreapp2.0) (== netstandard2.0)
      System.Runtime.Handles (>= 4.3) - restriction: || (&& (== net461) (< net46)) (== netcoreapp2.0) (== netstandard2.0)
      System.Runtime.InteropServices (>= 4.3) - restriction: || (&& (== net461) (< net46)) (== netcoreapp2.0) (== netstandard2.0)
      System.Security.Cryptography.Primitives (>= 4.3) - restriction: || (&& (== net461) (< net46)) (== netcoreapp2.0) (== netstandard2.0)
      System.Text.Encoding (>= 4.3) - restriction: || (&& (== net461) (< net46)) (== netcoreapp2.0) (== netstandard2.0)
    System.Security.Cryptography.OpenSsl (4.4) - restriction: || (&& (== net461) (< net45) (>= netstandard1.6)) (== netcoreapp2.0) (== netstandard2.0)
      Microsoft.NETCore.Platforms (>= 2.0) - restriction: || (&& (== net461) (>= netcoreapp2.0)) (== netcoreapp2.0) (&& (== netstandard2.0) (>= netcoreapp2.0))
    System.Security.Cryptography.Primitives (4.3) - restriction: || (&& (== net461) (>= netstandard1.6)) (== netcoreapp2.0) (== netstandard2.0)
      System.Diagnostics.Debug (>= 4.3) - restriction: || (&& (== net461) (< net46)) (== netcoreapp2.0) (== netstandard2.0)
      System.Globalization (>= 4.3) - restriction: || (&& (== net461) (< net46)) (== netcoreapp2.0) (== netstandard2.0)
      System.IO (>= 4.3) - restriction: || (&& (== net461) (< net46)) (== netcoreapp2.0) (== netstandard2.0)
      System.Resources.ResourceManager (>= 4.3) - restriction: || (&& (== net461) (< net46)) (== netcoreapp2.0) (== netstandard2.0)
      System.Runtime (>= 4.3) - restriction: || (&& (== net461) (< net46)) (== netcoreapp2.0) (== netstandard2.0)
      System.Threading (>= 4.3) - restriction: || (&& (== net461) (< net46)) (== netcoreapp2.0) (== netstandard2.0)
      System.Threading.Tasks (>= 4.3) - restriction: || (&& (== net461) (< net46)) (== netcoreapp2.0) (== netstandard2.0)
    System.Security.Cryptography.ProtectedData (4.4) - restriction: || (&& (== net461) (< net45) (>= netstandard2.0)) (&& (== net461) (>= netcoreapp2.0)) (== netcoreapp2.0) (== netstandard2.0)
    System.Security.Cryptography.X509Certificates (4.3.2)
      Microsoft.NETCore.Platforms (>= 1.1) - restriction: || (&& (== net461) (>= dnxcore50)) (&& (== net461) (< net46) (>= netstandard1.6)) (== netcoreapp2.0) (== netstandard2.0)
      runtime.native.System (>= 4.3) - restriction: || (&& (== net461) (< net46) (>= netstandard1.6)) (== netcoreapp2.0) (== netstandard2.0)
      runtime.native.System.Net.Http (>= 4.3) - restriction: || (&& (== net461) (< net46) (>= netstandard1.6)) (== netcoreapp2.0) (== netstandard2.0)
      runtime.native.System.Security.Cryptography.OpenSsl (>= 4.3.2) - restriction: || (&& (== net461) (< net46) (>= netstandard1.6)) (== netcoreapp2.0) (== netstandard2.0)
      System.Collections (>= 4.3) - restriction: || (&& (== net461) (>= dnxcore50)) (&& (== net461) (< net46) (>= netstandard1.6)) (== netcoreapp2.0) (== netstandard2.0)
      System.Diagnostics.Debug (>= 4.3) - restriction: || (&& (== net461) (< net46) (>= netstandard1.6)) (== netcoreapp2.0) (== netstandard2.0)
      System.Globalization (>= 4.3) - restriction: || (&& (== net461) (>= dnxcore50)) (&& (== net461) (< net46) (>= netstandard1.6)) (== netcoreapp2.0) (== netstandard2.0)
      System.Globalization.Calendars (>= 4.3) - restriction: || (&& (== net461) (>= dnxcore50)) (&& (== net461) (< net46) (>= netstandard1.6)) (== netcoreapp2.0) (== netstandard2.0)
      System.IO (>= 4.3) - restriction: || (&& (== net461) (>= dnxcore50)) (&& (== net461) (< net46) (>= netstandard1.6)) (== netcoreapp2.0) (== netstandard2.0)
      System.IO.FileSystem (>= 4.3) - restriction: || (&& (== net461) (>= dnxcore50)) (&& (== net461) (< net46) (>= netstandard1.6)) (== netcoreapp2.0) (== netstandard2.0)
      System.IO.FileSystem.Primitives (>= 4.3) - restriction: || (&& (== net461) (< net46) (>= netstandard1.6)) (== netcoreapp2.0) (== netstandard2.0)
      System.Resources.ResourceManager (>= 4.3) - restriction: || (&& (== net461) (>= dnxcore50)) (&& (== net461) (< net46) (>= netstandard1.6)) (== netcoreapp2.0) (== netstandard2.0)
      System.Runtime (>= 4.3) - restriction: || (&& (== net461) (>= dnxcore50)) (&& (== net461) (< net46)) (== netcoreapp2.0) (== netstandard2.0)
      System.Runtime.Extensions (>= 4.3) - restriction: || (&& (== net461) (>= dnxcore50)) (&& (== net461) (< net46) (>= netstandard1.6)) (== netcoreapp2.0) (== netstandard2.0)
      System.Runtime.Handles (>= 4.3) - restriction: || (&& (== net461) (>= dnxcore50)) (&& (== net461) (< net46)) (== netcoreapp2.0) (== netstandard2.0)
      System.Runtime.InteropServices (>= 4.3) - restriction: || (&& (== net461) (>= dnxcore50)) (&& (== net461) (< net46) (>= netstandard1.6)) (== netcoreapp2.0) (== netstandard2.0)
      System.Runtime.Numerics (>= 4.3) - restriction: || (&& (== net461) (>= dnxcore50)) (&& (== net461) (< net46) (>= netstandard1.6)) (== netcoreapp2.0) (== netstandard2.0)
      System.Security.Cryptography.Algorithms (>= 4.3)
      System.Security.Cryptography.Cng (>= 4.3) - restriction: || (&& (== net461) (>= dnxcore50)) (&& (== net461) (< net46) (>= netstandard1.6)) (== netcoreapp2.0) (== netstandard2.0)
      System.Security.Cryptography.Csp (>= 4.3) - restriction: || (&& (== net461) (< net46) (>= netstandard1.6)) (== netcoreapp2.0) (== netstandard2.0)
      System.Security.Cryptography.Encoding (>= 4.3)
      System.Security.Cryptography.OpenSsl (>= 4.3) - restriction: || (&& (== net461) (< net46) (>= netstandard1.6)) (== netcoreapp2.0) (== netstandard2.0)
      System.Security.Cryptography.Primitives (>= 4.3) - restriction: || (&& (== net461) (>= dnxcore50)) (&& (== net461) (< net46) (>= netstandard1.6)) (== netcoreapp2.0) (== netstandard2.0)
      System.Text.Encoding (>= 4.3) - restriction: || (&& (== net461) (>= dnxcore50)) (&& (== net461) (< net46) (>= netstandard1.6)) (== netcoreapp2.0) (== netstandard2.0)
      System.Threading (>= 4.3) - restriction: || (&& (== net461) (>= dnxcore50)) (&& (== net461) (< net46) (>= netstandard1.6)) (== netcoreapp2.0) (== netstandard2.0)
    System.Security.Principal (4.3) - restriction: || (&& (== net461) (< net451) (>= netstandard1.5)) (&& (== net461) (< net451) (>= netstandard1.6)) (== netcoreapp2.0) (== netstandard2.0)
      System.Runtime (>= 4.3) - restriction: || (&& (== net461) (>= dnxcore50)) (&& (== net461) (< net45)) (== netcoreapp2.0) (== netstandard2.0)
    System.Security.Principal.Windows (4.4.1) - restriction: || (&& (== net461) (< net45) (>= netstandard1.6)) (&& (== net461) (< net45) (>= netstandard2.0)) (&& (== net461) (>= netcoreapp2.0)) (== netcoreapp2.0) (== netstandard2.0)
      Microsoft.NETCore.Platforms (>= 2.0) - restriction: || (&& (== net461) (>= netcoreapp2.0)) (== netcoreapp2.0) (&& (== netstandard2.0) (>= netcoreapp2.0))
    System.Text.Encoding (4.3) - restriction: || (&& (== net461) (>= dnxcore50)) (&& (== net461) (< net45)) (== netcoreapp2.0) (== netstandard2.0)
      Microsoft.NETCore.Platforms (>= 1.1) - restriction: || (&& (== net461) (>= dnxcore50)) (&& (== net461) (< net45)) (== netcoreapp2.0) (== netstandard2.0)
      Microsoft.NETCore.Targets (>= 1.1) - restriction: || (&& (== net461) (>= dnxcore50)) (&& (== net461) (< net45)) (== netcoreapp2.0) (== netstandard2.0)
      System.Runtime (>= 4.3) - restriction: || (&& (== net461) (>= dnxcore50)) (&& (== net461) (< net45)) (== netcoreapp2.0) (== netstandard2.0)
    System.Text.Encoding.CodePages (4.4) - restriction: || (&& (== net461) (< net45) (>= netstandard1.6)) (&& (== net461) (< net45) (>= netstandard2.0)) (&& (== net461) (>= netcoreapp2.0)) (== netcoreapp2.0) (== netstandard2.0)
      Microsoft.NETCore.Platforms (>= 2.0) - restriction: || (&& (== net461) (>= netcoreapp2.0)) (== netcoreapp2.0) (&& (== netstandard2.0) (>= netcoreapp2.0))
    System.Text.Encoding.Extensions (4.3) - restriction: || (&& (== net461) (< net46) (>= netstandard1.6)) (== netcoreapp2.0) (== netstandard2.0)
      Microsoft.NETCore.Platforms (>= 1.1) - restriction: || (&& (== net461) (>= dnxcore50)) (&& (== net461) (< net45)) (== netcoreapp2.0) (== netstandard2.0)
      Microsoft.NETCore.Targets (>= 1.1) - restriction: || (&& (== net461) (>= dnxcore50)) (&& (== net461) (< net45)) (== netcoreapp2.0) (== netstandard2.0)
      System.Runtime (>= 4.3) - restriction: || (&& (== net461) (>= dnxcore50)) (&& (== net461) (< net45)) (== netcoreapp2.0) (== netstandard2.0)
      System.Text.Encoding (>= 4.3) - restriction: || (&& (== net461) (>= dnxcore50)) (&& (== net461) (< net45)) (== netcoreapp2.0) (== netstandard2.0)
    System.Text.Encodings.Web (4.5.0-preview1-26216-02) - restriction: || (&& (== net461) (>= netstandard2.0)) (== netcoreapp2.0) (== netstandard2.0)
    System.Text.RegularExpressions (4.3) - restriction: || (&& (== net461) (< net451) (>= netstandard1.5)) (== netcoreapp2.0) (== netstandard2.0)
      System.Collections (>= 4.3) - restriction: || (&& (== net461) (>= dnxcore50)) (&& (== net461) (< net45) (>= netstandard1.6)) (&& (== netcoreapp2.0) (>= dnxcore50)) (&& (== netcoreapp2.0) (< netcoreapp1.1)) (== netstandard2.0)
      System.Globalization (>= 4.3) - restriction: || (&& (== net461) (>= dnxcore50)) (&& (== net461) (< net45) (>= netstandard1.6)) (&& (== netcoreapp2.0) (>= dnxcore50)) (&& (== netcoreapp2.0) (< netcoreapp1.1)) (== netstandard2.0)
      System.Resources.ResourceManager (>= 4.3) - restriction: || (&& (== net461) (>= dnxcore50)) (&& (== net461) (< net45) (>= netstandard1.6)) (&& (== netcoreapp2.0) (>= dnxcore50)) (&& (== netcoreapp2.0) (< netcoreapp1.1)) (== netstandard2.0)
      System.Runtime (>= 4.3) - restriction: || (&& (== net461) (>= dnxcore50)) (&& (== net461) (< net45)) (&& (== net461) (>= netcoreapp1.1)) (== netcoreapp2.0) (== netstandard2.0)
      System.Runtime.Extensions (>= 4.3) - restriction: || (&& (== net461) (>= dnxcore50)) (&& (== net461) (< net45) (>= netstandard1.6)) (&& (== netcoreapp2.0) (>= dnxcore50)) (&& (== netcoreapp2.0) (< netcoreapp1.1)) (== netstandard2.0)
      System.Threading (>= 4.3) - restriction: || (&& (== net461) (>= dnxcore50)) (&& (== net461) (< net45) (>= netstandard1.6)) (&& (== netcoreapp2.0) (>= dnxcore50)) (&& (== netcoreapp2.0) (< netcoreapp1.1)) (== netstandard2.0)
    System.Threading (4.3) - restriction: || (&& (== net461) (< net451) (>= netstandard1.5)) (== netcoreapp2.0) (== netstandard2.0)
      System.Runtime (>= 4.3) - restriction: || (&& (== net461) (>= dnxcore50)) (&& (== net461) (< net45)) (== netcoreapp2.0) (== netstandard2.0)
      System.Threading.Tasks (>= 4.3) - restriction: || (&& (== net461) (>= dnxcore50)) (&& (== net461) (< net45)) (== netcoreapp2.0) (== netstandard2.0)
    System.Threading.Tasks (4.3) - restriction: || (&& (== net461) (>= dnxcore50)) (&& (== net461) (< net45)) (== netcoreapp2.0) (== netstandard2.0)
      Microsoft.NETCore.Platforms (>= 1.1) - restriction: || (&& (== net461) (>= dnxcore50)) (&& (== net461) (< net45)) (== netcoreapp2.0) (== netstandard2.0)
      Microsoft.NETCore.Targets (>= 1.1) - restriction: || (&& (== net461) (>= dnxcore50)) (&& (== net461) (< net45)) (== netcoreapp2.0) (== netstandard2.0)
      System.Runtime (>= 4.3) - restriction: || (&& (== net461) (>= dnxcore50)) (&& (== net461) (< net45)) (== netcoreapp2.0) (== netstandard2.0)
    System.Threading.Tasks.Extensions (4.4) - restriction: || (&& (== net461) (>= dnxcore50)) (&& (== net461) (< net35)) (== netcoreapp2.0) (== netstandard2.0)
    System.Threading.Thread (4.3) - restriction: || (&& (== net461) (< net451) (>= netstandard1.5)) (== netcoreapp2.0) (== netstandard2.0)
      System.Runtime (>= 4.3) - restriction: || (&& (== net461) (< net46)) (== netcoreapp2.0) (== netstandard2.0)
    System.Threading.ThreadPool (4.3) - restriction: || (&& (== net461) (< net451) (>= netstandard1.5)) (&& (== net461) (< net451) (>= netstandard1.6)) (== netcoreapp2.0) (== netstandard2.0)
      System.Runtime (>= 4.3) - restriction: || (&& (== net461) (< net46)) (== netcoreapp2.0) (== netstandard2.0)
      System.Runtime.Handles (>= 4.3) - restriction: || (&& (== net461) (< net46)) (== netcoreapp2.0) (== netstandard2.0)
    System.Threading.Timer (4.3) - restriction: || (&& (== net461) (< net451) (>= netstandard1.5)) (== netcoreapp2.0) (== netstandard2.0)
      Microsoft.NETCore.Platforms (>= 1.1) - restriction: || (&& (== net461) (>= dnxcore50)) (&& (== net461) (< net451)) (== netcoreapp2.0) (== netstandard2.0)
      Microsoft.NETCore.Targets (>= 1.1) - restriction: || (&& (== net461) (>= dnxcore50)) (&& (== net461) (< net451)) (== netcoreapp2.0) (== netstandard2.0)
      System.Runtime (>= 4.3) - restriction: || (&& (== net461) (>= dnxcore50)) (&& (== net461) (< net451)) (== netcoreapp2.0) (== netstandard2.0)
    System.ValueTuple (4.4) - restriction: || (&& (== net461) (< net452) (>= netstandard1.6)) (== netcoreapp2.0) (== netstandard2.0)
    System.Xml.ReaderWriter (4.3.1) - restriction: || (&& (== net461) (< net35)) (== netcoreapp2.0) (== netstandard2.0)
      System.Collections (>= 4.3) - restriction: || (&& (== net461) (>= dnxcore50)) (&& (== net461) (< net45)) (== netcoreapp2.0) (== netstandard2.0)
      System.Diagnostics.Debug (>= 4.3) - restriction: || (&& (== net461) (>= dnxcore50)) (&& (== net461) (< net45)) (== netcoreapp2.0) (== netstandard2.0)
      System.Globalization (>= 4.3) - restriction: || (&& (== net461) (>= dnxcore50)) (&& (== net461) (< net45)) (== netcoreapp2.0) (== netstandard2.0)
      System.IO (>= 4.3) - restriction: || (&& (== net461) (>= dnxcore50)) (&& (== net461) (< net45)) (== netcoreapp2.0) (== netstandard2.0)
      System.IO.FileSystem (>= 4.3) - restriction: || (&& (== net461) (>= dnxcore50)) (&& (== net461) (< net45)) (== netcoreapp2.0) (== netstandard2.0)
      System.IO.FileSystem.Primitives (>= 4.3) - restriction: || (&& (== net461) (>= dnxcore50)) (&& (== net461) (< net45)) (== netcoreapp2.0) (== netstandard2.0)
      System.Resources.ResourceManager (>= 4.3) - restriction: || (&& (== net461) (>= dnxcore50)) (&& (== net461) (< net45)) (== netcoreapp2.0) (== netstandard2.0)
      System.Runtime (>= 4.3) - restriction: || (&& (== net461) (>= dnxcore50)) (&& (== net461) (< net45)) (== netcoreapp2.0) (== netstandard2.0)
      System.Runtime.Extensions (>= 4.3) - restriction: || (&& (== net461) (>= dnxcore50)) (&& (== net461) (< net45)) (== netcoreapp2.0) (== netstandard2.0)
      System.Runtime.InteropServices (>= 4.3) - restriction: || (&& (== net461) (>= dnxcore50)) (&& (== net461) (< net45)) (== netcoreapp2.0) (== netstandard2.0)
      System.Text.Encoding (>= 4.3) - restriction: || (&& (== net461) (>= dnxcore50)) (&& (== net461) (< net45)) (== netcoreapp2.0) (== netstandard2.0)
      System.Text.Encoding.Extensions (>= 4.3) - restriction: || (&& (== net461) (>= dnxcore50)) (&& (== net461) (< net45)) (== netcoreapp2.0) (== netstandard2.0)
      System.Text.RegularExpressions (>= 4.3) - restriction: || (&& (== net461) (>= dnxcore50)) (&& (== net461) (< net45)) (== netcoreapp2.0) (== netstandard2.0)
      System.Threading.Tasks (>= 4.3) - restriction: || (&& (== net461) (>= dnxcore50)) (&& (== net461) (< net45)) (== netcoreapp2.0) (== netstandard2.0)
      System.Threading.Tasks.Extensions (>= 4.3) - restriction: || (&& (== net461) (>= dnxcore50)) (&& (== net461) (< net45)) (== netcoreapp2.0) (== netstandard2.0)
    System.Xml.XDocument (4.3) - restriction: || (&& (== net461) (< net35)) (== netcoreapp2.0) (== netstandard2.0)
      System.Collections (>= 4.3) - restriction: || (&& (== net461) (>= dnxcore50)) (&& (== net461) (< net45)) (== netcoreapp2.0) (== netstandard2.0)
      System.Diagnostics.Debug (>= 4.3) - restriction: || (&& (== net461) (>= dnxcore50)) (&& (== net461) (< net45)) (== netcoreapp2.0) (== netstandard2.0)
      System.Diagnostics.Tools (>= 4.3) - restriction: || (&& (== net461) (>= dnxcore50)) (&& (== net461) (< net45)) (== netcoreapp2.0) (== netstandard2.0)
      System.Globalization (>= 4.3) - restriction: || (&& (== net461) (>= dnxcore50)) (&& (== net461) (< net45)) (== netcoreapp2.0) (== netstandard2.0)
      System.IO (>= 4.3) - restriction: || (&& (== net461) (>= dnxcore50)) (&& (== net461) (< net45)) (== netcoreapp2.0) (== netstandard2.0)
      System.Reflection (>= 4.3) - restriction: || (&& (== net461) (>= dnxcore50)) (&& (== net461) (< net45)) (== netcoreapp2.0) (== netstandard2.0)
      System.Resources.ResourceManager (>= 4.3) - restriction: || (&& (== net461) (>= dnxcore50)) (&& (== net461) (< net45)) (== netcoreapp2.0) (== netstandard2.0)
      System.Runtime (>= 4.3) - restriction: || (&& (== net461) (>= dnxcore50)) (&& (== net461) (< net45)) (== netcoreapp2.0) (== netstandard2.0)
      System.Runtime.Extensions (>= 4.3) - restriction: || (&& (== net461) (>= dnxcore50)) (&& (== net461) (< net45)) (== netcoreapp2.0) (== netstandard2.0)
      System.Text.Encoding (>= 4.3) - restriction: || (&& (== net461) (>= dnxcore50)) (&& (== net461) (< net45)) (== netcoreapp2.0) (== netstandard2.0)
      System.Threading (>= 4.3) - restriction: || (&& (== net461) (>= dnxcore50)) (&& (== net461) (< net45)) (== netcoreapp2.0) (== netstandard2.0)
      System.Xml.ReaderWriter (>= 4.3) - restriction: || (&& (== net461) (>= dnxcore50)) (&& (== net461) (< net45)) (== netcoreapp2.0) (== netstandard2.0)
    System.Xml.XmlDocument (4.3) - restriction: || (&& (== net461) (< net35)) (== netcoreapp2.0) (== netstandard2.0)
      System.Collections (>= 4.3) - restriction: || (&& (== net461) (< net46)) (== netcoreapp2.0) (== netstandard2.0)
      System.Diagnostics.Debug (>= 4.3) - restriction: || (&& (== net461) (< net46)) (== netcoreapp2.0) (== netstandard2.0)
      System.Globalization (>= 4.3) - restriction: || (&& (== net461) (< net46)) (== netcoreapp2.0) (== netstandard2.0)
      System.IO (>= 4.3) - restriction: || (&& (== net461) (< net46)) (== netcoreapp2.0) (== netstandard2.0)
      System.Resources.ResourceManager (>= 4.3) - restriction: || (&& (== net461) (< net46)) (== netcoreapp2.0) (== netstandard2.0)
      System.Runtime (>= 4.3) - restriction: || (&& (== net461) (< net46)) (== netcoreapp2.0) (== netstandard2.0)
      System.Runtime.Extensions (>= 4.3) - restriction: || (&& (== net461) (< net46)) (== netcoreapp2.0) (== netstandard2.0)
      System.Text.Encoding (>= 4.3) - restriction: || (&& (== net461) (< net46)) (== netcoreapp2.0) (== netstandard2.0)
      System.Threading (>= 4.3) - restriction: || (&& (== net461) (< net46)) (== netcoreapp2.0) (== netstandard2.0)
      System.Xml.ReaderWriter (>= 4.3) - restriction: || (&& (== net461) (< net46)) (== netcoreapp2.0) (== netstandard2.0)
    System.Xml.XmlSerializer (4.3) - restriction: || (&& (== net461) (< net20)) (== netcoreapp2.0) (== netstandard2.0)
      System.Collections (>= 4.3) - restriction: || (&& (== net461) (>= dnxcore50)) (&& (== net461) (< net45)) (== netcoreapp2.0) (== netstandard2.0)
      System.Globalization (>= 4.3) - restriction: || (&& (== net461) (>= dnxcore50)) (&& (== net461) (< net45)) (== netcoreapp2.0) (== netstandard2.0)
      System.IO (>= 4.3) - restriction: || (&& (== net461) (>= dnxcore50)) (&& (== net461) (< net45)) (== netcoreapp2.0) (== netstandard2.0)
      System.Linq (>= 4.3) - restriction: || (&& (== net461) (>= dnxcore50)) (&& (== net461) (< net45)) (== netcoreapp2.0) (== netstandard2.0)
      System.Reflection (>= 4.3) - restriction: || (&& (== net461) (>= dnxcore50)) (&& (== net461) (< net45)) (== netcoreapp2.0) (== netstandard2.0)
      System.Reflection.Emit (>= 4.3) - restriction: || (&& (== net461) (>= dnxcore50)) (&& (== net461) (< net45)) (== netcoreapp2.0) (== netstandard2.0)
      System.Reflection.Emit.ILGeneration (>= 4.3) - restriction: || (&& (== net461) (>= dnxcore50)) (&& (== net461) (< net45)) (== netcoreapp2.0) (== netstandard2.0)
      System.Reflection.Extensions (>= 4.3) - restriction: || (&& (== net461) (>= dnxcore50)) (&& (== net461) (< net45)) (== netcoreapp2.0) (== netstandard2.0)
      System.Reflection.Primitives (>= 4.3) - restriction: || (&& (== net461) (>= dnxcore50)) (&& (== net461) (< net45)) (== netcoreapp2.0) (== netstandard2.0)
      System.Reflection.TypeExtensions (>= 4.3) - restriction: || (&& (== net461) (>= dnxcore50)) (&& (== net461) (< net45)) (== netcoreapp2.0) (== netstandard2.0)
      System.Resources.ResourceManager (>= 4.3) - restriction: || (&& (== net461) (>= dnxcore50)) (&& (== net461) (< net45)) (== netcoreapp2.0) (== netstandard2.0)
      System.Runtime (>= 4.3) - restriction: || (&& (== net461) (>= dnxcore50)) (&& (== net461) (< net45)) (== netcoreapp2.0) (== netstandard2.0)
      System.Runtime.Extensions (>= 4.3) - restriction: || (&& (== net461) (>= dnxcore50)) (&& (== net461) (< net45)) (== netcoreapp2.0) (== netstandard2.0)
      System.Text.RegularExpressions (>= 4.3) - restriction: || (&& (== net461) (>= dnxcore50)) (&& (== net461) (< net45)) (== netcoreapp2.0) (== netstandard2.0)
      System.Threading (>= 4.3) - restriction: || (&& (== net461) (>= dnxcore50)) (&& (== net461) (< net45)) (== netcoreapp2.0) (== netstandard2.0)
      System.Xml.ReaderWriter (>= 4.3) - restriction: || (&& (== net461) (>= dnxcore50)) (&& (== net461) (< net45)) (== netcoreapp2.0) (== netstandard2.0)
      System.Xml.XmlDocument (>= 4.3) - restriction: || (&& (== net461) (>= dnxcore50)) (&& (== net461) (< net45)) (== netcoreapp2.0) (== netstandard2.0)
    System.Xml.XPath (4.3) - restriction: || (&& (== net461) (< net35)) (== netcoreapp2.0) (== netstandard2.0)
      System.Collections (>= 4.3) - restriction: || (&& (== net461) (< net46)) (== netcoreapp2.0) (== netstandard2.0)
      System.Diagnostics.Debug (>= 4.3) - restriction: || (&& (== net461) (< net46)) (== netcoreapp2.0) (== netstandard2.0)
      System.Globalization (>= 4.3) - restriction: || (&& (== net461) (< net46)) (== netcoreapp2.0) (== netstandard2.0)
      System.IO (>= 4.3) - restriction: || (&& (== net461) (< net46)) (== netcoreapp2.0) (== netstandard2.0)
      System.Resources.ResourceManager (>= 4.3) - restriction: || (&& (== net461) (< net46)) (== netcoreapp2.0) (== netstandard2.0)
      System.Runtime (>= 4.3) - restriction: || (&& (== net461) (< net46)) (== netcoreapp2.0) (== netstandard2.0)
      System.Runtime.Extensions (>= 4.3) - restriction: || (&& (== net461) (< net46)) (== netcoreapp2.0) (== netstandard2.0)
      System.Threading (>= 4.3) - restriction: || (&& (== net461) (< net46)) (== netcoreapp2.0) (== netstandard2.0)
      System.Xml.ReaderWriter (>= 4.3) - restriction: || (&& (== net461) (< net46)) (== netcoreapp2.0) (== netstandard2.0)
    System.Xml.XPath.XDocument (4.3) - restriction: || (&& (== net461) (< net35)) (== netcoreapp2.0) (== netstandard2.0)
      System.Diagnostics.Debug (>= 4.3) - restriction: || (&& (== net461) (< net46)) (== netcoreapp2.0) (== netstandard2.0)
      System.Linq (>= 4.3) - restriction: || (&& (== net461) (< net46)) (== netcoreapp2.0) (== netstandard2.0)
      System.Resources.ResourceManager (>= 4.3) - restriction: || (&& (== net461) (< net46)) (== netcoreapp2.0) (== netstandard2.0)
      System.Runtime (>= 4.3) - restriction: || (&& (== net461) (< net46)) (== netcoreapp2.0) (== netstandard2.0)
      System.Runtime.Extensions (>= 4.3) - restriction: || (&& (== net461) (< net46)) (== netcoreapp2.0) (== netstandard2.0)
      System.Threading (>= 4.3) - restriction: || (&& (== net461) (< net46)) (== netcoreapp2.0) (== netstandard2.0)
      System.Xml.ReaderWriter (>= 4.3) - restriction: || (&& (== net461) (< net46)) (== netcoreapp2.0) (== netstandard2.0)
      System.Xml.XDocument (>= 4.3) - restriction: || (&& (== net461) (< net46)) (== netcoreapp2.0) (== netstandard2.0)
      System.Xml.XPath (>= 4.3)
    System.Xml.XPath.XmlDocument (4.3) - restriction: || (&& (== net461) (>= netcoreapp1.0)) (== netcoreapp2.0) (&& (== netstandard2.0) (>= netcoreapp1.0))
      System.Collections (>= 4.3) - restriction: || (&& (== net461) (< net46)) (== netcoreapp2.0) (== netstandard2.0)
      System.Globalization (>= 4.3) - restriction: || (&& (== net461) (< net46)) (== netcoreapp2.0) (== netstandard2.0)
      System.IO (>= 4.3) - restriction: || (&& (== net461) (< net46)) (== netcoreapp2.0) (== netstandard2.0)
      System.Resources.ResourceManager (>= 4.3) - restriction: || (&& (== net461) (< net46)) (== netcoreapp2.0) (== netstandard2.0)
      System.Runtime (>= 4.3) - restriction: || (&& (== net461) (< net46)) (== netcoreapp2.0) (== netstandard2.0)
      System.Runtime.Extensions (>= 4.3) - restriction: || (&& (== net461) (< net46)) (== netcoreapp2.0) (== netstandard2.0)
      System.Threading (>= 4.3) - restriction: || (&& (== net461) (< net46)) (== netcoreapp2.0) (== netstandard2.0)
      System.Xml.ReaderWriter (>= 4.3) - restriction: || (&& (== net461) (< net46)) (== netcoreapp2.0) (== netstandard2.0)
      System.Xml.XmlDocument (>= 4.3)
      System.Xml.XPath (>= 4.3)
    Topshelf (4.1.0.117-develop)
    TweetinviAPI (2.1)
      Autofac (>= 4.6.2)
      Newtonsoft.Json (>= 10.0.3)
      Nito.AsyncEx.Context (>= 1.1)
      System.Net.Http (>= 4.3.2)
      System.Reflection.TypeExtensions (>= 4.3)
    Unquote (4.0)
      FSharp.Core (>= 4.2.3) - restriction: || (&& (== net461) (>= netstandard2.0)) (== netcoreapp2.0) (== netstandard2.0)
GITHUB
  remote: eiriktsarpalis/TypeShape
    src/TypeShape/TypeShape.fs (198473bb2e74e68823fe457f511af48fe04ce17b)
    src/TypeShape/Utils.fs (198473bb2e74e68823fe457f511af48fe04ce17b)
  remote: haf/YoLo
    YoLo.fs (e546b9806924efcb84523ac76fd3de4e0c3b1d9c)
  remote: logary/RingBuffer
    RingBuffer.fs (0fa46d2ed3d92679517c942240a1dc674767e69e)
      Expecto
      Hopac
  remote: logary/logary
    src/Logary.CSharp.Facade/Facade.cs (e4e3fca2c9e30f3bbedb23c549e8e287b81414dd)
    src/Logary.Facade/Facade.fs (e4e3fca2c9e30f3bbedb23c549e8e287b81414dd)
  remote: messagetemplates/messagetemplates-fsharp
    src/FsMtParser/FsMtParserFull.fs (17bdfdcc237d7d725c23ebe0ef24c438c4ff7530)
  remote: xyncro/aether
    src/Aether/Aether.fs (dd5f93879216c4cea114f63473fa949bbe2144c4)
  remote: neoeinstein/chiron
    src/Chiron/Chiron.fs (38e9d979fbab792904be19350f5fac9ebfaf9fd8)
GROUP Build
RESTRICTION: || (== net461) (== netcoreapp2.0) (== netstandard2.0)
NUGET
  remote: https://api.nuget.org/v3/index.json
    FAKE (4.64.11)
    Microsoft.NETCore.Platforms (2.0.1) - restriction: || (&& (== net461) (>= monoandroid)) (&& (== net461) (>= monotouch)) (&& (== net461) (< net45)) (&& (== net461) (>= netcoreapp2.0)) (&& (== net461) (< netstandard1.0)) (&& (== net461) (< netstandard1.3) (>= wpa81)) (&& (== net461) (< portable-net45+win8+wpa81)) (&& (== net461) (>= uap10.0)) (&& (== net461) (>= uap10.1)) (&& (== net461) (>= xamarinios)) (&& (== net461) (>= xamarinmac)) (&& (== net461) (>= xamarintvos)) (&& (== net461) (>= xamarinwatchos)) (== netcoreapp2.0) (== netstandard2.0)
    NETStandard.Library (2.0.1) - restriction: || (&& (== net461) (< net45)) (== netcoreapp2.0) (== netstandard2.0)
      Microsoft.NETCore.Platforms (>= 1.1)
    Octokit (0.29)
      NETStandard.Library (>= 1.6) - restriction: || (&& (== net461) (< net45)) (== netcoreapp2.0) (== netstandard2.0)
GITHUB
  remote: fsharp/FAKE
    modules/Octokit/Octokit.fsx (3a396e5ba4a5a00103be6b8393f37ece2f840eb7)
      Octokit (>= 0.20)
GROUP Examples
REDIRECTS: ON
RESTRICTION: || (== net452) (== net461) (== netcoreapp2.0) (== netcoreapp2.1) (== netstandard2.0)
NUGET
  remote: https://api.nuget.org/v3/index.json
    Argu (5.1)
      FSharp.Core (>= 4.0.0.1) - restriction: || (== net452) (== net461) (&& (== netcoreapp2.0) (>= net45)) (&& (== netcoreapp2.1) (>= net45)) (&& (== netstandard2.0) (>= net45))
      FSharp.Core (>= 4.3.2) - restriction: || (&& (== net452) (< net45) (>= netstandard2.0)) (&& (== net461) (< net45) (>= netstandard2.0)) (== netcoreapp2.0) (== netcoreapp2.1) (== netstandard2.0)
      System.Configuration.ConfigurationManager (>= 4.4) - restriction: || (&& (== net452) (< net45) (>= netstandard2.0)) (&& (== net461) (< net45) (>= netstandard2.0)) (== netcoreapp2.0) (== netcoreapp2.1) (== netstandard2.0)
    Castle.Core (4.2.1)
      NETStandard.Library (>= 1.6.1) - restriction: || (&& (== net452) (< net35) (>= netstandard1.3)) (&& (== net461) (< net35)) (== netcoreapp2.0) (== netcoreapp2.1) (== netstandard2.0)
      System.Collections.Specialized (>= 4.3) - restriction: || (&& (== net452) (< net35) (>= netstandard1.3)) (&& (== net461) (< net35)) (== netcoreapp2.0) (== netcoreapp2.1) (== netstandard2.0)
      System.ComponentModel (>= 4.3) - restriction: || (&& (== net452) (< net35) (>= netstandard1.3)) (&& (== net461) (< net35)) (== netcoreapp2.0) (== netcoreapp2.1) (== netstandard2.0)
      System.ComponentModel.TypeConverter (>= 4.3) - restriction: || (&& (== net452) (< net35) (>= netstandard1.3)) (&& (== net461) (< net35)) (== netcoreapp2.0) (== netcoreapp2.1) (== netstandard2.0)
      System.Diagnostics.TraceSource (>= 4.3) - restriction: || (&& (== net452) (< net35) (>= netstandard1.3)) (&& (== net461) (< net35)) (== netcoreapp2.0) (== netcoreapp2.1) (== netstandard2.0)
      System.Dynamic.Runtime (>= 4.3) - restriction: || (&& (== net452) (< net35) (>= netstandard1.3)) (&& (== net461) (< net35)) (== netcoreapp2.0) (== netcoreapp2.1) (== netstandard2.0)
      System.Reflection (>= 4.3) - restriction: || (&& (== net452) (< net35) (>= netstandard1.3)) (&& (== net461) (< net35)) (== netcoreapp2.0) (== netcoreapp2.1) (== netstandard2.0)
      System.Reflection.Emit (>= 4.3) - restriction: || (&& (== net452) (< net35) (>= netstandard1.3)) (&& (== net461) (< net35)) (== netcoreapp2.0) (== netcoreapp2.1) (== netstandard2.0)
      System.Reflection.TypeExtensions (>= 4.3) - restriction: || (&& (== net452) (< net35) (>= netstandard1.3)) (&& (== net461) (< net35)) (== netcoreapp2.0) (== netcoreapp2.1) (== netstandard2.0)
      System.Xml.XmlDocument (>= 4.3) - restriction: || (&& (== net452) (< net35) (>= netstandard1.3)) (&& (== net461) (< net35)) (== netcoreapp2.0) (== netcoreapp2.1) (== netstandard2.0)
    Chiron (7.0.0-beta-180105)
      FParsec (>= 1.0.2) - restriction: || (== net452) (== net461) (&& (== netcoreapp2.0) (>= net45)) (&& (== netcoreapp2.1) (>= net45)) (&& (== netstandard2.0) (>= net45))
      FParsec (>= 1.0.3) - restriction: || (&& (== net452) (< net45) (>= netstandard1.6)) (&& (== net461) (< net45) (>= netstandard1.6)) (== netcoreapp2.0) (== netcoreapp2.1) (== netstandard2.0)
      FSharp.Core (>= 4.1)
      NETStandard.Library (>= 1.6.1) - restriction: || (&& (== net452) (< net45) (>= netstandard1.6)) (&& (== net461) (< net45) (>= netstandard1.6)) (== netcoreapp2.0) (== netcoreapp2.1) (== netstandard2.0)
    FParsec (1.0.3)
      FSharp.Core (>= 4.0.0.1) - restriction: || (== net452) (== net461) (&& (== netcoreapp2.0) (>= net40)) (&& (== netcoreapp2.1) (>= net40)) (&& (== netstandard2.0) (>= net40))
      FSharp.Core (>= 4.2.3) - restriction: || (&& (== net452) (< net40) (>= netstandard1.6)) (&& (== net461) (< net40) (>= netstandard1.6)) (== netcoreapp2.0) (== netcoreapp2.1) (== netstandard2.0)
      NETStandard.Library (>= 1.6.1) - restriction: || (&& (== net452) (< net40) (>= netstandard1.6)) (&& (== net461) (< net40) (>= netstandard1.6)) (== netcoreapp2.0) (== netcoreapp2.1) (== netstandard2.0)
    FSharp.Core (4.3.4)
    Hopac (0.3.23)
      FSharp.Core (>= 3.1.2.5) - restriction: || (== net452) (== net461) (&& (== netcoreapp2.0) (< netstandard1.6)) (&& (== netcoreapp2.1) (< netstandard1.6)) (&& (== netstandard2.0) (< netstandard1.6))
      FSharp.Core (>= 4.0.1.7-alpha) - restriction: || (&& (== net452) (>= netstandard1.6)) (&& (== net461) (>= netstandard1.6)) (== netcoreapp2.0) (== netcoreapp2.1) (== netstandard2.0)
      NETStandard.Library (>= 1.6) - restriction: || (&& (== net452) (>= netstandard1.6)) (&& (== net461) (>= netstandard1.6)) (== netcoreapp2.0) (== netcoreapp2.1) (== netstandard2.0)
    Libuv (1.10) - restriction: || (&& (== net452) (>= netcoreapp2.1)) (&& (== net461) (>= netcoreapp2.1)) (&& (== netcoreapp2.0) (>= netcoreapp2.1)) (== netcoreapp2.1) (&& (== netstandard2.0) (>= netcoreapp2.1))
      Microsoft.NETCore.Platforms (>= 1.0.1)
    Microsoft.AspNetCore (2.1.0-preview1-final) - restriction: || (&& (== net452) (>= netcoreapp2.1)) (&& (== net461) (>= netcoreapp2.1)) (&& (== netcoreapp2.0) (>= netcoreapp2.1)) (== netcoreapp2.1) (&& (== netstandard2.0) (>= netcoreapp2.1))
      Microsoft.AspNetCore.Diagnostics (>= 2.1.0-preview1-final) - restriction: || (&& (== net452) (>= netstandard2.0)) (&& (== net461) (>= netstandard2.0)) (== netcoreapp2.0) (== netcoreapp2.1) (== netstandard2.0)
      Microsoft.AspNetCore.Hosting (>= 2.1.0-preview1-final) - restriction: || (&& (== net452) (>= netstandard2.0)) (&& (== net461) (>= netstandard2.0)) (== netcoreapp2.0) (== netcoreapp2.1) (== netstandard2.0)
      Microsoft.AspNetCore.Routing (>= 2.1.0-preview1-final) - restriction: || (&& (== net452) (>= netstandard2.0)) (&& (== net461) (>= netstandard2.0)) (== netcoreapp2.0) (== netcoreapp2.1) (== netstandard2.0)
      Microsoft.AspNetCore.Server.IISIntegration (>= 2.1.0-preview1-final) - restriction: || (&& (== net452) (>= netstandard2.0)) (&& (== net461) (>= netstandard2.0)) (== netcoreapp2.0) (== netcoreapp2.1) (== netstandard2.0)
      Microsoft.AspNetCore.Server.Kestrel (>= 2.1.0-preview1-final) - restriction: || (&& (== net452) (>= netstandard2.0)) (&& (== net461) (>= netstandard2.0)) (== netcoreapp2.0) (== netcoreapp2.1) (== netstandard2.0)
      Microsoft.AspNetCore.Server.Kestrel.Https (>= 2.1.0-preview1-final) - restriction: || (&& (== net452) (>= netstandard2.0)) (&& (== net461) (>= netstandard2.0)) (== netcoreapp2.0) (== netcoreapp2.1) (== netstandard2.0)
      Microsoft.Extensions.Configuration.CommandLine (>= 2.1.0-preview1-final) - restriction: || (&& (== net452) (>= netstandard2.0)) (&& (== net461) (>= netstandard2.0)) (== netcoreapp2.0) (== netcoreapp2.1) (== netstandard2.0)
      Microsoft.Extensions.Configuration.EnvironmentVariables (>= 2.1.0-preview1-final) - restriction: || (&& (== net452) (>= netstandard2.0)) (&& (== net461) (>= netstandard2.0)) (== netcoreapp2.0) (== netcoreapp2.1) (== netstandard2.0)
      Microsoft.Extensions.Configuration.FileExtensions (>= 2.1.0-preview1-final) - restriction: || (&& (== net452) (>= netstandard2.0)) (&& (== net461) (>= netstandard2.0)) (== netcoreapp2.0) (== netcoreapp2.1) (== netstandard2.0)
      Microsoft.Extensions.Configuration.Json (>= 2.1.0-preview1-final) - restriction: || (&& (== net452) (>= netstandard2.0)) (&& (== net461) (>= netstandard2.0)) (== netcoreapp2.0) (== netcoreapp2.1) (== netstandard2.0)
      Microsoft.Extensions.Configuration.UserSecrets (>= 2.1.0-preview1-final) - restriction: || (&& (== net452) (>= netstandard2.0)) (&& (== net461) (>= netstandard2.0)) (== netcoreapp2.0) (== netcoreapp2.1) (== netstandard2.0)
      Microsoft.Extensions.Logging (>= 2.1.0-preview1-final) - restriction: || (&& (== net452) (>= netstandard2.0)) (&& (== net461) (>= netstandard2.0)) (== netcoreapp2.0) (== netcoreapp2.1) (== netstandard2.0)
      Microsoft.Extensions.Logging.Configuration (>= 2.1.0-preview1-final) - restriction: || (&& (== net452) (>= netstandard2.0)) (&& (== net461) (>= netstandard2.0)) (== netcoreapp2.0) (== netcoreapp2.1) (== netstandard2.0)
      Microsoft.Extensions.Logging.Console (>= 2.1.0-preview1-final) - restriction: || (&& (== net452) (>= netstandard2.0)) (&& (== net461) (>= netstandard2.0)) (== netcoreapp2.0) (== netcoreapp2.1) (== netstandard2.0)
      Microsoft.Extensions.Logging.Debug (>= 2.1.0-preview1-final) - restriction: || (&& (== net452) (>= netstandard2.0)) (&& (== net461) (>= netstandard2.0)) (== netcoreapp2.0) (== netcoreapp2.1) (== netstandard2.0)
    Microsoft.AspNetCore.Antiforgery (2.1.0-preview1-final) - restriction: || (&& (== net452) (>= netcoreapp2.1)) (&& (== net461) (>= netcoreapp2.1)) (&& (== netcoreapp2.0) (>= netcoreapp2.1)) (== netcoreapp2.1) (&& (== netstandard2.0) (>= netcoreapp2.1))
      Microsoft.AspNetCore.DataProtection (>= 2.1.0-preview1-final) - restriction: || (&& (== net452) (>= netstandard2.0)) (&& (== net461) (>= netstandard2.0)) (== netcoreapp2.0) (== netcoreapp2.1) (== netstandard2.0)
      Microsoft.AspNetCore.Http.Abstractions (>= 2.1.0-preview1-final) - restriction: || (&& (== net452) (>= netstandard2.0)) (&& (== net461) (>= netstandard2.0)) (== netcoreapp2.0) (== netcoreapp2.1) (== netstandard2.0)
      Microsoft.AspNetCore.Http.Extensions (>= 2.1.0-preview1-final) - restriction: || (&& (== net452) (>= netstandard2.0)) (&& (== net461) (>= netstandard2.0)) (== netcoreapp2.0) (== netcoreapp2.1) (== netstandard2.0)
      Microsoft.AspNetCore.WebUtilities (>= 2.1.0-preview1-final) - restriction: || (&& (== net452) (>= netstandard2.0)) (&& (== net461) (>= netstandard2.0)) (== netcoreapp2.0) (== netcoreapp2.1) (== netstandard2.0)
      Microsoft.Extensions.ObjectPool (>= 2.1.0-preview1-final) - restriction: || (&& (== net452) (>= netstandard2.0)) (&& (== net461) (>= netstandard2.0)) (== netcoreapp2.0) (== netcoreapp2.1) (== netstandard2.0)
    Microsoft.AspNetCore.App (2.1.0-preview1-final)
      Microsoft.AspNetCore (2.1.0-preview1-final) - restriction: || (&& (== net452) (>= netcoreapp2.1)) (&& (== net461) (>= netcoreapp2.1)) (&& (== netcoreapp2.0) (>= netcoreapp2.1)) (== netcoreapp2.1) (&& (== netstandard2.0) (>= netcoreapp2.1))
      Microsoft.AspNetCore.Antiforgery (2.1.0-preview1-final) - restriction: || (&& (== net452) (>= netcoreapp2.1)) (&& (== net461) (>= netcoreapp2.1)) (&& (== netcoreapp2.0) (>= netcoreapp2.1)) (== netcoreapp2.1) (&& (== netstandard2.0) (>= netcoreapp2.1))
      Microsoft.AspNetCore.Authentication (2.1.0-preview1-final) - restriction: || (&& (== net452) (>= netcoreapp2.1)) (&& (== net461) (>= netcoreapp2.1)) (&& (== netcoreapp2.0) (>= netcoreapp2.1)) (== netcoreapp2.1) (&& (== netstandard2.0) (>= netcoreapp2.1))
      Microsoft.AspNetCore.Authentication.Abstractions (2.1.0-preview1-final) - restriction: || (&& (== net452) (>= netcoreapp2.1)) (&& (== net461) (>= netcoreapp2.1)) (&& (== netcoreapp2.0) (>= netcoreapp2.1)) (== netcoreapp2.1) (&& (== netstandard2.0) (>= netcoreapp2.1))
      Microsoft.AspNetCore.Authentication.Cookies (2.1.0-preview1-final) - restriction: || (&& (== net452) (>= netcoreapp2.1)) (&& (== net461) (>= netcoreapp2.1)) (&& (== netcoreapp2.0) (>= netcoreapp2.1)) (== netcoreapp2.1) (&& (== netstandard2.0) (>= netcoreapp2.1))
      Microsoft.AspNetCore.Authentication.Core (2.1.0-preview1-final) - restriction: || (&& (== net452) (>= netcoreapp2.1)) (&& (== net461) (>= netcoreapp2.1)) (&& (== netcoreapp2.0) (>= netcoreapp2.1)) (== netcoreapp2.1) (&& (== netstandard2.0) (>= netcoreapp2.1))
      Microsoft.AspNetCore.Authentication.Facebook (2.1.0-preview1-final) - restriction: || (&& (== net452) (>= netcoreapp2.1)) (&& (== net461) (>= netcoreapp2.1)) (&& (== netcoreapp2.0) (>= netcoreapp2.1)) (== netcoreapp2.1) (&& (== netstandard2.0) (>= netcoreapp2.1))
      Microsoft.AspNetCore.Authentication.Google (2.1.0-preview1-final) - restriction: || (&& (== net452) (>= netcoreapp2.1)) (&& (== net461) (>= netcoreapp2.1)) (&& (== netcoreapp2.0) (>= netcoreapp2.1)) (== netcoreapp2.1) (&& (== netstandard2.0) (>= netcoreapp2.1))
      Microsoft.AspNetCore.Authentication.JwtBearer (2.1.0-preview1-final) - restriction: || (&& (== net452) (>= netcoreapp2.1)) (&& (== net461) (>= netcoreapp2.1)) (&& (== netcoreapp2.0) (>= netcoreapp2.1)) (== netcoreapp2.1) (&& (== netstandard2.0) (>= netcoreapp2.1))
      Microsoft.AspNetCore.Authentication.MicrosoftAccount (2.1.0-preview1-final) - restriction: || (&& (== net452) (>= netcoreapp2.1)) (&& (== net461) (>= netcoreapp2.1)) (&& (== netcoreapp2.0) (>= netcoreapp2.1)) (== netcoreapp2.1) (&& (== netstandard2.0) (>= netcoreapp2.1))
      Microsoft.AspNetCore.Authentication.OAuth (2.1.0-preview1-final) - restriction: || (&& (== net452) (>= netcoreapp2.1)) (&& (== net461) (>= netcoreapp2.1)) (&& (== netcoreapp2.0) (>= netcoreapp2.1)) (== netcoreapp2.1) (&& (== netstandard2.0) (>= netcoreapp2.1))
      Microsoft.AspNetCore.Authentication.OpenIdConnect (2.1.0-preview1-final) - restriction: || (&& (== net452) (>= netcoreapp2.1)) (&& (== net461) (>= netcoreapp2.1)) (&& (== netcoreapp2.0) (>= netcoreapp2.1)) (== netcoreapp2.1) (&& (== netstandard2.0) (>= netcoreapp2.1))
      Microsoft.AspNetCore.Authentication.Twitter (2.1.0-preview1-final) - restriction: || (&& (== net452) (>= netcoreapp2.1)) (&& (== net461) (>= netcoreapp2.1)) (&& (== netcoreapp2.0) (>= netcoreapp2.1)) (== netcoreapp2.1) (&& (== netstandard2.0) (>= netcoreapp2.1))
      Microsoft.AspNetCore.Authorization (2.1.0-preview1-final) - restriction: || (&& (== net452) (>= netcoreapp2.1)) (&& (== net461) (>= netcoreapp2.1)) (&& (== netcoreapp2.0) (>= netcoreapp2.1)) (== netcoreapp2.1) (&& (== netstandard2.0) (>= netcoreapp2.1))
      Microsoft.AspNetCore.Authorization.Policy (2.1.0-preview1-final) - restriction: || (&& (== net452) (>= netcoreapp2.1)) (&& (== net461) (>= netcoreapp2.1)) (&& (== netcoreapp2.0) (>= netcoreapp2.1)) (== netcoreapp2.1) (&& (== netstandard2.0) (>= netcoreapp2.1))
      Microsoft.AspNetCore.AzureAppServicesIntegration (2.1.0-preview1-final) - restriction: || (&& (== net452) (>= netcoreapp2.1)) (&& (== net461) (>= netcoreapp2.1)) (&& (== netcoreapp2.0) (>= netcoreapp2.1)) (== netcoreapp2.1) (&& (== netstandard2.0) (>= netcoreapp2.1))
      Microsoft.AspNetCore.CookiePolicy (2.1.0-preview1-final) - restriction: || (&& (== net452) (>= netcoreapp2.1)) (&& (== net461) (>= netcoreapp2.1)) (&& (== netcoreapp2.0) (>= netcoreapp2.1)) (== netcoreapp2.1) (&& (== netstandard2.0) (>= netcoreapp2.1))
      Microsoft.AspNetCore.Cors (2.1.0-preview1-final) - restriction: || (&& (== net452) (>= netcoreapp2.1)) (&& (== net461) (>= netcoreapp2.1)) (&& (== netcoreapp2.0) (>= netcoreapp2.1)) (== netcoreapp2.1) (&& (== netstandard2.0) (>= netcoreapp2.1))
      Microsoft.AspNetCore.Cryptography.Internal (2.1.0-preview1-final) - restriction: || (&& (== net452) (>= netcoreapp2.1)) (&& (== net461) (>= netcoreapp2.1)) (&& (== netcoreapp2.0) (>= netcoreapp2.1)) (== netcoreapp2.1) (&& (== netstandard2.0) (>= netcoreapp2.1))
      Microsoft.AspNetCore.Cryptography.KeyDerivation (2.1.0-preview1-final) - restriction: || (&& (== net452) (>= netcoreapp2.1)) (&& (== net461) (>= netcoreapp2.1)) (&& (== netcoreapp2.0) (>= netcoreapp2.1)) (== netcoreapp2.1) (&& (== netstandard2.0) (>= netcoreapp2.1))
      Microsoft.AspNetCore.DataProtection (2.1.0-preview1-final) - restriction: || (&& (== net452) (>= netcoreapp2.1)) (&& (== net461) (>= netcoreapp2.1)) (&& (== netcoreapp2.0) (>= netcoreapp2.1)) (== netcoreapp2.1) (&& (== netstandard2.0) (>= netcoreapp2.1))
      Microsoft.AspNetCore.DataProtection.Abstractions (2.1.0-preview1-final) - restriction: || (&& (== net452) (>= netcoreapp2.1)) (&& (== net461) (>= netcoreapp2.1)) (&& (== netcoreapp2.0) (>= netcoreapp2.1)) (== netcoreapp2.1) (&& (== netstandard2.0) (>= netcoreapp2.1))
      Microsoft.AspNetCore.DataProtection.Extensions (2.1.0-preview1-final) - restriction: || (&& (== net452) (>= netcoreapp2.1)) (&& (== net461) (>= netcoreapp2.1)) (&& (== netcoreapp2.0) (>= netcoreapp2.1)) (== netcoreapp2.1) (&& (== netstandard2.0) (>= netcoreapp2.1))
      Microsoft.AspNetCore.Diagnostics (2.1.0-preview1-final) - restriction: || (&& (== net452) (>= netcoreapp2.1)) (&& (== net461) (>= netcoreapp2.1)) (&& (== netcoreapp2.0) (>= netcoreapp2.1)) (== netcoreapp2.1) (&& (== netstandard2.0) (>= netcoreapp2.1))
      Microsoft.AspNetCore.Diagnostics.Abstractions (2.1.0-preview1-final) - restriction: || (&& (== net452) (>= netcoreapp2.1)) (&& (== net461) (>= netcoreapp2.1)) (&& (== netcoreapp2.0) (>= netcoreapp2.1)) (== netcoreapp2.1) (&& (== netstandard2.0) (>= netcoreapp2.1))
      Microsoft.AspNetCore.Diagnostics.EntityFrameworkCore (2.1.0-preview1-final) - restriction: || (&& (== net452) (>= netcoreapp2.1)) (&& (== net461) (>= netcoreapp2.1)) (&& (== netcoreapp2.0) (>= netcoreapp2.1)) (== netcoreapp2.1) (&& (== netstandard2.0) (>= netcoreapp2.1))
      Microsoft.AspNetCore.Hosting (2.1.0-preview1-final) - restriction: || (&& (== net452) (>= netcoreapp2.1)) (&& (== net461) (>= netcoreapp2.1)) (&& (== netcoreapp2.0) (>= netcoreapp2.1)) (== netcoreapp2.1) (&& (== netstandard2.0) (>= netcoreapp2.1))
      Microsoft.AspNetCore.Hosting.Abstractions (2.1.0-preview1-final) - restriction: || (&& (== net452) (>= netcoreapp2.1)) (&& (== net461) (>= netcoreapp2.1)) (&& (== netcoreapp2.0) (>= netcoreapp2.1)) (== netcoreapp2.1) (&& (== netstandard2.0) (>= netcoreapp2.1))
      Microsoft.AspNetCore.Hosting.Server.Abstractions (2.1.0-preview1-final) - restriction: || (&& (== net452) (>= netcoreapp2.1)) (&& (== net461) (>= netcoreapp2.1)) (&& (== netcoreapp2.0) (>= netcoreapp2.1)) (== netcoreapp2.1) (&& (== netstandard2.0) (>= netcoreapp2.1))
      Microsoft.AspNetCore.Html.Abstractions (2.1.0-preview1-final) - restriction: || (&& (== net452) (>= netcoreapp2.1)) (&& (== net461) (>= netcoreapp2.1)) (&& (== netcoreapp2.0) (>= netcoreapp2.1)) (== netcoreapp2.1) (&& (== netstandard2.0) (>= netcoreapp2.1))
      Microsoft.AspNetCore.Http (2.1.0-preview1-final) - restriction: || (&& (== net452) (>= netcoreapp2.1)) (&& (== net461) (>= netcoreapp2.1)) (&& (== netcoreapp2.0) (>= netcoreapp2.1)) (== netcoreapp2.1) (&& (== netstandard2.0) (>= netcoreapp2.1))
      Microsoft.AspNetCore.Http.Abstractions (2.1.0-preview1-final) - restriction: || (&& (== net452) (>= netcoreapp2.1)) (&& (== net461) (>= netcoreapp2.1)) (&& (== netcoreapp2.0) (>= netcoreapp2.1)) (== netcoreapp2.1) (&& (== netstandard2.0) (>= netcoreapp2.1))
      Microsoft.AspNetCore.Http.Extensions (2.1.0-preview1-final) - restriction: || (&& (== net452) (>= netcoreapp2.1)) (&& (== net461) (>= netcoreapp2.1)) (&& (== netcoreapp2.0) (>= netcoreapp2.1)) (== netcoreapp2.1) (&& (== netstandard2.0) (>= netcoreapp2.1))
      Microsoft.AspNetCore.Http.Features (2.1.0-preview1-final) - restriction: || (&& (== net452) (>= netcoreapp2.1)) (&& (== net461) (>= netcoreapp2.1)) (&& (== netcoreapp2.0) (>= netcoreapp2.1)) (== netcoreapp2.1) (&& (== netstandard2.0) (>= netcoreapp2.1))
      Microsoft.AspNetCore.HttpOverrides (2.1.0-preview1-final) - restriction: || (&& (== net452) (>= netcoreapp2.1)) (&& (== net461) (>= netcoreapp2.1)) (&& (== netcoreapp2.0) (>= netcoreapp2.1)) (== netcoreapp2.1) (&& (== netstandard2.0) (>= netcoreapp2.1))
      Microsoft.AspNetCore.HttpsPolicy (2.1.0-preview1-final) - restriction: || (&& (== net452) (>= netcoreapp2.1)) (&& (== net461) (>= netcoreapp2.1)) (&& (== netcoreapp2.0) (>= netcoreapp2.1)) (== netcoreapp2.1) (&& (== netstandard2.0) (>= netcoreapp2.1))
      Microsoft.AspNetCore.Identity (2.1.0-preview1-final) - restriction: || (&& (== net452) (>= netcoreapp2.1)) (&& (== net461) (>= netcoreapp2.1)) (&& (== netcoreapp2.0) (>= netcoreapp2.1)) (== netcoreapp2.1) (&& (== netstandard2.0) (>= netcoreapp2.1))
      Microsoft.AspNetCore.Identity.EntityFrameworkCore (2.1.0-preview1-final) - restriction: || (&& (== net452) (>= netcoreapp2.1)) (&& (== net461) (>= netcoreapp2.1)) (&& (== netcoreapp2.0) (>= netcoreapp2.1)) (== netcoreapp2.1) (&& (== netstandard2.0) (>= netcoreapp2.1))
      Microsoft.AspNetCore.Identity.UI (2.1.0-preview1-final) - restriction: || (&& (== net452) (>= netcoreapp2.1)) (&& (== net461) (>= netcoreapp2.1)) (&& (== netcoreapp2.0) (>= netcoreapp2.1)) (== netcoreapp2.1) (&& (== netstandard2.0) (>= netcoreapp2.1))
      Microsoft.AspNetCore.JsonPatch (2.1.0-preview1-final) - restriction: || (&& (== net452) (>= netcoreapp2.1)) (&& (== net461) (>= netcoreapp2.1)) (&& (== netcoreapp2.0) (>= netcoreapp2.1)) (== netcoreapp2.1) (&& (== netstandard2.0) (>= netcoreapp2.1))
      Microsoft.AspNetCore.Localization (2.1.0-preview1-final) - restriction: || (&& (== net452) (>= netcoreapp2.1)) (&& (== net461) (>= netcoreapp2.1)) (&& (== netcoreapp2.0) (>= netcoreapp2.1)) (== netcoreapp2.1) (&& (== netstandard2.0) (>= netcoreapp2.1))
      Microsoft.AspNetCore.Localization.Routing (2.1.0-preview1-final) - restriction: || (&& (== net452) (>= netcoreapp2.1)) (&& (== net461) (>= netcoreapp2.1)) (&& (== netcoreapp2.0) (>= netcoreapp2.1)) (== netcoreapp2.1) (&& (== netstandard2.0) (>= netcoreapp2.1))
      Microsoft.AspNetCore.MiddlewareAnalysis (2.1.0-preview1-final) - restriction: || (&& (== net452) (>= netcoreapp2.1)) (&& (== net461) (>= netcoreapp2.1)) (&& (== netcoreapp2.0) (>= netcoreapp2.1)) (== netcoreapp2.1) (&& (== netstandard2.0) (>= netcoreapp2.1))
      Microsoft.AspNetCore.Mvc (2.1.0-preview1-final) - restriction: || (&& (== net452) (>= netcoreapp2.1)) (&& (== net461) (>= netcoreapp2.1)) (&& (== netcoreapp2.0) (>= netcoreapp2.1)) (== netcoreapp2.1) (&& (== netstandard2.0) (>= netcoreapp2.1))
      Microsoft.AspNetCore.Mvc.Abstractions (2.1.0-preview1-final) - restriction: || (&& (== net452) (>= netcoreapp2.1)) (&& (== net461) (>= netcoreapp2.1)) (&& (== netcoreapp2.0) (>= netcoreapp2.1)) (== netcoreapp2.1) (&& (== netstandard2.0) (>= netcoreapp2.1))
      Microsoft.AspNetCore.Mvc.ApiExplorer (2.1.0-preview1-final) - restriction: || (&& (== net452) (>= netcoreapp2.1)) (&& (== net461) (>= netcoreapp2.1)) (&& (== netcoreapp2.0) (>= netcoreapp2.1)) (== netcoreapp2.1) (&& (== netstandard2.0) (>= netcoreapp2.1))
      Microsoft.AspNetCore.Mvc.Core (2.1.0-preview1-final) - restriction: || (&& (== net452) (>= netcoreapp2.1)) (&& (== net461) (>= netcoreapp2.1)) (&& (== netcoreapp2.0) (>= netcoreapp2.1)) (== netcoreapp2.1) (&& (== netstandard2.0) (>= netcoreapp2.1))
      Microsoft.AspNetCore.Mvc.Cors (2.1.0-preview1-final) - restriction: || (&& (== net452) (>= netcoreapp2.1)) (&& (== net461) (>= netcoreapp2.1)) (&& (== netcoreapp2.0) (>= netcoreapp2.1)) (== netcoreapp2.1) (&& (== netstandard2.0) (>= netcoreapp2.1))
      Microsoft.AspNetCore.Mvc.DataAnnotations (2.1.0-preview1-final) - restriction: || (&& (== net452) (>= netcoreapp2.1)) (&& (== net461) (>= netcoreapp2.1)) (&& (== netcoreapp2.0) (>= netcoreapp2.1)) (== netcoreapp2.1) (&& (== netstandard2.0) (>= netcoreapp2.1))
      Microsoft.AspNetCore.Mvc.Formatters.Json (2.1.0-preview1-final) - restriction: || (&& (== net452) (>= netcoreapp2.1)) (&& (== net461) (>= netcoreapp2.1)) (&& (== netcoreapp2.0) (>= netcoreapp2.1)) (== netcoreapp2.1) (&& (== netstandard2.0) (>= netcoreapp2.1))
      Microsoft.AspNetCore.Mvc.Formatters.Xml (2.1.0-preview1-final) - restriction: || (&& (== net452) (>= netcoreapp2.1)) (&& (== net461) (>= netcoreapp2.1)) (&& (== netcoreapp2.0) (>= netcoreapp2.1)) (== netcoreapp2.1) (&& (== netstandard2.0) (>= netcoreapp2.1))
      Microsoft.AspNetCore.Mvc.Localization (2.1.0-preview1-final) - restriction: || (&& (== net452) (>= netcoreapp2.1)) (&& (== net461) (>= netcoreapp2.1)) (&& (== netcoreapp2.0) (>= netcoreapp2.1)) (== netcoreapp2.1) (&& (== netstandard2.0) (>= netcoreapp2.1))
      Microsoft.AspNetCore.Mvc.Razor (2.1.0-preview1-final) - restriction: || (&& (== net452) (>= netcoreapp2.1)) (&& (== net461) (>= netcoreapp2.1)) (&& (== netcoreapp2.0) (>= netcoreapp2.1)) (== netcoreapp2.1) (&& (== netstandard2.0) (>= netcoreapp2.1))
      Microsoft.AspNetCore.Mvc.Razor.Extensions (2.1.0-preview1-final) - restriction: || (&& (== net452) (>= netcoreapp2.1)) (&& (== net461) (>= netcoreapp2.1)) (&& (== netcoreapp2.0) (>= netcoreapp2.1)) (== netcoreapp2.1) (&& (== netstandard2.0) (>= netcoreapp2.1))
      Microsoft.AspNetCore.Mvc.Razor.ViewCompilation (2.1.0-preview1-final) - restriction: || (&& (== net452) (>= netcoreapp2.1)) (&& (== net461) (>= netcoreapp2.1)) (&& (== netcoreapp2.0) (>= netcoreapp2.1)) (== netcoreapp2.1) (&& (== netstandard2.0) (>= netcoreapp2.1))
      Microsoft.AspNetCore.Mvc.RazorPages (2.1.0-preview1-final) - restriction: || (&& (== net452) (>= netcoreapp2.1)) (&& (== net461) (>= netcoreapp2.1)) (&& (== netcoreapp2.0) (>= netcoreapp2.1)) (== netcoreapp2.1) (&& (== netstandard2.0) (>= netcoreapp2.1))
      Microsoft.AspNetCore.Mvc.TagHelpers (2.1.0-preview1-final) - restriction: || (&& (== net452) (>= netcoreapp2.1)) (&& (== net461) (>= netcoreapp2.1)) (&& (== netcoreapp2.0) (>= netcoreapp2.1)) (== netcoreapp2.1) (&& (== netstandard2.0) (>= netcoreapp2.1))
      Microsoft.AspNetCore.Mvc.ViewFeatures (2.1.0-preview1-final) - restriction: || (&& (== net452) (>= netcoreapp2.1)) (&& (== net461) (>= netcoreapp2.1)) (&& (== netcoreapp2.0) (>= netcoreapp2.1)) (== netcoreapp2.1) (&& (== netstandard2.0) (>= netcoreapp2.1))
      Microsoft.AspNetCore.NodeServices (2.1.0-preview1-final) - restriction: || (&& (== net452) (>= netcoreapp2.1)) (&& (== net461) (>= netcoreapp2.1)) (&& (== netcoreapp2.0) (>= netcoreapp2.1)) (== netcoreapp2.1) (&& (== netstandard2.0) (>= netcoreapp2.1))
      Microsoft.AspNetCore.Owin (2.1.0-preview1-final) - restriction: || (&& (== net452) (>= netcoreapp2.1)) (&& (== net461) (>= netcoreapp2.1)) (&& (== netcoreapp2.0) (>= netcoreapp2.1)) (== netcoreapp2.1) (&& (== netstandard2.0) (>= netcoreapp2.1))
      Microsoft.AspNetCore.Protocols.Abstractions (2.1.0-preview1-final) - restriction: || (&& (== net452) (>= netcoreapp2.1)) (&& (== net461) (>= netcoreapp2.1)) (&& (== netcoreapp2.0) (>= netcoreapp2.1)) (== netcoreapp2.1) (&& (== netstandard2.0) (>= netcoreapp2.1))
      Microsoft.AspNetCore.Razor (2.1.0-preview1-final) - restriction: || (&& (== net452) (>= netcoreapp2.1)) (&& (== net461) (>= netcoreapp2.1)) (&& (== netcoreapp2.0) (>= netcoreapp2.1)) (== netcoreapp2.1) (&& (== netstandard2.0) (>= netcoreapp2.1))
      Microsoft.AspNetCore.Razor.Design (2.1.0-preview1-final) - restriction: || (&& (== net452) (>= netcoreapp2.1)) (&& (== net461) (>= netcoreapp2.1)) (&& (== netcoreapp2.0) (>= netcoreapp2.1)) (== netcoreapp2.1) (&& (== netstandard2.0) (>= netcoreapp2.1))
      Microsoft.AspNetCore.Razor.Language (2.1.0-preview1-final) - restriction: || (&& (== net452) (>= netcoreapp2.1)) (&& (== net461) (>= netcoreapp2.1)) (&& (== netcoreapp2.0) (>= netcoreapp2.1)) (== netcoreapp2.1) (&& (== netstandard2.0) (>= netcoreapp2.1))
      Microsoft.AspNetCore.Razor.Runtime (2.1.0-preview1-final) - restriction: || (&& (== net452) (>= netcoreapp2.1)) (&& (== net461) (>= netcoreapp2.1)) (&& (== netcoreapp2.0) (>= netcoreapp2.1)) (== netcoreapp2.1) (&& (== netstandard2.0) (>= netcoreapp2.1))
      Microsoft.AspNetCore.ResponseCaching (2.1.0-preview1-final) - restriction: || (&& (== net452) (>= netcoreapp2.1)) (&& (== net461) (>= netcoreapp2.1)) (&& (== netcoreapp2.0) (>= netcoreapp2.1)) (== netcoreapp2.1) (&& (== netstandard2.0) (>= netcoreapp2.1))
      Microsoft.AspNetCore.ResponseCaching.Abstractions (2.1.0-preview1-final) - restriction: || (&& (== net452) (>= netcoreapp2.1)) (&& (== net461) (>= netcoreapp2.1)) (&& (== netcoreapp2.0) (>= netcoreapp2.1)) (== netcoreapp2.1) (&& (== netstandard2.0) (>= netcoreapp2.1))
      Microsoft.AspNetCore.ResponseCompression (2.1.0-preview1-final) - restriction: || (&& (== net452) (>= netcoreapp2.1)) (&& (== net461) (>= netcoreapp2.1)) (&& (== netcoreapp2.0) (>= netcoreapp2.1)) (== netcoreapp2.1) (&& (== netstandard2.0) (>= netcoreapp2.1))
      Microsoft.AspNetCore.Rewrite (2.1.0-preview1-final) - restriction: || (&& (== net452) (>= netcoreapp2.1)) (&& (== net461) (>= netcoreapp2.1)) (&& (== netcoreapp2.0) (>= netcoreapp2.1)) (== netcoreapp2.1) (&& (== netstandard2.0) (>= netcoreapp2.1))
      Microsoft.AspNetCore.Routing (2.1.0-preview1-final) - restriction: || (&& (== net452) (>= netcoreapp2.1)) (&& (== net461) (>= netcoreapp2.1)) (&& (== netcoreapp2.0) (>= netcoreapp2.1)) (== netcoreapp2.1) (&& (== netstandard2.0) (>= netcoreapp2.1))
      Microsoft.AspNetCore.Routing.Abstractions (2.1.0-preview1-final) - restriction: || (&& (== net452) (>= netcoreapp2.1)) (&& (== net461) (>= netcoreapp2.1)) (&& (== netcoreapp2.0) (>= netcoreapp2.1)) (== netcoreapp2.1) (&& (== netstandard2.0) (>= netcoreapp2.1))
      Microsoft.AspNetCore.Server.HttpSys (2.1.0-preview1-final) - restriction: || (&& (== net452) (>= netcoreapp2.1)) (&& (== net461) (>= netcoreapp2.1)) (&& (== netcoreapp2.0) (>= netcoreapp2.1)) (== netcoreapp2.1) (&& (== netstandard2.0) (>= netcoreapp2.1))
      Microsoft.AspNetCore.Server.IISIntegration (2.1.0-preview1-final) - restriction: || (&& (== net452) (>= netcoreapp2.1)) (&& (== net461) (>= netcoreapp2.1)) (&& (== netcoreapp2.0) (>= netcoreapp2.1)) (== netcoreapp2.1) (&& (== netstandard2.0) (>= netcoreapp2.1))
      Microsoft.AspNetCore.Server.Kestrel (2.1.0-preview1-final) - restriction: || (&& (== net452) (>= netcoreapp2.1)) (&& (== net461) (>= netcoreapp2.1)) (&& (== netcoreapp2.0) (>= netcoreapp2.1)) (== netcoreapp2.1) (&& (== netstandard2.0) (>= netcoreapp2.1))
      Microsoft.AspNetCore.Server.Kestrel.Core (2.1.0-preview1-final) - restriction: || (&& (== net452) (>= netcoreapp2.1)) (&& (== net461) (>= netcoreapp2.1)) (&& (== netcoreapp2.0) (>= netcoreapp2.1)) (== netcoreapp2.1) (&& (== netstandard2.0) (>= netcoreapp2.1))
      Microsoft.AspNetCore.Server.Kestrel.Https (2.1.0-preview1-final) - restriction: || (&& (== net452) (>= netcoreapp2.1)) (&& (== net461) (>= netcoreapp2.1)) (&& (== netcoreapp2.0) (>= netcoreapp2.1)) (== netcoreapp2.1) (&& (== netstandard2.0) (>= netcoreapp2.1))
      Microsoft.AspNetCore.Server.Kestrel.Transport.Abstractions (2.1.0-preview1-final) - restriction: || (&& (== net452) (>= netcoreapp2.1)) (&& (== net461) (>= netcoreapp2.1)) (&& (== netcoreapp2.0) (>= netcoreapp2.1)) (== netcoreapp2.1) (&& (== netstandard2.0) (>= netcoreapp2.1))
      Microsoft.AspNetCore.Server.Kestrel.Transport.Libuv (2.1.0-preview1-final) - restriction: || (&& (== net452) (>= netcoreapp2.1)) (&& (== net461) (>= netcoreapp2.1)) (&& (== netcoreapp2.0) (>= netcoreapp2.1)) (== netcoreapp2.1) (&& (== netstandard2.0) (>= netcoreapp2.1))
      Microsoft.AspNetCore.Server.Kestrel.Transport.Sockets (2.1.0-preview1-final) - restriction: || (&& (== net452) (>= netcoreapp2.1)) (&& (== net461) (>= netcoreapp2.1)) (&& (== netcoreapp2.0) (>= netcoreapp2.1)) (== netcoreapp2.1) (&& (== netstandard2.0) (>= netcoreapp2.1))
      Microsoft.AspNetCore.Session (2.1.0-preview1-final) - restriction: || (&& (== net452) (>= netcoreapp2.1)) (&& (== net461) (>= netcoreapp2.1)) (&& (== netcoreapp2.0) (>= netcoreapp2.1)) (== netcoreapp2.1) (&& (== netstandard2.0) (>= netcoreapp2.1))
      Microsoft.AspNetCore.SignalR (1.0.0-preview1-final) - restriction: || (&& (== net452) (>= netcoreapp2.1)) (&& (== net461) (>= netcoreapp2.1)) (&& (== netcoreapp2.0) (>= netcoreapp2.1)) (== netcoreapp2.1) (&& (== netstandard2.0) (>= netcoreapp2.1))
      Microsoft.AspNetCore.SignalR.Common (1.0.0-preview1-final) - restriction: || (&& (== net452) (>= netcoreapp2.1)) (&& (== net461) (>= netcoreapp2.1)) (&& (== netcoreapp2.0) (>= netcoreapp2.1)) (== netcoreapp2.1) (&& (== netstandard2.0) (>= netcoreapp2.1))
      Microsoft.AspNetCore.SignalR.Core (1.0.0-preview1-final) - restriction: || (&& (== net452) (>= netcoreapp2.1)) (&& (== net461) (>= netcoreapp2.1)) (&& (== netcoreapp2.0) (>= netcoreapp2.1)) (== netcoreapp2.1) (&& (== netstandard2.0) (>= netcoreapp2.1))
      Microsoft.AspNetCore.Sockets (1.0.0-preview1-final) - restriction: || (&& (== net452) (>= netcoreapp2.1)) (&& (== net461) (>= netcoreapp2.1)) (&& (== netcoreapp2.0) (>= netcoreapp2.1)) (== netcoreapp2.1) (&& (== netstandard2.0) (>= netcoreapp2.1))
      Microsoft.AspNetCore.Sockets.Abstractions (1.0.0-preview1-final) - restriction: || (&& (== net452) (>= netcoreapp2.1)) (&& (== net461) (>= netcoreapp2.1)) (&& (== netcoreapp2.0) (>= netcoreapp2.1)) (== netcoreapp2.1) (&& (== netstandard2.0) (>= netcoreapp2.1))
      Microsoft.AspNetCore.Sockets.Common.Http (1.0.0-preview1-final) - restriction: || (&& (== net452) (>= netcoreapp2.1)) (&& (== net461) (>= netcoreapp2.1)) (&& (== netcoreapp2.0) (>= netcoreapp2.1)) (== netcoreapp2.1) (&& (== netstandard2.0) (>= netcoreapp2.1))
      Microsoft.AspNetCore.Sockets.Http (1.0.0-preview1-final) - restriction: || (&& (== net452) (>= netcoreapp2.1)) (&& (== net461) (>= netcoreapp2.1)) (&& (== netcoreapp2.0) (>= netcoreapp2.1)) (== netcoreapp2.1) (&& (== netstandard2.0) (>= netcoreapp2.1))
      Microsoft.AspNetCore.SpaServices (2.1.0-preview1-final) - restriction: || (&& (== net452) (>= netcoreapp2.1)) (&& (== net461) (>= netcoreapp2.1)) (&& (== netcoreapp2.0) (>= netcoreapp2.1)) (== netcoreapp2.1) (&& (== netstandard2.0) (>= netcoreapp2.1))
      Microsoft.AspNetCore.SpaServices.Extensions (2.1.0-preview1-final) - restriction: || (&& (== net452) (>= netcoreapp2.1)) (&& (== net461) (>= netcoreapp2.1)) (&& (== netcoreapp2.0) (>= netcoreapp2.1)) (== netcoreapp2.1) (&& (== netstandard2.0) (>= netcoreapp2.1))
      Microsoft.AspNetCore.StaticFiles (2.1.0-preview1-final) - restriction: || (&& (== net452) (>= netcoreapp2.1)) (&& (== net461) (>= netcoreapp2.1)) (&& (== netcoreapp2.0) (>= netcoreapp2.1)) (== netcoreapp2.1) (&& (== netstandard2.0) (>= netcoreapp2.1))
      Microsoft.AspNetCore.WebSockets (2.1.0-preview1-final) - restriction: || (&& (== net452) (>= netcoreapp2.1)) (&& (== net461) (>= netcoreapp2.1)) (&& (== netcoreapp2.0) (>= netcoreapp2.1)) (== netcoreapp2.1) (&& (== netstandard2.0) (>= netcoreapp2.1))
      Microsoft.AspNetCore.WebUtilities (2.1.0-preview1-final) - restriction: || (&& (== net452) (>= netcoreapp2.1)) (&& (== net461) (>= netcoreapp2.1)) (&& (== netcoreapp2.0) (>= netcoreapp2.1)) (== netcoreapp2.1) (&& (== netstandard2.0) (>= netcoreapp2.1))
      Microsoft.CodeAnalysis.Razor (2.1.0-preview1-final) - restriction: || (&& (== net452) (>= netcoreapp2.1)) (&& (== net461) (>= netcoreapp2.1)) (&& (== netcoreapp2.0) (>= netcoreapp2.1)) (== netcoreapp2.1) (&& (== netstandard2.0) (>= netcoreapp2.1))
      Microsoft.EntityFrameworkCore (2.1.0-preview1-final) - restriction: || (&& (== net452) (>= netcoreapp2.1)) (&& (== net461) (>= netcoreapp2.1)) (&& (== netcoreapp2.0) (>= netcoreapp2.1)) (== netcoreapp2.1) (&& (== netstandard2.0) (>= netcoreapp2.1))
      Microsoft.EntityFrameworkCore.Attributes (2.1.0-preview1-final) - restriction: || (&& (== net452) (>= netcoreapp2.1)) (&& (== net461) (>= netcoreapp2.1)) (&& (== netcoreapp2.0) (>= netcoreapp2.1)) (== netcoreapp2.1) (&& (== netstandard2.0) (>= netcoreapp2.1))
      Microsoft.EntityFrameworkCore.Design (2.1.0-preview1-final) - restriction: || (&& (== net452) (>= netcoreapp2.1)) (&& (== net461) (>= netcoreapp2.1)) (&& (== netcoreapp2.0) (>= netcoreapp2.1)) (== netcoreapp2.1) (&& (== netstandard2.0) (>= netcoreapp2.1))
      Microsoft.EntityFrameworkCore.InMemory (2.1.0-preview1-final) - restriction: || (&& (== net452) (>= netcoreapp2.1)) (&& (== net461) (>= netcoreapp2.1)) (&& (== netcoreapp2.0) (>= netcoreapp2.1)) (== netcoreapp2.1) (&& (== netstandard2.0) (>= netcoreapp2.1))
      Microsoft.EntityFrameworkCore.Relational (2.1.0-preview1-final) - restriction: || (&& (== net452) (>= netcoreapp2.1)) (&& (== net461) (>= netcoreapp2.1)) (&& (== netcoreapp2.0) (>= netcoreapp2.1)) (== netcoreapp2.1) (&& (== netstandard2.0) (>= netcoreapp2.1))
      Microsoft.EntityFrameworkCore.SqlServer (2.1.0-preview1-final) - restriction: || (&& (== net452) (>= netcoreapp2.1)) (&& (== net461) (>= netcoreapp2.1)) (&& (== netcoreapp2.0) (>= netcoreapp2.1)) (== netcoreapp2.1) (&& (== netstandard2.0) (>= netcoreapp2.1))
      Microsoft.EntityFrameworkCore.Tools (2.1.0-preview1-final) - restriction: || (&& (== net452) (>= netcoreapp2.1)) (&& (== net461) (>= netcoreapp2.1)) (&& (== netcoreapp2.0) (>= netcoreapp2.1)) (== netcoreapp2.1) (&& (== netstandard2.0) (>= netcoreapp2.1))
      Microsoft.Extensions.Caching.Abstractions (2.1.0-preview1-final) - restriction: || (&& (== net452) (>= netcoreapp2.1)) (&& (== net461) (>= netcoreapp2.1)) (&& (== netcoreapp2.0) (>= netcoreapp2.1)) (== netcoreapp2.1) (&& (== netstandard2.0) (>= netcoreapp2.1))
      Microsoft.Extensions.Caching.Memory (2.1.0-preview1-final) - restriction: || (&& (== net452) (>= netcoreapp2.1)) (&& (== net461) (>= netcoreapp2.1)) (&& (== netcoreapp2.0) (>= netcoreapp2.1)) (== netcoreapp2.1) (&& (== netstandard2.0) (>= netcoreapp2.1))
      Microsoft.Extensions.Caching.SqlServer (2.1.0-preview1-final) - restriction: || (&& (== net452) (>= netcoreapp2.1)) (&& (== net461) (>= netcoreapp2.1)) (&& (== netcoreapp2.0) (>= netcoreapp2.1)) (== netcoreapp2.1) (&& (== netstandard2.0) (>= netcoreapp2.1))
      Microsoft.Extensions.Configuration (2.1.0-preview1-final) - restriction: || (&& (== net452) (>= netcoreapp2.1)) (&& (== net461) (>= netcoreapp2.1)) (&& (== netcoreapp2.0) (>= netcoreapp2.1)) (== netcoreapp2.1) (&& (== netstandard2.0) (>= netcoreapp2.1))
      Microsoft.Extensions.Configuration.Abstractions (2.1.0-preview1-final) - restriction: || (&& (== net452) (>= netcoreapp2.1)) (&& (== net461) (>= netcoreapp2.1)) (&& (== netcoreapp2.0) (>= netcoreapp2.1)) (== netcoreapp2.1) (&& (== netstandard2.0) (>= netcoreapp2.1))
      Microsoft.Extensions.Configuration.Binder (2.1.0-preview1-final) - restriction: || (&& (== net452) (>= netcoreapp2.1)) (&& (== net461) (>= netcoreapp2.1)) (&& (== netcoreapp2.0) (>= netcoreapp2.1)) (== netcoreapp2.1) (&& (== netstandard2.0) (>= netcoreapp2.1))
      Microsoft.Extensions.Configuration.CommandLine (2.1.0-preview1-final) - restriction: || (&& (== net452) (>= netcoreapp2.1)) (&& (== net461) (>= netcoreapp2.1)) (&& (== netcoreapp2.0) (>= netcoreapp2.1)) (== netcoreapp2.1) (&& (== netstandard2.0) (>= netcoreapp2.1))
      Microsoft.Extensions.Configuration.EnvironmentVariables (2.1.0-preview1-final) - restriction: || (&& (== net452) (>= netcoreapp2.1)) (&& (== net461) (>= netcoreapp2.1)) (&& (== netcoreapp2.0) (>= netcoreapp2.1)) (== netcoreapp2.1) (&& (== netstandard2.0) (>= netcoreapp2.1))
      Microsoft.Extensions.Configuration.FileExtensions (2.1.0-preview1-final) - restriction: || (&& (== net452) (>= netcoreapp2.1)) (&& (== net461) (>= netcoreapp2.1)) (&& (== netcoreapp2.0) (>= netcoreapp2.1)) (== netcoreapp2.1) (&& (== netstandard2.0) (>= netcoreapp2.1))
      Microsoft.Extensions.Configuration.Ini (2.1.0-preview1-final) - restriction: || (&& (== net452) (>= netcoreapp2.1)) (&& (== net461) (>= netcoreapp2.1)) (&& (== netcoreapp2.0) (>= netcoreapp2.1)) (== netcoreapp2.1) (&& (== netstandard2.0) (>= netcoreapp2.1))
      Microsoft.Extensions.Configuration.Json (2.1.0-preview1-final) - restriction: || (&& (== net452) (>= netcoreapp2.1)) (&& (== net461) (>= netcoreapp2.1)) (&& (== netcoreapp2.0) (>= netcoreapp2.1)) (== netcoreapp2.1) (&& (== netstandard2.0) (>= netcoreapp2.1))
      Microsoft.Extensions.Configuration.UserSecrets (2.1.0-preview1-final) - restriction: || (&& (== net452) (>= netcoreapp2.1)) (&& (== net461) (>= netcoreapp2.1)) (&& (== netcoreapp2.0) (>= netcoreapp2.1)) (== netcoreapp2.1) (&& (== netstandard2.0) (>= netcoreapp2.1))
      Microsoft.Extensions.Configuration.Xml (2.1.0-preview1-final) - restriction: || (&& (== net452) (>= netcoreapp2.1)) (&& (== net461) (>= netcoreapp2.1)) (&& (== netcoreapp2.0) (>= netcoreapp2.1)) (== netcoreapp2.1) (&& (== netstandard2.0) (>= netcoreapp2.1))
      Microsoft.Extensions.DependencyInjection (2.1.0-preview1-final) - restriction: || (&& (== net452) (>= netcoreapp2.1)) (&& (== net461) (>= netcoreapp2.1)) (&& (== netcoreapp2.0) (>= netcoreapp2.1)) (== netcoreapp2.1) (&& (== netstandard2.0) (>= netcoreapp2.1))
      Microsoft.Extensions.DependencyInjection.Abstractions (2.1.0-preview1-final) - restriction: || (&& (== net452) (>= netcoreapp2.1)) (&& (== net461) (>= netcoreapp2.1)) (&& (== netcoreapp2.0) (>= netcoreapp2.1)) (== netcoreapp2.1) (&& (== netstandard2.0) (>= netcoreapp2.1))
      Microsoft.Extensions.DiagnosticAdapter (2.1.0-preview1-final) - restriction: || (&& (== net452) (>= netcoreapp2.1)) (&& (== net461) (>= netcoreapp2.1)) (&& (== netcoreapp2.0) (>= netcoreapp2.1)) (== netcoreapp2.1) (&& (== netstandard2.0) (>= netcoreapp2.1))
      Microsoft.Extensions.FileProviders.Abstractions (2.1.0-preview1-final) - restriction: || (&& (== net452) (>= netcoreapp2.1)) (&& (== net461) (>= netcoreapp2.1)) (&& (== netcoreapp2.0) (>= netcoreapp2.1)) (== netcoreapp2.1) (&& (== netstandard2.0) (>= netcoreapp2.1))
      Microsoft.Extensions.FileProviders.Composite (2.1.0-preview1-final) - restriction: || (&& (== net452) (>= netcoreapp2.1)) (&& (== net461) (>= netcoreapp2.1)) (&& (== netcoreapp2.0) (>= netcoreapp2.1)) (== netcoreapp2.1) (&& (== netstandard2.0) (>= netcoreapp2.1))
      Microsoft.Extensions.FileProviders.Embedded (2.1.0-preview1-final) - restriction: || (&& (== net452) (>= netcoreapp2.1)) (&& (== net461) (>= netcoreapp2.1)) (&& (== netcoreapp2.0) (>= netcoreapp2.1)) (== netcoreapp2.1) (&& (== netstandard2.0) (>= netcoreapp2.1))
      Microsoft.Extensions.FileProviders.Physical (2.1.0-preview1-final) - restriction: || (&& (== net452) (>= netcoreapp2.1)) (&& (== net461) (>= netcoreapp2.1)) (&& (== netcoreapp2.0) (>= netcoreapp2.1)) (== netcoreapp2.1) (&& (== netstandard2.0) (>= netcoreapp2.1))
      Microsoft.Extensions.FileSystemGlobbing (2.1.0-preview1-final) - restriction: || (&& (== net452) (>= netcoreapp2.1)) (&& (== net461) (>= netcoreapp2.1)) (&& (== netcoreapp2.0) (>= netcoreapp2.1)) (== netcoreapp2.1) (&& (== netstandard2.0) (>= netcoreapp2.1))
      Microsoft.Extensions.Hosting (2.1.0-preview1-final) - restriction: || (&& (== net452) (>= netcoreapp2.1)) (&& (== net461) (>= netcoreapp2.1)) (&& (== netcoreapp2.0) (>= netcoreapp2.1)) (== netcoreapp2.1) (&& (== netstandard2.0) (>= netcoreapp2.1))
      Microsoft.Extensions.Hosting.Abstractions (2.1.0-preview1-final) - restriction: || (&& (== net452) (>= netcoreapp2.1)) (&& (== net461) (>= netcoreapp2.1)) (&& (== netcoreapp2.0) (>= netcoreapp2.1)) (== netcoreapp2.1) (&& (== netstandard2.0) (>= netcoreapp2.1))
      Microsoft.Extensions.Http (2.1.0-preview1-final) - restriction: || (&& (== net452) (>= netcoreapp2.1)) (&& (== net461) (>= netcoreapp2.1)) (&& (== netcoreapp2.0) (>= netcoreapp2.1)) (== netcoreapp2.1) (&& (== netstandard2.0) (>= netcoreapp2.1))
      Microsoft.Extensions.Identity.Core (2.1.0-preview1-final) - restriction: || (&& (== net452) (>= netcoreapp2.1)) (&& (== net461) (>= netcoreapp2.1)) (&& (== netcoreapp2.0) (>= netcoreapp2.1)) (== netcoreapp2.1) (&& (== netstandard2.0) (>= netcoreapp2.1))
      Microsoft.Extensions.Identity.Stores (2.1.0-preview1-final) - restriction: || (&& (== net452) (>= netcoreapp2.1)) (&& (== net461) (>= netcoreapp2.1)) (&& (== netcoreapp2.0) (>= netcoreapp2.1)) (== netcoreapp2.1) (&& (== netstandard2.0) (>= netcoreapp2.1))
      Microsoft.Extensions.Localization (2.1.0-preview1-final) - restriction: || (&& (== net452) (>= netcoreapp2.1)) (&& (== net461) (>= netcoreapp2.1)) (&& (== netcoreapp2.0) (>= netcoreapp2.1)) (== netcoreapp2.1) (&& (== netstandard2.0) (>= netcoreapp2.1))
      Microsoft.Extensions.Localization.Abstractions (2.1.0-preview1-final) - restriction: || (&& (== net452) (>= netcoreapp2.1)) (&& (== net461) (>= netcoreapp2.1)) (&& (== netcoreapp2.0) (>= netcoreapp2.1)) (== netcoreapp2.1) (&& (== netstandard2.0) (>= netcoreapp2.1))
      Microsoft.Extensions.Logging (2.1.0-preview1-final) - restriction: || (&& (== net452) (>= netcoreapp2.1)) (&& (== net461) (>= netcoreapp2.1)) (&& (== netcoreapp2.0) (>= netcoreapp2.1)) (== netcoreapp2.1) (&& (== netstandard2.0) (>= netcoreapp2.1))
      Microsoft.Extensions.Logging.Abstractions (2.1.0-preview1-final) - restriction: || (&& (== net452) (>= netcoreapp2.1)) (&& (== net461) (>= netcoreapp2.1)) (&& (== netcoreapp2.0) (>= netcoreapp2.1)) (== netcoreapp2.1) (&& (== netstandard2.0) (>= netcoreapp2.1))
      Microsoft.Extensions.Logging.AzureAppServices (2.1.0-preview1-final) - restriction: || (&& (== net452) (>= netcoreapp2.1)) (&& (== net461) (>= netcoreapp2.1)) (&& (== netcoreapp2.0) (>= netcoreapp2.1)) (== netcoreapp2.1) (&& (== netstandard2.0) (>= netcoreapp2.1))
      Microsoft.Extensions.Logging.Configuration (2.1.0-preview1-final) - restriction: || (&& (== net452) (>= netcoreapp2.1)) (&& (== net461) (>= netcoreapp2.1)) (&& (== netcoreapp2.0) (>= netcoreapp2.1)) (== netcoreapp2.1) (&& (== netstandard2.0) (>= netcoreapp2.1))
      Microsoft.Extensions.Logging.Console (2.1.0-preview1-final) - restriction: || (&& (== net452) (>= netcoreapp2.1)) (&& (== net461) (>= netcoreapp2.1)) (&& (== netcoreapp2.0) (>= netcoreapp2.1)) (== netcoreapp2.1) (&& (== netstandard2.0) (>= netcoreapp2.1))
      Microsoft.Extensions.Logging.Debug (2.1.0-preview1-final) - restriction: || (&& (== net452) (>= netcoreapp2.1)) (&& (== net461) (>= netcoreapp2.1)) (&& (== netcoreapp2.0) (>= netcoreapp2.1)) (== netcoreapp2.1) (&& (== netstandard2.0) (>= netcoreapp2.1))
      Microsoft.Extensions.Logging.EventSource (2.1.0-preview1-final) - restriction: || (&& (== net452) (>= netcoreapp2.1)) (&& (== net461) (>= netcoreapp2.1)) (&& (== netcoreapp2.0) (>= netcoreapp2.1)) (== netcoreapp2.1) (&& (== netstandard2.0) (>= netcoreapp2.1))
      Microsoft.Extensions.Logging.TraceSource (2.1.0-preview1-final) - restriction: || (&& (== net452) (>= netcoreapp2.1)) (&& (== net461) (>= netcoreapp2.1)) (&& (== netcoreapp2.0) (>= netcoreapp2.1)) (== netcoreapp2.1) (&& (== netstandard2.0) (>= netcoreapp2.1))
      Microsoft.Extensions.ObjectPool (2.1.0-preview1-final) - restriction: || (&& (== net452) (>= netcoreapp2.1)) (&& (== net461) (>= netcoreapp2.1)) (&& (== netcoreapp2.0) (>= netcoreapp2.1)) (== netcoreapp2.1) (&& (== netstandard2.0) (>= netcoreapp2.1))
      Microsoft.Extensions.Options (2.1.0-preview1-final) - restriction: || (&& (== net452) (>= netcoreapp2.1)) (&& (== net461) (>= netcoreapp2.1)) (&& (== netcoreapp2.0) (>= netcoreapp2.1)) (== netcoreapp2.1) (&& (== netstandard2.0) (>= netcoreapp2.1))
      Microsoft.Extensions.Options.ConfigurationExtensions (2.1.0-preview1-final) - restriction: || (&& (== net452) (>= netcoreapp2.1)) (&& (== net461) (>= netcoreapp2.1)) (&& (== netcoreapp2.0) (>= netcoreapp2.1)) (== netcoreapp2.1) (&& (== netstandard2.0) (>= netcoreapp2.1))
      Microsoft.Extensions.Primitives (2.1.0-preview1-final) - restriction: || (&& (== net452) (>= netcoreapp2.1)) (&& (== net461) (>= netcoreapp2.1)) (&& (== netcoreapp2.0) (>= netcoreapp2.1)) (== netcoreapp2.1) (&& (== netstandard2.0) (>= netcoreapp2.1))
      Microsoft.Extensions.WebEncoders (2.1.0-preview1-final) - restriction: || (&& (== net452) (>= netcoreapp2.1)) (&& (== net461) (>= netcoreapp2.1)) (&& (== netcoreapp2.0) (>= netcoreapp2.1)) (== netcoreapp2.1) (&& (== netstandard2.0) (>= netcoreapp2.1))
      Microsoft.Net.Http.Headers (2.1.0-preview1-final) - restriction: || (&& (== net452) (>= netcoreapp2.1)) (&& (== net461) (>= netcoreapp2.1)) (&& (== netcoreapp2.0) (>= netcoreapp2.1)) (== netcoreapp2.1) (&& (== netstandard2.0) (>= netcoreapp2.1))
    Microsoft.AspNetCore.Authentication (2.1.0-preview1-final) - restriction: || (&& (== net452) (>= netcoreapp2.1)) (&& (== net461) (>= netcoreapp2.1)) (&& (== netcoreapp2.0) (>= netcoreapp2.1)) (== netcoreapp2.1) (&& (== netstandard2.0) (>= netcoreapp2.1))
      Microsoft.AspNetCore.Authentication.Core (>= 2.1.0-preview1-final) - restriction: || (&& (== net452) (>= netstandard2.0)) (&& (== net461) (>= netstandard2.0)) (== netcoreapp2.0) (== netcoreapp2.1) (== netstandard2.0)
      Microsoft.AspNetCore.DataProtection (>= 2.1.0-preview1-final) - restriction: || (&& (== net452) (>= netstandard2.0)) (&& (== net461) (>= netstandard2.0)) (== netcoreapp2.0) (== netcoreapp2.1) (== netstandard2.0)
      Microsoft.AspNetCore.Http (>= 2.1.0-preview1-final) - restriction: || (&& (== net452) (>= netstandard2.0)) (&& (== net461) (>= netstandard2.0)) (== netcoreapp2.0) (== netcoreapp2.1) (== netstandard2.0)
      Microsoft.AspNetCore.Http.Extensions (>= 2.1.0-preview1-final) - restriction: || (&& (== net452) (>= netstandard2.0)) (&& (== net461) (>= netstandard2.0)) (== netcoreapp2.0) (== netcoreapp2.1) (== netstandard2.0)
      Microsoft.Extensions.Logging.Abstractions (>= 2.1.0-preview1-final) - restriction: || (&& (== net452) (>= netstandard2.0)) (&& (== net461) (>= netstandard2.0)) (== netcoreapp2.0) (== netcoreapp2.1) (== netstandard2.0)
      Microsoft.Extensions.Options (>= 2.1.0-preview1-final) - restriction: || (&& (== net452) (>= netstandard2.0)) (&& (== net461) (>= netstandard2.0)) (== netcoreapp2.0) (== netcoreapp2.1) (== netstandard2.0)
      Microsoft.Extensions.WebEncoders (>= 2.1.0-preview1-final) - restriction: || (&& (== net452) (>= netstandard2.0)) (&& (== net461) (>= netstandard2.0)) (== netcoreapp2.0) (== netcoreapp2.1) (== netstandard2.0)
    Microsoft.AspNetCore.Authentication.Abstractions (2.1.0-preview1-final) - restriction: || (&& (== net452) (>= netcoreapp2.1)) (&& (== net461) (>= netcoreapp2.1)) (&& (== netcoreapp2.0) (>= netcoreapp2.1)) (== netcoreapp2.1) (&& (== netstandard2.0) (>= netcoreapp2.1))
      Microsoft.AspNetCore.Http.Abstractions (>= 2.1.0-preview1-final) - restriction: || (&& (== net452) (>= netstandard2.0)) (&& (== net461) (>= netstandard2.0)) (== netcoreapp2.0) (== netcoreapp2.1) (== netstandard2.0)
      Microsoft.Extensions.Logging.Abstractions (>= 2.1.0-preview1-final) - restriction: || (&& (== net452) (>= netstandard2.0)) (&& (== net461) (>= netstandard2.0)) (== netcoreapp2.0) (== netcoreapp2.1) (== netstandard2.0)
      Microsoft.Extensions.Options (>= 2.1.0-preview1-final) - restriction: || (&& (== net452) (>= netstandard2.0)) (&& (== net461) (>= netstandard2.0)) (== netcoreapp2.0) (== netcoreapp2.1) (== netstandard2.0)
    Microsoft.AspNetCore.Authentication.Cookies (2.1.0-preview1-final) - restriction: || (&& (== net452) (>= netcoreapp2.1)) (&& (== net461) (>= netcoreapp2.1)) (&& (== netcoreapp2.0) (>= netcoreapp2.1)) (== netcoreapp2.1) (&& (== netstandard2.0) (>= netcoreapp2.1))
      Microsoft.AspNetCore.Authentication (>= 2.1.0-preview1-final) - restriction: || (&& (== net452) (>= netstandard2.0)) (&& (== net461) (>= netstandard2.0)) (== netcoreapp2.0) (== netcoreapp2.1) (== netstandard2.0)
    Microsoft.AspNetCore.Authentication.Core (2.1.0-preview1-final) - restriction: || (&& (== net452) (>= netcoreapp2.1)) (&& (== net461) (>= netcoreapp2.1)) (&& (== netcoreapp2.0) (>= netcoreapp2.1)) (== netcoreapp2.1) (&& (== netstandard2.0) (>= netcoreapp2.1))
      Microsoft.AspNetCore.Authentication.Abstractions (>= 2.1.0-preview1-final) - restriction: || (&& (== net452) (>= netstandard2.0)) (&& (== net461) (>= netstandard2.0)) (== netcoreapp2.0) (== netcoreapp2.1) (== netstandard2.0)
      Microsoft.AspNetCore.Http (>= 2.1.0-preview1-final) - restriction: || (&& (== net452) (>= netstandard2.0)) (&& (== net461) (>= netstandard2.0)) (== netcoreapp2.0) (== netcoreapp2.1) (== netstandard2.0)
      Microsoft.AspNetCore.Http.Extensions (>= 2.1.0-preview1-final) - restriction: || (&& (== net452) (>= netstandard2.0)) (&& (== net461) (>= netstandard2.0)) (== netcoreapp2.0) (== netcoreapp2.1) (== netstandard2.0)
    Microsoft.AspNetCore.Authentication.Facebook (2.1.0-preview1-final) - restriction: || (&& (== net452) (>= netcoreapp2.1)) (&& (== net461) (>= netcoreapp2.1)) (&& (== netcoreapp2.0) (>= netcoreapp2.1)) (== netcoreapp2.1) (&& (== netstandard2.0) (>= netcoreapp2.1))
      Microsoft.AspNetCore.Authentication.OAuth (>= 2.1.0-preview1-final) - restriction: || (&& (== net452) (>= netstandard2.0)) (&& (== net461) (>= netstandard2.0)) (== netcoreapp2.0) (== netcoreapp2.1) (== netstandard2.0)
    Microsoft.AspNetCore.Authentication.Google (2.1.0-preview1-final) - restriction: || (&& (== net452) (>= netcoreapp2.1)) (&& (== net461) (>= netcoreapp2.1)) (&& (== netcoreapp2.0) (>= netcoreapp2.1)) (== netcoreapp2.1) (&& (== netstandard2.0) (>= netcoreapp2.1))
      Microsoft.AspNetCore.Authentication.OAuth (>= 2.1.0-preview1-final) - restriction: || (&& (== net452) (>= netstandard2.0)) (&& (== net461) (>= netstandard2.0)) (== netcoreapp2.0) (== netcoreapp2.1) (== netstandard2.0)
    Microsoft.AspNetCore.Authentication.JwtBearer (2.1.0-preview1-final) - restriction: || (&& (== net452) (>= netcoreapp2.1)) (&& (== net461) (>= netcoreapp2.1)) (&& (== netcoreapp2.0) (>= netcoreapp2.1)) (== netcoreapp2.1) (&& (== netstandard2.0) (>= netcoreapp2.1))
      Microsoft.AspNetCore.Authentication (>= 2.1.0-preview1-final) - restriction: || (&& (== net452) (>= netstandard2.0)) (&& (== net461) (>= netstandard2.0)) (== netcoreapp2.0) (== netcoreapp2.1) (== netstandard2.0)
      Microsoft.IdentityModel.Protocols.OpenIdConnect (>= 5.2.0-preview2-41113220915) - restriction: || (&& (== net452) (>= netstandard2.0)) (&& (== net461) (>= netstandard2.0)) (== netcoreapp2.0) (== netcoreapp2.1) (== netstandard2.0)
    Microsoft.AspNetCore.Authentication.MicrosoftAccount (2.1.0-preview1-final) - restriction: || (&& (== net452) (>= netcoreapp2.1)) (&& (== net461) (>= netcoreapp2.1)) (&& (== netcoreapp2.0) (>= netcoreapp2.1)) (== netcoreapp2.1) (&& (== netstandard2.0) (>= netcoreapp2.1))
      Microsoft.AspNetCore.Authentication.OAuth (>= 2.1.0-preview1-final) - restriction: || (&& (== net452) (>= netstandard2.0)) (&& (== net461) (>= netstandard2.0)) (== netcoreapp2.0) (== netcoreapp2.1) (== netstandard2.0)
    Microsoft.AspNetCore.Authentication.OAuth (2.1.0-preview1-final) - restriction: || (&& (== net452) (>= netcoreapp2.1)) (&& (== net461) (>= netcoreapp2.1)) (&& (== netcoreapp2.0) (>= netcoreapp2.1)) (== netcoreapp2.1) (&& (== netstandard2.0) (>= netcoreapp2.1))
      Microsoft.AspNetCore.Authentication (>= 2.1.0-preview1-final) - restriction: || (&& (== net452) (>= netstandard2.0)) (&& (== net461) (>= netstandard2.0)) (== netcoreapp2.0) (== netcoreapp2.1) (== netstandard2.0)
      Newtonsoft.Json (>= 10.0.1) - restriction: || (&& (== net452) (>= netstandard2.0)) (&& (== net461) (>= netstandard2.0)) (== netcoreapp2.0) (== netcoreapp2.1) (== netstandard2.0)
    Microsoft.AspNetCore.Authentication.OpenIdConnect (2.1.0-preview1-final) - restriction: || (&& (== net452) (>= netcoreapp2.1)) (&& (== net461) (>= netcoreapp2.1)) (&& (== netcoreapp2.0) (>= netcoreapp2.1)) (== netcoreapp2.1) (&& (== netstandard2.0) (>= netcoreapp2.1))
      Microsoft.AspNetCore.Authentication.OAuth (>= 2.1.0-preview1-final) - restriction: || (&& (== net452) (>= netstandard2.0)) (&& (== net461) (>= netstandard2.0)) (== netcoreapp2.0) (== netcoreapp2.1) (== netstandard2.0)
      Microsoft.IdentityModel.Protocols.OpenIdConnect (>= 5.2.0-preview2-41113220915) - restriction: || (&& (== net452) (>= netstandard2.0)) (&& (== net461) (>= netstandard2.0)) (== netcoreapp2.0) (== netcoreapp2.1) (== netstandard2.0)
    Microsoft.AspNetCore.Authentication.Twitter (2.1.0-preview1-final) - restriction: || (&& (== net452) (>= netcoreapp2.1)) (&& (== net461) (>= netcoreapp2.1)) (&& (== netcoreapp2.0) (>= netcoreapp2.1)) (== netcoreapp2.1) (&& (== netstandard2.0) (>= netcoreapp2.1))
      Microsoft.AspNetCore.Authentication.OAuth (>= 2.1.0-preview1-final) - restriction: || (&& (== net452) (>= netstandard2.0)) (&& (== net461) (>= netstandard2.0)) (== netcoreapp2.0) (== netcoreapp2.1) (== netstandard2.0)
    Microsoft.AspNetCore.Authorization (2.1.0-preview1-final) - restriction: || (&& (== net452) (>= netcoreapp2.1)) (&& (== net461) (>= netcoreapp2.1)) (&& (== netcoreapp2.0) (>= netcoreapp2.1)) (== netcoreapp2.1) (&& (== netstandard2.0) (>= netcoreapp2.1))
      Microsoft.Extensions.Logging.Abstractions (>= 2.1.0-preview1-final) - restriction: || (&& (== net452) (>= netstandard2.0)) (&& (== net461) (>= netstandard2.0)) (== netcoreapp2.0) (== netcoreapp2.1) (== netstandard2.0)
      Microsoft.Extensions.Options (>= 2.1.0-preview1-final) - restriction: || (&& (== net452) (>= netstandard2.0)) (&& (== net461) (>= netstandard2.0)) (== netcoreapp2.0) (== netcoreapp2.1) (== netstandard2.0)
    Microsoft.AspNetCore.Authorization.Policy (2.1.0-preview1-final) - restriction: || (&& (== net452) (>= netcoreapp2.1)) (&& (== net461) (>= netcoreapp2.1)) (&& (== netcoreapp2.0) (>= netcoreapp2.1)) (== netcoreapp2.1) (&& (== netstandard2.0) (>= netcoreapp2.1))
      Microsoft.AspNetCore.Authentication.Abstractions (>= 2.1.0-preview1-final) - restriction: || (&& (== net452) (>= netstandard2.0)) (&& (== net461) (>= netstandard2.0)) (== netcoreapp2.0) (== netcoreapp2.1) (== netstandard2.0)
      Microsoft.AspNetCore.Authorization (>= 2.1.0-preview1-final) - restriction: || (&& (== net452) (>= netstandard2.0)) (&& (== net461) (>= netstandard2.0)) (== netcoreapp2.0) (== netcoreapp2.1) (== netstandard2.0)
    Microsoft.AspNetCore.AzureAppServicesIntegration (2.1.0-preview1-final) - restriction: || (&& (== net452) (>= netcoreapp2.1)) (&& (== net461) (>= netcoreapp2.1)) (&& (== netcoreapp2.0) (>= netcoreapp2.1)) (== netcoreapp2.1) (&& (== netstandard2.0) (>= netcoreapp2.1))
      Microsoft.AspNetCore.Hosting (>= 2.1.0-preview1-final) - restriction: || (&& (== net452) (>= netstandard2.0)) (&& (== net461) (>= netstandard2.0)) (== netcoreapp2.0) (== netcoreapp2.1) (== netstandard2.0)
      Microsoft.Extensions.Logging.AzureAppServices (>= 2.1.0-preview1-final) - restriction: || (&& (== net452) (>= netstandard2.0)) (&& (== net461) (>= netstandard2.0)) (== netcoreapp2.0) (== netcoreapp2.1) (== netstandard2.0)
    Microsoft.AspNetCore.CookiePolicy (2.1.0-preview1-final) - restriction: || (&& (== net452) (>= netcoreapp2.1)) (&& (== net461) (>= netcoreapp2.1)) (&& (== netcoreapp2.0) (>= netcoreapp2.1)) (== netcoreapp2.1) (&& (== netstandard2.0) (>= netcoreapp2.1))
      Microsoft.AspNetCore.Http (>= 2.1.0-preview1-final) - restriction: || (&& (== net452) (>= netstandard2.0)) (&& (== net461) (>= netstandard2.0)) (== netcoreapp2.0) (== netcoreapp2.1) (== netstandard2.0)
      Microsoft.Extensions.Options (>= 2.1.0-preview1-final) - restriction: || (&& (== net452) (>= netstandard2.0)) (&& (== net461) (>= netstandard2.0)) (== netcoreapp2.0) (== netcoreapp2.1) (== netstandard2.0)
    Microsoft.AspNetCore.Cors (2.1.0-preview1-final) - restriction: || (&& (== net452) (>= netcoreapp2.1)) (&& (== net461) (>= netcoreapp2.1)) (&& (== netcoreapp2.0) (>= netcoreapp2.1)) (== netcoreapp2.1) (&& (== netstandard2.0) (>= netcoreapp2.1))
      Microsoft.AspNetCore.Http.Extensions (>= 2.1.0-preview1-final) - restriction: || (&& (== net452) (>= netstandard2.0)) (&& (== net461) (>= netstandard2.0)) (== netcoreapp2.0) (== netcoreapp2.1) (== netstandard2.0)
      Microsoft.Extensions.Configuration.Abstractions (>= 2.1.0-preview1-final) - restriction: || (&& (== net452) (>= netstandard2.0)) (&& (== net461) (>= netstandard2.0)) (== netcoreapp2.0) (== netcoreapp2.1) (== netstandard2.0)
      Microsoft.Extensions.DependencyInjection.Abstractions (>= 2.1.0-preview1-final) - restriction: || (&& (== net452) (>= netstandard2.0)) (&& (== net461) (>= netstandard2.0)) (== netcoreapp2.0) (== netcoreapp2.1) (== netstandard2.0)
      Microsoft.Extensions.Logging.Abstractions (>= 2.1.0-preview1-final) - restriction: || (&& (== net452) (>= netstandard2.0)) (&& (== net461) (>= netstandard2.0)) (== netcoreapp2.0) (== netcoreapp2.1) (== netstandard2.0)
      Microsoft.Extensions.Options (>= 2.1.0-preview1-final) - restriction: || (&& (== net452) (>= netstandard2.0)) (&& (== net461) (>= netstandard2.0)) (== netcoreapp2.0) (== netcoreapp2.1) (== netstandard2.0)
    Microsoft.AspNetCore.Cryptography.Internal (2.1.0-preview1-final) - restriction: || (&& (== net452) (>= netcoreapp2.1)) (&& (== net461) (>= netcoreapp2.1)) (&& (== netcoreapp2.0) (>= netcoreapp2.1)) (== netcoreapp2.1) (&& (== netstandard2.0) (>= netcoreapp2.1))
    Microsoft.AspNetCore.Cryptography.KeyDerivation (2.1.0-preview1-final) - restriction: || (&& (== net452) (>= netcoreapp2.1)) (&& (== net461) (>= netcoreapp2.1)) (&& (== netcoreapp2.0) (>= netcoreapp2.1)) (== netcoreapp2.1) (&& (== netstandard2.0) (>= netcoreapp2.1))
      Microsoft.AspNetCore.Cryptography.Internal (>= 2.1.0-preview1-final) - restriction: || (&& (== net452) (>= netstandard2.0)) (&& (== net461) (>= netstandard2.0)) (== netcoreapp2.0) (== netcoreapp2.1) (== netstandard2.0)
    Microsoft.AspNetCore.DataProtection (2.1.0-preview1-final) - restriction: || (&& (== net452) (>= netcoreapp2.1)) (&& (== net461) (>= netcoreapp2.1)) (&& (== netcoreapp2.0) (>= netcoreapp2.1)) (== netcoreapp2.1) (&& (== netstandard2.0) (>= netcoreapp2.1))
      Microsoft.AspNetCore.Cryptography.Internal (>= 2.1.0-preview1-final) - restriction: || (&& (== net452) (>= netstandard2.0)) (&& (== net461) (>= netstandard2.0)) (== netcoreapp2.0) (== netcoreapp2.1) (== netstandard2.0)
      Microsoft.AspNetCore.DataProtection.Abstractions (>= 2.1.0-preview1-final) - restriction: || (&& (== net452) (>= netstandard2.0)) (&& (== net461) (>= netstandard2.0)) (== netcoreapp2.0) (== netcoreapp2.1) (== netstandard2.0)
      Microsoft.AspNetCore.Hosting.Abstractions (>= 2.1.0-preview1-final) - restriction: || (&& (== net452) (>= netstandard2.0)) (&& (== net461) (>= netstandard2.0)) (== netcoreapp2.0) (== netcoreapp2.1) (== netstandard2.0)
      Microsoft.Extensions.DependencyInjection.Abstractions (>= 2.1.0-preview1-final) - restriction: || (&& (== net452) (>= netstandard2.0)) (&& (== net461) (>= netstandard2.0)) (== netcoreapp2.0) (== netcoreapp2.1) (== netstandard2.0)
      Microsoft.Extensions.Logging.Abstractions (>= 2.1.0-preview1-final) - restriction: || (&& (== net452) (>= netstandard2.0)) (&& (== net461) (>= netstandard2.0)) (== netcoreapp2.0) (== netcoreapp2.1) (== netstandard2.0)
      Microsoft.Extensions.Options (>= 2.1.0-preview1-final) - restriction: || (&& (== net452) (>= netstandard2.0)) (&& (== net461) (>= netstandard2.0)) (== netcoreapp2.0) (== netcoreapp2.1) (== netstandard2.0)
      Microsoft.Win32.Registry (>= 4.5.0-preview1-26216-02) - restriction: || (&& (== net452) (>= netstandard2.0)) (&& (== net461) (>= netstandard2.0)) (== netcoreapp2.0) (== netcoreapp2.1) (== netstandard2.0)
      System.Security.Cryptography.Xml (>= 4.5.0-preview1-26216-02) - restriction: || (&& (== net452) (>= netstandard2.0)) (&& (== net461) (>= netstandard2.0)) (== netcoreapp2.0) (== netcoreapp2.1) (== netstandard2.0)
      System.Security.Principal.Windows (>= 4.5.0-preview1-26216-02) - restriction: || (&& (== net452) (>= netstandard2.0)) (&& (== net461) (>= netstandard2.0)) (== netcoreapp2.0) (== netcoreapp2.1) (== netstandard2.0)
    Microsoft.AspNetCore.DataProtection.Abstractions (2.1.0-preview1-final) - restriction: || (&& (== net452) (>= netcoreapp2.1)) (&& (== net461) (>= netcoreapp2.1)) (&& (== netcoreapp2.0) (>= netcoreapp2.1)) (== netcoreapp2.1) (&& (== netstandard2.0) (>= netcoreapp2.1))
    Microsoft.AspNetCore.DataProtection.Extensions (2.1.0-preview1-final) - restriction: || (&& (== net452) (>= netcoreapp2.1)) (&& (== net461) (>= netcoreapp2.1)) (&& (== netcoreapp2.0) (>= netcoreapp2.1)) (== netcoreapp2.1) (&& (== netstandard2.0) (>= netcoreapp2.1))
      Microsoft.AspNetCore.DataProtection (>= 2.1.0-preview1-final) - restriction: || (&& (== net452) (>= netstandard2.0)) (&& (== net461) (>= netstandard2.0)) (== netcoreapp2.0) (== netcoreapp2.1) (== netstandard2.0)
      Microsoft.Extensions.DependencyInjection (>= 2.1.0-preview1-final) - restriction: || (&& (== net452) (>= netstandard2.0)) (&& (== net461) (>= netstandard2.0)) (== netcoreapp2.0) (== netcoreapp2.1) (== netstandard2.0)
    Microsoft.AspNetCore.Diagnostics (2.1.0-preview1-final) - restriction: || (&& (== net452) (>= netcoreapp2.1)) (&& (== net461) (>= netcoreapp2.1)) (&& (== netcoreapp2.0) (>= netcoreapp2.1)) (== netcoreapp2.1) (&& (== netstandard2.0) (>= netcoreapp2.1))
      Microsoft.AspNetCore.Diagnostics.Abstractions (>= 2.1.0-preview1-final) - restriction: || (&& (== net452) (>= netstandard2.0)) (&& (== net461) (>= netstandard2.0)) (== netcoreapp2.0) (== netcoreapp2.1) (== netstandard2.0)
      Microsoft.AspNetCore.Hosting.Abstractions (>= 2.1.0-preview1-final) - restriction: || (&& (== net452) (>= netstandard2.0)) (&& (== net461) (>= netstandard2.0)) (== netcoreapp2.0) (== netcoreapp2.1) (== netstandard2.0)
      Microsoft.AspNetCore.Http.Extensions (>= 2.1.0-preview1-final) - restriction: || (&& (== net452) (>= netstandard2.0)) (&& (== net461) (>= netstandard2.0)) (== netcoreapp2.0) (== netcoreapp2.1) (== netstandard2.0)
      Microsoft.AspNetCore.WebUtilities (>= 2.1.0-preview1-final) - restriction: || (&& (== net452) (>= netstandard2.0)) (&& (== net461) (>= netstandard2.0)) (== netcoreapp2.0) (== netcoreapp2.1) (== netstandard2.0)
      Microsoft.Extensions.FileProviders.Physical (>= 2.1.0-preview1-final) - restriction: || (&& (== net452) (>= netstandard2.0)) (&& (== net461) (>= netstandard2.0)) (== netcoreapp2.0) (== netcoreapp2.1) (== netstandard2.0)
      Microsoft.Extensions.Logging.Abstractions (>= 2.1.0-preview1-final) - restriction: || (&& (== net452) (>= netstandard2.0)) (&& (== net461) (>= netstandard2.0)) (== netcoreapp2.0) (== netcoreapp2.1) (== netstandard2.0)
      Microsoft.Extensions.Options (>= 2.1.0-preview1-final) - restriction: || (&& (== net452) (>= netstandard2.0)) (&& (== net461) (>= netstandard2.0)) (== netcoreapp2.0) (== netcoreapp2.1) (== netstandard2.0)
      System.Diagnostics.DiagnosticSource (>= 4.5.0-preview1-26216-02) - restriction: || (&& (== net452) (>= netstandard2.0)) (&& (== net461) (>= netstandard2.0)) (== netcoreapp2.0) (== netcoreapp2.1) (== netstandard2.0)
      System.Reflection.Metadata (>= 1.6.0-preview1-26216-02) - restriction: || (&& (== net452) (>= netstandard2.0)) (&& (== net461) (>= netstandard2.0)) (== netcoreapp2.0) (== netcoreapp2.1) (== netstandard2.0)
    Microsoft.AspNetCore.Diagnostics.Abstractions (2.1.0-preview1-final) - restriction: || (&& (== net452) (>= netcoreapp2.1)) (&& (== net461) (>= netcoreapp2.1)) (&& (== netcoreapp2.0) (>= netcoreapp2.1)) (== netcoreapp2.1) (&& (== netstandard2.0) (>= netcoreapp2.1))
    Microsoft.AspNetCore.Diagnostics.EntityFrameworkCore (2.1.0-preview1-final) - restriction: || (&& (== net452) (>= netcoreapp2.1)) (&& (== net461) (>= netcoreapp2.1)) (&& (== netcoreapp2.0) (>= netcoreapp2.1)) (== netcoreapp2.1) (&& (== netstandard2.0) (>= netcoreapp2.1))
      Microsoft.AspNetCore.Http.Abstractions (>= 2.1.0-preview1-final) - restriction: || (&& (== net452) (>= netstandard2.0)) (&& (== net461) (>= netstandard2.0)) (== netcoreapp2.0) (== netcoreapp2.1) (== netstandard2.0)
      Microsoft.EntityFrameworkCore.Relational (>= 2.1.0-preview1-final) - restriction: || (&& (== net452) (>= netstandard2.0)) (&& (== net461) (>= netstandard2.0)) (== netcoreapp2.0) (== netcoreapp2.1) (== netstandard2.0)
    Microsoft.AspNetCore.Hosting (2.1.0-preview1-final) - restriction: || (&& (== net452) (>= netcoreapp2.1)) (&& (== net461) (>= netcoreapp2.1)) (&& (== netcoreapp2.0) (>= netcoreapp2.1)) (== netcoreapp2.1) (&& (== netstandard2.0) (>= netcoreapp2.1))
      Microsoft.AspNetCore.Hosting.Abstractions (>= 2.1.0-preview1-final) - restriction: || (&& (== net452) (>= netstandard2.0)) (&& (== net461) (>= netstandard2.0)) (== netcoreapp2.0) (== netcoreapp2.1) (== netstandard2.0)
      Microsoft.AspNetCore.Http (>= 2.1.0-preview1-final) - restriction: || (&& (== net452) (>= netstandard2.0)) (&& (== net461) (>= netstandard2.0)) (== netcoreapp2.0) (== netcoreapp2.1) (== netstandard2.0)
      Microsoft.AspNetCore.Http.Extensions (>= 2.1.0-preview1-final) - restriction: || (&& (== net452) (>= netstandard2.0)) (&& (== net461) (>= netstandard2.0)) (== netcoreapp2.0) (== netcoreapp2.1) (== netstandard2.0)
      Microsoft.Extensions.Configuration (>= 2.1.0-preview1-final) - restriction: || (&& (== net452) (>= netstandard2.0)) (&& (== net461) (>= netstandard2.0)) (== netcoreapp2.0) (== netcoreapp2.1) (== netstandard2.0)
      Microsoft.Extensions.Configuration.EnvironmentVariables (>= 2.1.0-preview1-final) - restriction: || (&& (== net452) (>= netstandard2.0)) (&& (== net461) (>= netstandard2.0)) (== netcoreapp2.0) (== netcoreapp2.1) (== netstandard2.0)
      Microsoft.Extensions.Configuration.FileExtensions (>= 2.1.0-preview1-final) - restriction: || (&& (== net452) (>= netstandard2.0)) (&& (== net461) (>= netstandard2.0)) (== netcoreapp2.0) (== netcoreapp2.1) (== netstandard2.0)
      Microsoft.Extensions.DependencyInjection (>= 2.1.0-preview1-final) - restriction: || (&& (== net452) (>= netstandard2.0)) (&& (== net461) (>= netstandard2.0)) (== netcoreapp2.0) (== netcoreapp2.1) (== netstandard2.0)
      Microsoft.Extensions.FileProviders.Physical (>= 2.1.0-preview1-final) - restriction: || (&& (== net452) (>= netstandard2.0)) (&& (== net461) (>= netstandard2.0)) (== netcoreapp2.0) (== netcoreapp2.1) (== netstandard2.0)
      Microsoft.Extensions.Hosting.Abstractions (>= 2.1.0-preview1-final) - restriction: || (&& (== net452) (>= netstandard2.0)) (&& (== net461) (>= netstandard2.0)) (== netcoreapp2.0) (== netcoreapp2.1) (== netstandard2.0)
      Microsoft.Extensions.Logging (>= 2.1.0-preview1-final) - restriction: || (&& (== net452) (>= netstandard2.0)) (&& (== net461) (>= netstandard2.0)) (== netcoreapp2.0) (== netcoreapp2.1) (== netstandard2.0)
      Microsoft.Extensions.Options (>= 2.1.0-preview1-final) - restriction: || (&& (== net452) (>= netstandard2.0)) (&& (== net461) (>= netstandard2.0)) (== netcoreapp2.0) (== netcoreapp2.1) (== netstandard2.0)
      System.Diagnostics.DiagnosticSource (>= 4.5.0-preview1-26216-02) - restriction: || (&& (== net452) (>= netstandard2.0)) (&& (== net461) (>= netstandard2.0)) (== netcoreapp2.0) (== netcoreapp2.1) (== netstandard2.0)
      System.Reflection.Metadata (>= 1.6.0-preview1-26216-02) - restriction: || (&& (== net452) (>= netstandard2.0)) (&& (== net461) (>= netstandard2.0)) (== netcoreapp2.0) (== netcoreapp2.1) (== netstandard2.0)
    Microsoft.AspNetCore.Hosting.Abstractions (2.1.0-preview1-final) - restriction: || (&& (== net452) (>= netcoreapp2.1)) (&& (== net461) (>= netcoreapp2.1)) (&& (== netcoreapp2.0) (>= netcoreapp2.1)) (== netcoreapp2.1) (&& (== netstandard2.0) (>= netcoreapp2.1))
      Microsoft.AspNetCore.Hosting.Server.Abstractions (>= 2.1.0-preview1-final) - restriction: || (&& (== net452) (>= netstandard2.0)) (&& (== net461) (>= netstandard2.0)) (== netcoreapp2.0) (== netcoreapp2.1) (== netstandard2.0)
      Microsoft.AspNetCore.Http.Abstractions (>= 2.1.0-preview1-final) - restriction: || (&& (== net452) (>= netstandard2.0)) (&& (== net461) (>= netstandard2.0)) (== netcoreapp2.0) (== netcoreapp2.1) (== netstandard2.0)
      Microsoft.Extensions.Hosting.Abstractions (>= 2.1.0-preview1-final) - restriction: || (&& (== net452) (>= netstandard2.0)) (&& (== net461) (>= netstandard2.0)) (== netcoreapp2.0) (== netcoreapp2.1) (== netstandard2.0)
    Microsoft.AspNetCore.Hosting.Server.Abstractions (2.1.0-preview1-final) - restriction: || (&& (== net452) (>= netcoreapp2.1)) (&& (== net461) (>= netcoreapp2.1)) (&& (== netcoreapp2.0) (>= netcoreapp2.1)) (== netcoreapp2.1) (&& (== netstandard2.0) (>= netcoreapp2.1))
      Microsoft.AspNetCore.Http.Features (>= 2.1.0-preview1-final) - restriction: || (&& (== net452) (>= netstandard2.0)) (&& (== net461) (>= netstandard2.0)) (== netcoreapp2.0) (== netcoreapp2.1) (== netstandard2.0)
      Microsoft.Extensions.Configuration.Abstractions (>= 2.1.0-preview1-final) - restriction: || (&& (== net452) (>= netstandard2.0)) (&& (== net461) (>= netstandard2.0)) (== netcoreapp2.0) (== netcoreapp2.1) (== netstandard2.0)
    Microsoft.AspNetCore.Html.Abstractions (2.1.0-preview1-final) - restriction: || (&& (== net452) (>= netcoreapp2.1)) (&& (== net461) (>= netcoreapp2.1)) (&& (== netcoreapp2.0) (>= netcoreapp2.1)) (== netcoreapp2.1) (&& (== netstandard2.0) (>= netcoreapp2.1))
      System.Text.Encodings.Web (>= 4.5.0-preview1-26216-02) - restriction: || (&& (== net452) (>= netstandard2.0)) (&& (== net461) (>= netstandard2.0)) (== netcoreapp2.0) (== netcoreapp2.1) (== netstandard2.0)
    Microsoft.AspNetCore.Http (2.1.0-preview1-final) - restriction: || (&& (== net452) (>= netcoreapp2.1)) (&& (== net461) (>= netcoreapp2.1)) (&& (== netcoreapp2.0) (>= netcoreapp2.1)) (== netcoreapp2.1) (&& (== netstandard2.0) (>= netcoreapp2.1))
      Microsoft.AspNetCore.Http.Abstractions (>= 2.1.0-preview1-final) - restriction: || (&& (== net452) (>= netstandard2.0)) (&& (== net461) (>= netstandard2.0)) (== netcoreapp2.0) (== netcoreapp2.1) (== netstandard2.0)
      Microsoft.AspNetCore.WebUtilities (>= 2.1.0-preview1-final) - restriction: || (&& (== net452) (>= netstandard2.0)) (&& (== net461) (>= netstandard2.0)) (== netcoreapp2.0) (== netcoreapp2.1) (== netstandard2.0)
      Microsoft.Extensions.ObjectPool (>= 2.1.0-preview1-final) - restriction: || (&& (== net452) (>= netstandard2.0)) (&& (== net461) (>= netstandard2.0)) (== netcoreapp2.0) (== netcoreapp2.1) (== netstandard2.0)
      Microsoft.Extensions.Options (>= 2.1.0-preview1-final) - restriction: || (&& (== net452) (>= netstandard2.0)) (&& (== net461) (>= netstandard2.0)) (== netcoreapp2.0) (== netcoreapp2.1) (== netstandard2.0)
      Microsoft.Net.Http.Headers (>= 2.1.0-preview1-final) - restriction: || (&& (== net452) (>= netstandard2.0)) (&& (== net461) (>= netstandard2.0)) (== netcoreapp2.0) (== netcoreapp2.1) (== netstandard2.0)
    Microsoft.AspNetCore.Http.Abstractions (2.1.0-preview1-final) - restriction: || (&& (== net452) (>= netcoreapp2.1)) (&& (== net461) (>= netcoreapp2.1)) (&& (== netcoreapp2.0) (>= netcoreapp2.1)) (== netcoreapp2.1) (&& (== netstandard2.0) (>= netcoreapp2.1))
      Microsoft.AspNetCore.Http.Features (>= 2.1.0-preview1-final) - restriction: || (&& (== net452) (>= netstandard2.0)) (&& (== net461) (>= netstandard2.0)) (== netcoreapp2.0) (== netcoreapp2.1) (== netstandard2.0)
      System.Text.Encodings.Web (>= 4.5.0-preview1-26216-02) - restriction: || (&& (== net452) (>= netstandard2.0)) (&& (== net461) (>= netstandard2.0)) (== netcoreapp2.0) (== netcoreapp2.1) (== netstandard2.0)
    Microsoft.AspNetCore.Http.Extensions (2.1.0-preview1-final) - restriction: || (&& (== net452) (>= netcoreapp2.1)) (&& (== net461) (>= netcoreapp2.1)) (&& (== netcoreapp2.0) (>= netcoreapp2.1)) (== netcoreapp2.1) (&& (== netstandard2.0) (>= netcoreapp2.1))
      Microsoft.AspNetCore.Http.Abstractions (>= 2.1.0-preview1-final) - restriction: || (&& (== net452) (>= netstandard2.0)) (&& (== net461) (>= netstandard2.0)) (== netcoreapp2.0) (== netcoreapp2.1) (== netstandard2.0)
      Microsoft.Extensions.FileProviders.Abstractions (>= 2.1.0-preview1-final) - restriction: || (&& (== net452) (>= netstandard2.0)) (&& (== net461) (>= netstandard2.0)) (== netcoreapp2.0) (== netcoreapp2.1) (== netstandard2.0)
      Microsoft.Net.Http.Headers (>= 2.1.0-preview1-final) - restriction: || (&& (== net452) (>= netstandard2.0)) (&& (== net461) (>= netstandard2.0)) (== netcoreapp2.0) (== netcoreapp2.1) (== netstandard2.0)
      System.Buffers (>= 4.5.0-preview1-26216-02) - restriction: || (&& (== net452) (>= netstandard2.0)) (&& (== net461) (>= netstandard2.0)) (== netcoreapp2.0) (== netcoreapp2.1) (== netstandard2.0)
    Microsoft.AspNetCore.Http.Features (2.1.0-preview1-final) - restriction: || (&& (== net452) (>= netcoreapp2.1)) (&& (== net461) (>= netcoreapp2.1)) (&& (== netcoreapp2.0) (>= netcoreapp2.1)) (== netcoreapp2.1) (&& (== netstandard2.0) (>= netcoreapp2.1))
      Microsoft.Extensions.Primitives (>= 2.1.0-preview1-final) - restriction: || (&& (== net452) (>= netstandard2.0)) (&& (== net461) (>= netstandard2.0)) (== netcoreapp2.0) (== netcoreapp2.1) (== netstandard2.0)
    Microsoft.AspNetCore.HttpOverrides (2.1.0-preview1-final) - restriction: || (&& (== net452) (>= netcoreapp2.1)) (&& (== net461) (>= netcoreapp2.1)) (&& (== netcoreapp2.0) (>= netcoreapp2.1)) (== netcoreapp2.1) (&& (== netstandard2.0) (>= netcoreapp2.1))
      Microsoft.AspNetCore.Http.Extensions (>= 2.1.0-preview1-final) - restriction: || (&& (== net452) (>= netstandard2.0)) (&& (== net461) (>= netstandard2.0)) (== netcoreapp2.0) (== netcoreapp2.1) (== netstandard2.0)
      Microsoft.Extensions.Logging.Abstractions (>= 2.1.0-preview1-final) - restriction: || (&& (== net452) (>= netstandard2.0)) (&& (== net461) (>= netstandard2.0)) (== netcoreapp2.0) (== netcoreapp2.1) (== netstandard2.0)
      Microsoft.Extensions.Options (>= 2.1.0-preview1-final) - restriction: || (&& (== net452) (>= netstandard2.0)) (&& (== net461) (>= netstandard2.0)) (== netcoreapp2.0) (== netcoreapp2.1) (== netstandard2.0)
    Microsoft.AspNetCore.HttpsPolicy (2.1.0-preview1-final) - restriction: || (&& (== net452) (>= netcoreapp2.1)) (&& (== net461) (>= netcoreapp2.1)) (&& (== netcoreapp2.0) (>= netcoreapp2.1)) (== netcoreapp2.1) (&& (== netstandard2.0) (>= netcoreapp2.1))
      Microsoft.AspNetCore.Hosting.Abstractions (>= 2.1.0-preview1-final) - restriction: || (&& (== net452) (>= netstandard2.0)) (&& (== net461) (>= netstandard2.0)) (== netcoreapp2.0) (== netcoreapp2.1) (== netstandard2.0)
      Microsoft.AspNetCore.Http (>= 2.1.0-preview1-final) - restriction: || (&& (== net452) (>= netstandard2.0)) (&& (== net461) (>= netstandard2.0)) (== netcoreapp2.0) (== netcoreapp2.1) (== netstandard2.0)
      Microsoft.AspNetCore.Http.Extensions (>= 2.1.0-preview1-final) - restriction: || (&& (== net452) (>= netstandard2.0)) (&& (== net461) (>= netstandard2.0)) (== netcoreapp2.0) (== netcoreapp2.1) (== netstandard2.0)
      Microsoft.Extensions.Configuration.Binder (>= 2.1.0-preview1-final) - restriction: || (&& (== net452) (>= netstandard2.0)) (&& (== net461) (>= netstandard2.0)) (== netcoreapp2.0) (== netcoreapp2.1) (== netstandard2.0)
      Microsoft.Extensions.Options (>= 2.1.0-preview1-final) - restriction: || (&& (== net452) (>= netstandard2.0)) (&& (== net461) (>= netstandard2.0)) (== netcoreapp2.0) (== netcoreapp2.1) (== netstandard2.0)
    Microsoft.AspNetCore.Identity (2.1.0-preview1-final) - restriction: || (&& (== net452) (>= netcoreapp2.1)) (&& (== net461) (>= netcoreapp2.1)) (&& (== netcoreapp2.0) (>= netcoreapp2.1)) (== netcoreapp2.1) (&& (== netstandard2.0) (>= netcoreapp2.1))
      Microsoft.AspNetCore.Authentication.Cookies (>= 2.1.0-preview1-final) - restriction: || (&& (== net452) (>= netstandard2.0)) (&& (== net461) (>= netstandard2.0)) (== netcoreapp2.0) (== netcoreapp2.1) (== netstandard2.0)
      Microsoft.AspNetCore.Cryptography.KeyDerivation (>= 2.1.0-preview1-final) - restriction: || (&& (== net452) (>= netstandard2.0)) (&& (== net461) (>= netstandard2.0)) (== netcoreapp2.0) (== netcoreapp2.1) (== netstandard2.0)
      Microsoft.AspNetCore.Hosting.Abstractions (>= 2.1.0-preview1-final) - restriction: || (&& (== net452) (>= netstandard2.0)) (&& (== net461) (>= netstandard2.0)) (== netcoreapp2.0) (== netcoreapp2.1) (== netstandard2.0)
      Microsoft.Extensions.Identity.Core (>= 2.1.0-preview1-final) - restriction: || (&& (== net452) (>= netstandard2.0)) (&& (== net461) (>= netstandard2.0)) (== netcoreapp2.0) (== netcoreapp2.1) (== netstandard2.0)
    Microsoft.AspNetCore.Identity.EntityFrameworkCore (2.1.0-preview1-final) - restriction: || (&& (== net452) (>= netcoreapp2.1)) (&& (== net461) (>= netcoreapp2.1)) (&& (== netcoreapp2.0) (>= netcoreapp2.1)) (== netcoreapp2.1) (&& (== netstandard2.0) (>= netcoreapp2.1))
      Microsoft.AspNetCore.Identity (>= 2.1.0-preview1-final) - restriction: || (&& (== net452) (>= netstandard2.0)) (&& (== net461) (>= netstandard2.0)) (== netcoreapp2.0) (== netcoreapp2.1) (== netstandard2.0)
      Microsoft.EntityFrameworkCore.Relational (>= 2.1.0-preview1-final) - restriction: || (&& (== net452) (>= netstandard2.0)) (&& (== net461) (>= netstandard2.0)) (== netcoreapp2.0) (== netcoreapp2.1) (== netstandard2.0)
      Microsoft.Extensions.Identity.Stores (>= 2.1.0-preview1-final) - restriction: || (&& (== net452) (>= netstandard2.0)) (&& (== net461) (>= netstandard2.0)) (== netcoreapp2.0) (== netcoreapp2.1) (== netstandard2.0)
    Microsoft.AspNetCore.Identity.UI (2.1.0-preview1-final) - restriction: || (&& (== net452) (>= netcoreapp2.1)) (&& (== net461) (>= netcoreapp2.1)) (&& (== netcoreapp2.0) (>= netcoreapp2.1)) (== netcoreapp2.1) (&& (== netstandard2.0) (>= netcoreapp2.1))
      Microsoft.AspNetCore.Identity (>= 2.1.0-preview1-final) - restriction: || (&& (== net452) (>= netstandard2.0)) (&& (== net461) (>= netstandard2.0)) (== netcoreapp2.0) (== netcoreapp2.1) (== netstandard2.0)
      Microsoft.AspNetCore.Mvc (>= 2.1.0-preview1-final) - restriction: || (&& (== net452) (>= netstandard2.0)) (&& (== net461) (>= netstandard2.0)) (== netcoreapp2.0) (== netcoreapp2.1) (== netstandard2.0)
      Microsoft.AspNetCore.StaticFiles (>= 2.1.0-preview1-final) - restriction: || (&& (== net452) (>= netstandard2.0)) (&& (== net461) (>= netstandard2.0)) (== netcoreapp2.0) (== netcoreapp2.1) (== netstandard2.0)
      Microsoft.Extensions.FileProviders.Embedded (>= 2.1.0-preview1-final) - restriction: || (&& (== net452) (>= netstandard2.0)) (&& (== net461) (>= netstandard2.0)) (== netcoreapp2.0) (== netcoreapp2.1) (== netstandard2.0)
      Microsoft.Extensions.Identity.Stores (>= 2.1.0-preview1-final) - restriction: || (&& (== net452) (>= netstandard2.0)) (&& (== net461) (>= netstandard2.0)) (== netcoreapp2.0) (== netcoreapp2.1) (== netstandard2.0)
    Microsoft.AspNetCore.JsonPatch (2.1.0-preview1-final) - restriction: || (&& (== net452) (>= netcoreapp2.1)) (&& (== net461) (>= netcoreapp2.1)) (&& (== netcoreapp2.0) (>= netcoreapp2.1)) (== netcoreapp2.1) (&& (== netstandard2.0) (>= netcoreapp2.1))
      Microsoft.CSharp (>= 4.5.0-preview1-26216-02) - restriction: || (&& (== net452) (>= netstandard2.0)) (&& (== net461) (>= netstandard2.0)) (== netcoreapp2.0) (== netcoreapp2.1) (== netstandard2.0)
      Newtonsoft.Json (>= 10.0.1) - restriction: || (&& (== net452) (>= netstandard2.0)) (&& (== net461) (>= netstandard2.0)) (== netcoreapp2.0) (== netcoreapp2.1) (== netstandard2.0)
    Microsoft.AspNetCore.Localization (2.1.0-preview1-final) - restriction: || (&& (== net452) (>= netcoreapp2.1)) (&& (== net461) (>= netcoreapp2.1)) (&& (== netcoreapp2.0) (>= netcoreapp2.1)) (== netcoreapp2.1) (&& (== netstandard2.0) (>= netcoreapp2.1))
      Microsoft.AspNetCore.Http.Extensions (>= 2.1.0-preview1-final) - restriction: || (&& (== net452) (>= netstandard2.0)) (&& (== net461) (>= netstandard2.0)) (== netcoreapp2.0) (== netcoreapp2.1) (== netstandard2.0)
      Microsoft.Extensions.Localization.Abstractions (>= 2.1.0-preview1-final) - restriction: || (&& (== net452) (>= netstandard2.0)) (&& (== net461) (>= netstandard2.0)) (== netcoreapp2.0) (== netcoreapp2.1) (== netstandard2.0)
      Microsoft.Extensions.Logging.Abstractions (>= 2.1.0-preview1-final) - restriction: || (&& (== net452) (>= netstandard2.0)) (&& (== net461) (>= netstandard2.0)) (== netcoreapp2.0) (== netcoreapp2.1) (== netstandard2.0)
      Microsoft.Extensions.Options (>= 2.1.0-preview1-final) - restriction: || (&& (== net452) (>= netstandard2.0)) (&& (== net461) (>= netstandard2.0)) (== netcoreapp2.0) (== netcoreapp2.1) (== netstandard2.0)
    Microsoft.AspNetCore.Localization.Routing (2.1.0-preview1-final) - restriction: || (&& (== net452) (>= netcoreapp2.1)) (&& (== net461) (>= netcoreapp2.1)) (&& (== netcoreapp2.0) (>= netcoreapp2.1)) (== netcoreapp2.1) (&& (== netstandard2.0) (>= netcoreapp2.1))
      Microsoft.AspNetCore.Localization (>= 2.1.0-preview1-final) - restriction: || (&& (== net452) (>= netstandard2.0)) (&& (== net461) (>= netstandard2.0)) (== netcoreapp2.0) (== netcoreapp2.1) (== netstandard2.0)
      Microsoft.AspNetCore.Routing.Abstractions (>= 2.1.0-preview1-final) - restriction: || (&& (== net452) (>= netstandard2.0)) (&& (== net461) (>= netstandard2.0)) (== netcoreapp2.0) (== netcoreapp2.1) (== netstandard2.0)
    Microsoft.AspNetCore.MiddlewareAnalysis (2.1.0-preview1-final) - restriction: || (&& (== net452) (>= netcoreapp2.1)) (&& (== net461) (>= netcoreapp2.1)) (&& (== netcoreapp2.0) (>= netcoreapp2.1)) (== netcoreapp2.1) (&& (== netstandard2.0) (>= netcoreapp2.1))
      Microsoft.AspNetCore.Hosting.Abstractions (>= 2.1.0-preview1-final) - restriction: || (&& (== net452) (>= netstandard2.0)) (&& (== net461) (>= netstandard2.0)) (== netcoreapp2.0) (== netcoreapp2.1) (== netstandard2.0)
      Microsoft.Extensions.DependencyInjection.Abstractions (>= 2.1.0-preview1-final) - restriction: || (&& (== net452) (>= netstandard2.0)) (&& (== net461) (>= netstandard2.0)) (== netcoreapp2.0) (== netcoreapp2.1) (== netstandard2.0)
      System.Diagnostics.DiagnosticSource (>= 4.5.0-preview1-26216-02) - restriction: || (&& (== net452) (>= netstandard2.0)) (&& (== net461) (>= netstandard2.0)) (== netcoreapp2.0) (== netcoreapp2.1) (== netstandard2.0)
    Microsoft.AspNetCore.Mvc (2.1.0-preview1-final) - restriction: || (&& (== net452) (>= netcoreapp2.1)) (&& (== net461) (>= netcoreapp2.1)) (&& (== netcoreapp2.0) (>= netcoreapp2.1)) (== netcoreapp2.1) (&& (== netstandard2.0) (>= netcoreapp2.1))
      Microsoft.AspNetCore.Mvc.ApiExplorer (>= 2.1.0-preview1-final) - restriction: || (&& (== net452) (>= netstandard2.0)) (&& (== net461) (>= netstandard2.0)) (== netcoreapp2.0) (== netcoreapp2.1) (== netstandard2.0)
      Microsoft.AspNetCore.Mvc.Cors (>= 2.1.0-preview1-final) - restriction: || (&& (== net452) (>= netstandard2.0)) (&& (== net461) (>= netstandard2.0)) (== netcoreapp2.0) (== netcoreapp2.1) (== netstandard2.0)
      Microsoft.AspNetCore.Mvc.DataAnnotations (>= 2.1.0-preview1-final) - restriction: || (&& (== net452) (>= netstandard2.0)) (&& (== net461) (>= netstandard2.0)) (== netcoreapp2.0) (== netcoreapp2.1) (== netstandard2.0)
      Microsoft.AspNetCore.Mvc.Formatters.Json (>= 2.1.0-preview1-final) - restriction: || (&& (== net452) (>= netstandard2.0)) (&& (== net461) (>= netstandard2.0)) (== netcoreapp2.0) (== netcoreapp2.1) (== netstandard2.0)
      Microsoft.AspNetCore.Mvc.Localization (>= 2.1.0-preview1-final) - restriction: || (&& (== net452) (>= netstandard2.0)) (&& (== net461) (>= netstandard2.0)) (== netcoreapp2.0) (== netcoreapp2.1) (== netstandard2.0)
      Microsoft.AspNetCore.Mvc.RazorPages (>= 2.1.0-preview1-final) - restriction: || (&& (== net452) (>= netstandard2.0)) (&& (== net461) (>= netstandard2.0)) (== netcoreapp2.0) (== netcoreapp2.1) (== netstandard2.0)
      Microsoft.AspNetCore.Mvc.TagHelpers (>= 2.1.0-preview1-final) - restriction: || (&& (== net452) (>= netstandard2.0)) (&& (== net461) (>= netstandard2.0)) (== netcoreapp2.0) (== netcoreapp2.1) (== netstandard2.0)
      Microsoft.AspNetCore.Mvc.ViewFeatures (>= 2.1.0-preview1-final) - restriction: || (&& (== net452) (>= netstandard2.0)) (&& (== net461) (>= netstandard2.0)) (== netcoreapp2.0) (== netcoreapp2.1) (== netstandard2.0)
      Microsoft.AspNetCore.Razor.Design (>= 2.1.0-preview1-final) - restriction: || (&& (== net452) (>= netstandard2.0)) (&& (== net461) (>= netstandard2.0)) (== netcoreapp2.0) (== netcoreapp2.1) (== netstandard2.0)
      Microsoft.Extensions.Caching.Memory (>= 2.1.0-preview1-final) - restriction: || (&& (== net452) (>= netstandard2.0)) (&& (== net461) (>= netstandard2.0)) (== netcoreapp2.0) (== netcoreapp2.1) (== netstandard2.0)
      Microsoft.Extensions.DependencyInjection (>= 2.1.0-preview1-final) - restriction: || (&& (== net452) (>= netstandard2.0)) (&& (== net461) (>= netstandard2.0)) (== netcoreapp2.0) (== netcoreapp2.1) (== netstandard2.0)
    Microsoft.AspNetCore.Mvc.Abstractions (2.1.0-preview1-final) - restriction: || (&& (== net452) (>= netcoreapp2.1)) (&& (== net461) (>= netcoreapp2.1)) (&& (== netcoreapp2.0) (>= netcoreapp2.1)) (== netcoreapp2.1) (&& (== netstandard2.0) (>= netcoreapp2.1))
      Microsoft.AspNetCore.Routing.Abstractions (>= 2.1.0-preview1-final) - restriction: || (&& (== net452) (>= netstandard2.0)) (&& (== net461) (>= netstandard2.0)) (== netcoreapp2.0) (== netcoreapp2.1) (== netstandard2.0)
      Microsoft.Net.Http.Headers (>= 2.1.0-preview1-final) - restriction: || (&& (== net452) (>= netstandard2.0)) (&& (== net461) (>= netstandard2.0)) (== netcoreapp2.0) (== netcoreapp2.1) (== netstandard2.0)
    Microsoft.AspNetCore.Mvc.ApiExplorer (2.1.0-preview1-final) - restriction: || (&& (== net452) (>= netcoreapp2.1)) (&& (== net461) (>= netcoreapp2.1)) (&& (== netcoreapp2.0) (>= netcoreapp2.1)) (== netcoreapp2.1) (&& (== netstandard2.0) (>= netcoreapp2.1))
      Microsoft.AspNetCore.Mvc.Core (>= 2.1.0-preview1-final) - restriction: || (&& (== net452) (>= netstandard2.0)) (&& (== net461) (>= netstandard2.0)) (== netcoreapp2.0) (== netcoreapp2.1) (== netstandard2.0)
    Microsoft.AspNetCore.Mvc.Core (2.1.0-preview1-final) - restriction: || (&& (== net452) (>= netcoreapp2.1)) (&& (== net461) (>= netcoreapp2.1)) (&& (== netcoreapp2.0) (>= netcoreapp2.1)) (== netcoreapp2.1) (&& (== netstandard2.0) (>= netcoreapp2.1))
      Microsoft.AspNetCore.Authentication.Core (>= 2.1.0-preview1-final) - restriction: || (&& (== net452) (>= netstandard2.0)) (&& (== net461) (>= netstandard2.0)) (== netcoreapp2.0) (== netcoreapp2.1) (== netstandard2.0)
      Microsoft.AspNetCore.Authorization.Policy (>= 2.1.0-preview1-final) - restriction: || (&& (== net452) (>= netstandard2.0)) (&& (== net461) (>= netstandard2.0)) (== netcoreapp2.0) (== netcoreapp2.1) (== netstandard2.0)
      Microsoft.AspNetCore.Hosting.Abstractions (>= 2.1.0-preview1-final) - restriction: || (&& (== net452) (>= netstandard2.0)) (&& (== net461) (>= netstandard2.0)) (== netcoreapp2.0) (== netcoreapp2.1) (== netstandard2.0)
      Microsoft.AspNetCore.Http (>= 2.1.0-preview1-final) - restriction: || (&& (== net452) (>= netstandard2.0)) (&& (== net461) (>= netstandard2.0)) (== netcoreapp2.0) (== netcoreapp2.1) (== netstandard2.0)
      Microsoft.AspNetCore.Http.Extensions (>= 2.1.0-preview1-final) - restriction: || (&& (== net452) (>= netstandard2.0)) (&& (== net461) (>= netstandard2.0)) (== netcoreapp2.0) (== netcoreapp2.1) (== netstandard2.0)
      Microsoft.AspNetCore.Mvc.Abstractions (>= 2.1.0-preview1-final) - restriction: || (&& (== net452) (>= netstandard2.0)) (&& (== net461) (>= netstandard2.0)) (== netcoreapp2.0) (== netcoreapp2.1) (== netstandard2.0)
      Microsoft.AspNetCore.ResponseCaching.Abstractions (>= 2.1.0-preview1-final) - restriction: || (&& (== net452) (>= netstandard2.0)) (&& (== net461) (>= netstandard2.0)) (== netcoreapp2.0) (== netcoreapp2.1) (== netstandard2.0)
      Microsoft.AspNetCore.Routing (>= 2.1.0-preview1-final) - restriction: || (&& (== net452) (>= netstandard2.0)) (&& (== net461) (>= netstandard2.0)) (== netcoreapp2.0) (== netcoreapp2.1) (== netstandard2.0)
      Microsoft.Extensions.DependencyInjection (>= 2.1.0-preview1-final) - restriction: || (&& (== net452) (>= netstandard2.0)) (&& (== net461) (>= netstandard2.0)) (== netcoreapp2.0) (== netcoreapp2.1) (== netstandard2.0)
      Microsoft.Extensions.DependencyModel (>= 2.1.0-preview1-26216-03) - restriction: || (&& (== net452) (>= netstandard2.0)) (&& (== net461) (>= netstandard2.0)) (== netcoreapp2.0) (== netcoreapp2.1) (== netstandard2.0)
      Microsoft.Extensions.FileProviders.Abstractions (>= 2.1.0-preview1-final) - restriction: || (&& (== net452) (>= netstandard2.0)) (&& (== net461) (>= netstandard2.0)) (== netcoreapp2.0) (== netcoreapp2.1) (== netstandard2.0)
      Microsoft.Extensions.Logging.Abstractions (>= 2.1.0-preview1-final) - restriction: || (&& (== net452) (>= netstandard2.0)) (&& (== net461) (>= netstandard2.0)) (== netcoreapp2.0) (== netcoreapp2.1) (== netstandard2.0)
      System.Diagnostics.DiagnosticSource (>= 4.5.0-preview1-26216-02) - restriction: || (&& (== net452) (>= netstandard2.0)) (&& (== net461) (>= netstandard2.0)) (== netcoreapp2.0) (== netcoreapp2.1) (== netstandard2.0)
      System.Threading.Tasks.Extensions (>= 4.5.0-preview1-26216-02) - restriction: || (&& (== net452) (>= netstandard2.0)) (&& (== net461) (>= netstandard2.0)) (== netcoreapp2.0) (== netcoreapp2.1) (== netstandard2.0)
    Microsoft.AspNetCore.Mvc.Cors (2.1.0-preview1-final) - restriction: || (&& (== net452) (>= netcoreapp2.1)) (&& (== net461) (>= netcoreapp2.1)) (&& (== netcoreapp2.0) (>= netcoreapp2.1)) (== netcoreapp2.1) (&& (== netstandard2.0) (>= netcoreapp2.1))
      Microsoft.AspNetCore.Cors (>= 2.1.0-preview1-final) - restriction: || (&& (== net452) (>= netstandard2.0)) (&& (== net461) (>= netstandard2.0)) (== netcoreapp2.0) (== netcoreapp2.1) (== netstandard2.0)
      Microsoft.AspNetCore.Mvc.Core (>= 2.1.0-preview1-final) - restriction: || (&& (== net452) (>= netstandard2.0)) (&& (== net461) (>= netstandard2.0)) (== netcoreapp2.0) (== netcoreapp2.1) (== netstandard2.0)
    Microsoft.AspNetCore.Mvc.DataAnnotations (2.1.0-preview1-final) - restriction: || (&& (== net452) (>= netcoreapp2.1)) (&& (== net461) (>= netcoreapp2.1)) (&& (== netcoreapp2.0) (>= netcoreapp2.1)) (== netcoreapp2.1) (&& (== netstandard2.0) (>= netcoreapp2.1))
      Microsoft.AspNetCore.Mvc.Core (>= 2.1.0-preview1-final) - restriction: || (&& (== net452) (>= netstandard2.0)) (&& (== net461) (>= netstandard2.0)) (== netcoreapp2.0) (== netcoreapp2.1) (== netstandard2.0)
      Microsoft.Extensions.Localization (>= 2.1.0-preview1-final) - restriction: || (&& (== net452) (>= netstandard2.0)) (&& (== net461) (>= netstandard2.0)) (== netcoreapp2.0) (== netcoreapp2.1) (== netstandard2.0)
      System.ComponentModel.Annotations (>= 4.5.0-preview1-26216-02) - restriction: || (&& (== net452) (>= netstandard2.0)) (&& (== net461) (>= netstandard2.0)) (== netcoreapp2.0) (== netcoreapp2.1) (== netstandard2.0)
    Microsoft.AspNetCore.Mvc.Formatters.Json (2.1.0-preview1-final) - restriction: || (&& (== net452) (>= netcoreapp2.1)) (&& (== net461) (>= netcoreapp2.1)) (&& (== netcoreapp2.0) (>= netcoreapp2.1)) (== netcoreapp2.1) (&& (== netstandard2.0) (>= netcoreapp2.1))
      Microsoft.AspNetCore.JsonPatch (>= 2.1.0-preview1-final) - restriction: || (&& (== net452) (>= netstandard2.0)) (&& (== net461) (>= netstandard2.0)) (== netcoreapp2.0) (== netcoreapp2.1) (== netstandard2.0)
      Microsoft.AspNetCore.Mvc.Core (>= 2.1.0-preview1-final) - restriction: || (&& (== net452) (>= netstandard2.0)) (&& (== net461) (>= netstandard2.0)) (== netcoreapp2.0) (== netcoreapp2.1) (== netstandard2.0)
    Microsoft.AspNetCore.Mvc.Formatters.Xml (2.1.0-preview1-final) - restriction: || (&& (== net452) (>= netcoreapp2.1)) (&& (== net461) (>= netcoreapp2.1)) (&& (== netcoreapp2.0) (>= netcoreapp2.1)) (== netcoreapp2.1) (&& (== netstandard2.0) (>= netcoreapp2.1))
      Microsoft.AspNetCore.Mvc.Core (>= 2.1.0-preview1-final) - restriction: || (&& (== net452) (>= netstandard2.0)) (&& (== net461) (>= netstandard2.0)) (== netcoreapp2.0) (== netcoreapp2.1) (== netstandard2.0)
    Microsoft.AspNetCore.Mvc.Localization (2.1.0-preview1-final) - restriction: || (&& (== net452) (>= netcoreapp2.1)) (&& (== net461) (>= netcoreapp2.1)) (&& (== netcoreapp2.0) (>= netcoreapp2.1)) (== netcoreapp2.1) (&& (== netstandard2.0) (>= netcoreapp2.1))
      Microsoft.AspNetCore.Localization (>= 2.1.0-preview1-final) - restriction: || (&& (== net452) (>= netstandard2.0)) (&& (== net461) (>= netstandard2.0)) (== netcoreapp2.0) (== netcoreapp2.1) (== netstandard2.0)
      Microsoft.AspNetCore.Mvc.Razor (>= 2.1.0-preview1-final) - restriction: || (&& (== net452) (>= netstandard2.0)) (&& (== net461) (>= netstandard2.0)) (== netcoreapp2.0) (== netcoreapp2.1) (== netstandard2.0)
      Microsoft.Extensions.DependencyInjection (>= 2.1.0-preview1-final) - restriction: || (&& (== net452) (>= netstandard2.0)) (&& (== net461) (>= netstandard2.0)) (== netcoreapp2.0) (== netcoreapp2.1) (== netstandard2.0)
      Microsoft.Extensions.Localization (>= 2.1.0-preview1-final) - restriction: || (&& (== net452) (>= netstandard2.0)) (&& (== net461) (>= netstandard2.0)) (== netcoreapp2.0) (== netcoreapp2.1) (== netstandard2.0)
    Microsoft.AspNetCore.Mvc.Razor (2.1.0-preview1-final) - restriction: || (&& (== net452) (>= netcoreapp2.1)) (&& (== net461) (>= netcoreapp2.1)) (&& (== netcoreapp2.0) (>= netcoreapp2.1)) (== netcoreapp2.1) (&& (== netstandard2.0) (>= netcoreapp2.1))
      Microsoft.AspNetCore.Mvc.Razor.Extensions (>= 2.1.0-preview1-final) - restriction: || (&& (== net452) (>= netstandard2.0)) (&& (== net461) (>= netstandard2.0)) (== netcoreapp2.0) (== netcoreapp2.1) (== netstandard2.0)
      Microsoft.AspNetCore.Mvc.ViewFeatures (>= 2.1.0-preview1-final) - restriction: || (&& (== net452) (>= netstandard2.0)) (&& (== net461) (>= netstandard2.0)) (== netcoreapp2.0) (== netcoreapp2.1) (== netstandard2.0)
      Microsoft.AspNetCore.Razor.Runtime (>= 2.1.0-preview1-final) - restriction: || (&& (== net452) (>= netstandard2.0)) (&& (== net461) (>= netstandard2.0)) (== netcoreapp2.0) (== netcoreapp2.1) (== netstandard2.0)
      Microsoft.CodeAnalysis.CSharp (>= 2.6.1) - restriction: || (&& (== net452) (>= netstandard2.0)) (&& (== net461) (>= netstandard2.0)) (== netcoreapp2.0) (== netcoreapp2.1) (== netstandard2.0)
      Microsoft.CodeAnalysis.Razor (>= 2.1.0-preview1-final) - restriction: || (&& (== net452) (>= netstandard2.0)) (&& (== net461) (>= netstandard2.0)) (== netcoreapp2.0) (== netcoreapp2.1) (== netstandard2.0)
      Microsoft.Extensions.Caching.Memory (>= 2.1.0-preview1-final) - restriction: || (&& (== net452) (>= netstandard2.0)) (&& (== net461) (>= netstandard2.0)) (== netcoreapp2.0) (== netcoreapp2.1) (== netstandard2.0)
      Microsoft.Extensions.FileProviders.Composite (>= 2.1.0-preview1-final) - restriction: || (&& (== net452) (>= netstandard2.0)) (&& (== net461) (>= netstandard2.0)) (== netcoreapp2.0) (== netcoreapp2.1) (== netstandard2.0)
    Microsoft.AspNetCore.Mvc.Razor.Extensions (2.1.0-preview1-final) - restriction: || (&& (== net452) (>= netcoreapp2.1)) (&& (== net461) (>= netcoreapp2.1)) (&& (== netcoreapp2.0) (>= netcoreapp2.1)) (== netcoreapp2.1) (&& (== netstandard2.0) (>= netcoreapp2.1))
      Microsoft.AspNetCore.Razor.Language (>= 2.1.0-preview1-final) - restriction: || (&& (== net452) (>= net46)) (&& (== net452) (>= netstandard2.0)) (== net461) (== netcoreapp2.0) (== netcoreapp2.1) (== netstandard2.0)
      Microsoft.CodeAnalysis.Razor (>= 2.1.0-preview1-final) - restriction: || (&& (== net452) (>= net46)) (&& (== net452) (>= netstandard2.0)) (== net461) (== netcoreapp2.0) (== netcoreapp2.1) (== netstandard2.0)
    Microsoft.AspNetCore.Mvc.Razor.ViewCompilation (2.1.0-preview1-final) - restriction: || (&& (== net452) (>= netcoreapp2.1)) (&& (== net461) (>= netcoreapp2.1)) (&& (== netcoreapp2.0) (>= netcoreapp2.1)) (== netcoreapp2.1) (&& (== netstandard2.0) (>= netcoreapp2.1))
    Microsoft.AspNetCore.Mvc.RazorPages (2.1.0-preview1-final) - restriction: || (&& (== net452) (>= netcoreapp2.1)) (&& (== net461) (>= netcoreapp2.1)) (&& (== netcoreapp2.0) (>= netcoreapp2.1)) (== netcoreapp2.1) (&& (== netstandard2.0) (>= netcoreapp2.1))
      Microsoft.AspNetCore.Mvc.Razor (>= 2.1.0-preview1-final) - restriction: || (&& (== net452) (>= netstandard2.0)) (&& (== net461) (>= netstandard2.0)) (== netcoreapp2.0) (== netcoreapp2.1) (== netstandard2.0)
    Microsoft.AspNetCore.Mvc.TagHelpers (2.1.0-preview1-final) - restriction: || (&& (== net452) (>= netcoreapp2.1)) (&& (== net461) (>= netcoreapp2.1)) (&& (== netcoreapp2.0) (>= netcoreapp2.1)) (== netcoreapp2.1) (&& (== netstandard2.0) (>= netcoreapp2.1))
      Microsoft.AspNetCore.Mvc.Razor (>= 2.1.0-preview1-final) - restriction: || (&& (== net452) (>= netstandard2.0)) (&& (== net461) (>= netstandard2.0)) (== netcoreapp2.0) (== netcoreapp2.1) (== netstandard2.0)
      Microsoft.AspNetCore.Razor.Runtime (>= 2.1.0-preview1-final) - restriction: || (&& (== net452) (>= netstandard2.0)) (&& (== net461) (>= netstandard2.0)) (== netcoreapp2.0) (== netcoreapp2.1) (== netstandard2.0)
      Microsoft.AspNetCore.Routing.Abstractions (>= 2.1.0-preview1-final) - restriction: || (&& (== net452) (>= netstandard2.0)) (&& (== net461) (>= netstandard2.0)) (== netcoreapp2.0) (== netcoreapp2.1) (== netstandard2.0)
      Microsoft.Extensions.Caching.Memory (>= 2.1.0-preview1-final) - restriction: || (&& (== net452) (>= netstandard2.0)) (&& (== net461) (>= netstandard2.0)) (== netcoreapp2.0) (== netcoreapp2.1) (== netstandard2.0)
      Microsoft.Extensions.FileSystemGlobbing (>= 2.1.0-preview1-final) - restriction: || (&& (== net452) (>= netstandard2.0)) (&& (== net461) (>= netstandard2.0)) (== netcoreapp2.0) (== netcoreapp2.1) (== netstandard2.0)
      Microsoft.Extensions.Primitives (>= 2.1.0-preview1-final) - restriction: || (&& (== net452) (>= netstandard2.0)) (&& (== net461) (>= netstandard2.0)) (== netcoreapp2.0) (== netcoreapp2.1) (== netstandard2.0)
    Microsoft.AspNetCore.Mvc.ViewFeatures (2.1.0-preview1-final) - restriction: || (&& (== net452) (>= netcoreapp2.1)) (&& (== net461) (>= netcoreapp2.1)) (&& (== netcoreapp2.0) (>= netcoreapp2.1)) (== netcoreapp2.1) (&& (== netstandard2.0) (>= netcoreapp2.1))
      Microsoft.AspNetCore.Antiforgery (>= 2.1.0-preview1-final) - restriction: || (&& (== net452) (>= netstandard2.0)) (&& (== net461) (>= netstandard2.0)) (== netcoreapp2.0) (== netcoreapp2.1) (== netstandard2.0)
      Microsoft.AspNetCore.Diagnostics.Abstractions (>= 2.1.0-preview1-final) - restriction: || (&& (== net452) (>= netstandard2.0)) (&& (== net461) (>= netstandard2.0)) (== netcoreapp2.0) (== netcoreapp2.1) (== netstandard2.0)
      Microsoft.AspNetCore.Html.Abstractions (>= 2.1.0-preview1-final) - restriction: || (&& (== net452) (>= netstandard2.0)) (&& (== net461) (>= netstandard2.0)) (== netcoreapp2.0) (== netcoreapp2.1) (== netstandard2.0)
      Microsoft.AspNetCore.Mvc.Core (>= 2.1.0-preview1-final) - restriction: || (&& (== net452) (>= netstandard2.0)) (&& (== net461) (>= netstandard2.0)) (== netcoreapp2.0) (== netcoreapp2.1) (== netstandard2.0)
      Microsoft.AspNetCore.Mvc.DataAnnotations (>= 2.1.0-preview1-final) - restriction: || (&& (== net452) (>= netstandard2.0)) (&& (== net461) (>= netstandard2.0)) (== netcoreapp2.0) (== netcoreapp2.1) (== netstandard2.0)
      Microsoft.AspNetCore.Mvc.Formatters.Json (>= 2.1.0-preview1-final) - restriction: || (&& (== net452) (>= netstandard2.0)) (&& (== net461) (>= netstandard2.0)) (== netcoreapp2.0) (== netcoreapp2.1) (== netstandard2.0)
      Microsoft.Extensions.WebEncoders (>= 2.1.0-preview1-final) - restriction: || (&& (== net452) (>= netstandard2.0)) (&& (== net461) (>= netstandard2.0)) (== netcoreapp2.0) (== netcoreapp2.1) (== netstandard2.0)
      Newtonsoft.Json.Bson (>= 1.0.1) - restriction: || (&& (== net452) (>= netstandard2.0)) (&& (== net461) (>= netstandard2.0)) (== netcoreapp2.0) (== netcoreapp2.1) (== netstandard2.0)
    Microsoft.AspNetCore.NodeServices (2.1.0-preview1-final) - restriction: || (&& (== net452) (>= netcoreapp2.1)) (&& (== net461) (>= netcoreapp2.1)) (&& (== netcoreapp2.0) (>= netcoreapp2.1)) (== netcoreapp2.1) (&& (== netstandard2.0) (>= netcoreapp2.1))
      Microsoft.AspNetCore.Hosting.Abstractions (>= 2.1.0-preview1-final) - restriction: || (&& (== net452) (>= netstandard2.0)) (&& (== net461) (>= netstandard2.0)) (== netcoreapp2.0) (== netcoreapp2.1) (== netstandard2.0)
      Microsoft.Extensions.Logging.Console (>= 2.1.0-preview1-final) - restriction: || (&& (== net452) (>= netstandard2.0)) (&& (== net461) (>= netstandard2.0)) (== netcoreapp2.0) (== netcoreapp2.1) (== netstandard2.0)
      Newtonsoft.Json (>= 10.0.1) - restriction: || (&& (== net452) (>= netstandard2.0)) (&& (== net461) (>= netstandard2.0)) (== netcoreapp2.0) (== netcoreapp2.1) (== netstandard2.0)
    Microsoft.AspNetCore.Owin (2.1.0-preview1-final) - restriction: || (&& (== net452) (>= netcoreapp2.1)) (&& (== net461) (>= netcoreapp2.1)) (&& (== netcoreapp2.0) (>= netcoreapp2.1)) (== netcoreapp2.1) (&& (== netstandard2.0) (>= netcoreapp2.1))
      Microsoft.AspNetCore.Http (>= 2.1.0-preview1-final) - restriction: || (&& (== net452) (>= netstandard2.0)) (&& (== net461) (>= netstandard2.0)) (== netcoreapp2.0) (== netcoreapp2.1) (== netstandard2.0)
    Microsoft.AspNetCore.Protocols.Abstractions (2.1.0-preview1-final) - restriction: || (&& (== net452) (>= netcoreapp2.1)) (&& (== net461) (>= netcoreapp2.1)) (&& (== netcoreapp2.0) (>= netcoreapp2.1)) (== netcoreapp2.1) (&& (== netstandard2.0) (>= netcoreapp2.1))
      Microsoft.AspNetCore.Http.Features (>= 2.1.0-preview1-final) - restriction: || (&& (== net452) (>= netstandard2.0)) (&& (== net461) (>= netstandard2.0)) (== netcoreapp2.0) (== netcoreapp2.1) (== netstandard2.0)
      System.Buffers (>= 4.5.0-preview1-26216-02) - restriction: || (&& (== net452) (>= netstandard2.0)) (&& (== net461) (>= netstandard2.0)) (== netcoreapp2.0) (== netcoreapp2.1) (== netstandard2.0)
      System.IO.Pipelines (>= 0.1.0-preview1-180216-4) - restriction: || (&& (== net452) (>= netstandard2.0)) (&& (== net461) (>= netstandard2.0)) (== netcoreapp2.0) (== netcoreapp2.1) (== netstandard2.0)
      System.Memory (>= 4.5.0-preview1-26216-02) - restriction: || (&& (== net452) (>= netstandard2.0)) (&& (== net461) (>= netstandard2.0)) (== netcoreapp2.0) (== netcoreapp2.1) (== netstandard2.0)
      System.Numerics.Vectors (>= 4.5.0-preview1-26216-02) - restriction: || (&& (== net452) (>= netstandard2.0)) (&& (== net461) (>= netstandard2.0)) (== netcoreapp2.0) (== netcoreapp2.1) (== netstandard2.0)
      System.Runtime.CompilerServices.Unsafe (>= 4.5.0-preview1-26216-02) - restriction: || (&& (== net452) (>= netstandard2.0)) (&& (== net461) (>= netstandard2.0)) (== netcoreapp2.0) (== netcoreapp2.1) (== netstandard2.0)
      System.Text.Encodings.Web.Utf8 (>= 0.1.0-preview1-180216-4) - restriction: || (&& (== net452) (>= netstandard2.0)) (&& (== net461) (>= netstandard2.0)) (== netcoreapp2.0) (== netcoreapp2.1) (== netstandard2.0)
    Microsoft.AspNetCore.Razor (2.1.0-preview1-final) - restriction: || (&& (== net452) (>= netcoreapp2.1)) (&& (== net461) (>= netcoreapp2.1)) (&& (== netcoreapp2.0) (>= netcoreapp2.1)) (== netcoreapp2.1) (&& (== netstandard2.0) (>= netcoreapp2.1))
      Microsoft.AspNetCore.Html.Abstractions (>= 2.1.0-preview1-final) - restriction: || (&& (== net452) (>= netstandard2.0)) (&& (== net461) (>= netstandard2.0)) (== netcoreapp2.0) (== netcoreapp2.1) (== netstandard2.0)
    Microsoft.AspNetCore.Razor.Design (2.1.0-preview1-final) - restriction: || (&& (== net452) (>= netcoreapp2.1)) (&& (== net461) (>= netcoreapp2.1)) (&& (== netcoreapp2.0) (>= netcoreapp2.1)) (== netcoreapp2.1) (&& (== netstandard2.0) (>= netcoreapp2.1))
    Microsoft.AspNetCore.Razor.Language (2.1.0-preview1-final) - restriction: || (&& (== net452) (>= netcoreapp2.1)) (&& (== net461) (>= netcoreapp2.1)) (&& (== netcoreapp2.0) (>= netcoreapp2.1)) (== netcoreapp2.1) (&& (== netstandard2.0) (>= netcoreapp2.1))
    Microsoft.AspNetCore.Razor.Runtime (2.1.0-preview1-final) - restriction: || (&& (== net452) (>= netcoreapp2.1)) (&& (== net461) (>= netcoreapp2.1)) (&& (== netcoreapp2.0) (>= netcoreapp2.1)) (== netcoreapp2.1) (&& (== netstandard2.0) (>= netcoreapp2.1))
      Microsoft.AspNetCore.Html.Abstractions (>= 2.1.0-preview1-final) - restriction: || (&& (== net452) (>= netstandard2.0)) (&& (== net461) (>= netstandard2.0)) (== netcoreapp2.0) (== netcoreapp2.1) (== netstandard2.0)
      Microsoft.AspNetCore.Razor (>= 2.1.0-preview1-final) - restriction: || (&& (== net452) (>= netstandard2.0)) (&& (== net461) (>= netstandard2.0)) (== netcoreapp2.0) (== netcoreapp2.1) (== netstandard2.0)
    Microsoft.AspNetCore.ResponseCaching (2.1.0-preview1-final) - restriction: || (&& (== net452) (>= netcoreapp2.1)) (&& (== net461) (>= netcoreapp2.1)) (&& (== netcoreapp2.0) (>= netcoreapp2.1)) (== netcoreapp2.1) (&& (== netstandard2.0) (>= netcoreapp2.1))
      Microsoft.AspNetCore.Http (>= 2.1.0-preview1-final) - restriction: || (&& (== net452) (>= netstandard2.0)) (&& (== net461) (>= netstandard2.0)) (== netcoreapp2.0) (== netcoreapp2.1) (== netstandard2.0)
      Microsoft.AspNetCore.Http.Extensions (>= 2.1.0-preview1-final) - restriction: || (&& (== net452) (>= netstandard2.0)) (&& (== net461) (>= netstandard2.0)) (== netcoreapp2.0) (== netcoreapp2.1) (== netstandard2.0)
      Microsoft.AspNetCore.ResponseCaching.Abstractions (>= 2.1.0-preview1-final) - restriction: || (&& (== net452) (>= netstandard2.0)) (&& (== net461) (>= netstandard2.0)) (== netcoreapp2.0) (== netcoreapp2.1) (== netstandard2.0)
      Microsoft.Extensions.Caching.Memory (>= 2.1.0-preview1-final) - restriction: || (&& (== net452) (>= netstandard2.0)) (&& (== net461) (>= netstandard2.0)) (== netcoreapp2.0) (== netcoreapp2.1) (== netstandard2.0)
      Microsoft.Extensions.Logging.Abstractions (>= 2.1.0-preview1-final) - restriction: || (&& (== net452) (>= netstandard2.0)) (&& (== net461) (>= netstandard2.0)) (== netcoreapp2.0) (== netcoreapp2.1) (== netstandard2.0)
    Microsoft.AspNetCore.ResponseCaching.Abstractions (2.1.0-preview1-final) - restriction: || (&& (== net452) (>= netcoreapp2.1)) (&& (== net461) (>= netcoreapp2.1)) (&& (== netcoreapp2.0) (>= netcoreapp2.1)) (== netcoreapp2.1) (&& (== netstandard2.0) (>= netcoreapp2.1))
      Microsoft.Extensions.Primitives (>= 2.1.0-preview1-final) - restriction: || (&& (== net452) (>= netstandard2.0)) (&& (== net461) (>= netstandard2.0)) (== netcoreapp2.0) (== netcoreapp2.1) (== netstandard2.0)
    Microsoft.AspNetCore.ResponseCompression (2.1.0-preview1-final) - restriction: || (&& (== net452) (>= netcoreapp2.1)) (&& (== net461) (>= netcoreapp2.1)) (&& (== netcoreapp2.0) (>= netcoreapp2.1)) (== netcoreapp2.1) (&& (== netstandard2.0) (>= netcoreapp2.1))
      Microsoft.AspNetCore.Http.Extensions (>= 2.1.0-preview1-final) - restriction: || (&& (== net452) (>= net461)) (&& (== net452) (>= netstandard2.0)) (== net461) (== netcoreapp2.0) (== netcoreapp2.1) (== netstandard2.0)
      Microsoft.Extensions.Options (>= 2.1.0-preview1-final) - restriction: || (&& (== net452) (>= net461)) (&& (== net452) (>= netstandard2.0)) (== net461) (== netcoreapp2.0) (== netcoreapp2.1) (== netstandard2.0)
    Microsoft.AspNetCore.Rewrite (2.1.0-preview1-final) - restriction: || (&& (== net452) (>= netcoreapp2.1)) (&& (== net461) (>= netcoreapp2.1)) (&& (== netcoreapp2.0) (>= netcoreapp2.1)) (== netcoreapp2.1) (&& (== netstandard2.0) (>= netcoreapp2.1))
      Microsoft.AspNetCore.Hosting.Abstractions (>= 2.1.0-preview1-final) - restriction: || (&& (== net452) (>= netstandard2.0)) (&& (== net461) (>= netstandard2.0)) (== netcoreapp2.0) (== netcoreapp2.1) (== netstandard2.0)
      Microsoft.AspNetCore.Http.Extensions (>= 2.1.0-preview1-final) - restriction: || (&& (== net452) (>= netstandard2.0)) (&& (== net461) (>= netstandard2.0)) (== netcoreapp2.0) (== netcoreapp2.1) (== netstandard2.0)
      Microsoft.Extensions.Configuration.Abstractions (>= 2.1.0-preview1-final) - restriction: || (&& (== net452) (>= netstandard2.0)) (&& (== net461) (>= netstandard2.0)) (== netcoreapp2.0) (== netcoreapp2.1) (== netstandard2.0)
      Microsoft.Extensions.FileProviders.Abstractions (>= 2.1.0-preview1-final) - restriction: || (&& (== net452) (>= netstandard2.0)) (&& (== net461) (>= netstandard2.0)) (== netcoreapp2.0) (== netcoreapp2.1) (== netstandard2.0)
      Microsoft.Extensions.Logging.Abstractions (>= 2.1.0-preview1-final) - restriction: || (&& (== net452) (>= netstandard2.0)) (&& (== net461) (>= netstandard2.0)) (== netcoreapp2.0) (== netcoreapp2.1) (== netstandard2.0)
      Microsoft.Extensions.Options (>= 2.1.0-preview1-final) - restriction: || (&& (== net452) (>= netstandard2.0)) (&& (== net461) (>= netstandard2.0)) (== netcoreapp2.0) (== netcoreapp2.1) (== netstandard2.0)
    Microsoft.AspNetCore.Routing (2.1.0-preview1-final) - restriction: || (&& (== net452) (>= netcoreapp2.1)) (&& (== net461) (>= netcoreapp2.1)) (&& (== netcoreapp2.0) (>= netcoreapp2.1)) (== netcoreapp2.1) (&& (== netstandard2.0) (>= netcoreapp2.1))
      Microsoft.AspNetCore.Http.Extensions (>= 2.1.0-preview1-final) - restriction: || (&& (== net452) (>= netstandard2.0)) (&& (== net461) (>= netstandard2.0)) (== netcoreapp2.0) (== netcoreapp2.1) (== netstandard2.0)
      Microsoft.AspNetCore.Routing.Abstractions (>= 2.1.0-preview1-final) - restriction: || (&& (== net452) (>= netstandard2.0)) (&& (== net461) (>= netstandard2.0)) (== netcoreapp2.0) (== netcoreapp2.1) (== netstandard2.0)
      Microsoft.Extensions.Logging.Abstractions (>= 2.1.0-preview1-final) - restriction: || (&& (== net452) (>= netstandard2.0)) (&& (== net461) (>= netstandard2.0)) (== netcoreapp2.0) (== netcoreapp2.1) (== netstandard2.0)
      Microsoft.Extensions.ObjectPool (>= 2.1.0-preview1-final) - restriction: || (&& (== net452) (>= netstandard2.0)) (&& (== net461) (>= netstandard2.0)) (== netcoreapp2.0) (== netcoreapp2.1) (== netstandard2.0)
      Microsoft.Extensions.Options (>= 2.1.0-preview1-final) - restriction: || (&& (== net452) (>= netstandard2.0)) (&& (== net461) (>= netstandard2.0)) (== netcoreapp2.0) (== netcoreapp2.1) (== netstandard2.0)
    Microsoft.AspNetCore.Routing.Abstractions (2.1.0-preview1-final) - restriction: || (&& (== net452) (>= netcoreapp2.1)) (&& (== net461) (>= netcoreapp2.1)) (&& (== netcoreapp2.0) (>= netcoreapp2.1)) (== netcoreapp2.1) (&& (== netstandard2.0) (>= netcoreapp2.1))
      Microsoft.AspNetCore.Http.Abstractions (>= 2.1.0-preview1-final) - restriction: || (&& (== net452) (>= netstandard2.0)) (&& (== net461) (>= netstandard2.0)) (== netcoreapp2.0) (== netcoreapp2.1) (== netstandard2.0)
    Microsoft.AspNetCore.Server.HttpSys (2.1.0-preview1-final) - restriction: || (&& (== net452) (>= netcoreapp2.1)) (&& (== net461) (>= netcoreapp2.1)) (&& (== netcoreapp2.0) (>= netcoreapp2.1)) (== netcoreapp2.1) (&& (== netstandard2.0) (>= netcoreapp2.1))
      Microsoft.AspNetCore.Authentication.Core (>= 2.1.0-preview1-final) - restriction: || (&& (== net452) (>= netstandard2.0)) (&& (== net461) (>= netstandard2.0)) (== netcoreapp2.0) (== netcoreapp2.1) (== netstandard2.0)
      Microsoft.AspNetCore.Hosting (>= 2.1.0-preview1-final) - restriction: || (&& (== net452) (>= netstandard2.0)) (&& (== net461) (>= netstandard2.0)) (== netcoreapp2.0) (== netcoreapp2.1) (== netstandard2.0)
      Microsoft.Net.Http.Headers (>= 2.1.0-preview1-final) - restriction: || (&& (== net452) (>= netstandard2.0)) (&& (== net461) (>= netstandard2.0)) (== netcoreapp2.0) (== netcoreapp2.1) (== netstandard2.0)
      Microsoft.Win32.Registry (>= 4.5.0-preview1-26216-02) - restriction: || (&& (== net452) (>= netstandard2.0)) (&& (== net461) (>= netstandard2.0)) (== netcoreapp2.0) (== netcoreapp2.1) (== netstandard2.0)
      System.Security.Principal.Windows (>= 4.5.0-preview1-26216-02) - restriction: || (&& (== net452) (>= netstandard2.0)) (&& (== net461) (>= netstandard2.0)) (== netcoreapp2.0) (== netcoreapp2.1) (== netstandard2.0)
    Microsoft.AspNetCore.Server.IISIntegration (2.1.0-preview1-final) - restriction: || (&& (== net452) (>= netcoreapp2.1)) (&& (== net461) (>= netcoreapp2.1)) (&& (== netcoreapp2.0) (>= netcoreapp2.1)) (== netcoreapp2.1) (&& (== netstandard2.0) (>= netcoreapp2.1))
      Microsoft.AspNetCore.Authentication.Core (>= 2.1.0-preview1-final) - restriction: || (&& (== net452) (>= netstandard2.0)) (&& (== net461) (>= netstandard2.0)) (== netcoreapp2.0) (== netcoreapp2.1) (== netstandard2.0)
      Microsoft.AspNetCore.Hosting.Abstractions (>= 2.1.0-preview1-final) - restriction: || (&& (== net452) (>= netstandard2.0)) (&& (== net461) (>= netstandard2.0)) (== netcoreapp2.0) (== netcoreapp2.1) (== netstandard2.0)
      Microsoft.AspNetCore.Http (>= 2.1.0-preview1-final) - restriction: || (&& (== net452) (>= netstandard2.0)) (&& (== net461) (>= netstandard2.0)) (== netcoreapp2.0) (== netcoreapp2.1) (== netstandard2.0)
      Microsoft.AspNetCore.Http.Extensions (>= 2.1.0-preview1-final) - restriction: || (&& (== net452) (>= netstandard2.0)) (&& (== net461) (>= netstandard2.0)) (== netcoreapp2.0) (== netcoreapp2.1) (== netstandard2.0)
      Microsoft.AspNetCore.HttpOverrides (>= 2.1.0-preview1-final) - restriction: || (&& (== net452) (>= netstandard2.0)) (&& (== net461) (>= netstandard2.0)) (== netcoreapp2.0) (== netcoreapp2.1) (== netstandard2.0)
      Microsoft.Extensions.Logging.Abstractions (>= 2.1.0-preview1-final) - restriction: || (&& (== net452) (>= netstandard2.0)) (&& (== net461) (>= netstandard2.0)) (== netcoreapp2.0) (== netcoreapp2.1) (== netstandard2.0)
      Microsoft.Extensions.Options (>= 2.1.0-preview1-final) - restriction: || (&& (== net452) (>= netstandard2.0)) (&& (== net461) (>= netstandard2.0)) (== netcoreapp2.0) (== netcoreapp2.1) (== netstandard2.0)
      System.Buffers (>= 4.5.0-preview1-26216-02) - restriction: || (&& (== net452) (>= netstandard2.0)) (&& (== net461) (>= netstandard2.0)) (== netcoreapp2.0) (== netcoreapp2.1) (== netstandard2.0)
      System.IO.Pipelines (>= 0.1.0-preview1-180216-4) - restriction: || (&& (== net452) (>= netstandard2.0)) (&& (== net461) (>= netstandard2.0)) (== netcoreapp2.0) (== netcoreapp2.1) (== netstandard2.0)
      System.Memory (>= 4.5.0-preview1-26216-02) - restriction: || (&& (== net452) (>= netstandard2.0)) (&& (== net461) (>= netstandard2.0)) (== netcoreapp2.0) (== netcoreapp2.1) (== netstandard2.0)
      System.Numerics.Vectors (>= 4.5.0-preview1-26216-02) - restriction: || (&& (== net452) (>= netstandard2.0)) (&& (== net461) (>= netstandard2.0)) (== netcoreapp2.0) (== netcoreapp2.1) (== netstandard2.0)
      System.Runtime.CompilerServices.Unsafe (>= 4.5.0-preview1-26216-02) - restriction: || (&& (== net452) (>= netstandard2.0)) (&& (== net461) (>= netstandard2.0)) (== netcoreapp2.0) (== netcoreapp2.1) (== netstandard2.0)
      System.Security.Principal.Windows (>= 4.5.0-preview1-26216-02) - restriction: || (&& (== net452) (>= netstandard2.0)) (&& (== net461) (>= netstandard2.0)) (== netcoreapp2.0) (== netcoreapp2.1) (== netstandard2.0)
      System.Text.Encodings.Web.Utf8 (>= 0.1.0-preview1-180216-4) - restriction: || (&& (== net452) (>= netstandard2.0)) (&& (== net461) (>= netstandard2.0)) (== netcoreapp2.0) (== netcoreapp2.1) (== netstandard2.0)
    Microsoft.AspNetCore.Server.Kestrel (2.1.0-preview1-final) - restriction: || (&& (== net452) (>= netcoreapp2.1)) (&& (== net461) (>= netcoreapp2.1)) (&& (== netcoreapp2.0) (>= netcoreapp2.1)) (== netcoreapp2.1) (&& (== netstandard2.0) (>= netcoreapp2.1))
      Microsoft.AspNetCore.Hosting (>= 2.1.0-preview1-final) - restriction: || (&& (== net452) (>= netstandard2.0)) (&& (== net461) (>= netstandard2.0)) (== netcoreapp2.0) (== netcoreapp2.1) (== netstandard2.0)
      Microsoft.AspNetCore.Server.Kestrel.Core (>= 2.1.0-preview1-final) - restriction: || (&& (== net452) (>= netstandard2.0)) (&& (== net461) (>= netstandard2.0)) (== netcoreapp2.0) (== netcoreapp2.1) (== netstandard2.0)
      Microsoft.AspNetCore.Server.Kestrel.Https (>= 2.1.0-preview1-final) - restriction: || (&& (== net452) (>= netstandard2.0)) (&& (== net461) (>= netstandard2.0)) (== netcoreapp2.0) (== netcoreapp2.1) (== netstandard2.0)
      Microsoft.AspNetCore.Server.Kestrel.Transport.Libuv (>= 2.1.0-preview1-final) - restriction: || (&& (== net452) (>= netstandard2.0)) (&& (== net461) (>= netstandard2.0)) (== netcoreapp2.0) (== netcoreapp2.1) (== netstandard2.0)
      Microsoft.AspNetCore.Server.Kestrel.Transport.Sockets (>= 2.1.0-preview1-final) - restriction: || (&& (== net452) (>= netstandard2.0)) (&& (== net461) (>= netstandard2.0)) (== netcoreapp2.0) (== netcoreapp2.1) (== netstandard2.0)
    Microsoft.AspNetCore.Server.Kestrel.Core (2.1.0-preview1-final) - restriction: || (&& (== net452) (>= netcoreapp2.1)) (&& (== net461) (>= netcoreapp2.1)) (&& (== netcoreapp2.0) (>= netcoreapp2.1)) (== netcoreapp2.1) (&& (== netstandard2.0) (>= netcoreapp2.1))
      Microsoft.AspNetCore.Hosting.Abstractions (>= 2.1.0-preview1-final) - restriction: || (&& (== net452) (>= netstandard2.0)) (&& (== net461) (>= netstandard2.0)) (== netcoreapp2.0) (== netcoreapp2.1) (== netstandard2.0)
      Microsoft.AspNetCore.Server.Kestrel.Transport.Abstractions (>= 2.1.0-preview1-final) - restriction: || (&& (== net452) (>= netstandard2.0)) (&& (== net461) (>= netstandard2.0)) (== netcoreapp2.0) (== netcoreapp2.1) (== netstandard2.0)
      Microsoft.AspNetCore.WebUtilities (>= 2.1.0-preview1-final) - restriction: || (&& (== net452) (>= netstandard2.0)) (&& (== net461) (>= netstandard2.0)) (== netcoreapp2.0) (== netcoreapp2.1) (== netstandard2.0)
      Microsoft.Extensions.Configuration.Binder (>= 2.1.0-preview1-final) - restriction: || (&& (== net452) (>= netstandard2.0)) (&& (== net461) (>= netstandard2.0)) (== netcoreapp2.0) (== netcoreapp2.1) (== netstandard2.0)
      Microsoft.Extensions.Logging.Abstractions (>= 2.1.0-preview1-final) - restriction: || (&& (== net452) (>= netstandard2.0)) (&& (== net461) (>= netstandard2.0)) (== netcoreapp2.0) (== netcoreapp2.1) (== netstandard2.0)
      Microsoft.Extensions.Options (>= 2.1.0-preview1-final) - restriction: || (&& (== net452) (>= netstandard2.0)) (&& (== net461) (>= netstandard2.0)) (== netcoreapp2.0) (== netcoreapp2.1) (== netstandard2.0)
      Microsoft.Net.Http.Headers (>= 2.1.0-preview1-final) - restriction: || (&& (== net452) (>= netstandard2.0)) (&& (== net461) (>= netstandard2.0)) (== netcoreapp2.0) (== netcoreapp2.1) (== netstandard2.0)
      System.Memory (>= 4.5.0-preview1-26216-02) - restriction: || (&& (== net452) (>= netstandard2.0)) (&& (== net461) (>= netstandard2.0)) (== netcoreapp2.0) (== netcoreapp2.1) (== netstandard2.0)
      System.Runtime.CompilerServices.Unsafe (>= 4.5.0-preview1-26216-02) - restriction: || (&& (== net452) (>= netstandard2.0)) (&& (== net461) (>= netstandard2.0)) (== netcoreapp2.0) (== netcoreapp2.1) (== netstandard2.0)
      System.Security.Cryptography.Cng (>= 4.5.0-preview1-26216-02) - restriction: || (&& (== net452) (>= netstandard2.0)) (&& (== net461) (>= netstandard2.0)) (== netcoreapp2.0) (== netcoreapp2.1) (== netstandard2.0)
      System.Threading.Tasks.Extensions (>= 4.5.0-preview1-26216-02) - restriction: || (&& (== net452) (>= netstandard2.0)) (&& (== net461) (>= netstandard2.0)) (== netcoreapp2.0) (== netcoreapp2.1) (== netstandard2.0)
    Microsoft.AspNetCore.Server.Kestrel.Https (2.1.0-preview1-final) - restriction: || (&& (== net452) (>= netcoreapp2.1)) (&& (== net461) (>= netcoreapp2.1)) (&& (== netcoreapp2.0) (>= netcoreapp2.1)) (== netcoreapp2.1) (&& (== netstandard2.0) (>= netcoreapp2.1))
      Microsoft.AspNetCore.Http.Abstractions (>= 2.1.0-preview1-final) - restriction: || (&& (== net452) (>= netstandard2.0)) (&& (== net461) (>= netstandard2.0)) (== netcoreapp2.0) (== netcoreapp2.1) (== netstandard2.0)
      Microsoft.AspNetCore.Server.Kestrel.Core (>= 2.1.0-preview1-final) - restriction: || (&& (== net452) (>= netstandard2.0)) (&& (== net461) (>= netstandard2.0)) (== netcoreapp2.0) (== netcoreapp2.1) (== netstandard2.0)
    Microsoft.AspNetCore.Server.Kestrel.Transport.Abstractions (2.1.0-preview1-final) - restriction: || (&& (== net452) (>= netcoreapp2.1)) (&& (== net461) (>= netcoreapp2.1)) (&& (== netcoreapp2.0) (>= netcoreapp2.1)) (== netcoreapp2.1) (&& (== netstandard2.0) (>= netcoreapp2.1))
      Microsoft.AspNetCore.Protocols.Abstractions (>= 2.1.0-preview1-final) - restriction: || (&& (== net452) (>= netstandard2.0)) (&& (== net461) (>= netstandard2.0)) (== netcoreapp2.0) (== netcoreapp2.1) (== netstandard2.0)
    Microsoft.AspNetCore.Server.Kestrel.Transport.Libuv (2.1.0-preview1-final) - restriction: || (&& (== net452) (>= netcoreapp2.1)) (&& (== net461) (>= netcoreapp2.1)) (&& (== netcoreapp2.0) (>= netcoreapp2.1)) (== netcoreapp2.1) (&& (== netstandard2.0) (>= netcoreapp2.1))
      Libuv (>= 1.10) - restriction: || (&& (== net452) (>= netstandard2.0)) (&& (== net461) (>= netstandard2.0)) (== netcoreapp2.0) (== netcoreapp2.1) (== netstandard2.0)
      Microsoft.AspNetCore.Hosting.Abstractions (>= 2.1.0-preview1-final) - restriction: || (&& (== net452) (>= netstandard2.0)) (&& (== net461) (>= netstandard2.0)) (== netcoreapp2.0) (== netcoreapp2.1) (== netstandard2.0)
      Microsoft.AspNetCore.Server.Kestrel.Transport.Abstractions (>= 2.1.0-preview1-final) - restriction: || (&& (== net452) (>= netstandard2.0)) (&& (== net461) (>= netstandard2.0)) (== netcoreapp2.0) (== netcoreapp2.1) (== netstandard2.0)
      Microsoft.Extensions.Logging.Abstractions (>= 2.1.0-preview1-final) - restriction: || (&& (== net452) (>= netstandard2.0)) (&& (== net461) (>= netstandard2.0)) (== netcoreapp2.0) (== netcoreapp2.1) (== netstandard2.0)
      Microsoft.Extensions.Options (>= 2.1.0-preview1-final) - restriction: || (&& (== net452) (>= netstandard2.0)) (&& (== net461) (>= netstandard2.0)) (== netcoreapp2.0) (== netcoreapp2.1) (== netstandard2.0)
    Microsoft.AspNetCore.Server.Kestrel.Transport.Sockets (2.1.0-preview1-final) - restriction: || (&& (== net452) (>= netcoreapp2.1)) (&& (== net461) (>= netcoreapp2.1)) (&& (== netcoreapp2.0) (>= netcoreapp2.1)) (== netcoreapp2.1) (&& (== netstandard2.0) (>= netcoreapp2.1))
      Microsoft.AspNetCore.Hosting.Abstractions (>= 2.1.0-preview1-final) - restriction: || (&& (== net452) (>= netstandard2.0)) (&& (== net461) (>= netstandard2.0)) (== netcoreapp2.0) (== netcoreapp2.1) (== netstandard2.0)
      Microsoft.AspNetCore.Server.Kestrel.Transport.Abstractions (>= 2.1.0-preview1-final) - restriction: || (&& (== net452) (>= netstandard2.0)) (&& (== net461) (>= netstandard2.0)) (== netcoreapp2.0) (== netcoreapp2.1) (== netstandard2.0)
      Microsoft.Extensions.Options (>= 2.1.0-preview1-final) - restriction: || (&& (== net452) (>= netstandard2.0)) (&& (== net461) (>= netstandard2.0)) (== netcoreapp2.0) (== netcoreapp2.1) (== netstandard2.0)
    Microsoft.AspNetCore.Session (2.1.0-preview1-final) - restriction: || (&& (== net452) (>= netcoreapp2.1)) (&& (== net461) (>= netcoreapp2.1)) (&& (== netcoreapp2.0) (>= netcoreapp2.1)) (== netcoreapp2.1) (&& (== netstandard2.0) (>= netcoreapp2.1))
      Microsoft.AspNetCore.DataProtection (>= 2.1.0-preview1-final) - restriction: || (&& (== net452) (>= netstandard2.0)) (&& (== net461) (>= netstandard2.0)) (== netcoreapp2.0) (== netcoreapp2.1) (== netstandard2.0)
      Microsoft.AspNetCore.Http.Abstractions (>= 2.1.0-preview1-final) - restriction: || (&& (== net452) (>= netstandard2.0)) (&& (== net461) (>= netstandard2.0)) (== netcoreapp2.0) (== netcoreapp2.1) (== netstandard2.0)
      Microsoft.Extensions.Caching.Abstractions (>= 2.1.0-preview1-final) - restriction: || (&& (== net452) (>= netstandard2.0)) (&& (== net461) (>= netstandard2.0)) (== netcoreapp2.0) (== netcoreapp2.1) (== netstandard2.0)
      Microsoft.Extensions.Logging.Abstractions (>= 2.1.0-preview1-final) - restriction: || (&& (== net452) (>= netstandard2.0)) (&& (== net461) (>= netstandard2.0)) (== netcoreapp2.0) (== netcoreapp2.1) (== netstandard2.0)
      Microsoft.Extensions.Options (>= 2.1.0-preview1-final) - restriction: || (&& (== net452) (>= netstandard2.0)) (&& (== net461) (>= netstandard2.0)) (== netcoreapp2.0) (== netcoreapp2.1) (== netstandard2.0)
    Microsoft.AspNetCore.SignalR (1.0.0-preview1-final) - restriction: || (&& (== net452) (>= netcoreapp2.1)) (&& (== net461) (>= netcoreapp2.1)) (&& (== netcoreapp2.0) (>= netcoreapp2.1)) (== netcoreapp2.1) (&& (== netstandard2.0) (>= netcoreapp2.1))
      Microsoft.AspNetCore.SignalR.Core (>= 1.0.0-preview1-final) - restriction: || (&& (== net452) (>= netstandard2.0)) (&& (== net461) (>= netstandard2.0)) (== netcoreapp2.0) (== netcoreapp2.1) (== netstandard2.0)
      Microsoft.AspNetCore.Sockets.Http (>= 1.0.0-preview1-final) - restriction: || (&& (== net452) (>= netstandard2.0)) (&& (== net461) (>= netstandard2.0)) (== netcoreapp2.0) (== netcoreapp2.1) (== netstandard2.0)
    Microsoft.AspNetCore.SignalR.Common (1.0.0-preview1-final) - restriction: || (&& (== net452) (>= netcoreapp2.1)) (&& (== net461) (>= netcoreapp2.1)) (&& (== netcoreapp2.0) (>= netcoreapp2.1)) (== netcoreapp2.1) (&& (== netstandard2.0) (>= netcoreapp2.1))
      Microsoft.Extensions.Options (>= 2.1.0-preview1-final) - restriction: || (&& (== net452) (>= netstandard2.0)) (&& (== net461) (>= netstandard2.0)) (== netcoreapp2.0) (== netcoreapp2.1) (== netstandard2.0)
      Newtonsoft.Json (>= 10.0.1) - restriction: || (&& (== net452) (>= netstandard2.0)) (&& (== net461) (>= netstandard2.0)) (== netcoreapp2.0) (== netcoreapp2.1) (== netstandard2.0)
      System.Buffers (>= 4.5.0-preview1-26216-02) - restriction: || (&& (== net452) (>= netstandard2.0)) (&& (== net461) (>= netstandard2.0)) (== netcoreapp2.0) (== netcoreapp2.1) (== netstandard2.0)
      System.Memory (>= 4.5.0-preview1-26216-02) - restriction: || (&& (== net452) (>= netstandard2.0)) (&& (== net461) (>= netstandard2.0)) (== netcoreapp2.0) (== netcoreapp2.1) (== netstandard2.0)
    Microsoft.AspNetCore.SignalR.Core (1.0.0-preview1-final) - restriction: || (&& (== net452) (>= netcoreapp2.1)) (&& (== net461) (>= netcoreapp2.1)) (&& (== netcoreapp2.0) (>= netcoreapp2.1)) (== netcoreapp2.1) (&& (== netstandard2.0) (>= netcoreapp2.1))
      Microsoft.AspNetCore.Authorization (>= 2.1.0-preview1-final) - restriction: || (&& (== net452) (>= netstandard2.0)) (&& (== net461) (>= netstandard2.0)) (== netcoreapp2.0) (== netcoreapp2.1) (== netstandard2.0)
      Microsoft.AspNetCore.SignalR.Common (>= 1.0.0-preview1-final) - restriction: || (&& (== net452) (>= netstandard2.0)) (&& (== net461) (>= netstandard2.0)) (== netcoreapp2.0) (== netcoreapp2.1) (== netstandard2.0)
      Microsoft.AspNetCore.Sockets.Abstractions (>= 1.0.0-preview1-final) - restriction: || (&& (== net452) (>= netstandard2.0)) (&& (== net461) (>= netstandard2.0)) (== netcoreapp2.0) (== netcoreapp2.1) (== netstandard2.0)
      Microsoft.Extensions.DependencyInjection.Abstractions (>= 2.1.0-preview1-final) - restriction: || (&& (== net452) (>= netstandard2.0)) (&& (== net461) (>= netstandard2.0)) (== netcoreapp2.0) (== netcoreapp2.1) (== netstandard2.0)
      Microsoft.Extensions.Logging.Abstractions (>= 2.1.0-preview1-final) - restriction: || (&& (== net452) (>= netstandard2.0)) (&& (== net461) (>= netstandard2.0)) (== netcoreapp2.0) (== netcoreapp2.1) (== netstandard2.0)
      Newtonsoft.Json (>= 10.0.1) - restriction: || (&& (== net452) (>= netstandard2.0)) (&& (== net461) (>= netstandard2.0)) (== netcoreapp2.0) (== netcoreapp2.1) (== netstandard2.0)
      System.Reflection.Emit (>= 4.3) - restriction: || (&& (== net452) (>= netstandard2.0)) (&& (== net461) (>= netstandard2.0)) (== netcoreapp2.0) (== netcoreapp2.1) (== netstandard2.0)
    Microsoft.AspNetCore.Sockets (1.0.0-preview1-final) - restriction: || (&& (== net452) (>= netcoreapp2.1)) (&& (== net461) (>= netcoreapp2.1)) (&& (== netcoreapp2.0) (>= netcoreapp2.1)) (== netcoreapp2.1) (&& (== netstandard2.0) (>= netcoreapp2.1))
      Microsoft.AspNetCore.Hosting.Abstractions (>= 2.1.0-preview1-final) - restriction: || (&& (== net452) (>= netstandard2.0)) (&& (== net461) (>= netstandard2.0)) (== netcoreapp2.0) (== netcoreapp2.1) (== netstandard2.0)
      Microsoft.AspNetCore.Sockets.Abstractions (>= 1.0.0-preview1-final) - restriction: || (&& (== net452) (>= netstandard2.0)) (&& (== net461) (>= netstandard2.0)) (== netcoreapp2.0) (== netcoreapp2.1) (== netstandard2.0)
      Microsoft.Extensions.DependencyInjection.Abstractions (>= 2.1.0-preview1-final) - restriction: || (&& (== net452) (>= netstandard2.0)) (&& (== net461) (>= netstandard2.0)) (== netcoreapp2.0) (== netcoreapp2.1) (== netstandard2.0)
      Microsoft.Extensions.Logging.Abstractions (>= 2.1.0-preview1-final) - restriction: || (&& (== net452) (>= netstandard2.0)) (&& (== net461) (>= netstandard2.0)) (== netcoreapp2.0) (== netcoreapp2.1) (== netstandard2.0)
      System.Threading.Channels (>= 4.5.0-preview1-26216-02) - restriction: || (&& (== net452) (>= netstandard2.0)) (&& (== net461) (>= netstandard2.0)) (== netcoreapp2.0) (== netcoreapp2.1) (== netstandard2.0)
      System.Threading.Tasks.Extensions (>= 4.5.0-preview1-26216-02) - restriction: || (&& (== net452) (>= netstandard2.0)) (&& (== net461) (>= netstandard2.0)) (== netcoreapp2.0) (== netcoreapp2.1) (== netstandard2.0)
    Microsoft.AspNetCore.Sockets.Abstractions (1.0.0-preview1-final) - restriction: || (&& (== net452) (>= netcoreapp2.1)) (&& (== net461) (>= netcoreapp2.1)) (&& (== netcoreapp2.0) (>= netcoreapp2.1)) (== netcoreapp2.1) (&& (== netstandard2.0) (>= netcoreapp2.1))
      Microsoft.AspNetCore.Http.Features (>= 2.1.0-preview1-final) - restriction: || (&& (== net452) (>= netstandard2.0)) (&& (== net461) (>= netstandard2.0)) (== netcoreapp2.0) (== netcoreapp2.1) (== netstandard2.0)
      System.Threading.Channels (>= 4.5.0-preview1-26216-02) - restriction: || (&& (== net452) (>= netstandard2.0)) (&& (== net461) (>= netstandard2.0)) (== netcoreapp2.0) (== netcoreapp2.1) (== netstandard2.0)
      System.Threading.Tasks.Extensions (>= 4.5.0-preview1-26216-02) - restriction: || (&& (== net452) (>= netstandard2.0)) (&& (== net461) (>= netstandard2.0)) (== netcoreapp2.0) (== netcoreapp2.1) (== netstandard2.0)
    Microsoft.AspNetCore.Sockets.Common.Http (1.0.0-preview1-final) - restriction: || (&& (== net452) (>= netcoreapp2.1)) (&& (== net461) (>= netcoreapp2.1)) (&& (== netcoreapp2.0) (>= netcoreapp2.1)) (== netcoreapp2.1) (&& (== netstandard2.0) (>= netcoreapp2.1))
    Microsoft.AspNetCore.Sockets.Http (1.0.0-preview1-final) - restriction: || (&& (== net452) (>= netcoreapp2.1)) (&& (== net461) (>= netcoreapp2.1)) (&& (== netcoreapp2.0) (>= netcoreapp2.1)) (== netcoreapp2.1) (&& (== netstandard2.0) (>= netcoreapp2.1))
      Microsoft.AspNetCore.Authorization.Policy (>= 2.1.0-preview1-final) - restriction: || (&& (== net452) (>= netstandard2.0)) (&& (== net461) (>= netstandard2.0)) (== netcoreapp2.0) (== netcoreapp2.1) (== netstandard2.0)
      Microsoft.AspNetCore.Hosting.Abstractions (>= 2.1.0-preview1-final) - restriction: || (&& (== net452) (>= netstandard2.0)) (&& (== net461) (>= netstandard2.0)) (== netcoreapp2.0) (== netcoreapp2.1) (== netstandard2.0)
      Microsoft.AspNetCore.Routing (>= 2.1.0-preview1-final) - restriction: || (&& (== net452) (>= netstandard2.0)) (&& (== net461) (>= netstandard2.0)) (== netcoreapp2.0) (== netcoreapp2.1) (== netstandard2.0)
      Microsoft.AspNetCore.Sockets (>= 1.0.0-preview1-final) - restriction: || (&& (== net452) (>= netstandard2.0)) (&& (== net461) (>= netstandard2.0)) (== netcoreapp2.0) (== netcoreapp2.1) (== netstandard2.0)
      Microsoft.AspNetCore.Sockets.Common.Http (>= 1.0.0-preview1-final) - restriction: || (&& (== net452) (>= netstandard2.0)) (&& (== net461) (>= netstandard2.0)) (== netcoreapp2.0) (== netcoreapp2.1) (== netstandard2.0)
      Microsoft.AspNetCore.WebSockets (>= 2.1.0-preview1-final) - restriction: || (&& (== net452) (>= netstandard2.0)) (&& (== net461) (>= netstandard2.0)) (== netcoreapp2.0) (== netcoreapp2.1) (== netstandard2.0)
      Newtonsoft.Json (>= 10.0.1) - restriction: || (&& (== net452) (>= netstandard2.0)) (&& (== net461) (>= netstandard2.0)) (== netcoreapp2.0) (== netcoreapp2.1) (== netstandard2.0)
      System.Memory (>= 4.5.0-preview1-26216-02) - restriction: || (&& (== net452) (>= netstandard2.0)) (&& (== net461) (>= netstandard2.0)) (== netcoreapp2.0) (== netcoreapp2.1) (== netstandard2.0)
      System.Threading.Channels (>= 4.5.0-preview1-26216-02) - restriction: || (&& (== net452) (>= netstandard2.0)) (&& (== net461) (>= netstandard2.0)) (== netcoreapp2.0) (== netcoreapp2.1) (== netstandard2.0)
      System.Threading.Tasks.Extensions (>= 4.5.0-preview1-26216-02) - restriction: || (&& (== net452) (>= netstandard2.0)) (&& (== net461) (>= netstandard2.0)) (== netcoreapp2.0) (== netcoreapp2.1) (== netstandard2.0)
    Microsoft.AspNetCore.SpaServices (2.1.0-preview1-final) - restriction: || (&& (== net452) (>= netcoreapp2.1)) (&& (== net461) (>= netcoreapp2.1)) (&& (== netcoreapp2.0) (>= netcoreapp2.1)) (== netcoreapp2.1) (&& (== netstandard2.0) (>= netcoreapp2.1))
      Microsoft.AspNetCore.Mvc.TagHelpers (>= 2.1.0-preview1-final) - restriction: || (&& (== net452) (>= netstandard2.0)) (&& (== net461) (>= netstandard2.0)) (== netcoreapp2.0) (== netcoreapp2.1) (== netstandard2.0)
      Microsoft.AspNetCore.Mvc.ViewFeatures (>= 2.1.0-preview1-final) - restriction: || (&& (== net452) (>= netstandard2.0)) (&& (== net461) (>= netstandard2.0)) (== netcoreapp2.0) (== netcoreapp2.1) (== netstandard2.0)
      Microsoft.AspNetCore.NodeServices (>= 2.1.0-preview1-final) - restriction: || (&& (== net452) (>= netstandard2.0)) (&& (== net461) (>= netstandard2.0)) (== netcoreapp2.0) (== netcoreapp2.1) (== netstandard2.0)
    Microsoft.AspNetCore.SpaServices.Extensions (2.1.0-preview1-final) - restriction: || (&& (== net452) (>= netcoreapp2.1)) (&& (== net461) (>= netcoreapp2.1)) (&& (== netcoreapp2.0) (>= netcoreapp2.1)) (== netcoreapp2.1) (&& (== netstandard2.0) (>= netcoreapp2.1))
      Microsoft.AspNetCore.SpaServices (>= 2.1.0-preview1-final) - restriction: || (&& (== net452) (>= netstandard2.0)) (&& (== net461) (>= netstandard2.0)) (== netcoreapp2.0) (== netcoreapp2.1) (== netstandard2.0)
      Microsoft.AspNetCore.StaticFiles (>= 2.1.0-preview1-final) - restriction: || (&& (== net452) (>= netstandard2.0)) (&& (== net461) (>= netstandard2.0)) (== netcoreapp2.0) (== netcoreapp2.1) (== netstandard2.0)
      Microsoft.AspNetCore.WebSockets (>= 2.1.0-preview1-final) - restriction: || (&& (== net452) (>= netstandard2.0)) (&& (== net461) (>= netstandard2.0)) (== netcoreapp2.0) (== netcoreapp2.1) (== netstandard2.0)
      Microsoft.Extensions.FileProviders.Physical (>= 2.1.0-preview1-final) - restriction: || (&& (== net452) (>= netstandard2.0)) (&& (== net461) (>= netstandard2.0)) (== netcoreapp2.0) (== netcoreapp2.1) (== netstandard2.0)
    Microsoft.AspNetCore.StaticFiles (2.1.0-preview1-final) - restriction: || (&& (== net452) (>= netcoreapp2.1)) (&& (== net461) (>= netcoreapp2.1)) (&& (== netcoreapp2.0) (>= netcoreapp2.1)) (== netcoreapp2.1) (&& (== netstandard2.0) (>= netcoreapp2.1))
      Microsoft.AspNetCore.Hosting.Abstractions (>= 2.1.0-preview1-final) - restriction: || (&& (== net452) (>= netstandard2.0)) (&& (== net461) (>= netstandard2.0)) (== netcoreapp2.0) (== netcoreapp2.1) (== netstandard2.0)
      Microsoft.AspNetCore.Http.Extensions (>= 2.1.0-preview1-final) - restriction: || (&& (== net452) (>= netstandard2.0)) (&& (== net461) (>= netstandard2.0)) (== netcoreapp2.0) (== netcoreapp2.1) (== netstandard2.0)
      Microsoft.Extensions.FileProviders.Abstractions (>= 2.1.0-preview1-final) - restriction: || (&& (== net452) (>= netstandard2.0)) (&& (== net461) (>= netstandard2.0)) (== netcoreapp2.0) (== netcoreapp2.1) (== netstandard2.0)
      Microsoft.Extensions.Logging.Abstractions (>= 2.1.0-preview1-final) - restriction: || (&& (== net452) (>= netstandard2.0)) (&& (== net461) (>= netstandard2.0)) (== netcoreapp2.0) (== netcoreapp2.1) (== netstandard2.0)
      Microsoft.Extensions.WebEncoders (>= 2.1.0-preview1-final) - restriction: || (&& (== net452) (>= netstandard2.0)) (&& (== net461) (>= netstandard2.0)) (== netcoreapp2.0) (== netcoreapp2.1) (== netstandard2.0)
    Microsoft.AspNetCore.WebSockets (2.1.0-preview1-final) - restriction: || (&& (== net452) (>= netcoreapp2.1)) (&& (== net461) (>= netcoreapp2.1)) (&& (== netcoreapp2.0) (>= netcoreapp2.1)) (== netcoreapp2.1) (&& (== netstandard2.0) (>= netcoreapp2.1))
      Microsoft.AspNetCore.Http.Extensions (>= 2.1.0-preview1-final) - restriction: || (&& (== net452) (>= netstandard2.0)) (&& (== net461) (>= netstandard2.0)) (== netcoreapp2.0) (== netcoreapp2.1) (== netstandard2.0)
      Microsoft.Extensions.Options (>= 2.1.0-preview1-final) - restriction: || (&& (== net452) (>= netstandard2.0)) (&& (== net461) (>= netstandard2.0)) (== netcoreapp2.0) (== netcoreapp2.1) (== netstandard2.0)
      System.Net.WebSockets.WebSocketProtocol (>= 4.5.0-preview1-26216-02) - restriction: || (&& (== net452) (>= netstandard2.0)) (&& (== net461) (>= netstandard2.0)) (== netcoreapp2.0) (== netcoreapp2.1) (== netstandard2.0)
    Microsoft.AspNetCore.WebUtilities (2.1.0-preview1-final) - restriction: || (&& (== net452) (>= netcoreapp2.1)) (&& (== net461) (>= netcoreapp2.1)) (&& (== netcoreapp2.0) (>= netcoreapp2.1)) (== netcoreapp2.1) (&& (== netstandard2.0) (>= netcoreapp2.1))
      Microsoft.Net.Http.Headers (>= 2.1.0-preview1-final) - restriction: || (&& (== net452) (>= netstandard2.0)) (&& (== net461) (>= netstandard2.0)) (== netcoreapp2.0) (== netcoreapp2.1) (== netstandard2.0)
      System.Text.Encodings.Web (>= 4.5.0-preview1-26216-02) - restriction: || (&& (== net452) (>= netstandard2.0)) (&& (== net461) (>= netstandard2.0)) (== netcoreapp2.0) (== netcoreapp2.1) (== netstandard2.0)
    Microsoft.CodeAnalysis.Analyzers (2.6) - restriction: || (&& (== net452) (>= netcoreapp2.1)) (&& (== net461) (>= netcoreapp2.1)) (&& (== netcoreapp2.0) (>= netcoreapp2.1)) (== netcoreapp2.1) (&& (== netstandard2.0) (>= netcoreapp2.1))
    Microsoft.CodeAnalysis.Common (2.7) - restriction: || (&& (== net452) (>= netcoreapp2.1)) (&& (== net461) (>= netcoreapp2.1)) (&& (== netcoreapp2.0) (>= netcoreapp2.1)) (== netcoreapp2.1) (&& (== netstandard2.0) (>= netcoreapp2.1))
      Microsoft.CodeAnalysis.Analyzers (>= 1.1) - restriction: || (&& (== net452) (>= netstandard1.3)) (== net461) (== netcoreapp2.0) (== netcoreapp2.1) (== netstandard2.0)
      System.AppContext (>= 4.3) - restriction: || (&& (== net452) (>= netstandard1.3)) (== net461) (== netcoreapp2.0) (== netcoreapp2.1) (== netstandard2.0)
      System.Collections (>= 4.3) - restriction: || (&& (== net452) (>= netstandard1.3)) (== net461) (== netcoreapp2.0) (== netcoreapp2.1) (== netstandard2.0)
      System.Collections.Concurrent (>= 4.3) - restriction: || (&& (== net452) (>= netstandard1.3)) (== net461) (== netcoreapp2.0) (== netcoreapp2.1) (== netstandard2.0)
      System.Collections.Immutable (>= 1.3.1) - restriction: || (&& (== net452) (>= netstandard1.3)) (== net461) (== netcoreapp2.0) (== netcoreapp2.1) (== netstandard2.0)
      System.Console (>= 4.3) - restriction: || (&& (== net452) (>= netstandard1.3)) (== net461) (== netcoreapp2.0) (== netcoreapp2.1) (== netstandard2.0)
      System.Diagnostics.Debug (>= 4.3) - restriction: || (&& (== net452) (>= netstandard1.3)) (== net461) (== netcoreapp2.0) (== netcoreapp2.1) (== netstandard2.0)
      System.Diagnostics.FileVersionInfo (>= 4.3) - restriction: || (&& (== net452) (>= netstandard1.3)) (== net461) (== netcoreapp2.0) (== netcoreapp2.1) (== netstandard2.0)
      System.Diagnostics.StackTrace (>= 4.3) - restriction: || (&& (== net452) (>= netstandard1.3)) (== net461) (== netcoreapp2.0) (== netcoreapp2.1) (== netstandard2.0)
      System.Diagnostics.Tools (>= 4.3) - restriction: || (&& (== net452) (>= netstandard1.3)) (== net461) (== netcoreapp2.0) (== netcoreapp2.1) (== netstandard2.0)
      System.Dynamic.Runtime (>= 4.3) - restriction: || (&& (== net452) (>= netstandard1.3)) (== net461) (== netcoreapp2.0) (== netcoreapp2.1) (== netstandard2.0)
      System.Globalization (>= 4.3) - restriction: || (&& (== net452) (>= netstandard1.3)) (== net461) (== netcoreapp2.0) (== netcoreapp2.1) (== netstandard2.0)
      System.IO.Compression (>= 4.3) - restriction: || (&& (== net452) (>= netstandard1.3)) (== net461) (== netcoreapp2.0) (== netcoreapp2.1) (== netstandard2.0)
      System.IO.FileSystem (>= 4.3) - restriction: || (&& (== net452) (>= netstandard1.3)) (== net461) (== netcoreapp2.0) (== netcoreapp2.1) (== netstandard2.0)
      System.IO.FileSystem.Primitives (>= 4.3) - restriction: || (&& (== net452) (>= netstandard1.3)) (== net461) (== netcoreapp2.0) (== netcoreapp2.1) (== netstandard2.0)
      System.Linq (>= 4.3) - restriction: || (&& (== net452) (>= netstandard1.3)) (== net461) (== netcoreapp2.0) (== netcoreapp2.1) (== netstandard2.0)
      System.Linq.Expressions (>= 4.3) - restriction: || (&& (== net452) (>= netstandard1.3)) (== net461) (== netcoreapp2.0) (== netcoreapp2.1) (== netstandard2.0)
      System.Reflection (>= 4.3) - restriction: || (&& (== net452) (>= netstandard1.3)) (== net461) (== netcoreapp2.0) (== netcoreapp2.1) (== netstandard2.0)
      System.Reflection.Metadata (>= 1.4.2) - restriction: || (&& (== net452) (>= netstandard1.3)) (== net461) (== netcoreapp2.0) (== netcoreapp2.1) (== netstandard2.0)
      System.Resources.ResourceManager (>= 4.3) - restriction: || (&& (== net452) (>= netstandard1.3)) (== net461) (== netcoreapp2.0) (== netcoreapp2.1) (== netstandard2.0)
      System.Runtime (>= 4.3) - restriction: || (&& (== net452) (>= netstandard1.3)) (== net461) (== netcoreapp2.0) (== netcoreapp2.1) (== netstandard2.0)
      System.Runtime.Extensions (>= 4.3) - restriction: || (&& (== net452) (>= netstandard1.3)) (== net461) (== netcoreapp2.0) (== netcoreapp2.1) (== netstandard2.0)
      System.Runtime.InteropServices (>= 4.3) - restriction: || (&& (== net452) (>= netstandard1.3)) (== net461) (== netcoreapp2.0) (== netcoreapp2.1) (== netstandard2.0)
      System.Runtime.Numerics (>= 4.3) - restriction: || (&& (== net452) (>= netstandard1.3)) (== net461) (== netcoreapp2.0) (== netcoreapp2.1) (== netstandard2.0)
      System.Security.Cryptography.Algorithms (>= 4.3) - restriction: || (&& (== net452) (>= netstandard1.3)) (== net461) (== netcoreapp2.0) (== netcoreapp2.1) (== netstandard2.0)
      System.Security.Cryptography.Encoding (>= 4.3) - restriction: || (&& (== net452) (>= netstandard1.3)) (== net461) (== netcoreapp2.0) (== netcoreapp2.1) (== netstandard2.0)
      System.Security.Cryptography.X509Certificates (>= 4.3) - restriction: || (&& (== net452) (>= netstandard1.3)) (== net461) (== netcoreapp2.0) (== netcoreapp2.1) (== netstandard2.0)
      System.Text.Encoding (>= 4.3) - restriction: || (&& (== net452) (>= netstandard1.3)) (== net461) (== netcoreapp2.0) (== netcoreapp2.1) (== netstandard2.0)
      System.Text.Encoding.CodePages (>= 4.3) - restriction: || (&& (== net452) (>= netstandard1.3)) (== net461) (== netcoreapp2.0) (== netcoreapp2.1) (== netstandard2.0)
      System.Text.Encoding.Extensions (>= 4.3) - restriction: || (&& (== net452) (>= netstandard1.3)) (== net461) (== netcoreapp2.0) (== netcoreapp2.1) (== netstandard2.0)
      System.Threading (>= 4.3) - restriction: || (&& (== net452) (>= netstandard1.3)) (== net461) (== netcoreapp2.0) (== netcoreapp2.1) (== netstandard2.0)
      System.Threading.Tasks (>= 4.3) - restriction: || (&& (== net452) (>= netstandard1.3)) (== net461) (== netcoreapp2.0) (== netcoreapp2.1) (== netstandard2.0)
      System.Threading.Tasks.Parallel (>= 4.3) - restriction: || (&& (== net452) (>= netstandard1.3)) (== net461) (== netcoreapp2.0) (== netcoreapp2.1) (== netstandard2.0)
      System.Threading.Thread (>= 4.3) - restriction: || (&& (== net452) (>= netstandard1.3)) (== net461) (== netcoreapp2.0) (== netcoreapp2.1) (== netstandard2.0)
      System.ValueTuple (>= 4.3) - restriction: || (&& (== net452) (>= netstandard1.3)) (== net461) (== netcoreapp2.0) (== netcoreapp2.1) (== netstandard2.0)
      System.Xml.ReaderWriter (>= 4.3) - restriction: || (&& (== net452) (>= netstandard1.3)) (== net461) (== netcoreapp2.0) (== netcoreapp2.1) (== netstandard2.0)
      System.Xml.XDocument (>= 4.3) - restriction: || (&& (== net452) (>= netstandard1.3)) (== net461) (== netcoreapp2.0) (== netcoreapp2.1) (== netstandard2.0)
      System.Xml.XmlDocument (>= 4.3) - restriction: || (&& (== net452) (>= netstandard1.3)) (== net461) (== netcoreapp2.0) (== netcoreapp2.1) (== netstandard2.0)
      System.Xml.XPath.XDocument (>= 4.3) - restriction: || (&& (== net452) (>= netstandard1.3)) (== net461) (== netcoreapp2.0) (== netcoreapp2.1) (== netstandard2.0)
    Microsoft.CodeAnalysis.CSharp (2.7) - restriction: || (&& (== net452) (>= netcoreapp2.1)) (&& (== net461) (>= netcoreapp2.1)) (&& (== netcoreapp2.0) (>= netcoreapp2.1)) (== netcoreapp2.1) (&& (== netstandard2.0) (>= netcoreapp2.1))
      Microsoft.CodeAnalysis.Common (2.7)
    Microsoft.CodeAnalysis.Razor (2.1.0-preview1-final) - restriction: || (&& (== net452) (>= netcoreapp2.1)) (&& (== net461) (>= netcoreapp2.1)) (&& (== netcoreapp2.0) (>= netcoreapp2.1)) (== netcoreapp2.1) (&& (== netstandard2.0) (>= netcoreapp2.1))
      Microsoft.AspNetCore.Razor.Language (>= 2.1.0-preview1-final) - restriction: || (&& (== net452) (>= net46)) (&& (== net452) (>= netstandard2.0)) (== net461) (== netcoreapp2.0) (== netcoreapp2.1) (== netstandard2.0)
      Microsoft.CodeAnalysis.Common (>= 2.6.1) - restriction: || (&& (== net452) (>= net46)) (&& (== net452) (>= netstandard2.0)) (== net461) (== netcoreapp2.0) (== netcoreapp2.1) (== netstandard2.0)
      Microsoft.CodeAnalysis.CSharp (>= 2.6.1) - restriction: || (&& (== net452) (>= net46)) (&& (== net452) (>= netstandard2.0)) (== net461) (== netcoreapp2.0) (== netcoreapp2.1) (== netstandard2.0)
    Microsoft.CSharp (4.5.0-preview1-26216-02) - restriction: || (&& (== net452) (>= netcoreapp2.1)) (&& (== net461) (>= netcoreapp2.1)) (&& (== netcoreapp2.0) (>= netcoreapp2.1)) (== netcoreapp2.1) (&& (== netstandard2.0) (>= netcoreapp2.1))
    Microsoft.Diagnostics.Tracing.EventSource.Redist (2.0) - restriction: || (== net452) (== net461) (&& (== netcoreapp2.0) (>= net451)) (&& (== netcoreapp2.1) (>= net451)) (&& (== netstandard2.0) (>= net451))
    Microsoft.DotNet.PlatformAbstractions (2.1.0-preview1-26216-03) - restriction: || (&& (== net452) (>= netcoreapp2.1)) (&& (== net461) (>= netcoreapp2.1)) (&& (== netcoreapp2.0) (>= netcoreapp2.1)) (== netcoreapp2.1) (&& (== netstandard2.0) (>= netcoreapp2.1))
      System.AppContext (>= 4.1) - restriction: || (&& (== net452) (< net45) (>= netstandard1.3)) (&& (== net461) (< net45)) (== netcoreapp2.0) (== netcoreapp2.1) (== netstandard2.0)
      System.Collections (>= 4.0.11) - restriction: || (&& (== net452) (< net45) (>= netstandard1.3)) (&& (== net461) (< net45)) (== netcoreapp2.0) (== netcoreapp2.1) (== netstandard2.0)
      System.IO (>= 4.1) - restriction: || (&& (== net452) (< net45) (>= netstandard1.3)) (&& (== net461) (< net45)) (== netcoreapp2.0) (== netcoreapp2.1) (== netstandard2.0)
      System.IO.FileSystem (>= 4.0.1) - restriction: || (&& (== net452) (< net45) (>= netstandard1.3)) (&& (== net461) (< net45)) (== netcoreapp2.0) (== netcoreapp2.1) (== netstandard2.0)
      System.Reflection.TypeExtensions (>= 4.1) - restriction: || (&& (== net452) (< net45) (>= netstandard1.3)) (&& (== net461) (< net45)) (== netcoreapp2.0) (== netcoreapp2.1) (== netstandard2.0)
      System.Runtime.Extensions (>= 4.1) - restriction: || (&& (== net452) (< net45) (>= netstandard1.3)) (&& (== net461) (< net45)) (== netcoreapp2.0) (== netcoreapp2.1) (== netstandard2.0)
      System.Runtime.InteropServices (>= 4.1) - restriction: || (&& (== net452) (< net45) (>= netstandard1.3)) (&& (== net461) (< net45)) (== netcoreapp2.0) (== netcoreapp2.1) (== netstandard2.0)
      System.Runtime.InteropServices.RuntimeInformation (>= 4.0)
    Microsoft.EntityFrameworkCore (2.1.0-preview1-final) - restriction: || (&& (== net452) (>= netcoreapp2.1)) (&& (== net461) (>= netcoreapp2.1)) (&& (== netcoreapp2.0) (>= netcoreapp2.1)) (== netcoreapp2.1) (&& (== netstandard2.0) (>= netcoreapp2.1))
      Microsoft.EntityFrameworkCore.Attributes (>= 2.1.0-preview1-final) - restriction: || (&& (== net452) (>= netstandard2.0)) (&& (== net461) (>= netstandard2.0)) (== netcoreapp2.0) (== netcoreapp2.1) (== netstandard2.0)
      Microsoft.Extensions.Caching.Memory (>= 2.1.0-preview1-final) - restriction: || (&& (== net452) (>= netstandard2.0)) (&& (== net461) (>= netstandard2.0)) (== netcoreapp2.0) (== netcoreapp2.1) (== netstandard2.0)
      Microsoft.Extensions.DependencyInjection (>= 2.1.0-preview1-final) - restriction: || (&& (== net452) (>= netstandard2.0)) (&& (== net461) (>= netstandard2.0)) (== netcoreapp2.0) (== netcoreapp2.1) (== netstandard2.0)
      Microsoft.Extensions.Logging (>= 2.1.0-preview1-final) - restriction: || (&& (== net452) (>= netstandard2.0)) (&& (== net461) (>= netstandard2.0)) (== netcoreapp2.0) (== netcoreapp2.1) (== netstandard2.0)
      Remotion.Linq (>= 2.2.0-alpha-002) - restriction: || (&& (== net452) (>= netstandard2.0)) (&& (== net461) (>= netstandard2.0)) (== netcoreapp2.0) (== netcoreapp2.1) (== netstandard2.0)
      System.Collections.Immutable (>= 1.5.0-preview1-26216-02) - restriction: || (&& (== net452) (>= netstandard2.0)) (&& (== net461) (>= netstandard2.0)) (== netcoreapp2.0) (== netcoreapp2.1) (== netstandard2.0)
      System.ComponentModel.Annotations (>= 4.5.0-preview1-26216-02) - restriction: || (&& (== net452) (>= netstandard2.0)) (&& (== net461) (>= netstandard2.0)) (== netcoreapp2.0) (== netcoreapp2.1) (== netstandard2.0)
      System.Diagnostics.DiagnosticSource (>= 4.5.0-preview1-26216-02) - restriction: || (&& (== net452) (>= netstandard2.0)) (&& (== net461) (>= netstandard2.0)) (== netcoreapp2.0) (== netcoreapp2.1) (== netstandard2.0)
      System.Interactive.Async (>= 3.1.1) - restriction: || (&& (== net452) (>= netstandard2.0)) (&& (== net461) (>= netstandard2.0)) (== netcoreapp2.0) (== netcoreapp2.1) (== netstandard2.0)
    Microsoft.EntityFrameworkCore.Attributes (2.1.0-preview1-final) - restriction: || (&& (== net452) (>= netcoreapp2.1)) (&& (== net461) (>= netcoreapp2.1)) (&& (== netcoreapp2.0) (>= netcoreapp2.1)) (== netcoreapp2.1) (&& (== netstandard2.0) (>= netcoreapp2.1))
    Microsoft.EntityFrameworkCore.Design (2.1.0-preview1-final) - restriction: || (&& (== net452) (>= netcoreapp2.1)) (&& (== net461) (>= netcoreapp2.1)) (&& (== netcoreapp2.0) (>= netcoreapp2.1)) (== netcoreapp2.1) (&& (== netstandard2.0) (>= netcoreapp2.1))
      Microsoft.CSharp (>= 4.5.0-preview1-26216-02) - restriction: || (&& (== net452) (>= net461)) (&& (== net452) (>= netstandard2.0)) (== net461) (== netcoreapp2.0) (== netcoreapp2.1) (== netstandard2.0)
      Microsoft.EntityFrameworkCore.Relational (>= 2.1.0-preview1-final) - restriction: || (&& (== net452) (>= net461)) (&& (== net452) (>= netstandard2.0)) (== net461) (== netcoreapp2.0) (== netcoreapp2.1) (== netstandard2.0)
    Microsoft.EntityFrameworkCore.InMemory (2.1.0-preview1-final) - restriction: || (&& (== net452) (>= netcoreapp2.1)) (&& (== net461) (>= netcoreapp2.1)) (&& (== netcoreapp2.0) (>= netcoreapp2.1)) (== netcoreapp2.1) (&& (== netstandard2.0) (>= netcoreapp2.1))
      Microsoft.EntityFrameworkCore (>= 2.1.0-preview1-final) - restriction: || (&& (== net452) (>= netstandard2.0)) (&& (== net461) (>= netstandard2.0)) (== netcoreapp2.0) (== netcoreapp2.1) (== netstandard2.0)
    Microsoft.EntityFrameworkCore.Relational (2.1.0-preview1-final) - restriction: || (&& (== net452) (>= netcoreapp2.1)) (&& (== net461) (>= netcoreapp2.1)) (&& (== netcoreapp2.0) (>= netcoreapp2.1)) (== netcoreapp2.1) (&& (== netstandard2.0) (>= netcoreapp2.1))
      Microsoft.EntityFrameworkCore (>= 2.1.0-preview1-final) - restriction: || (&& (== net452) (>= netstandard2.0)) (&& (== net461) (>= netstandard2.0)) (== netcoreapp2.0) (== netcoreapp2.1) (== netstandard2.0)
    Microsoft.EntityFrameworkCore.SqlServer (2.1.0-preview1-final) - restriction: || (&& (== net452) (>= netcoreapp2.1)) (&& (== net461) (>= netcoreapp2.1)) (&& (== netcoreapp2.0) (>= netcoreapp2.1)) (== netcoreapp2.1) (&& (== netstandard2.0) (>= netcoreapp2.1))
      Microsoft.EntityFrameworkCore.Relational (>= 2.1.0-preview1-final) - restriction: || (&& (== net452) (>= netstandard2.0)) (&& (== net461) (>= netstandard2.0)) (== netcoreapp2.0) (== netcoreapp2.1) (== netstandard2.0)
      System.Data.SqlClient (>= 4.5.0-preview1-26216-02) - restriction: || (&& (== net452) (>= netstandard2.0)) (&& (== net461) (>= netstandard2.0)) (== netcoreapp2.0) (== netcoreapp2.1) (== netstandard2.0)
    Microsoft.EntityFrameworkCore.Tools (2.1.0-preview1-final) - restriction: || (&& (== net452) (>= netcoreapp2.1)) (&& (== net461) (>= netcoreapp2.1)) (&& (== netcoreapp2.0) (>= netcoreapp2.1)) (== netcoreapp2.1) (&& (== netstandard2.0) (>= netcoreapp2.1))
      Microsoft.EntityFrameworkCore.Design (>= 2.1.0-preview1-final) - restriction: || (&& (== net452) (>= netstandard2.0)) (&& (== net461) (>= netstandard2.0)) (== netcoreapp2.0) (== netcoreapp2.1) (== netstandard2.0)
    Microsoft.Extensions.Caching.Abstractions (2.1.0-preview1-final) - restriction: || (&& (== net452) (>= netcoreapp2.1)) (&& (== net461) (>= netcoreapp2.1)) (&& (== netcoreapp2.0) (>= netcoreapp2.1)) (== netcoreapp2.1) (&& (== netstandard2.0) (>= netcoreapp2.1))
      Microsoft.Extensions.Primitives (>= 2.1.0-preview1-final) - restriction: || (&& (== net452) (>= netstandard2.0)) (&& (== net461) (>= netstandard2.0)) (== netcoreapp2.0) (== netcoreapp2.1) (== netstandard2.0)
    Microsoft.Extensions.Caching.Memory (2.1.0-preview1-final) - restriction: || (&& (== net452) (>= netcoreapp2.1)) (&& (== net461) (>= netcoreapp2.1)) (&& (== netcoreapp2.0) (>= netcoreapp2.1)) (== netcoreapp2.1) (&& (== netstandard2.0) (>= netcoreapp2.1))
      Microsoft.Extensions.Caching.Abstractions (>= 2.1.0-preview1-final) - restriction: || (&& (== net452) (>= netstandard2.0)) (&& (== net461) (>= netstandard2.0)) (== netcoreapp2.0) (== netcoreapp2.1) (== netstandard2.0)
      Microsoft.Extensions.DependencyInjection.Abstractions (>= 2.1.0-preview1-final) - restriction: || (&& (== net452) (>= netstandard2.0)) (&& (== net461) (>= netstandard2.0)) (== netcoreapp2.0) (== netcoreapp2.1) (== netstandard2.0)
      Microsoft.Extensions.Options (>= 2.1.0-preview1-final) - restriction: || (&& (== net452) (>= netstandard2.0)) (&& (== net461) (>= netstandard2.0)) (== netcoreapp2.0) (== netcoreapp2.1) (== netstandard2.0)
    Microsoft.Extensions.Caching.SqlServer (2.1.0-preview1-final) - restriction: || (&& (== net452) (>= netcoreapp2.1)) (&& (== net461) (>= netcoreapp2.1)) (&& (== netcoreapp2.0) (>= netcoreapp2.1)) (== netcoreapp2.1) (&& (== netstandard2.0) (>= netcoreapp2.1))
      Microsoft.Extensions.Caching.Abstractions (>= 2.1.0-preview1-final) - restriction: || (&& (== net452) (>= netstandard2.0)) (&& (== net461) (>= netstandard2.0)) (== netcoreapp2.0) (== netcoreapp2.1) (== netstandard2.0)
      Microsoft.Extensions.Options (>= 2.1.0-preview1-final) - restriction: || (&& (== net452) (>= netstandard2.0)) (&& (== net461) (>= netstandard2.0)) (== netcoreapp2.0) (== netcoreapp2.1) (== netstandard2.0)
      System.Data.SqlClient (>= 4.5.0-preview1-26216-02) - restriction: || (&& (== net452) (>= netstandard2.0)) (&& (== net461) (>= netstandard2.0)) (== netcoreapp2.0) (== netcoreapp2.1) (== netstandard2.0)
    Microsoft.Extensions.Configuration (2.1.0-preview1-final) - restriction: || (&& (== net452) (>= netcoreapp2.1)) (&& (== net461) (>= netcoreapp2.1)) (&& (== netcoreapp2.0) (>= netcoreapp2.1)) (== netcoreapp2.1) (&& (== netstandard2.0) (>= netcoreapp2.1))
      Microsoft.Extensions.Configuration.Abstractions (>= 2.1.0-preview1-final) - restriction: || (&& (== net452) (>= netstandard2.0)) (&& (== net461) (>= netstandard2.0)) (== netcoreapp2.0) (== netcoreapp2.1) (== netstandard2.0)
    Microsoft.Extensions.Configuration.Abstractions (2.1.0-preview1-final) - restriction: || (&& (== net452) (>= netcoreapp2.1)) (&& (== net461) (>= netcoreapp2.1)) (&& (== netcoreapp2.0) (>= netcoreapp2.1)) (== netcoreapp2.1) (&& (== netstandard2.0) (>= netcoreapp2.1))
      Microsoft.Extensions.Primitives (>= 2.1.0-preview1-final) - restriction: || (&& (== net452) (>= netstandard2.0)) (&& (== net461) (>= netstandard2.0)) (== netcoreapp2.0) (== netcoreapp2.1) (== netstandard2.0)
    Microsoft.Extensions.Configuration.Binder (2.1.0-preview1-final) - restriction: || (&& (== net452) (>= netcoreapp2.1)) (&& (== net461) (>= netcoreapp2.1)) (&& (== netcoreapp2.0) (>= netcoreapp2.1)) (== netcoreapp2.1) (&& (== netstandard2.0) (>= netcoreapp2.1))
      Microsoft.Extensions.Configuration (>= 2.1.0-preview1-final) - restriction: || (&& (== net452) (>= netstandard2.0)) (&& (== net461) (>= netstandard2.0)) (== netcoreapp2.0) (== netcoreapp2.1) (== netstandard2.0)
    Microsoft.Extensions.Configuration.CommandLine (2.1.0-preview1-final) - restriction: || (&& (== net452) (>= netcoreapp2.1)) (&& (== net461) (>= netcoreapp2.1)) (&& (== netcoreapp2.0) (>= netcoreapp2.1)) (== netcoreapp2.1) (&& (== netstandard2.0) (>= netcoreapp2.1))
      Microsoft.Extensions.Configuration (>= 2.1.0-preview1-final) - restriction: || (&& (== net452) (>= netstandard2.0)) (&& (== net461) (>= netstandard2.0)) (== netcoreapp2.0) (== netcoreapp2.1) (== netstandard2.0)
    Microsoft.Extensions.Configuration.EnvironmentVariables (2.1.0-preview1-final) - restriction: || (&& (== net452) (>= netcoreapp2.1)) (&& (== net461) (>= netcoreapp2.1)) (&& (== netcoreapp2.0) (>= netcoreapp2.1)) (== netcoreapp2.1) (&& (== netstandard2.0) (>= netcoreapp2.1))
      Microsoft.Extensions.Configuration (>= 2.1.0-preview1-final) - restriction: || (&& (== net452) (>= netstandard2.0)) (&& (== net461) (>= netstandard2.0)) (== netcoreapp2.0) (== netcoreapp2.1) (== netstandard2.0)
    Microsoft.Extensions.Configuration.FileExtensions (2.1.0-preview1-final) - restriction: || (&& (== net452) (>= netcoreapp2.1)) (&& (== net461) (>= netcoreapp2.1)) (&& (== netcoreapp2.0) (>= netcoreapp2.1)) (== netcoreapp2.1) (&& (== netstandard2.0) (>= netcoreapp2.1))
      Microsoft.Extensions.Configuration (>= 2.1.0-preview1-final) - restriction: || (&& (== net452) (>= netstandard2.0)) (&& (== net461) (>= netstandard2.0)) (== netcoreapp2.0) (== netcoreapp2.1) (== netstandard2.0)
      Microsoft.Extensions.FileProviders.Physical (>= 2.1.0-preview1-final) - restriction: || (&& (== net452) (>= netstandard2.0)) (&& (== net461) (>= netstandard2.0)) (== netcoreapp2.0) (== netcoreapp2.1) (== netstandard2.0)
    Microsoft.Extensions.Configuration.Ini (2.1.0-preview1-final) - restriction: || (&& (== net452) (>= netcoreapp2.1)) (&& (== net461) (>= netcoreapp2.1)) (&& (== netcoreapp2.0) (>= netcoreapp2.1)) (== netcoreapp2.1) (&& (== netstandard2.0) (>= netcoreapp2.1))
      Microsoft.Extensions.Configuration (>= 2.1.0-preview1-final) - restriction: || (&& (== net452) (>= netstandard2.0)) (&& (== net461) (>= netstandard2.0)) (== netcoreapp2.0) (== netcoreapp2.1) (== netstandard2.0)
      Microsoft.Extensions.Configuration.FileExtensions (>= 2.1.0-preview1-final) - restriction: || (&& (== net452) (>= netstandard2.0)) (&& (== net461) (>= netstandard2.0)) (== netcoreapp2.0) (== netcoreapp2.1) (== netstandard2.0)
    Microsoft.Extensions.Configuration.Json (2.1.0-preview1-final) - restriction: || (&& (== net452) (>= netcoreapp2.1)) (&& (== net461) (>= netcoreapp2.1)) (&& (== netcoreapp2.0) (>= netcoreapp2.1)) (== netcoreapp2.1) (&& (== netstandard2.0) (>= netcoreapp2.1))
      Microsoft.Extensions.Configuration (>= 2.1.0-preview1-final) - restriction: || (&& (== net452) (>= netstandard2.0)) (&& (== net461) (>= netstandard2.0)) (== netcoreapp2.0) (== netcoreapp2.1) (== netstandard2.0)
      Microsoft.Extensions.Configuration.FileExtensions (>= 2.1.0-preview1-final) - restriction: || (&& (== net452) (>= netstandard2.0)) (&& (== net461) (>= netstandard2.0)) (== netcoreapp2.0) (== netcoreapp2.1) (== netstandard2.0)
      Newtonsoft.Json (>= 10.0.1) - restriction: || (&& (== net452) (>= netstandard2.0)) (&& (== net461) (>= netstandard2.0)) (== netcoreapp2.0) (== netcoreapp2.1) (== netstandard2.0)
    Microsoft.Extensions.Configuration.UserSecrets (2.1.0-preview1-final) - restriction: || (&& (== net452) (>= netcoreapp2.1)) (&& (== net461) (>= netcoreapp2.1)) (&& (== netcoreapp2.0) (>= netcoreapp2.1)) (== netcoreapp2.1) (&& (== netstandard2.0) (>= netcoreapp2.1))
      Microsoft.Extensions.Configuration.Json (>= 2.1.0-preview1-final) - restriction: || (&& (== net452) (>= netstandard2.0)) (&& (== net461) (>= netstandard2.0)) (== netcoreapp2.0) (== netcoreapp2.1) (== netstandard2.0)
    Microsoft.Extensions.Configuration.Xml (2.1.0-preview1-final) - restriction: || (&& (== net452) (>= netcoreapp2.1)) (&& (== net461) (>= netcoreapp2.1)) (&& (== netcoreapp2.0) (>= netcoreapp2.1)) (== netcoreapp2.1) (&& (== netstandard2.0) (>= netcoreapp2.1))
      Microsoft.Extensions.Configuration (>= 2.1.0-preview1-final) - restriction: || (&& (== net452) (>= netstandard2.0)) (&& (== net461) (>= netstandard2.0)) (== netcoreapp2.0) (== netcoreapp2.1) (== netstandard2.0)
      Microsoft.Extensions.Configuration.FileExtensions (>= 2.1.0-preview1-final) - restriction: || (&& (== net452) (>= netstandard2.0)) (&& (== net461) (>= netstandard2.0)) (== netcoreapp2.0) (== netcoreapp2.1) (== netstandard2.0)
      System.Security.Cryptography.Xml (>= 4.5.0-preview1-26216-02) - restriction: || (&& (== net452) (>= netstandard2.0)) (&& (== net461) (>= netstandard2.0)) (== netcoreapp2.0) (== netcoreapp2.1) (== netstandard2.0)
    Microsoft.Extensions.DependencyInjection (2.1.0-preview1-final) - restriction: || (&& (== net452) (>= netcoreapp2.1)) (&& (== net461) (>= netcoreapp2.1)) (&& (== netcoreapp2.0) (>= netcoreapp2.1)) (== netcoreapp2.1) (&& (== netstandard2.0) (>= netcoreapp2.1))
      Microsoft.Extensions.DependencyInjection.Abstractions (>= 2.1.0-preview1-final) - restriction: || (&& (== net452) (>= netstandard2.0)) (&& (== net461) (>= netstandard2.0)) (== netcoreapp2.0) (== netcoreapp2.1) (== netstandard2.0)
    Microsoft.Extensions.DependencyInjection.Abstractions (2.1.0-preview1-final) - restriction: || (&& (== net452) (>= netcoreapp2.1)) (&& (== net461) (>= netcoreapp2.1)) (&& (== netcoreapp2.0) (>= netcoreapp2.1)) (== netcoreapp2.1) (&& (== netstandard2.0) (>= netcoreapp2.1))
    Microsoft.Extensions.DependencyModel (2.1.0-preview1-26216-03) - restriction: || (&& (== net452) (>= netcoreapp2.1)) (&& (== net461) (>= netcoreapp2.1)) (&& (== netcoreapp2.0) (>= netcoreapp2.1)) (== netcoreapp2.1) (&& (== netstandard2.0) (>= netcoreapp2.1))
      Microsoft.DotNet.PlatformAbstractions (>= 2.1.0-preview1-26216-03)
      Newtonsoft.Json (>= 9.0.1)
      System.Diagnostics.Debug (>= 4.0.11) - restriction: || (&& (== net452) (< net451) (>= netstandard1.3)) (&& (== net452) (< net451) (>= netstandard1.6)) (&& (== net461) (< net451)) (== netcoreapp2.0) (== netcoreapp2.1) (== netstandard2.0)
      System.Dynamic.Runtime (>= 4.0.11) - restriction: || (&& (== net452) (< net451) (>= netstandard1.3)) (&& (== net452) (< net451) (>= netstandard1.6)) (&& (== net461) (< net451)) (== netcoreapp2.0) (== netcoreapp2.1) (== netstandard2.0)
      System.Linq (>= 4.1) - restriction: || (&& (== net452) (< net451) (>= netstandard1.3)) (&& (== net452) (< net451) (>= netstandard1.6)) (&& (== net461) (< net451)) (== netcoreapp2.0) (== netcoreapp2.1) (== netstandard2.0)
    Microsoft.Extensions.DiagnosticAdapter (2.1.0-preview1-final) - restriction: || (&& (== net452) (>= netcoreapp2.1)) (&& (== net461) (>= netcoreapp2.1)) (&& (== netcoreapp2.0) (>= netcoreapp2.1)) (== netcoreapp2.1) (&& (== netstandard2.0) (>= netcoreapp2.1))
      System.Diagnostics.DiagnosticSource (>= 4.5.0-preview1-26216-02) - restriction: || (&& (== net452) (>= net461)) (&& (== net452) (>= netstandard2.0)) (== net461) (== netcoreapp2.0) (== netcoreapp2.1) (== netstandard2.0)
    Microsoft.Extensions.FileProviders.Abstractions (2.1.0-preview1-final) - restriction: || (&& (== net452) (>= netcoreapp2.1)) (&& (== net461) (>= netcoreapp2.1)) (&& (== netcoreapp2.0) (>= netcoreapp2.1)) (== netcoreapp2.1) (&& (== netstandard2.0) (>= netcoreapp2.1))
      Microsoft.Extensions.Primitives (>= 2.1.0-preview1-final) - restriction: || (&& (== net452) (>= netstandard2.0)) (&& (== net461) (>= netstandard2.0)) (== netcoreapp2.0) (== netcoreapp2.1) (== netstandard2.0)
    Microsoft.Extensions.FileProviders.Composite (2.1.0-preview1-final) - restriction: || (&& (== net452) (>= netcoreapp2.1)) (&& (== net461) (>= netcoreapp2.1)) (&& (== netcoreapp2.0) (>= netcoreapp2.1)) (== netcoreapp2.1) (&& (== netstandard2.0) (>= netcoreapp2.1))
      Microsoft.Extensions.FileProviders.Abstractions (>= 2.1.0-preview1-final) - restriction: || (&& (== net452) (>= netstandard2.0)) (&& (== net461) (>= netstandard2.0)) (== netcoreapp2.0) (== netcoreapp2.1) (== netstandard2.0)
    Microsoft.Extensions.FileProviders.Embedded (2.1.0-preview1-final) - restriction: || (&& (== net452) (>= netcoreapp2.1)) (&& (== net461) (>= netcoreapp2.1)) (&& (== netcoreapp2.0) (>= netcoreapp2.1)) (== netcoreapp2.1) (&& (== netstandard2.0) (>= netcoreapp2.1))
      Microsoft.Extensions.FileProviders.Abstractions (>= 2.1.0-preview1-final) - restriction: || (&& (== net452) (>= netstandard2.0)) (&& (== net461) (>= netstandard2.0)) (== netcoreapp2.0) (== netcoreapp2.1) (== netstandard2.0)
    Microsoft.Extensions.FileProviders.Physical (2.1.0-preview1-final) - restriction: || (&& (== net452) (>= netcoreapp2.1)) (&& (== net461) (>= netcoreapp2.1)) (&& (== netcoreapp2.0) (>= netcoreapp2.1)) (== netcoreapp2.1) (&& (== netstandard2.0) (>= netcoreapp2.1))
      Microsoft.Extensions.FileProviders.Abstractions (>= 2.1.0-preview1-final) - restriction: || (&& (== net452) (>= netstandard2.0)) (&& (== net461) (>= netstandard2.0)) (== netcoreapp2.0) (== netcoreapp2.1) (== netstandard2.0)
      Microsoft.Extensions.FileSystemGlobbing (>= 2.1.0-preview1-final) - restriction: || (&& (== net452) (>= netstandard2.0)) (&& (== net461) (>= netstandard2.0)) (== netcoreapp2.0) (== netcoreapp2.1) (== netstandard2.0)
    Microsoft.Extensions.FileSystemGlobbing (2.1.0-preview1-final) - restriction: || (&& (== net452) (>= netcoreapp2.1)) (&& (== net461) (>= netcoreapp2.1)) (&& (== netcoreapp2.0) (>= netcoreapp2.1)) (== netcoreapp2.1) (&& (== netstandard2.0) (>= netcoreapp2.1))
    Microsoft.Extensions.Hosting (2.1.0-preview1-final) - restriction: || (&& (== net452) (>= netcoreapp2.1)) (&& (== net461) (>= netcoreapp2.1)) (&& (== netcoreapp2.0) (>= netcoreapp2.1)) (== netcoreapp2.1) (&& (== netstandard2.0) (>= netcoreapp2.1))
      Microsoft.Extensions.Configuration (>= 2.1.0-preview1-final) - restriction: || (&& (== net452) (>= netstandard2.0)) (&& (== net461) (>= netstandard2.0)) (== netcoreapp2.0) (== netcoreapp2.1) (== netstandard2.0)
      Microsoft.Extensions.DependencyInjection (>= 2.1.0-preview1-final) - restriction: || (&& (== net452) (>= netstandard2.0)) (&& (== net461) (>= netstandard2.0)) (== netcoreapp2.0) (== netcoreapp2.1) (== netstandard2.0)
      Microsoft.Extensions.FileProviders.Physical (>= 2.1.0-preview1-final) - restriction: || (&& (== net452) (>= netstandard2.0)) (&& (== net461) (>= netstandard2.0)) (== netcoreapp2.0) (== netcoreapp2.1) (== netstandard2.0)
      Microsoft.Extensions.Hosting.Abstractions (>= 2.1.0-preview1-final) - restriction: || (&& (== net452) (>= netstandard2.0)) (&& (== net461) (>= netstandard2.0)) (== netcoreapp2.0) (== netcoreapp2.1) (== netstandard2.0)
      Microsoft.Extensions.Logging (>= 2.1.0-preview1-final) - restriction: || (&& (== net452) (>= netstandard2.0)) (&& (== net461) (>= netstandard2.0)) (== netcoreapp2.0) (== netcoreapp2.1) (== netstandard2.0)
    Microsoft.Extensions.Hosting.Abstractions (2.1.0-preview1-final) - restriction: || (&& (== net452) (>= netcoreapp2.1)) (&& (== net461) (>= netcoreapp2.1)) (&& (== netcoreapp2.0) (>= netcoreapp2.1)) (== netcoreapp2.1) (&& (== netstandard2.0) (>= netcoreapp2.1))
      Microsoft.Extensions.Configuration.Abstractions (>= 2.1.0-preview1-final) - restriction: || (&& (== net452) (>= netstandard2.0)) (&& (== net461) (>= netstandard2.0)) (== netcoreapp2.0) (== netcoreapp2.1) (== netstandard2.0)
      Microsoft.Extensions.DependencyInjection.Abstractions (>= 2.1.0-preview1-final) - restriction: || (&& (== net452) (>= netstandard2.0)) (&& (== net461) (>= netstandard2.0)) (== netcoreapp2.0) (== netcoreapp2.1) (== netstandard2.0)
      Microsoft.Extensions.FileProviders.Abstractions (>= 2.1.0-preview1-final) - restriction: || (&& (== net452) (>= netstandard2.0)) (&& (== net461) (>= netstandard2.0)) (== netcoreapp2.0) (== netcoreapp2.1) (== netstandard2.0)
      Microsoft.Extensions.Logging.Abstractions (>= 2.1.0-preview1-final) - restriction: || (&& (== net452) (>= netstandard2.0)) (&& (== net461) (>= netstandard2.0)) (== netcoreapp2.0) (== netcoreapp2.1) (== netstandard2.0)
    Microsoft.Extensions.Http (2.1.0-preview1-final) - restriction: || (&& (== net452) (>= netcoreapp2.1)) (&& (== net461) (>= netcoreapp2.1)) (&& (== netcoreapp2.0) (>= netcoreapp2.1)) (== netcoreapp2.1) (&& (== netstandard2.0) (>= netcoreapp2.1))
      Microsoft.Extensions.DependencyInjection.Abstractions (>= 2.1.0-preview1-final) - restriction: || (&& (== net452) (>= netstandard2.0)) (&& (== net461) (>= netstandard2.0)) (== netcoreapp2.0) (== netcoreapp2.1) (== netstandard2.0)
      Microsoft.Extensions.Logging (>= 2.1.0-preview1-final) - restriction: || (&& (== net452) (>= netstandard2.0)) (&& (== net461) (>= netstandard2.0)) (== netcoreapp2.0) (== netcoreapp2.1) (== netstandard2.0)
      Microsoft.Extensions.Options (>= 2.1.0-preview1-final) - restriction: || (&& (== net452) (>= netstandard2.0)) (&& (== net461) (>= netstandard2.0)) (== netcoreapp2.0) (== netcoreapp2.1) (== netstandard2.0)
    Microsoft.Extensions.Identity.Core (2.1.0-preview1-final) - restriction: || (&& (== net452) (>= netcoreapp2.1)) (&& (== net461) (>= netcoreapp2.1)) (&& (== netcoreapp2.0) (>= netcoreapp2.1)) (== netcoreapp2.1) (&& (== netstandard2.0) (>= netcoreapp2.1))
      Microsoft.AspNetCore.Cryptography.KeyDerivation (>= 2.1.0-preview1-final) - restriction: || (&& (== net452) (>= netstandard2.0)) (&& (== net461) (>= netstandard2.0)) (== netcoreapp2.0) (== netcoreapp2.1) (== netstandard2.0)
      Microsoft.Extensions.Logging (>= 2.1.0-preview1-final) - restriction: || (&& (== net452) (>= netstandard2.0)) (&& (== net461) (>= netstandard2.0)) (== netcoreapp2.0) (== netcoreapp2.1) (== netstandard2.0)
      Microsoft.Extensions.Options (>= 2.1.0-preview1-final) - restriction: || (&& (== net452) (>= netstandard2.0)) (&& (== net461) (>= netstandard2.0)) (== netcoreapp2.0) (== netcoreapp2.1) (== netstandard2.0)
      System.ComponentModel.Annotations (>= 4.5.0-preview1-26216-02) - restriction: || (&& (== net452) (>= netstandard2.0)) (&& (== net461) (>= netstandard2.0)) (== netcoreapp2.0) (== netcoreapp2.1) (== netstandard2.0)
    Microsoft.Extensions.Identity.Stores (2.1.0-preview1-final) - restriction: || (&& (== net452) (>= netcoreapp2.1)) (&& (== net461) (>= netcoreapp2.1)) (&& (== netcoreapp2.0) (>= netcoreapp2.1)) (== netcoreapp2.1) (&& (== netstandard2.0) (>= netcoreapp2.1))
      Microsoft.Extensions.Identity.Core (>= 2.1.0-preview1-final) - restriction: || (&& (== net452) (>= netstandard2.0)) (&& (== net461) (>= netstandard2.0)) (== netcoreapp2.0) (== netcoreapp2.1) (== netstandard2.0)
      Microsoft.Extensions.Logging (>= 2.1.0-preview1-final) - restriction: || (&& (== net452) (>= netstandard2.0)) (&& (== net461) (>= netstandard2.0)) (== netcoreapp2.0) (== netcoreapp2.1) (== netstandard2.0)
      System.ComponentModel.Annotations (>= 4.5.0-preview1-26216-02) - restriction: || (&& (== net452) (>= netstandard2.0)) (&& (== net461) (>= netstandard2.0)) (== netcoreapp2.0) (== netcoreapp2.1) (== netstandard2.0)
    Microsoft.Extensions.Localization (2.1.0-preview1-final) - restriction: || (&& (== net452) (>= netcoreapp2.1)) (&& (== net461) (>= netcoreapp2.1)) (&& (== netcoreapp2.0) (>= netcoreapp2.1)) (== netcoreapp2.1) (&& (== netstandard2.0) (>= netcoreapp2.1))
      Microsoft.Extensions.DependencyInjection.Abstractions (>= 2.1.0-preview1-final) - restriction: || (&& (== net452) (>= netstandard2.0)) (&& (== net461) (>= netstandard2.0)) (== netcoreapp2.0) (== netcoreapp2.1) (== netstandard2.0)
      Microsoft.Extensions.Localization.Abstractions (>= 2.1.0-preview1-final) - restriction: || (&& (== net452) (>= netstandard2.0)) (&& (== net461) (>= netstandard2.0)) (== netcoreapp2.0) (== netcoreapp2.1) (== netstandard2.0)
      Microsoft.Extensions.Logging.Abstractions (>= 2.1.0-preview1-final) - restriction: || (&& (== net452) (>= netstandard2.0)) (&& (== net461) (>= netstandard2.0)) (== netcoreapp2.0) (== netcoreapp2.1) (== netstandard2.0)
      Microsoft.Extensions.Options (>= 2.1.0-preview1-final) - restriction: || (&& (== net452) (>= netstandard2.0)) (&& (== net461) (>= netstandard2.0)) (== netcoreapp2.0) (== netcoreapp2.1) (== netstandard2.0)
    Microsoft.Extensions.Localization.Abstractions (2.1.0-preview1-final) - restriction: || (&& (== net452) (>= netcoreapp2.1)) (&& (== net461) (>= netcoreapp2.1)) (&& (== netcoreapp2.0) (>= netcoreapp2.1)) (== netcoreapp2.1) (&& (== netstandard2.0) (>= netcoreapp2.1))
    Microsoft.Extensions.Logging (2.1.0-preview1-final) - restriction: || (&& (== net452) (>= netcoreapp2.1)) (&& (== net461) (>= netcoreapp2.1)) (&& (== netcoreapp2.0) (>= netcoreapp2.1)) (== netcoreapp2.1) (&& (== netstandard2.0) (>= netcoreapp2.1))
      Microsoft.Extensions.Configuration.Binder (>= 2.1.0-preview1-final) - restriction: || (&& (== net452) (>= netstandard2.0)) (&& (== net461) (>= netstandard2.0)) (== netcoreapp2.0) (== netcoreapp2.1) (== netstandard2.0)
      Microsoft.Extensions.DependencyInjection.Abstractions (>= 2.1.0-preview1-final) - restriction: || (&& (== net452) (>= netstandard2.0)) (&& (== net461) (>= netstandard2.0)) (== netcoreapp2.0) (== netcoreapp2.1) (== netstandard2.0)
      Microsoft.Extensions.Logging.Abstractions (>= 2.1.0-preview1-final) - restriction: || (&& (== net452) (>= netstandard2.0)) (&& (== net461) (>= netstandard2.0)) (== netcoreapp2.0) (== netcoreapp2.1) (== netstandard2.0)
      Microsoft.Extensions.Options (>= 2.1.0-preview1-final) - restriction: || (&& (== net452) (>= netstandard2.0)) (&& (== net461) (>= netstandard2.0)) (== netcoreapp2.0) (== netcoreapp2.1) (== netstandard2.0)
    Microsoft.Extensions.Logging.Abstractions (2.1.0-preview1-final) - restriction: || (&& (== net452) (>= netcoreapp2.1)) (&& (== net461) (>= netcoreapp2.1)) (&& (== netcoreapp2.0) (>= netcoreapp2.1)) (== netcoreapp2.1) (&& (== netstandard2.0) (>= netcoreapp2.1))
    Microsoft.Extensions.Logging.AzureAppServices (2.1.0-preview1-final) - restriction: || (&& (== net452) (>= netcoreapp2.1)) (&& (== net461) (>= netcoreapp2.1)) (&& (== netcoreapp2.0) (>= netcoreapp2.1)) (== netcoreapp2.1) (&& (== netstandard2.0) (>= netcoreapp2.1))
      Microsoft.Extensions.Configuration.EnvironmentVariables (>= 2.1.0-preview1-final) - restriction: || (&& (== net452) (>= netstandard2.0)) (&& (== net461) (>= netstandard2.0)) (== netcoreapp2.0) (== netcoreapp2.1) (== netstandard2.0)
      Microsoft.Extensions.Configuration.Json (>= 2.1.0-preview1-final) - restriction: || (&& (== net452) (>= netstandard2.0)) (&& (== net461) (>= netstandard2.0)) (== netcoreapp2.0) (== netcoreapp2.1) (== netstandard2.0)
      Microsoft.Extensions.Logging (>= 2.1.0-preview1-final) - restriction: || (&& (== net452) (>= netstandard2.0)) (&& (== net461) (>= netstandard2.0)) (== netcoreapp2.0) (== netcoreapp2.1) (== netstandard2.0)
      Microsoft.Extensions.Logging.Abstractions (>= 2.1.0-preview1-final) - restriction: || (&& (== net452) (>= netstandard2.0)) (&& (== net461) (>= netstandard2.0)) (== netcoreapp2.0) (== netcoreapp2.1) (== netstandard2.0)
      Microsoft.Extensions.Logging.Configuration (>= 2.1.0-preview1-final) - restriction: || (&& (== net452) (>= netstandard2.0)) (&& (== net461) (>= netstandard2.0)) (== netcoreapp2.0) (== netcoreapp2.1) (== netstandard2.0)
      System.ValueTuple (>= 4.5.0-preview1-26216-02) - restriction: || (&& (== net452) (>= netstandard2.0)) (&& (== net461) (>= netstandard2.0)) (== netcoreapp2.0) (== netcoreapp2.1) (== netstandard2.0)
    Microsoft.Extensions.Logging.Configuration (2.1.0-preview1-final) - restriction: || (&& (== net452) (>= netcoreapp2.1)) (&& (== net461) (>= netcoreapp2.1)) (&& (== netcoreapp2.0) (>= netcoreapp2.1)) (== netcoreapp2.1) (&& (== netstandard2.0) (>= netcoreapp2.1))
      Microsoft.Extensions.Logging (>= 2.1.0-preview1-final) - restriction: || (&& (== net452) (>= netstandard2.0)) (&& (== net461) (>= netstandard2.0)) (== netcoreapp2.0) (== netcoreapp2.1) (== netstandard2.0)
      Microsoft.Extensions.Options.ConfigurationExtensions (>= 2.1.0-preview1-final) - restriction: || (&& (== net452) (>= netstandard2.0)) (&& (== net461) (>= netstandard2.0)) (== netcoreapp2.0) (== netcoreapp2.1) (== netstandard2.0)
    Microsoft.Extensions.Logging.Console (2.1.0-preview1-final) - restriction: || (&& (== net452) (>= netcoreapp2.1)) (&& (== net461) (>= netcoreapp2.1)) (&& (== netcoreapp2.0) (>= netcoreapp2.1)) (== netcoreapp2.1) (&& (== netstandard2.0) (>= netcoreapp2.1))
      Microsoft.Extensions.Configuration.Abstractions (>= 2.1.0-preview1-final) - restriction: || (&& (== net452) (>= netstandard2.0)) (&& (== net461) (>= netstandard2.0)) (== netcoreapp2.0) (== netcoreapp2.1) (== netstandard2.0)
      Microsoft.Extensions.Logging (>= 2.1.0-preview1-final) - restriction: || (&& (== net452) (>= netstandard2.0)) (&& (== net461) (>= netstandard2.0)) (== netcoreapp2.0) (== netcoreapp2.1) (== netstandard2.0)
      Microsoft.Extensions.Logging.Configuration (>= 2.1.0-preview1-final) - restriction: || (&& (== net452) (>= netstandard2.0)) (&& (== net461) (>= netstandard2.0)) (== netcoreapp2.0) (== netcoreapp2.1) (== netstandard2.0)
    Microsoft.Extensions.Logging.Debug (2.1.0-preview1-final) - restriction: || (&& (== net452) (>= netcoreapp2.1)) (&& (== net461) (>= netcoreapp2.1)) (&& (== netcoreapp2.0) (>= netcoreapp2.1)) (== netcoreapp2.1) (&& (== netstandard2.0) (>= netcoreapp2.1))
      Microsoft.Extensions.Logging (>= 2.1.0-preview1-final) - restriction: || (&& (== net452) (>= netstandard2.0)) (&& (== net461) (>= netstandard2.0)) (== netcoreapp2.0) (== netcoreapp2.1) (== netstandard2.0)
    Microsoft.Extensions.Logging.EventSource (2.1.0-preview1-final) - restriction: || (&& (== net452) (>= netcoreapp2.1)) (&& (== net461) (>= netcoreapp2.1)) (&& (== netcoreapp2.0) (>= netcoreapp2.1)) (== netcoreapp2.1) (&& (== netstandard2.0) (>= netcoreapp2.1))
      Microsoft.Extensions.Logging (>= 2.1.0-preview1-final) - restriction: || (&& (== net452) (>= netstandard2.0)) (&& (== net461) (>= netstandard2.0)) (== netcoreapp2.0) (== netcoreapp2.1) (== netstandard2.0)
      Newtonsoft.Json (>= 10.0.1) - restriction: || (&& (== net452) (>= netstandard2.0)) (&& (== net461) (>= netstandard2.0)) (== netcoreapp2.0) (== netcoreapp2.1) (== netstandard2.0)
    Microsoft.Extensions.Logging.TraceSource (2.1.0-preview1-final) - restriction: || (&& (== net452) (>= netcoreapp2.1)) (&& (== net461) (>= netcoreapp2.1)) (&& (== netcoreapp2.0) (>= netcoreapp2.1)) (== netcoreapp2.1) (&& (== netstandard2.0) (>= netcoreapp2.1))
      Microsoft.Extensions.Logging (>= 2.1.0-preview1-final) - restriction: || (&& (== net452) (>= netstandard2.0)) (&& (== net461) (>= netstandard2.0)) (== netcoreapp2.0) (== netcoreapp2.1) (== netstandard2.0)
    Microsoft.Extensions.ObjectPool (2.1.0-preview1-final) - restriction: || (&& (== net452) (>= netcoreapp2.1)) (&& (== net461) (>= netcoreapp2.1)) (&& (== netcoreapp2.0) (>= netcoreapp2.1)) (== netcoreapp2.1) (&& (== netstandard2.0) (>= netcoreapp2.1))
    Microsoft.Extensions.Options (2.1.0-preview1-final) - restriction: || (&& (== net452) (>= netcoreapp2.1)) (&& (== net461) (>= netcoreapp2.1)) (&& (== netcoreapp2.0) (>= netcoreapp2.1)) (== netcoreapp2.1) (&& (== netstandard2.0) (>= netcoreapp2.1))
      Microsoft.Extensions.DependencyInjection.Abstractions (>= 2.1.0-preview1-final) - restriction: || (&& (== net452) (>= netstandard2.0)) (&& (== net461) (>= netstandard2.0)) (== netcoreapp2.0) (== netcoreapp2.1) (== netstandard2.0)
      Microsoft.Extensions.Primitives (>= 2.1.0-preview1-final) - restriction: || (&& (== net452) (>= netstandard2.0)) (&& (== net461) (>= netstandard2.0)) (== netcoreapp2.0) (== netcoreapp2.1) (== netstandard2.0)
    Microsoft.Extensions.Options.ConfigurationExtensions (2.1.0-preview1-final) - restriction: || (&& (== net452) (>= netcoreapp2.1)) (&& (== net461) (>= netcoreapp2.1)) (&& (== netcoreapp2.0) (>= netcoreapp2.1)) (== netcoreapp2.1) (&& (== netstandard2.0) (>= netcoreapp2.1))
      Microsoft.Extensions.Configuration.Abstractions (>= 2.1.0-preview1-final) - restriction: || (&& (== net452) (>= netstandard2.0)) (&& (== net461) (>= netstandard2.0)) (== netcoreapp2.0) (== netcoreapp2.1) (== netstandard2.0)
      Microsoft.Extensions.Configuration.Binder (>= 2.1.0-preview1-final) - restriction: || (&& (== net452) (>= netstandard2.0)) (&& (== net461) (>= netstandard2.0)) (== netcoreapp2.0) (== netcoreapp2.1) (== netstandard2.0)
      Microsoft.Extensions.DependencyInjection.Abstractions (>= 2.1.0-preview1-final) - restriction: || (&& (== net452) (>= netstandard2.0)) (&& (== net461) (>= netstandard2.0)) (== netcoreapp2.0) (== netcoreapp2.1) (== netstandard2.0)
      Microsoft.Extensions.Options (>= 2.1.0-preview1-final) - restriction: || (&& (== net452) (>= netstandard2.0)) (&& (== net461) (>= netstandard2.0)) (== netcoreapp2.0) (== netcoreapp2.1) (== netstandard2.0)
    Microsoft.Extensions.Primitives (2.1.0-preview1-final) - restriction: || (&& (== net452) (>= netcoreapp2.1)) (&& (== net461) (>= netcoreapp2.1)) (&& (== netcoreapp2.0) (>= netcoreapp2.1)) (== netcoreapp2.1) (&& (== netstandard2.0) (>= netcoreapp2.1))
      System.Runtime.CompilerServices.Unsafe (>= 4.5.0-preview1-26216-02) - restriction: || (&& (== net452) (>= netstandard2.0)) (&& (== net461) (>= netstandard2.0)) (== netcoreapp2.0) (== netcoreapp2.1) (== netstandard2.0)
    Microsoft.Extensions.WebEncoders (2.1.0-preview1-final) - restriction: || (&& (== net452) (>= netcoreapp2.1)) (&& (== net461) (>= netcoreapp2.1)) (&& (== netcoreapp2.0) (>= netcoreapp2.1)) (== netcoreapp2.1) (&& (== netstandard2.0) (>= netcoreapp2.1))
      Microsoft.Extensions.DependencyInjection.Abstractions (>= 2.1.0-preview1-final) - restriction: || (&& (== net452) (>= netstandard2.0)) (&& (== net461) (>= netstandard2.0)) (== netcoreapp2.0) (== netcoreapp2.1) (== netstandard2.0)
      Microsoft.Extensions.Options (>= 2.1.0-preview1-final) - restriction: || (&& (== net452) (>= netstandard2.0)) (&& (== net461) (>= netstandard2.0)) (== netcoreapp2.0) (== netcoreapp2.1) (== netstandard2.0)
      System.Text.Encodings.Web (>= 4.5.0-preview1-26216-02) - restriction: || (&& (== net452) (>= netstandard2.0)) (&& (== net461) (>= netstandard2.0)) (== netcoreapp2.0) (== netcoreapp2.1) (== netstandard2.0)
    Microsoft.IdentityModel.Logging (5.2.1) - restriction: || (&& (== net452) (>= netcoreapp2.1)) (&& (== net461) (>= netcoreapp2.1)) (&& (== netcoreapp2.0) (>= netcoreapp2.1)) (== netcoreapp2.1) (&& (== netstandard2.0) (>= netcoreapp2.1))
      NETStandard.Library (>= 1.6.1) - restriction: || (&& (== net452) (< net45) (>= netstandard1.4)) (&& (== net461) (< net45)) (== netcoreapp2.0) (== netcoreapp2.1) (== netstandard2.0)
      System.Diagnostics.Tracing (>= 4.3) - restriction: || (&& (== net452) (< net45) (>= netstandard1.4)) (&& (== net461) (< net45)) (== netcoreapp2.0) (== netcoreapp2.1) (== netstandard2.0)
      System.Globalization (>= 4.3) - restriction: || (&& (== net452) (< net45) (>= netstandard1.4)) (&& (== net461) (< net45)) (== netcoreapp2.0) (== netcoreapp2.1) (== netstandard2.0)
      System.IO (>= 4.3) - restriction: || (&& (== net452) (< net45) (>= netstandard1.4)) (&& (== net461) (< net45)) (== netcoreapp2.0) (== netcoreapp2.1) (== netstandard2.0)
      System.IO.FileSystem (>= 4.3) - restriction: || (&& (== net452) (< net45) (>= netstandard1.4)) (&& (== net461) (< net45)) (== netcoreapp2.0) (== netcoreapp2.1) (== netstandard2.0)
    Microsoft.IdentityModel.Protocols (5.2.1) - restriction: || (&& (== net452) (>= netcoreapp2.1)) (&& (== net461) (>= netcoreapp2.1)) (&& (== netcoreapp2.0) (>= netcoreapp2.1)) (== netcoreapp2.1) (&& (== netstandard2.0) (>= netcoreapp2.1))
      Microsoft.IdentityModel.Logging (>= 5.2.1)
      Microsoft.IdentityModel.Tokens (>= 5.2.1)
      NETStandard.Library (>= 1.6.1) - restriction: || (&& (== net452) (< net45) (>= netstandard1.4)) (&& (== net461) (< net45)) (== netcoreapp2.0) (== netcoreapp2.1) (== netstandard2.0)
      System.Collections.Specialized (>= 4.3) - restriction: || (&& (== net452) (< net45) (>= netstandard1.4)) (&& (== net461) (< net45)) (== netcoreapp2.0) (== netcoreapp2.1) (== netstandard2.0)
      System.Diagnostics.Contracts (>= 4.3) - restriction: || (&& (== net452) (< net45) (>= netstandard1.4)) (&& (== net461) (< net45)) (== netcoreapp2.0) (== netcoreapp2.1) (== netstandard2.0)
      System.Net.Http (>= 4.3) - restriction: || (&& (== net452) (< net45) (>= netstandard1.4)) (&& (== net461) (< net45)) (== netcoreapp2.0) (== netcoreapp2.1) (== netstandard2.0)
    Microsoft.IdentityModel.Protocols.OpenIdConnect (5.2.1) - restriction: || (&& (== net452) (>= netcoreapp2.1)) (&& (== net461) (>= netcoreapp2.1)) (&& (== netcoreapp2.0) (>= netcoreapp2.1)) (== netcoreapp2.1) (&& (== netstandard2.0) (>= netcoreapp2.1))
      Microsoft.IdentityModel.Protocols (>= 5.2.1)
      NETStandard.Library (>= 1.6.1) - restriction: || (&& (== net452) (< net45) (>= netstandard1.4)) (&& (== net461) (< net45)) (== netcoreapp2.0) (== netcoreapp2.1) (== netstandard2.0)
      Newtonsoft.Json (>= 10.0.1)
      System.Dynamic.Runtime (>= 4.3) - restriction: || (&& (== net452) (< net45) (>= netstandard1.4)) (&& (== net461) (< net45)) (== netcoreapp2.0) (== netcoreapp2.1) (== netstandard2.0)
      System.IdentityModel.Tokens.Jwt (>= 5.2.1)
    Microsoft.IdentityModel.Tokens (5.2.1) - restriction: || (&& (== net452) (>= netcoreapp2.1)) (&& (== net461) (>= netcoreapp2.1)) (&& (== netcoreapp2.0) (>= netcoreapp2.1)) (== netcoreapp2.1) (&& (== netstandard2.0) (>= netcoreapp2.1))
      Microsoft.IdentityModel.Logging (>= 5.2.1)
      NETStandard.Library (>= 1.6.1) - restriction: || (&& (== net452) (< net45) (>= netstandard1.4)) (&& (== net461) (< net45)) (== netcoreapp2.0) (== netcoreapp2.1) (== netstandard2.0)
      Newtonsoft.Json (>= 10.0.1)
      System.Collections (>= 4.3) - restriction: || (&& (== net452) (< net45) (>= netstandard1.4)) (&& (== net461) (< net45)) (== netcoreapp2.0) (== netcoreapp2.1) (== netstandard2.0)
      System.Diagnostics.Tools (>= 4.3) - restriction: || (&& (== net452) (< net45) (>= netstandard1.4)) (&& (== net461) (< net45)) (== netcoreapp2.0) (== netcoreapp2.1) (== netstandard2.0)
      System.Runtime (>= 4.3) - restriction: || (&& (== net452) (< net45) (>= netstandard1.4)) (&& (== net461) (< net45)) (== netcoreapp2.0) (== netcoreapp2.1) (== netstandard2.0)
      System.Runtime.Extensions (>= 4.3) - restriction: || (&& (== net452) (< net45) (>= netstandard1.4)) (&& (== net461) (< net45)) (== netcoreapp2.0) (== netcoreapp2.1) (== netstandard2.0)
      System.Runtime.InteropServices (>= 4.3) - restriction: || (&& (== net452) (< net45) (>= netstandard1.4)) (&& (== net461) (< net45)) (== netcoreapp2.0) (== netcoreapp2.1) (== netstandard2.0)
      System.Runtime.InteropServices.RuntimeInformation (>= 4.3) - restriction: || (&& (== net452) (< net45) (>= netstandard1.4)) (&& (== net461) (< net45)) (== netcoreapp2.0) (== netcoreapp2.1) (== netstandard2.0)
      System.Runtime.Serialization.Xml (>= 4.3) - restriction: || (&& (== net452) (< net45) (>= netstandard1.4)) (&& (== net461) (< net45)) (== netcoreapp2.0) (== netcoreapp2.1) (== netstandard2.0)
      System.Security.Claims (>= 4.3) - restriction: || (&& (== net452) (< net45) (>= netstandard1.4)) (&& (== net461) (< net45)) (== netcoreapp2.0) (== netcoreapp2.1) (== netstandard2.0)
      System.Security.Cryptography.Algorithms (>= 4.3) - restriction: || (&& (== net452) (< net45) (>= netstandard1.4)) (&& (== net461) (< net45)) (== netcoreapp2.0) (== netcoreapp2.1) (== netstandard2.0)
      System.Security.Cryptography.X509Certificates (>= 4.3) - restriction: || (&& (== net452) (< net45) (>= netstandard1.4)) (&& (== net461) (< net45)) (== netcoreapp2.0) (== netcoreapp2.1) (== netstandard2.0)
      System.Text.RegularExpressions (>= 4.3) - restriction: || (&& (== net452) (< net45) (>= netstandard1.4)) (&& (== net461) (< net45)) (== netcoreapp2.0) (== netcoreapp2.1) (== netstandard2.0)
      System.Threading (>= 4.3) - restriction: || (&& (== net452) (< net45) (>= netstandard1.4)) (&& (== net461) (< net45)) (== netcoreapp2.0) (== netcoreapp2.1) (== netstandard2.0)
    Microsoft.Net.Http.Headers (2.1.0-preview1-final) - restriction: || (&& (== net452) (>= netcoreapp2.1)) (&& (== net461) (>= netcoreapp2.1)) (&& (== netcoreapp2.0) (>= netcoreapp2.1)) (== netcoreapp2.1) (&& (== netstandard2.0) (>= netcoreapp2.1))
      Microsoft.Extensions.Primitives (>= 2.1.0-preview1-final) - restriction: || (&& (== net452) (>= netstandard2.0)) (&& (== net461) (>= netstandard2.0)) (== netcoreapp2.0) (== netcoreapp2.1) (== netstandard2.0)
      System.Buffers (>= 4.5.0-preview1-26216-02) - restriction: || (&& (== net452) (>= netstandard2.0)) (&& (== net461) (>= netstandard2.0)) (== netcoreapp2.0) (== netcoreapp2.1) (== netstandard2.0)
    Microsoft.NETCore.Platforms (2.1.0-preview1-26216-02)
    Microsoft.NETCore.Targets (2.0) - restriction: || (&& (== net452) (>= dnxcore50) (>= netstandard1.3)) (&& (== net452) (< net35) (>= netstandard1.3)) (&& (== net452) (< net35) (>= netstandard1.5)) (&& (== net461) (>= dnxcore50)) (&& (== net461) (< net35)) (== netcoreapp2.0) (== netcoreapp2.1) (== netstandard2.0)
    Microsoft.Win32.Primitives (4.3) - restriction: || (&& (== net452) (< net451) (>= netstandard1.5)) (&& (== net452) (< net451) (>= netstandard1.6)) (&& (== net461) (< net451) (>= netstandard1.5)) (&& (== net461) (< net451) (>= netstandard1.6)) (== netcoreapp2.0) (== netcoreapp2.1) (== netstandard2.0)
      Microsoft.NETCore.Platforms (>= 1.1) - restriction: || (&& (== net452) (== net461)) (&& (== net452) (>= netstandard1.3)) (&& (== net461) (< net46)) (== netcoreapp2.0) (== netcoreapp2.1) (== netstandard2.0)
      Microsoft.NETCore.Targets (>= 1.1) - restriction: || (&& (== net452) (== net461)) (&& (== net452) (>= netstandard1.3)) (&& (== net461) (< net46)) (== netcoreapp2.0) (== netcoreapp2.1) (== netstandard2.0)
      System.Runtime (>= 4.3) - restriction: || (&& (== net452) (== net461)) (&& (== net452) (>= netstandard1.3)) (&& (== net461) (< net46)) (== netcoreapp2.0) (== netcoreapp2.1) (== netstandard2.0)
    Microsoft.Win32.Registry (4.5.0-preview1-26216-02) - restriction: || (&& (== net452) (>= netcoreapp2.1)) (&& (== net461) (>= netcoreapp2.1)) (&& (== netcoreapp2.0) (>= netcoreapp2.1)) (== netcoreapp2.1) (&& (== netstandard2.0) (>= netcoreapp2.1))
      System.Security.AccessControl (>= 4.5.0-preview1-26216-02) - restriction: || (&& (== net452) (>= monoandroid)) (&& (== net452) (>= monotouch)) (&& (== net452) (>= netcoreapp2.0)) (&& (== net452) (>= netstandard2.0)) (&& (== net452) (>= xamarinios)) (&& (== net452) (>= xamarinmac)) (&& (== net452) (>= xamarintvos)) (&& (== net452) (>= xamarinwatchos)) (&& (== net461) (>= monoandroid)) (&& (== net461) (>= monotouch)) (&& (== net461) (< net46) (>= netstandard2.0)) (&& (== net461) (>= netcoreapp2.0)) (&& (== net461) (>= xamarinios)) (&& (== net461) (>= xamarinmac)) (&& (== net461) (>= xamarintvos)) (&& (== net461) (>= xamarinwatchos)) (== netcoreapp2.0) (== netcoreapp2.1) (== netstandard2.0)
      System.Security.Principal.Windows (>= 4.5.0-preview1-26216-02) - restriction: || (&& (== net452) (>= monoandroid)) (&& (== net452) (>= monotouch)) (&& (== net452) (>= netcoreapp2.0)) (&& (== net452) (>= netstandard2.0)) (&& (== net452) (>= xamarinios)) (&& (== net452) (>= xamarinmac)) (&& (== net452) (>= xamarintvos)) (&& (== net452) (>= xamarinwatchos)) (&& (== net461) (>= monoandroid)) (&& (== net461) (>= monotouch)) (&& (== net461) (< net46) (>= netstandard2.0)) (&& (== net461) (>= netcoreapp2.0)) (&& (== net461) (>= xamarinios)) (&& (== net461) (>= xamarinmac)) (&& (== net461) (>= xamarintvos)) (&& (== net461) (>= xamarinwatchos)) (== netcoreapp2.0) (== netcoreapp2.1) (== netstandard2.0)
    NETStandard.Library (2.0.1) - restriction: || (&& (== net452) (< net45) (>= netstandard1.6)) (&& (== net461) (< net45) (>= netstandard1.6)) (== netcoreapp2.0) (== netcoreapp2.1) (== netstandard2.0)
      Microsoft.NETCore.Platforms (>= 1.1)
    Newtonsoft.Json (11.0.2) - restriction: || (&& (== net452) (>= netcoreapp2.1)) (&& (== net461) (>= netcoreapp2.1)) (&& (== netcoreapp2.0) (>= netcoreapp2.1)) (== netcoreapp2.1) (&& (== netstandard2.0) (>= netcoreapp2.1))
    Newtonsoft.Json.Bson (1.0.1) - restriction: || (&& (== net452) (>= netcoreapp2.1)) (&& (== net461) (>= netcoreapp2.1)) (&& (== netcoreapp2.0) (>= netcoreapp2.1)) (== netcoreapp2.1) (&& (== netstandard2.0) (>= netcoreapp2.1))
      NETStandard.Library (>= 1.6.1) - restriction: || (&& (== net452) (< net45) (>= netstandard1.3)) (&& (== net461) (< net45)) (== netcoreapp2.0) (== netcoreapp2.1) (== netstandard2.0)
      Newtonsoft.Json (>= 10.0.1)
    NodaTime (2.2.5)
      NETStandard.Library (>= 1.6.1) - restriction: || (&& (== net452) (< net45) (>= netstandard1.3)) (&& (== net461) (< net45)) (== netcoreapp2.0) (== netcoreapp2.1) (== netstandard2.0)
      System.Runtime.Serialization.Xml (>= 4.1.1) - restriction: || (&& (== net452) (< net45) (>= netstandard1.3)) (&& (== net461) (< net45)) (== netcoreapp2.0) (== netcoreapp2.1) (== netstandard2.0)
    RabbitMQ.Client (5.0.1)
      Microsoft.Diagnostics.Tracing.EventSource.Redist (>= 1.1.28) - restriction: || (== net452) (== net461) (&& (== netcoreapp2.0) (>= net451)) (&& (== netcoreapp2.1) (>= net451)) (&& (== netstandard2.0) (>= net451))
      NETStandard.Library (>= 1.6.1) - restriction: || (&& (== net452) (< net451) (>= netstandard1.5)) (&& (== net461) (< net451) (>= netstandard1.5)) (== netcoreapp2.0) (== netcoreapp2.1) (== netstandard2.0)
      System.Collections.Concurrent (>= 4.3) - restriction: || (&& (== net452) (< net451) (>= netstandard1.5)) (&& (== net461) (< net451) (>= netstandard1.5)) (== netcoreapp2.0) (== netcoreapp2.1) (== netstandard2.0)
      System.Console (>= 4.3) - restriction: || (&& (== net452) (< net451) (>= netstandard1.5)) (&& (== net461) (< net451) (>= netstandard1.5)) (== netcoreapp2.0) (== netcoreapp2.1) (== netstandard2.0)
      System.Diagnostics.Debug (>= 4.3) - restriction: || (&& (== net452) (< net451) (>= netstandard1.5)) (&& (== net461) (< net451) (>= netstandard1.5)) (== netcoreapp2.0) (== netcoreapp2.1) (== netstandard2.0)
      System.Diagnostics.Tracing (>= 4.3) - restriction: || (&& (== net452) (< net451) (>= netstandard1.5)) (&& (== net461) (< net451) (>= netstandard1.5)) (== netcoreapp2.0) (== netcoreapp2.1) (== netstandard2.0)
      System.IO (>= 4.3) - restriction: || (&& (== net452) (< net451) (>= netstandard1.5)) (&& (== net461) (< net451) (>= netstandard1.5)) (== netcoreapp2.0) (== netcoreapp2.1) (== netstandard2.0)
      System.Linq (>= 4.3) - restriction: || (&& (== net452) (< net451) (>= netstandard1.5)) (&& (== net461) (< net451) (>= netstandard1.5)) (== netcoreapp2.0) (== netcoreapp2.1) (== netstandard2.0)
      System.Net.NameResolution (>= 4.3) - restriction: || (&& (== net452) (< net451) (>= netstandard1.5)) (&& (== net461) (< net451) (>= netstandard1.5)) (== netcoreapp2.0) (== netcoreapp2.1) (== netstandard2.0)
      System.Net.Security (>= 4.3) - restriction: || (&& (== net452) (< net451) (>= netstandard1.5)) (&& (== net461) (< net451) (>= netstandard1.5)) (== netcoreapp2.0) (== netcoreapp2.1) (== netstandard2.0)
      System.Net.Sockets (>= 4.3) - restriction: || (&& (== net452) (< net451) (>= netstandard1.5)) (&& (== net461) (< net451) (>= netstandard1.5)) (== netcoreapp2.0) (== netcoreapp2.1) (== netstandard2.0)
      System.Reflection.Extensions (>= 4.3) - restriction: || (&& (== net452) (< net451) (>= netstandard1.5)) (&& (== net461) (< net451) (>= netstandard1.5)) (== netcoreapp2.0) (== netcoreapp2.1) (== netstandard2.0)
      System.Reflection.TypeExtensions (>= 4.3) - restriction: || (&& (== net452) (< net451) (>= netstandard1.5)) (&& (== net461) (< net451) (>= netstandard1.5)) (== netcoreapp2.0) (== netcoreapp2.1) (== netstandard2.0)
      System.Runtime (>= 4.3) - restriction: || (&& (== net452) (< net451) (>= netstandard1.5)) (&& (== net461) (< net451) (>= netstandard1.5)) (== netcoreapp2.0) (== netcoreapp2.1) (== netstandard2.0)
      System.Runtime.Extensions (>= 4.3) - restriction: || (&& (== net452) (< net451) (>= netstandard1.5)) (&& (== net461) (< net451) (>= netstandard1.5)) (== netcoreapp2.0) (== netcoreapp2.1) (== netstandard2.0)
      System.Text.RegularExpressions (>= 4.3) - restriction: || (&& (== net452) (< net451) (>= netstandard1.5)) (&& (== net461) (< net451) (>= netstandard1.5)) (== netcoreapp2.0) (== netcoreapp2.1) (== netstandard2.0)
      System.Threading (>= 4.3) - restriction: || (&& (== net452) (< net451) (>= netstandard1.5)) (&& (== net461) (< net451) (>= netstandard1.5)) (== netcoreapp2.0) (== netcoreapp2.1) (== netstandard2.0)
      System.Threading.Thread (>= 4.3) - restriction: || (&& (== net452) (< net451) (>= netstandard1.5)) (&& (== net461) (< net451) (>= netstandard1.5)) (== netcoreapp2.0) (== netcoreapp2.1) (== netstandard2.0)
      System.Threading.Timer (>= 4.3) - restriction: || (&& (== net452) (< net451) (>= netstandard1.5)) (&& (== net461) (< net451) (>= netstandard1.5)) (== netcoreapp2.0) (== netcoreapp2.1) (== netstandard2.0)
    Remotion.Linq (2.2) - restriction: || (&& (== net452) (>= netcoreapp2.1)) (&& (== net461) (>= netcoreapp2.1)) (&& (== netcoreapp2.0) (>= netcoreapp2.1)) (== netcoreapp2.1) (&& (== netstandard2.0) (>= netcoreapp2.1))
      System.Collections (>= 4.0.11) - restriction: || (&& (== net452) (< net35)) (&& (== net461) (< net35)) (== netcoreapp2.0) (== netcoreapp2.1) (== netstandard2.0)
      System.Diagnostics.Debug (>= 4.0.11) - restriction: || (&& (== net452) (< net35)) (&& (== net461) (< net35)) (== netcoreapp2.0) (== netcoreapp2.1) (== netstandard2.0)
      System.Linq (>= 4.1) - restriction: || (&& (== net452) (< net35)) (&& (== net461) (< net35)) (== netcoreapp2.0) (== netcoreapp2.1) (== netstandard2.0)
      System.Linq.Expressions (>= 4.1) - restriction: || (&& (== net452) (< net35)) (&& (== net461) (< net35)) (== netcoreapp2.0) (== netcoreapp2.1) (== netstandard2.0)
      System.Linq.Queryable (>= 4.0.1) - restriction: || (&& (== net452) (< net35)) (&& (== net461) (< net35)) (== netcoreapp2.0) (== netcoreapp2.1) (== netstandard2.0)
      System.ObjectModel (>= 4.0.12) - restriction: || (&& (== net452) (< net35)) (&& (== net461) (< net35)) (== netcoreapp2.0) (== netcoreapp2.1) (== netstandard2.0)
      System.Reflection (>= 4.1) - restriction: || (&& (== net452) (< net35)) (&& (== net461) (< net35)) (== netcoreapp2.0) (== netcoreapp2.1) (== netstandard2.0)
      System.Reflection.Extensions (>= 4.0.1) - restriction: || (&& (== net452) (< net35)) (&& (== net461) (< net35)) (== netcoreapp2.0) (== netcoreapp2.1) (== netstandard2.0)
      System.Runtime (>= 4.1) - restriction: || (&& (== net452) (< net35)) (&& (== net461) (< net35)) (== netcoreapp2.0) (== netcoreapp2.1) (== netstandard2.0)
      System.Runtime.Extensions (>= 4.1) - restriction: || (&& (== net452) (< net35)) (&& (== net461) (< net35)) (== netcoreapp2.0) (== netcoreapp2.1) (== netstandard2.0)
      System.Threading (>= 4.0.11) - restriction: || (&& (== net452) (< net35)) (&& (== net461) (< net35)) (== netcoreapp2.0) (== netcoreapp2.1) (== netstandard2.0)
    runtime.debian.8-x64.runtime.native.System.Security.Cryptography.OpenSsl (4.3.2) - restriction: || (&& (== net452) (< net451) (>= netstandard1.6)) (&& (== net461) (< net451) (>= netstandard1.6)) (== netcoreapp2.0) (== netcoreapp2.1) (== netstandard2.0)
    runtime.fedora.23-x64.runtime.native.System.Security.Cryptography.OpenSsl (4.3.2) - restriction: || (&& (== net452) (< net451) (>= netstandard1.6)) (&& (== net461) (< net451) (>= netstandard1.6)) (== netcoreapp2.0) (== netcoreapp2.1) (== netstandard2.0)
    runtime.fedora.24-x64.runtime.native.System.Security.Cryptography.OpenSsl (4.3.2) - restriction: || (&& (== net452) (< net451) (>= netstandard1.6)) (&& (== net461) (< net451) (>= netstandard1.6)) (== netcoreapp2.0) (== netcoreapp2.1) (== netstandard2.0)
    runtime.native.System (4.3) - restriction: || (&& (== net452) (< net35) (>= netstandard1.3)) (&& (== net461) (< net35)) (== netcoreapp2.0) (== netcoreapp2.1) (== netstandard2.0)
      Microsoft.NETCore.Platforms (>= 1.1)
      Microsoft.NETCore.Targets (>= 1.1)
    runtime.native.System.Data.SqlClient.sni (4.4) - restriction: || (&& (== net452) (>= netcoreapp2.1)) (&& (== net461) (>= netcoreapp2.1)) (&& (== netcoreapp2.0) (>= netcoreapp2.1)) (== netcoreapp2.1) (&& (== netstandard2.0) (>= netcoreapp2.1))
      runtime.win-arm64.runtime.native.System.Data.SqlClient.sni (>= 4.4)
      runtime.win-x64.runtime.native.System.Data.SqlClient.sni (>= 4.4)
      runtime.win-x86.runtime.native.System.Data.SqlClient.sni (>= 4.4)
    runtime.native.System.IO.Compression (4.3.1) - restriction: || (&& (== net452) (>= netcoreapp2.1)) (&& (== net461) (>= netcoreapp2.1)) (&& (== netcoreapp2.0) (>= netcoreapp2.1)) (== netcoreapp2.1) (&& (== netstandard2.0) (>= netcoreapp2.1))
      Microsoft.NETCore.Platforms (>= 1.1)
      Microsoft.NETCore.Targets (>= 1.1.1)
    runtime.native.System.Net.Http (4.3) - restriction: || (&& (== net452) (< net451) (>= netstandard1.6)) (&& (== net461) (< net451) (>= netstandard1.6)) (== netcoreapp2.0) (== netcoreapp2.1) (== netstandard2.0)
      Microsoft.NETCore.Platforms (>= 1.1)
      Microsoft.NETCore.Targets (>= 1.1)
    runtime.native.System.Net.Security (4.3) - restriction: || (&& (== net452) (< net451) (>= netstandard1.6)) (&& (== net461) (< net451) (>= netstandard1.6)) (== netcoreapp2.0) (== netcoreapp2.1) (== netstandard2.0)
      Microsoft.NETCore.Platforms (>= 1.1)
      Microsoft.NETCore.Targets (>= 1.1)
    runtime.native.System.Security.Cryptography.Apple (4.3.1) - restriction: || (&& (== net452) (< net451) (>= netstandard1.6)) (&& (== net461) (< net451) (>= netstandard1.6)) (== netcoreapp2.0) (== netcoreapp2.1) (== netstandard2.0)
      runtime.osx.10.10-x64.runtime.native.System.Security.Cryptography.Apple (>= 4.3.1)
    runtime.native.System.Security.Cryptography.OpenSsl (4.3.2) - restriction: || (&& (== net452) (< net451) (>= netstandard1.6)) (&& (== net461) (< net451) (>= netstandard1.6)) (== netcoreapp2.0) (== netcoreapp2.1) (== netstandard2.0)
      runtime.debian.8-x64.runtime.native.System.Security.Cryptography.OpenSsl (>= 4.3.2)
      runtime.fedora.23-x64.runtime.native.System.Security.Cryptography.OpenSsl (>= 4.3.2)
      runtime.fedora.24-x64.runtime.native.System.Security.Cryptography.OpenSsl (>= 4.3.2)
      runtime.opensuse.13.2-x64.runtime.native.System.Security.Cryptography.OpenSsl (>= 4.3.2)
      runtime.opensuse.42.1-x64.runtime.native.System.Security.Cryptography.OpenSsl (>= 4.3.2)
      runtime.osx.10.10-x64.runtime.native.System.Security.Cryptography.OpenSsl (>= 4.3.2)
      runtime.rhel.7-x64.runtime.native.System.Security.Cryptography.OpenSsl (>= 4.3.2)
      runtime.ubuntu.14.04-x64.runtime.native.System.Security.Cryptography.OpenSsl (>= 4.3.2)
      runtime.ubuntu.16.04-x64.runtime.native.System.Security.Cryptography.OpenSsl (>= 4.3.2)
      runtime.ubuntu.16.10-x64.runtime.native.System.Security.Cryptography.OpenSsl (>= 4.3.2)
    runtime.opensuse.13.2-x64.runtime.native.System.Security.Cryptography.OpenSsl (4.3.2) - restriction: || (&& (== net452) (< net451) (>= netstandard1.6)) (&& (== net461) (< net451) (>= netstandard1.6)) (== netcoreapp2.0) (== netcoreapp2.1) (== netstandard2.0)
    runtime.opensuse.42.1-x64.runtime.native.System.Security.Cryptography.OpenSsl (4.3.2) - restriction: || (&& (== net452) (< net451) (>= netstandard1.6)) (&& (== net461) (< net451) (>= netstandard1.6)) (== netcoreapp2.0) (== netcoreapp2.1) (== netstandard2.0)
    runtime.osx.10.10-x64.runtime.native.System.Security.Cryptography.Apple (4.3.1) - restriction: || (&& (== net452) (< net451) (>= netstandard1.6)) (&& (== net461) (< net451) (>= netstandard1.6)) (== netcoreapp2.0) (== netcoreapp2.1) (== netstandard2.0)
    runtime.osx.10.10-x64.runtime.native.System.Security.Cryptography.OpenSsl (4.3.2) - restriction: || (&& (== net452) (< net451) (>= netstandard1.6)) (&& (== net461) (< net451) (>= netstandard1.6)) (== netcoreapp2.0) (== netcoreapp2.1) (== netstandard2.0)
    runtime.rhel.7-x64.runtime.native.System.Security.Cryptography.OpenSsl (4.3.2) - restriction: || (&& (== net452) (< net451) (>= netstandard1.6)) (&& (== net461) (< net451) (>= netstandard1.6)) (== netcoreapp2.0) (== netcoreapp2.1) (== netstandard2.0)
    runtime.ubuntu.14.04-x64.runtime.native.System.Security.Cryptography.OpenSsl (4.3.2) - restriction: || (&& (== net452) (< net451) (>= netstandard1.6)) (&& (== net461) (< net451) (>= netstandard1.6)) (== netcoreapp2.0) (== netcoreapp2.1) (== netstandard2.0)
    runtime.ubuntu.16.04-x64.runtime.native.System.Security.Cryptography.OpenSsl (4.3.2) - restriction: || (&& (== net452) (< net451) (>= netstandard1.6)) (&& (== net461) (< net451) (>= netstandard1.6)) (== netcoreapp2.0) (== netcoreapp2.1) (== netstandard2.0)
    runtime.ubuntu.16.10-x64.runtime.native.System.Security.Cryptography.OpenSsl (4.3.2) - restriction: || (&& (== net452) (< net451) (>= netstandard1.6)) (&& (== net461) (< net451) (>= netstandard1.6)) (== netcoreapp2.0) (== netcoreapp2.1) (== netstandard2.0)
    runtime.win-arm64.runtime.native.System.Data.SqlClient.sni (4.4) - restriction: || (&& (== net452) (>= netcoreapp2.1)) (&& (== net461) (>= netcoreapp2.1)) (&& (== netcoreapp2.0) (>= netcoreapp2.1)) (== netcoreapp2.1) (&& (== netstandard2.0) (>= netcoreapp2.1))
    runtime.win-x64.runtime.native.System.Data.SqlClient.sni (4.4) - restriction: || (&& (== net452) (>= netcoreapp2.1)) (&& (== net461) (>= netcoreapp2.1)) (&& (== netcoreapp2.0) (>= netcoreapp2.1)) (== netcoreapp2.1) (&& (== netstandard2.0) (>= netcoreapp2.1))
    runtime.win-x86.runtime.native.System.Data.SqlClient.sni (4.4) - restriction: || (&& (== net452) (>= netcoreapp2.1)) (&& (== net461) (>= netcoreapp2.1)) (&& (== netcoreapp2.0) (>= netcoreapp2.1)) (== netcoreapp2.1) (&& (== netstandard2.0) (>= netcoreapp2.1))
    System.AppContext (4.3) - restriction: || (&& (== net452) (>= netcoreapp2.1)) (&& (== net461) (>= netcoreapp2.1)) (&& (== netcoreapp2.0) (>= netcoreapp2.1)) (== netcoreapp2.1) (&& (== netstandard2.0) (>= netcoreapp2.1))
      System.Runtime (>= 4.3) - restriction: || (&& (== net452) (== net461)) (&& (== net452) (>= dnxcore50)) (&& (== net452) (>= netstandard1.3)) (&& (== net452) (>= netstandard1.6)) (&& (== net461) (>= dnxcore50)) (&& (== net461) (< net46)) (== netcoreapp2.0) (== netcoreapp2.1) (== netstandard2.0)
    System.Buffers (4.5.0-preview1-26216-02) - restriction: || (&& (== net452) (>= netcoreapp2.1)) (&& (== net461) (>= netcoreapp2.1)) (&& (== netcoreapp2.0) (>= netcoreapp2.1)) (== netcoreapp2.1) (&& (== netstandard2.0) (>= netcoreapp2.1))
    System.Buffers.Primitives (0.1.0-preview1-180216-4) - restriction: || (&& (== net452) (>= netcoreapp2.1)) (&& (== net461) (>= netcoreapp2.1)) (&& (== netcoreapp2.0) (>= netcoreapp2.1)) (== netcoreapp2.1) (&& (== netstandard2.0) (>= netcoreapp2.1))
      NETStandard.Library (>= 1.6.1)
      System.Buffers (>= 4.3)
      System.Memory (>= 4.5.0-preview1-26216-02)
      System.Runtime.CompilerServices.Unsafe (>= 4.5.0-preview1-26216-02)
      System.ValueTuple (>= 4.3)
    System.Collections (4.3) - restriction: || (&& (== net452) (< net35) (>= netstandard1.3)) (&& (== net452) (< net35) (>= netstandard1.5)) (&& (== net461) (< net35)) (== netcoreapp2.0) (== netcoreapp2.1) (== netstandard2.0)
      Microsoft.NETCore.Platforms (>= 1.1) - restriction: || (&& (== net452) (>= dnxcore50)) (&& (== net452) (< net45)) (&& (== net461) (>= dnxcore50)) (&& (== net461) (< net45)) (== netcoreapp2.0) (== netcoreapp2.1) (== netstandard2.0)
      Microsoft.NETCore.Targets (>= 1.1) - restriction: || (&& (== net452) (>= dnxcore50)) (&& (== net452) (< net45)) (&& (== net461) (>= dnxcore50)) (&& (== net461) (< net45)) (== netcoreapp2.0) (== netcoreapp2.1) (== netstandard2.0)
      System.Runtime (>= 4.3) - restriction: || (&& (== net452) (>= dnxcore50)) (&& (== net452) (< net45)) (&& (== net461) (>= dnxcore50)) (&& (== net461) (< net45)) (== netcoreapp2.0) (== netcoreapp2.1) (== netstandard2.0)
    System.Collections.Concurrent (4.3) - restriction: || (&& (== net452) (< net451) (>= netstandard1.5)) (&& (== net461) (< net451) (>= netstandard1.5)) (== netcoreapp2.0) (== netcoreapp2.1) (== netstandard2.0)
      System.Collections (>= 4.3) - restriction: || (&& (== net452) (>= dnxcore50)) (&& (== net452) (< net45) (>= netstandard1.3)) (&& (== net461) (>= dnxcore50)) (&& (== net461) (< net45)) (== netcoreapp2.0) (== netcoreapp2.1) (== netstandard2.0)
      System.Diagnostics.Debug (>= 4.3) - restriction: || (&& (== net452) (>= dnxcore50)) (&& (== net452) (< net45) (>= netstandard1.3)) (&& (== net461) (>= dnxcore50)) (&& (== net461) (< net45)) (== netcoreapp2.0) (== netcoreapp2.1) (== netstandard2.0)
      System.Diagnostics.Tracing (>= 4.3) - restriction: || (&& (== net452) (>= dnxcore50)) (&& (== net452) (< net45) (>= netstandard1.3)) (&& (== net461) (>= dnxcore50)) (&& (== net461) (< net45)) (== netcoreapp2.0) (== netcoreapp2.1) (== netstandard2.0)
      System.Globalization (>= 4.3) - restriction: || (&& (== net452) (>= dnxcore50)) (&& (== net452) (< net45) (>= netstandard1.3)) (&& (== net461) (>= dnxcore50)) (&& (== net461) (< net45)) (== netcoreapp2.0) (== netcoreapp2.1) (== netstandard2.0)
      System.Reflection (>= 4.3) - restriction: || (&& (== net452) (< net45) (>= netstandard1.3)) (&& (== net461) (< net45)) (== netcoreapp2.0) (== netcoreapp2.1) (== netstandard2.0)
      System.Resources.ResourceManager (>= 4.3) - restriction: || (&& (== net452) (>= dnxcore50)) (&& (== net452) (< net45) (>= netstandard1.3)) (&& (== net461) (>= dnxcore50)) (&& (== net461) (< net45)) (== netcoreapp2.0) (== netcoreapp2.1) (== netstandard2.0)
      System.Runtime (>= 4.3) - restriction: || (&& (== net452) (>= dnxcore50)) (&& (== net452) (< net45)) (&& (== net461) (>= dnxcore50)) (&& (== net461) (< net45)) (== netcoreapp2.0) (== netcoreapp2.1) (== netstandard2.0)
      System.Runtime.Extensions (>= 4.3) - restriction: || (&& (== net452) (>= dnxcore50)) (&& (== net452) (< net45) (>= netstandard1.3)) (&& (== net461) (>= dnxcore50)) (&& (== net461) (< net45)) (== netcoreapp2.0) (== netcoreapp2.1) (== netstandard2.0)
      System.Threading (>= 4.3) - restriction: || (&& (== net452) (>= dnxcore50)) (&& (== net452) (< net45) (>= netstandard1.3)) (&& (== net461) (>= dnxcore50)) (&& (== net461) (< net45)) (== netcoreapp2.0) (== netcoreapp2.1) (== netstandard2.0)
      System.Threading.Tasks (>= 4.3) - restriction: || (&& (== net452) (>= dnxcore50)) (&& (== net452) (< net45)) (&& (== net461) (>= dnxcore50)) (&& (== net461) (< net45)) (== netcoreapp2.0) (== netcoreapp2.1) (== netstandard2.0)
    System.Collections.Immutable (1.5.0-preview1-26216-02) - restriction: || (&& (== net452) (>= netcoreapp2.1)) (&& (== net461) (>= netcoreapp2.1)) (&& (== netcoreapp2.0) (>= netcoreapp2.1)) (== netcoreapp2.1) (&& (== netstandard2.0) (>= netcoreapp2.1))
    System.Collections.NonGeneric (4.3) - restriction: || (&& (== net452) (< net35) (>= netstandard1.3)) (&& (== net461) (< net35)) (== netcoreapp2.0) (== netcoreapp2.1) (== netstandard2.0)
      System.Diagnostics.Debug (>= 4.3) - restriction: || (&& (== net452) (== net461)) (&& (== net452) (>= netstandard1.3)) (&& (== net461) (< net46)) (== netcoreapp2.0) (== netcoreapp2.1) (== netstandard2.0)
      System.Globalization (>= 4.3) - restriction: || (&& (== net452) (== net461)) (&& (== net452) (>= netstandard1.3)) (&& (== net461) (< net46)) (== netcoreapp2.0) (== netcoreapp2.1) (== netstandard2.0)
      System.Resources.ResourceManager (>= 4.3) - restriction: || (&& (== net452) (== net461)) (&& (== net452) (>= netstandard1.3)) (&& (== net461) (< net46)) (== netcoreapp2.0) (== netcoreapp2.1) (== netstandard2.0)
      System.Runtime (>= 4.3) - restriction: || (&& (== net452) (== net461)) (&& (== net452) (>= netstandard1.3)) (&& (== net461) (< net46)) (== netcoreapp2.0) (== netcoreapp2.1) (== netstandard2.0)
      System.Runtime.Extensions (>= 4.3) - restriction: || (&& (== net452) (== net461)) (&& (== net452) (>= netstandard1.3)) (&& (== net461) (< net46)) (== netcoreapp2.0) (== netcoreapp2.1) (== netstandard2.0)
      System.Threading (>= 4.3) - restriction: || (&& (== net452) (== net461)) (&& (== net452) (>= netstandard1.3)) (&& (== net461) (< net46)) (== netcoreapp2.0) (== netcoreapp2.1) (== netstandard2.0)
    System.Collections.Specialized (4.3) - restriction: || (&& (== net452) (< net35) (>= netstandard1.3)) (&& (== net461) (< net35)) (== netcoreapp2.0) (== netcoreapp2.1) (== netstandard2.0)
      System.Collections.NonGeneric (>= 4.3) - restriction: || (&& (== net452) (== net461)) (&& (== net452) (>= netstandard1.3)) (&& (== net461) (< net46)) (== netcoreapp2.0) (== netcoreapp2.1) (== netstandard2.0)
      System.Globalization (>= 4.3) - restriction: || (&& (== net452) (== net461)) (&& (== net452) (>= netstandard1.3)) (&& (== net461) (< net46)) (== netcoreapp2.0) (== netcoreapp2.1) (== netstandard2.0)
      System.Globalization.Extensions (>= 4.3) - restriction: || (&& (== net452) (== net461)) (&& (== net452) (>= netstandard1.3)) (&& (== net461) (< net46)) (== netcoreapp2.0) (== netcoreapp2.1) (== netstandard2.0)
      System.Resources.ResourceManager (>= 4.3) - restriction: || (&& (== net452) (== net461)) (&& (== net452) (>= netstandard1.3)) (&& (== net461) (< net46)) (== netcoreapp2.0) (== netcoreapp2.1) (== netstandard2.0)
      System.Runtime (>= 4.3) - restriction: || (&& (== net452) (== net461)) (&& (== net452) (>= netstandard1.3)) (&& (== net461) (< net46)) (== netcoreapp2.0) (== netcoreapp2.1) (== netstandard2.0)
      System.Runtime.Extensions (>= 4.3) - restriction: || (&& (== net452) (== net461)) (&& (== net452) (>= netstandard1.3)) (&& (== net461) (< net46)) (== netcoreapp2.0) (== netcoreapp2.1) (== netstandard2.0)
      System.Threading (>= 4.3) - restriction: || (&& (== net452) (== net461)) (&& (== net452) (>= netstandard1.3)) (&& (== net461) (< net46)) (== netcoreapp2.0) (== netcoreapp2.1) (== netstandard2.0)
    System.ComponentModel (4.3) - restriction: || (&& (== net452) (< net35) (>= netstandard1.3)) (&& (== net461) (< net35)) (== netcoreapp2.0) (== netcoreapp2.1) (== netstandard2.0)
      System.Runtime (>= 4.3) - restriction: || (&& (== net452) (>= dnxcore50)) (&& (== net452) (< net45)) (&& (== net461) (>= dnxcore50)) (&& (== net461) (< net45)) (== netcoreapp2.0) (== netcoreapp2.1) (== netstandard2.0)
    System.ComponentModel.Annotations (4.5.0-preview1-26216-02) - restriction: || (&& (== net452) (>= netcoreapp2.1)) (&& (== net461) (>= netcoreapp2.1)) (&& (== netcoreapp2.0) (>= netcoreapp2.1)) (== netcoreapp2.1) (&& (== netstandard2.0) (>= netcoreapp2.1))
    System.ComponentModel.Primitives (4.3) - restriction: || (&& (== net452) (< net35) (>= net462)) (&& (== net452) (< net35) (>= netstandard1.3)) (&& (== net452) (< net35) (>= netstandard1.5)) (&& (== net452) (< netstandard1.0) (>= netstandard1.3) (>= win8)) (&& (== net452) (>= netstandard1.3) (>= wp8)) (&& (== net452) (>= netstandard1.3) (>= wpa81)) (&& (== net461) (< net35)) (&& (== net461) (< netstandard1.0) (>= win8)) (&& (== net461) (>= wp8)) (&& (== net461) (>= wpa81)) (== netcoreapp2.0) (== netcoreapp2.1) (== netstandard2.0)
      System.ComponentModel (>= 4.3) - restriction: || (&& (== net452) (< net45)) (&& (== net461) (< net45)) (== netcoreapp2.0) (== netcoreapp2.1) (== netstandard2.0)
      System.Resources.ResourceManager (>= 4.3) - restriction: || (&& (== net452) (< net45)) (&& (== net461) (< net45)) (== netcoreapp2.0) (== netcoreapp2.1) (== netstandard2.0)
      System.Runtime (>= 4.3) - restriction: || (&& (== net452) (< net45)) (&& (== net461) (< net45)) (== netcoreapp2.0) (== netcoreapp2.1) (== netstandard2.0)
    System.ComponentModel.TypeConverter (4.3) - restriction: || (&& (== net452) (< net35) (>= netstandard1.3)) (&& (== net461) (< net35)) (== netcoreapp2.0) (== netcoreapp2.1) (== netstandard2.0)
      System.Collections (>= 4.3) - restriction: || (&& (== net452) (< net45)) (&& (== net461) (< net45)) (== netcoreapp2.0) (== netcoreapp2.1) (== netstandard2.0)
      System.Collections.NonGeneric (>= 4.3) - restriction: || (&& (== net452) (< net45) (>= netstandard1.5)) (&& (== net452) (>= net462)) (&& (== net461) (< net45) (>= netstandard1.5)) (&& (== net461) (>= net462)) (== netcoreapp2.0) (== netcoreapp2.1) (== netstandard2.0)
      System.Collections.Specialized (>= 4.3) - restriction: || (&& (== net452) (< net45) (>= netstandard1.5)) (&& (== net461) (< net45) (>= netstandard1.5)) (== netcoreapp2.0) (== netcoreapp2.1) (== netstandard2.0)
      System.ComponentModel (>= 4.3) - restriction: || (&& (== net452) (< net45)) (&& (== net461) (< net45)) (== netcoreapp2.0) (== netcoreapp2.1) (== netstandard2.0)
      System.ComponentModel.Primitives (>= 4.3)
      System.Globalization (>= 4.3) - restriction: || (&& (== net452) (< net45)) (&& (== net461) (< net45)) (== netcoreapp2.0) (== netcoreapp2.1) (== netstandard2.0)
      System.Linq (>= 4.3) - restriction: || (&& (== net452) (< net45) (>= netstandard1.5)) (&& (== net461) (< net45) (>= netstandard1.5)) (== netcoreapp2.0) (== netcoreapp2.1) (== netstandard2.0)
      System.Reflection (>= 4.3) - restriction: || (&& (== net452) (< net45)) (&& (== net461) (< net45)) (== netcoreapp2.0) (== netcoreapp2.1) (== netstandard2.0)
      System.Reflection.Extensions (>= 4.3) - restriction: || (&& (== net452) (< net45)) (&& (== net461) (< net45)) (== netcoreapp2.0) (== netcoreapp2.1) (== netstandard2.0)
      System.Reflection.Primitives (>= 4.3) - restriction: || (&& (== net452) (< net45)) (&& (== net461) (< net45)) (== netcoreapp2.0) (== netcoreapp2.1) (== netstandard2.0)
      System.Reflection.TypeExtensions (>= 4.3) - restriction: || (&& (== net452) (< net45) (>= netstandard1.5)) (&& (== net461) (< net45) (>= netstandard1.5)) (== netcoreapp2.0) (== netcoreapp2.1) (== netstandard2.0)
      System.Resources.ResourceManager (>= 4.3) - restriction: || (&& (== net452) (< net45)) (&& (== net461) (< net45)) (== netcoreapp2.0) (== netcoreapp2.1) (== netstandard2.0)
      System.Runtime (>= 4.3) - restriction: || (&& (== net452) (< net45)) (&& (== net461) (< net45)) (== netcoreapp2.0) (== netcoreapp2.1) (== netstandard2.0)
      System.Runtime.Extensions (>= 4.3) - restriction: || (&& (== net452) (< net45)) (&& (== net461) (< net45)) (== netcoreapp2.0) (== netcoreapp2.1) (== netstandard2.0)
      System.Threading (>= 4.3) - restriction: || (&& (== net452) (< net45)) (&& (== net461) (< net45)) (== netcoreapp2.0) (== netcoreapp2.1) (== netstandard2.0)
    System.Configuration.ConfigurationManager (4.4.1) - restriction: || (&& (== net452) (< net45) (>= netstandard2.0)) (&& (== net461) (< net45) (>= netstandard2.0)) (== netcoreapp2.0) (== netcoreapp2.1) (== netstandard2.0)
      System.Security.Cryptography.ProtectedData (>= 4.4) - restriction: || (&& (== net452) (>= netcoreapp2.0)) (&& (== net452) (>= netstandard2.0)) (&& (== net461) (>= netcoreapp2.0)) (== netcoreapp2.0) (== netcoreapp2.1) (== netstandard2.0)
    System.Console (4.3) - restriction: || (&& (== net452) (< net451) (>= netstandard1.5)) (&& (== net461) (< net451) (>= netstandard1.5)) (== netcoreapp2.0) (== netcoreapp2.1) (== netstandard2.0)
      Microsoft.NETCore.Platforms (>= 1.1) - restriction: || (&& (== net452) (== net461)) (&& (== net452) (>= netstandard1.3)) (&& (== net461) (< net46)) (== netcoreapp2.0) (== netcoreapp2.1) (== netstandard2.0)
      Microsoft.NETCore.Targets (>= 1.1) - restriction: || (&& (== net452) (== net461)) (&& (== net452) (>= netstandard1.3)) (&& (== net461) (< net46)) (== netcoreapp2.0) (== netcoreapp2.1) (== netstandard2.0)
      System.IO (>= 4.3) - restriction: || (&& (== net452) (== net461)) (&& (== net452) (>= netstandard1.3)) (&& (== net461) (< net46)) (== netcoreapp2.0) (== netcoreapp2.1) (== netstandard2.0)
      System.Runtime (>= 4.3) - restriction: || (&& (== net452) (== net461)) (&& (== net452) (>= netstandard1.3)) (&& (== net461) (< net46)) (== netcoreapp2.0) (== netcoreapp2.1) (== netstandard2.0)
      System.Text.Encoding (>= 4.3) - restriction: || (&& (== net452) (== net461)) (&& (== net452) (>= netstandard1.3)) (&& (== net461) (< net46)) (== netcoreapp2.0) (== netcoreapp2.1) (== netstandard2.0)
    System.Data.SqlClient (4.5.0-preview1-26216-02) - restriction: || (&& (== net452) (>= netcoreapp2.1)) (&& (== net461) (>= netcoreapp2.1)) (&& (== netcoreapp2.0) (>= netcoreapp2.1)) (== netcoreapp2.1) (&& (== netstandard2.0) (>= netcoreapp2.1))
      Microsoft.Win32.Registry (>= 4.5.0-preview1-26216-02) - restriction: || (&& (== net452) (< net451) (>= netstandard2.0)) (&& (== net452) (>= netcoreapp2.0)) (&& (== net461) (< net451) (>= netstandard2.0)) (&& (== net461) (>= netcoreapp2.0)) (== netcoreapp2.0) (== netcoreapp2.1) (== netstandard2.0)
      runtime.native.System.Data.SqlClient.sni (>= 4.4) - restriction: || (&& (== net452) (< net451) (>= netstandard1.3)) (&& (== net452) (< net451) (>= netstandard2.0)) (&& (== net452) (>= netcoreapp2.0)) (&& (== net461) (< net451)) (&& (== net461) (>= netcoreapp2.0)) (== netcoreapp2.0) (== netcoreapp2.1) (== netstandard2.0)
      System.Diagnostics.DiagnosticSource (>= 4.5.0-preview1-26216-02) - restriction: || (&& (== net452) (< net451) (>= netstandard2.0)) (&& (== net452) (>= netcoreapp2.0)) (&& (== net461) (< net451) (>= netstandard2.0)) (&& (== net461) (>= netcoreapp2.0)) (== netcoreapp2.0) (== netcoreapp2.1) (== netstandard2.0)
      System.Memory (>= 4.5.0-preview1-26216-02) - restriction: || (&& (== net452) (< net451) (>= netstandard2.0)) (&& (== net452) (>= netcoreapp2.0)) (&& (== net461) (< net451) (>= netstandard2.0)) (&& (== net461) (>= netcoreapp2.0)) (== netcoreapp2.0) (== netcoreapp2.1) (== netstandard2.0)
      System.Security.Principal.Windows (>= 4.5.0-preview1-26216-02) - restriction: || (&& (== net452) (< net451) (>= netstandard2.0)) (&& (== net452) (>= netcoreapp2.0)) (&& (== net461) (< net451) (>= netstandard2.0)) (&& (== net461) (>= netcoreapp2.0)) (== netcoreapp2.0) (== netcoreapp2.1) (== netstandard2.0)
      System.Text.Encoding.CodePages (>= 4.5.0-preview1-26216-02) - restriction: || (&& (== net452) (< net451) (>= netstandard2.0)) (&& (== net452) (>= netcoreapp2.0)) (&& (== net461) (< net451) (>= netstandard2.0)) (&& (== net461) (>= netcoreapp2.0)) (== netcoreapp2.0) (== netcoreapp2.1) (== netstandard2.0)
    System.Diagnostics.Contracts (4.3) - restriction: || (&& (== net452) (>= netcoreapp2.1)) (&& (== net461) (>= netcoreapp2.1)) (&& (== netcoreapp2.0) (>= netcoreapp2.1)) (== netcoreapp2.1) (&& (== netstandard2.0) (>= netcoreapp2.1))
      System.Runtime (>= 4.3) - restriction: || (&& (== net452) (>= dnxcore50)) (&& (== net452) (< net45)) (&& (== net461) (>= dnxcore50)) (&& (== net461) (< net45)) (== netcoreapp2.0) (== netcoreapp2.1) (== netstandard2.0)
    System.Diagnostics.Debug (4.3) - restriction: || (&& (== net452) (< net451) (>= netstandard1.5)) (&& (== net461) (< net451) (>= netstandard1.5)) (== netcoreapp2.0) (== netcoreapp2.1) (== netstandard2.0)
      Microsoft.NETCore.Platforms (>= 1.1) - restriction: || (&& (== net452) (>= dnxcore50)) (&& (== net452) (< net45)) (&& (== net461) (>= dnxcore50)) (&& (== net461) (< net45)) (== netcoreapp2.0) (== netcoreapp2.1) (== netstandard2.0)
      Microsoft.NETCore.Targets (>= 1.1) - restriction: || (&& (== net452) (>= dnxcore50)) (&& (== net452) (< net45)) (&& (== net461) (>= dnxcore50)) (&& (== net461) (< net45)) (== netcoreapp2.0) (== netcoreapp2.1) (== netstandard2.0)
      System.Runtime (>= 4.3) - restriction: || (&& (== net452) (>= dnxcore50)) (&& (== net452) (< net45)) (&& (== net461) (>= dnxcore50)) (&& (== net461) (< net45)) (== netcoreapp2.0) (== netcoreapp2.1) (== netstandard2.0)
    System.Diagnostics.DiagnosticSource (4.5.0-preview1-26216-02) - restriction: || (&& (== net452) (>= netcoreapp2.1)) (&& (== net461) (>= netcoreapp2.1)) (&& (== netcoreapp2.0) (>= netcoreapp2.1)) (== netcoreapp2.1) (&& (== netstandard2.0) (>= netcoreapp2.1))
      System.Collections (>= 4.3) - restriction: || (&& (== net452) (== netcoreapp2.0)) (&& (== net452) (< net45)) (&& (== net461) (== netcoreapp2.0)) (&& (== net461) (< net45)) (&& (== netcoreapp2.0) (< netstandard1.3)) (== netcoreapp2.1) (== netstandard2.0)
      System.Diagnostics.Debug (>= 4.3) - restriction: || (&& (== net452) (== netcoreapp2.0)) (&& (== net452) (< net45) (>= netstandard1.3)) (&& (== net461) (== netcoreapp2.0)) (&& (== net461) (< net45)) (== netcoreapp2.1) (== netstandard2.0)
      System.Diagnostics.Tracing (>= 4.3) - restriction: || (&& (== net452) (== netcoreapp2.0)) (&& (== net452) (< net45)) (&& (== net461) (== netcoreapp2.0)) (&& (== net461) (< net45)) (&& (== netcoreapp2.0) (< netstandard1.3)) (== netcoreapp2.1) (== netstandard2.0)
      System.Reflection (>= 4.3) - restriction: || (&& (== net452) (== netcoreapp2.0)) (&& (== net452) (< net45)) (&& (== net461) (== netcoreapp2.0)) (&& (== net461) (< net45)) (&& (== netcoreapp2.0) (< netstandard1.3)) (== netcoreapp2.1) (== netstandard2.0)
      System.Runtime (>= 4.3) - restriction: || (&& (== net452) (== netcoreapp2.0)) (&& (== net452) (< net45)) (&& (== net461) (== netcoreapp2.0)) (&& (== net461) (< net45)) (&& (== netcoreapp2.0) (< netstandard1.3)) (== netcoreapp2.1) (== netstandard2.0)
      System.Runtime.Extensions (>= 4.3) - restriction: || (&& (== net452) (== netcoreapp2.0)) (&& (== net452) (< net45) (>= netstandard1.3)) (&& (== net461) (== netcoreapp2.0)) (&& (== net461) (< net45)) (== netcoreapp2.1) (== netstandard2.0)
      System.Threading (>= 4.3) - restriction: || (&& (== net452) (== netcoreapp2.0)) (&& (== net452) (< net45)) (&& (== net461) (== netcoreapp2.0)) (&& (== net461) (< net45)) (&& (== netcoreapp2.0) (< netstandard1.3)) (== netcoreapp2.1) (== netstandard2.0)
    System.Diagnostics.FileVersionInfo (4.3) - restriction: || (&& (== net452) (>= netcoreapp2.1)) (&& (== net461) (>= netcoreapp2.1)) (&& (== netcoreapp2.0) (>= netcoreapp2.1)) (== netcoreapp2.1) (&& (== netstandard2.0) (>= netcoreapp2.1))
      Microsoft.NETCore.Platforms (>= 1.1) - restriction: || (&& (== net452) (== net461)) (&& (== net452) (>= dnxcore50)) (&& (== net452) (>= netstandard1.3)) (&& (== net461) (>= dnxcore50)) (&& (== net461) (< net46)) (== netcoreapp2.0) (== netcoreapp2.1) (== netstandard2.0)
      System.Globalization (>= 4.3) - restriction: || (&& (== net452) (== net461)) (&& (== net452) (>= netstandard1.3)) (&& (== net461) (< net46)) (== netcoreapp2.0) (== netcoreapp2.1) (== netstandard2.0)
      System.IO (>= 4.3) - restriction: || (&& (== net452) (== net461)) (&& (== net452) (>= dnxcore50)) (&& (== net452) (>= netstandard1.3)) (&& (== net461) (>= dnxcore50)) (&& (== net461) (< net46)) (== netcoreapp2.0) (== netcoreapp2.1) (== netstandard2.0)
      System.IO.FileSystem (>= 4.3) - restriction: || (&& (== net452) (== net461)) (&& (== net452) (>= dnxcore50)) (&& (== net452) (>= netstandard1.3)) (&& (== net461) (>= dnxcore50)) (&& (== net461) (< net46)) (== netcoreapp2.0) (== netcoreapp2.1) (== netstandard2.0)
      System.IO.FileSystem.Primitives (>= 4.3) - restriction: || (&& (== net452) (== net461)) (&& (== net452) (>= dnxcore50)) (&& (== net452) (>= netstandard1.3)) (&& (== net461) (>= dnxcore50)) (&& (== net461) (< net46)) (== netcoreapp2.0) (== netcoreapp2.1) (== netstandard2.0)
      System.Reflection.Metadata (>= 1.4.1) - restriction: || (&& (== net452) (== net461)) (&& (== net452) (>= dnxcore50)) (&& (== net452) (>= netstandard1.3)) (&& (== net461) (>= dnxcore50)) (&& (== net461) (< net46)) (== netcoreapp2.0) (== netcoreapp2.1) (== netstandard2.0)
      System.Runtime (>= 4.3) - restriction: || (&& (== net452) (== net461)) (&& (== net452) (>= dnxcore50)) (&& (== net452) (>= netstandard1.3)) (&& (== net461) (>= dnxcore50)) (&& (== net461) (< net46)) (== netcoreapp2.0) (== netcoreapp2.1) (== netstandard2.0)
      System.Runtime.Extensions (>= 4.3) - restriction: || (&& (== net452) (== net461)) (&& (== net452) (>= dnxcore50)) (&& (== net452) (>= netstandard1.3)) (&& (== net461) (>= dnxcore50)) (&& (== net461) (< net46)) (== netcoreapp2.0) (== netcoreapp2.1) (== netstandard2.0)
      System.Runtime.InteropServices (>= 4.3) - restriction: || (&& (== net452) (== net461)) (&& (== net452) (>= netstandard1.3)) (&& (== net461) (< net46)) (== netcoreapp2.0) (== netcoreapp2.1) (== netstandard2.0)
    System.Diagnostics.StackTrace (4.3) - restriction: || (&& (== net452) (>= netcoreapp2.1)) (&& (== net461) (>= netcoreapp2.1)) (&& (== netcoreapp2.0) (>= netcoreapp2.1)) (== netcoreapp2.1) (&& (== netstandard2.0) (>= netcoreapp2.1))
      System.IO.FileSystem (>= 4.3) - restriction: || (&& (== net452) (== net461)) (&& (== net452) (>= netstandard1.3)) (&& (== net461) (< net46)) (== netcoreapp2.0) (== netcoreapp2.1) (== netstandard2.0)
      System.Reflection (>= 4.3) - restriction: || (&& (== net452) (== net461)) (&& (== net452) (>= netstandard1.3)) (&& (== net461) (< net46)) (== netcoreapp2.0) (== netcoreapp2.1) (== netstandard2.0)
      System.Reflection.Metadata (>= 1.4.1) - restriction: || (&& (== net452) (== net461)) (&& (== net452) (>= netstandard1.3)) (&& (== net461) (< net46)) (== netcoreapp2.0) (== netcoreapp2.1) (== netstandard2.0)
      System.Runtime (>= 4.3) - restriction: || (&& (== net452) (== net461)) (&& (== net452) (>= netstandard1.3)) (&& (== net461) (< net46)) (== netcoreapp2.0) (== netcoreapp2.1) (== netstandard2.0)
    System.Diagnostics.Tools (4.3) - restriction: || (&& (== net452) (>= netcoreapp2.1)) (&& (== net461) (>= netcoreapp2.1)) (&& (== netcoreapp2.0) (>= netcoreapp2.1)) (== netcoreapp2.1) (&& (== netstandard2.0) (>= netcoreapp2.1))
      Microsoft.NETCore.Platforms (>= 1.1) - restriction: || (&& (== net452) (>= dnxcore50)) (&& (== net452) (< net45)) (&& (== net461) (>= dnxcore50)) (&& (== net461) (< net45)) (== netcoreapp2.0) (== netcoreapp2.1) (== netstandard2.0)
      Microsoft.NETCore.Targets (>= 1.1) - restriction: || (&& (== net452) (>= dnxcore50)) (&& (== net452) (< net45)) (&& (== net461) (>= dnxcore50)) (&& (== net461) (< net45)) (== netcoreapp2.0) (== netcoreapp2.1) (== netstandard2.0)
      System.Runtime (>= 4.3) - restriction: || (&& (== net452) (>= dnxcore50)) (&& (== net452) (< net45)) (&& (== net461) (>= dnxcore50)) (&& (== net461) (< net45)) (== netcoreapp2.0) (== netcoreapp2.1) (== netstandard2.0)
    System.Diagnostics.TraceSource (4.3) - restriction: || (&& (== net452) (< net35) (>= netstandard1.3)) (&& (== net461) (< net35)) (== netcoreapp2.0) (== netcoreapp2.1) (== netstandard2.0)
      Microsoft.NETCore.Platforms (>= 1.1) - restriction: || (&& (== net452) (== net461)) (&& (== net452) (>= netstandard1.3)) (&& (== net461) (< net46)) (== netcoreapp2.0) (== netcoreapp2.1) (== netstandard2.0)
      runtime.native.System (>= 4.3) - restriction: || (&& (== net452) (== net461)) (&& (== net452) (>= netstandard1.3)) (&& (== net461) (< net46)) (== netcoreapp2.0) (== netcoreapp2.1) (== netstandard2.0)
      System.Collections (>= 4.3) - restriction: || (&& (== net452) (== net461)) (&& (== net452) (>= netstandard1.3)) (&& (== net461) (< net46)) (== netcoreapp2.0) (== netcoreapp2.1) (== netstandard2.0)
      System.Diagnostics.Debug (>= 4.3) - restriction: || (&& (== net452) (== net461)) (&& (== net452) (>= netstandard1.3)) (&& (== net461) (< net46)) (== netcoreapp2.0) (== netcoreapp2.1) (== netstandard2.0)
      System.Globalization (>= 4.3) - restriction: || (&& (== net452) (== net461)) (&& (== net452) (>= netstandard1.3)) (&& (== net461) (< net46)) (== netcoreapp2.0) (== netcoreapp2.1) (== netstandard2.0)
      System.Resources.ResourceManager (>= 4.3) - restriction: || (&& (== net452) (== net461)) (&& (== net452) (>= netstandard1.3)) (&& (== net461) (< net46)) (== netcoreapp2.0) (== netcoreapp2.1) (== netstandard2.0)
      System.Runtime (>= 4.3) - restriction: || (&& (== net452) (== net461)) (&& (== net452) (>= netstandard1.3)) (&& (== net461) (< net46)) (== netcoreapp2.0) (== netcoreapp2.1) (== netstandard2.0)
      System.Runtime.Extensions (>= 4.3) - restriction: || (&& (== net452) (== net461)) (&& (== net452) (>= netstandard1.3)) (&& (== net461) (< net46)) (== netcoreapp2.0) (== netcoreapp2.1) (== netstandard2.0)
      System.Threading (>= 4.3) - restriction: || (&& (== net452) (== net461)) (&& (== net452) (>= netstandard1.3)) (&& (== net461) (< net46)) (== netcoreapp2.0) (== netcoreapp2.1) (== netstandard2.0)
    System.Diagnostics.Tracing (4.3) - restriction: || (&& (== net452) (< net451) (>= netstandard1.5)) (&& (== net461) (< net451) (>= netstandard1.5)) (== netcoreapp2.0) (== netcoreapp2.1) (== netstandard2.0)
      Microsoft.NETCore.Platforms (>= 1.1) - restriction: || (&& (== net452) (>= dnxcore50)) (&& (== net452) (< net45)) (&& (== net461) (>= dnxcore50)) (&& (== net461) (< net45)) (== netcoreapp2.0) (== netcoreapp2.1) (== netstandard2.0)
      Microsoft.NETCore.Targets (>= 1.1) - restriction: || (&& (== net452) (>= dnxcore50)) (&& (== net452) (< net45)) (&& (== net461) (>= dnxcore50)) (&& (== net461) (< net45)) (== netcoreapp2.0) (== netcoreapp2.1) (== netstandard2.0)
      System.Runtime (>= 4.3) - restriction: || (&& (== net452) (>= dnxcore50)) (&& (== net452) (< net45)) (&& (== net461) (>= dnxcore50)) (&& (== net461) (< net45)) (== netcoreapp2.0) (== netcoreapp2.1) (== netstandard2.0)
    System.Dynamic.Runtime (4.3) - restriction: || (&& (== net452) (< net35) (>= netstandard1.3)) (&& (== net461) (< net35)) (== netcoreapp2.0) (== netcoreapp2.1) (== netstandard2.0)
      System.Collections (>= 4.3) - restriction: || (&& (== net452) (>= dnxcore50)) (&& (== net452) (< net45) (>= netstandard1.3)) (&& (== net461) (>= dnxcore50)) (&& (== net461) (< net45)) (== netcoreapp2.0) (== netcoreapp2.1) (== netstandard2.0)
      System.Diagnostics.Debug (>= 4.3) - restriction: || (&& (== net452) (>= dnxcore50)) (&& (== net452) (< net45) (>= netstandard1.3)) (&& (== net461) (>= dnxcore50)) (&& (== net461) (< net45)) (== netcoreapp2.0) (== netcoreapp2.1) (== netstandard2.0)
      System.Linq (>= 4.3) - restriction: || (&& (== net452) (>= dnxcore50)) (&& (== net452) (< net45) (>= netstandard1.3)) (&& (== net461) (>= dnxcore50)) (&& (== net461) (< net45)) (== netcoreapp2.0) (== netcoreapp2.1) (== netstandard2.0)
      System.Linq.Expressions (>= 4.3) - restriction: || (&& (== net452) (>= dnxcore50)) (&& (== net452) (< net45)) (&& (== net461) (>= dnxcore50)) (&& (== net461) (< net45)) (== netcoreapp2.0) (== netcoreapp2.1) (== netstandard2.0)
      System.ObjectModel (>= 4.3) - restriction: || (&& (== net452) (>= dnxcore50)) (&& (== net452) (< net45)) (&& (== net461) (>= dnxcore50)) (&& (== net461) (< net45)) (== netcoreapp2.0) (== netcoreapp2.1) (== netstandard2.0)
      System.Reflection (>= 4.3) - restriction: || (&& (== net452) (>= dnxcore50)) (&& (== net452) (< net45)) (&& (== net461) (>= dnxcore50)) (&& (== net461) (< net45)) (== netcoreapp2.0) (== netcoreapp2.1) (== netstandard2.0)
      System.Reflection.Emit (>= 4.3) - restriction: || (&& (== net452) (< net45) (>= netstandard1.3)) (&& (== net461) (< net45)) (== netcoreapp2.0) (== netcoreapp2.1) (== netstandard2.0)
      System.Reflection.Emit.ILGeneration (>= 4.3) - restriction: || (&& (== net452) (< net45) (>= netstandard1.3)) (&& (== net461) (< net45)) (== netcoreapp2.0) (== netcoreapp2.1) (== netstandard2.0)
      System.Reflection.Primitives (>= 4.3) - restriction: || (&& (== net452) (< net45) (>= netstandard1.3)) (&& (== net461) (< net45)) (== netcoreapp2.0) (== netcoreapp2.1) (== netstandard2.0)
      System.Reflection.TypeExtensions (>= 4.3) - restriction: || (&& (== net452) (>= dnxcore50)) (&& (== net452) (< net45) (>= netstandard1.3)) (&& (== net461) (>= dnxcore50)) (&& (== net461) (< net45)) (== netcoreapp2.0) (== netcoreapp2.1) (== netstandard2.0)
      System.Resources.ResourceManager (>= 4.3) - restriction: || (&& (== net452) (>= dnxcore50)) (&& (== net452) (< net45) (>= netstandard1.3)) (&& (== net461) (>= dnxcore50)) (&& (== net461) (< net45)) (== netcoreapp2.0) (== netcoreapp2.1) (== netstandard2.0)
      System.Runtime (>= 4.3) - restriction: || (&& (== net452) (>= dnxcore50)) (&& (== net452) (< net45)) (&& (== net461) (>= dnxcore50)) (&& (== net461) (< net45)) (== netcoreapp2.0) (== netcoreapp2.1) (== netstandard2.0)
      System.Runtime.Extensions (>= 4.3) - restriction: || (&& (== net452) (>= dnxcore50)) (&& (== net452) (< net45) (>= netstandard1.3)) (&& (== net461) (>= dnxcore50)) (&& (== net461) (< net45)) (== netcoreapp2.0) (== netcoreapp2.1) (== netstandard2.0)
      System.Threading (>= 4.3) - restriction: || (&& (== net452) (>= dnxcore50)) (&& (== net452) (< net45) (>= netstandard1.3)) (&& (== net461) (>= dnxcore50)) (&& (== net461) (< net45)) (== netcoreapp2.0) (== netcoreapp2.1) (== netstandard2.0)
    System.Globalization (4.3) - restriction: || (&& (== net452) (< net35) (>= netstandard1.3)) (&& (== net461) (< net35)) (== netcoreapp2.0) (== netcoreapp2.1) (== netstandard2.0)
      Microsoft.NETCore.Platforms (>= 1.1) - restriction: || (&& (== net452) (>= dnxcore50)) (&& (== net452) (< net45)) (&& (== net461) (>= dnxcore50)) (&& (== net461) (< net45)) (== netcoreapp2.0) (== netcoreapp2.1) (== netstandard2.0)
      Microsoft.NETCore.Targets (>= 1.1) - restriction: || (&& (== net452) (>= dnxcore50)) (&& (== net452) (< net45)) (&& (== net461) (>= dnxcore50)) (&& (== net461) (< net45)) (== netcoreapp2.0) (== netcoreapp2.1) (== netstandard2.0)
      System.Runtime (>= 4.3) - restriction: || (&& (== net452) (>= dnxcore50)) (&& (== net452) (< net45)) (&& (== net461) (>= dnxcore50)) (&& (== net461) (< net45)) (== netcoreapp2.0) (== netcoreapp2.1) (== netstandard2.0)
    System.Globalization.Calendars (4.3) - restriction: || (&& (== net452) (>= dnxcore50) (>= netstandard1.5)) (&& (== net452) (>= dnxcore50) (>= netstandard1.6)) (&& (== net452) (< net451) (>= netstandard1.6)) (&& (== net461) (>= dnxcore50) (>= netstandard1.5)) (&& (== net461) (>= dnxcore50) (>= netstandard1.6)) (&& (== net461) (< net451) (>= netstandard1.6)) (== netcoreapp2.0) (== netcoreapp2.1) (== netstandard2.0)
      Microsoft.NETCore.Platforms (>= 1.1) - restriction: || (&& (== net452) (== net461)) (&& (== net452) (>= netstandard1.3)) (&& (== net461) (< net46)) (== netcoreapp2.0) (== netcoreapp2.1) (== netstandard2.0)
      Microsoft.NETCore.Targets (>= 1.1) - restriction: || (&& (== net452) (== net461)) (&& (== net452) (>= netstandard1.3)) (&& (== net461) (< net46)) (== netcoreapp2.0) (== netcoreapp2.1) (== netstandard2.0)
      System.Globalization (>= 4.3) - restriction: || (&& (== net452) (== net461)) (&& (== net452) (>= netstandard1.3)) (&& (== net461) (< net46)) (== netcoreapp2.0) (== netcoreapp2.1) (== netstandard2.0)
      System.Runtime (>= 4.3) - restriction: || (&& (== net452) (== net461)) (&& (== net452) (>= netstandard1.3)) (&& (== net461) (< net46)) (== netcoreapp2.0) (== netcoreapp2.1) (== netstandard2.0)
    System.Globalization.Extensions (4.3) - restriction: || (&& (== net452) (< net35) (>= netstandard1.3)) (&& (== net461) (< net35)) (== netcoreapp2.0) (== netcoreapp2.1) (== netstandard2.0)
      Microsoft.NETCore.Platforms (>= 1.1) - restriction: || (&& (== net452) (== net461)) (&& (== net452) (>= netstandard1.3)) (&& (== net461) (< net46)) (== netcoreapp2.0) (== netcoreapp2.1) (== netstandard2.0)
      System.Globalization (>= 4.3) - restriction: || (&& (== net452) (== net461)) (&& (== net452) (>= netstandard1.3)) (&& (== net461) (< net46)) (== netcoreapp2.0) (== netcoreapp2.1) (== netstandard2.0)
      System.Resources.ResourceManager (>= 4.3) - restriction: || (&& (== net452) (== net461)) (&& (== net452) (>= netstandard1.3)) (&& (== net461) (< net46)) (== netcoreapp2.0) (== netcoreapp2.1) (== netstandard2.0)
      System.Runtime (>= 4.3) - restriction: || (&& (== net452) (== net461)) (&& (== net452) (>= netstandard1.3)) (&& (== net461) (< net46)) (== netcoreapp2.0) (== netcoreapp2.1) (== netstandard2.0)
      System.Runtime.Extensions (>= 4.3) - restriction: || (&& (== net452) (== net461)) (&& (== net452) (>= netstandard1.3)) (&& (== net461) (< net46)) (== netcoreapp2.0) (== netcoreapp2.1) (== netstandard2.0)
      System.Runtime.InteropServices (>= 4.3) - restriction: || (&& (== net452) (== net461)) (&& (== net452) (>= netstandard1.3)) (&& (== net461) (< net46)) (== netcoreapp2.0) (== netcoreapp2.1) (== netstandard2.0)
    System.IdentityModel.Tokens.Jwt (5.2.1) - restriction: || (&& (== net452) (>= netcoreapp2.1)) (&& (== net461) (>= netcoreapp2.1)) (&& (== netcoreapp2.0) (>= netcoreapp2.1)) (== netcoreapp2.1) (&& (== netstandard2.0) (>= netcoreapp2.1))
      Microsoft.IdentityModel.Tokens (>= 5.2.1)
      NETStandard.Library (>= 1.6.1) - restriction: || (&& (== net452) (< net45) (>= netstandard1.4)) (&& (== net461) (< net45)) (== netcoreapp2.0) (== netcoreapp2.1) (== netstandard2.0)
      Newtonsoft.Json (>= 10.0.1)
    System.Interactive.Async (3.1.1) - restriction: || (&& (== net452) (>= netcoreapp2.1)) (&& (== net461) (>= netcoreapp2.1)) (&& (== netcoreapp2.0) (>= netcoreapp2.1)) (== netcoreapp2.1) (&& (== netstandard2.0) (>= netcoreapp2.1))
      NETStandard.Library (>= 1.6) - restriction: || (&& (== net452) (< net45)) (&& (== net461) (< net45)) (== netcoreapp2.0) (== netcoreapp2.1) (== netstandard2.0)
    System.IO (4.3) - restriction: || (&& (== net452) (< net451) (>= netstandard1.5)) (&& (== net461) (< net451) (>= netstandard1.5)) (== netcoreapp2.0) (== netcoreapp2.1) (== netstandard2.0)
      Microsoft.NETCore.Platforms (>= 1.1) - restriction: || (&& (== net452) (>= dnxcore50)) (&& (== net452) (< net45)) (&& (== net461) (>= dnxcore50)) (&& (== net461) (< net45)) (== netcoreapp2.0) (== netcoreapp2.1) (== netstandard2.0)
      Microsoft.NETCore.Targets (>= 1.1) - restriction: || (&& (== net452) (>= dnxcore50)) (&& (== net452) (< net45)) (&& (== net461) (>= dnxcore50)) (&& (== net461) (< net45)) (== netcoreapp2.0) (== netcoreapp2.1) (== netstandard2.0)
      System.Runtime (>= 4.3) - restriction: || (&& (== net452) (>= dnxcore50)) (&& (== net452) (< net45)) (&& (== net461) (>= dnxcore50)) (&& (== net461) (< net45)) (== netcoreapp2.0) (== netcoreapp2.1) (== netstandard2.0)
      System.Text.Encoding (>= 4.3) - restriction: || (&& (== net452) (>= dnxcore50)) (&& (== net452) (< net45)) (&& (== net461) (>= dnxcore50)) (&& (== net461) (< net45)) (== netcoreapp2.0) (== netcoreapp2.1) (== netstandard2.0)
      System.Threading.Tasks (>= 4.3) - restriction: || (&& (== net452) (>= dnxcore50)) (&& (== net452) (< net45)) (&& (== net461) (>= dnxcore50)) (&& (== net461) (< net45)) (== netcoreapp2.0) (== netcoreapp2.1) (== netstandard2.0)
    System.IO.Compression (4.3) - restriction: || (&& (== net452) (>= netcoreapp2.1)) (&& (== net461) (>= netcoreapp2.1)) (&& (== netcoreapp2.0) (>= netcoreapp2.1)) (== netcoreapp2.1) (&& (== netstandard2.0) (>= netcoreapp2.1))
      Microsoft.NETCore.Platforms (>= 1.1) - restriction: || (&& (== net452) (< net45) (>= netstandard1.3)) (&& (== net461) (< net45)) (== netcoreapp2.0) (== netcoreapp2.1) (== netstandard2.0)
      runtime.native.System (>= 4.3) - restriction: || (&& (== net452) (< net45) (>= netstandard1.3)) (&& (== net461) (< net45)) (== netcoreapp2.0) (== netcoreapp2.1) (== netstandard2.0)
      runtime.native.System.IO.Compression (>= 4.3) - restriction: || (&& (== net452) (>= dnxcore50)) (&& (== net452) (< net45) (>= netstandard1.3)) (&& (== net461) (>= dnxcore50)) (&& (== net461) (< net45)) (== netcoreapp2.0) (== netcoreapp2.1) (== netstandard2.0)
      System.Buffers (>= 4.3) - restriction: || (&& (== net452) (>= dnxcore50)) (&& (== net452) (< net45) (>= netstandard1.3)) (&& (== net461) (>= dnxcore50)) (&& (== net461) (< net45)) (== netcoreapp2.0) (== netcoreapp2.1) (== netstandard2.0)
      System.Collections (>= 4.3) - restriction: || (&& (== net452) (>= dnxcore50)) (&& (== net452) (< net45) (>= netstandard1.3)) (&& (== net461) (>= dnxcore50)) (&& (== net461) (< net45)) (== netcoreapp2.0) (== netcoreapp2.1) (== netstandard2.0)
      System.Diagnostics.Debug (>= 4.3) - restriction: || (&& (== net452) (>= dnxcore50)) (&& (== net452) (< net45) (>= netstandard1.3)) (&& (== net461) (>= dnxcore50)) (&& (== net461) (< net45)) (== netcoreapp2.0) (== netcoreapp2.1) (== netstandard2.0)
      System.IO (>= 4.3) - restriction: || (&& (== net452) (>= dnxcore50)) (&& (== net452) (< net45)) (&& (== net461) (>= dnxcore50)) (&& (== net461) (< net45)) (== netcoreapp2.0) (== netcoreapp2.1) (== netstandard2.0)
      System.Resources.ResourceManager (>= 4.3) - restriction: || (&& (== net452) (>= dnxcore50)) (&& (== net452) (< net45) (>= netstandard1.3)) (&& (== net461) (>= dnxcore50)) (&& (== net461) (< net45)) (== netcoreapp2.0) (== netcoreapp2.1) (== netstandard2.0)
      System.Runtime (>= 4.3) - restriction: || (&& (== net452) (>= dnxcore50)) (&& (== net452) (< net45)) (&& (== net461) (>= dnxcore50)) (&& (== net461) (< net45)) (== netcoreapp2.0) (== netcoreapp2.1) (== netstandard2.0)
      System.Runtime.Extensions (>= 4.3) - restriction: || (&& (== net452) (>= dnxcore50)) (&& (== net452) (< net45) (>= netstandard1.3)) (&& (== net461) (>= dnxcore50)) (&& (== net461) (< net45)) (== netcoreapp2.0) (== netcoreapp2.1) (== netstandard2.0)
      System.Runtime.Handles (>= 4.3) - restriction: || (&& (== net452) (>= dnxcore50)) (&& (== net452) (< net45) (>= netstandard1.3)) (&& (== net461) (>= dnxcore50)) (&& (== net461) (< net45)) (== netcoreapp2.0) (== netcoreapp2.1) (== netstandard2.0)
      System.Runtime.InteropServices (>= 4.3) - restriction: || (&& (== net452) (>= dnxcore50)) (&& (== net452) (< net45) (>= netstandard1.3)) (&& (== net461) (>= dnxcore50)) (&& (== net461) (< net45)) (== netcoreapp2.0) (== netcoreapp2.1) (== netstandard2.0)
      System.Text.Encoding (>= 4.3) - restriction: || (&& (== net452) (>= dnxcore50)) (&& (== net452) (< net45)) (&& (== net461) (>= dnxcore50)) (&& (== net461) (< net45)) (== netcoreapp2.0) (== netcoreapp2.1) (== netstandard2.0)
      System.Threading (>= 4.3) - restriction: || (&& (== net452) (>= dnxcore50)) (&& (== net452) (< net45) (>= netstandard1.3)) (&& (== net461) (>= dnxcore50)) (&& (== net461) (< net45)) (== netcoreapp2.0) (== netcoreapp2.1) (== netstandard2.0)
      System.Threading.Tasks (>= 4.3) - restriction: || (&& (== net452) (>= dnxcore50)) (&& (== net452) (< net45) (>= netstandard1.3)) (&& (== net461) (>= dnxcore50)) (&& (== net461) (< net45)) (== netcoreapp2.0) (== netcoreapp2.1) (== netstandard2.0)
    System.IO.FileSystem (4.3) - restriction: || (&& (== net452) (>= dnxcore50) (>= netstandard1.5)) (&& (== net452) (>= dnxcore50) (>= netstandard1.6)) (&& (== net452) (< net451) (>= netstandard1.6)) (&& (== net461) (>= dnxcore50) (>= netstandard1.5)) (&& (== net461) (>= dnxcore50) (>= netstandard1.6)) (&& (== net461) (< net451) (>= netstandard1.6)) (== netcoreapp2.0) (== netcoreapp2.1) (== netstandard2.0)
      Microsoft.NETCore.Platforms (>= 1.1) - restriction: || (&& (== net452) (== net461)) (&& (== net452) (>= netstandard1.3)) (&& (== net461) (< net46)) (== netcoreapp2.0) (== netcoreapp2.1) (== netstandard2.0)
      Microsoft.NETCore.Targets (>= 1.1) - restriction: || (&& (== net452) (== net461)) (&& (== net452) (>= netstandard1.3)) (&& (== net461) (< net46)) (== netcoreapp2.0) (== netcoreapp2.1) (== netstandard2.0)
      System.IO (>= 4.3) - restriction: || (&& (== net452) (== net461)) (&& (== net452) (>= netstandard1.3)) (&& (== net461) (< net46)) (== netcoreapp2.0) (== netcoreapp2.1) (== netstandard2.0)
      System.IO.FileSystem.Primitives (>= 4.3) - restriction: || (&& (== net452) (>= net46)) (&& (== net452) (>= netstandard1.3)) (== net461) (== netcoreapp2.0) (== netcoreapp2.1) (== netstandard2.0)
      System.Runtime (>= 4.3) - restriction: || (&& (== net452) (== net461)) (&& (== net452) (>= netstandard1.3)) (&& (== net461) (< net46)) (== netcoreapp2.0) (== netcoreapp2.1) (== netstandard2.0)
      System.Runtime.Handles (>= 4.3) - restriction: || (&& (== net452) (== net461)) (&& (== net452) (>= netstandard1.3)) (&& (== net461) (< net46)) (== netcoreapp2.0) (== netcoreapp2.1) (== netstandard2.0)
      System.Text.Encoding (>= 4.3) - restriction: || (&& (== net452) (== net461)) (&& (== net452) (>= netstandard1.3)) (&& (== net461) (< net46)) (== netcoreapp2.0) (== netcoreapp2.1) (== netstandard2.0)
      System.Threading.Tasks (>= 4.3) - restriction: || (&& (== net452) (== net461)) (&& (== net452) (>= netstandard1.3)) (&& (== net461) (< net46)) (== netcoreapp2.0) (== netcoreapp2.1) (== netstandard2.0)
    System.IO.FileSystem.Primitives (4.3) - restriction: || (&& (== net452) (< net451) (>= netstandard1.6)) (&& (== net461) (< net451) (>= netstandard1.6)) (== netcoreapp2.0) (== netcoreapp2.1) (== netstandard2.0)
      System.Runtime (>= 4.3) - restriction: || (&& (== net452) (== net461)) (&& (== net452) (>= netstandard1.3)) (&& (== net461) (< net46)) (== netcoreapp2.0) (== netcoreapp2.1) (== netstandard2.0)
    System.IO.Pipelines (0.1.0-preview1-180216-4) - restriction: || (&& (== net452) (>= netcoreapp2.1)) (&& (== net461) (>= netcoreapp2.1)) (&& (== netcoreapp2.0) (>= netcoreapp2.1)) (== netcoreapp2.1) (&& (== netstandard2.0) (>= netcoreapp2.1))
      System.Buffers.Primitives (>= 0.1.0-preview1-180216-4)
    System.Linq (4.3) - restriction: || (&& (== net452) (< net451) (>= netstandard1.5)) (&& (== net461) (< net451) (>= netstandard1.5)) (== netcoreapp2.0) (== netcoreapp2.1) (== netstandard2.0)
      System.Collections (>= 4.3) - restriction: || (&& (== net452) (>= dnxcore50)) (&& (== net452) (< net45)) (&& (== net461) (>= dnxcore50)) (&& (== net461) (< net45)) (== netcoreapp2.0) (== netcoreapp2.1) (== netstandard2.0)
      System.Diagnostics.Debug (>= 4.3) - restriction: || (&& (== net452) (>= dnxcore50)) (&& (== net452) (< net45) (>= netstandard1.6)) (&& (== net461) (>= dnxcore50)) (&& (== net461) (< net45) (>= netstandard1.6)) (== netcoreapp2.0) (== netcoreapp2.1) (== netstandard2.0)
      System.Resources.ResourceManager (>= 4.3) - restriction: || (&& (== net452) (>= dnxcore50)) (&& (== net452) (< net45) (>= netstandard1.6)) (&& (== net461) (>= dnxcore50)) (&& (== net461) (< net45) (>= netstandard1.6)) (== netcoreapp2.0) (== netcoreapp2.1) (== netstandard2.0)
      System.Runtime (>= 4.3) - restriction: || (&& (== net452) (>= dnxcore50)) (&& (== net452) (< net45)) (&& (== net461) (>= dnxcore50)) (&& (== net461) (< net45)) (== netcoreapp2.0) (== netcoreapp2.1) (== netstandard2.0)
      System.Runtime.Extensions (>= 4.3) - restriction: || (&& (== net452) (>= dnxcore50)) (&& (== net452) (< net45) (>= netstandard1.6)) (&& (== net461) (>= dnxcore50)) (&& (== net461) (< net45) (>= netstandard1.6)) (== netcoreapp2.0) (== netcoreapp2.1) (== netstandard2.0)
    System.Linq.Expressions (4.3) - restriction: || (&& (== net452) (>= dnxcore50) (>= netstandard1.3)) (&& (== net452) (< net35) (>= netstandard1.3)) (&& (== net461) (>= dnxcore50)) (&& (== net461) (< net35)) (== netcoreapp2.0) (== netcoreapp2.1) (== netstandard2.0)
      System.Collections (>= 4.3) - restriction: || (&& (== net452) (>= dnxcore50)) (&& (== net452) (< net45) (>= netstandard1.6)) (&& (== net461) (>= dnxcore50)) (&& (== net461) (< net45) (>= netstandard1.6)) (== netcoreapp2.0) (== netcoreapp2.1) (== netstandard2.0)
      System.Diagnostics.Debug (>= 4.3) - restriction: || (&& (== net452) (>= dnxcore50)) (&& (== net452) (< net45) (>= netstandard1.6)) (&& (== net461) (>= dnxcore50)) (&& (== net461) (< net45) (>= netstandard1.6)) (== netcoreapp2.0) (== netcoreapp2.1) (== netstandard2.0)
      System.Globalization (>= 4.3) - restriction: || (&& (== net452) (>= dnxcore50)) (&& (== net452) (< net45) (>= netstandard1.6)) (&& (== net461) (>= dnxcore50)) (&& (== net461) (< net45) (>= netstandard1.6)) (== netcoreapp2.0) (== netcoreapp2.1) (== netstandard2.0)
      System.IO (>= 4.3) - restriction: || (&& (== net452) (>= dnxcore50)) (&& (== net452) (< net45) (>= netstandard1.6)) (&& (== net461) (>= dnxcore50)) (&& (== net461) (< net45) (>= netstandard1.6)) (== netcoreapp2.0) (== netcoreapp2.1) (== netstandard2.0)
      System.Linq (>= 4.3) - restriction: || (&& (== net452) (>= dnxcore50)) (&& (== net452) (< net45) (>= netstandard1.6)) (&& (== net461) (>= dnxcore50)) (&& (== net461) (< net45) (>= netstandard1.6)) (== netcoreapp2.0) (== netcoreapp2.1) (== netstandard2.0)
      System.ObjectModel (>= 4.3) - restriction: || (&& (== net452) (< net45) (>= netstandard1.6)) (&& (== net461) (< net45) (>= netstandard1.6)) (== netcoreapp2.0) (== netcoreapp2.1) (== netstandard2.0)
      System.Reflection (>= 4.3) - restriction: || (&& (== net452) (>= dnxcore50)) (&& (== net452) (< net45)) (&& (== net461) (>= dnxcore50)) (&& (== net461) (< net45)) (== netcoreapp2.0) (== netcoreapp2.1) (== netstandard2.0)
      System.Reflection.Emit (>= 4.3) - restriction: || (&& (== net452) (< net45) (>= netstandard1.6)) (&& (== net461) (< net45) (>= netstandard1.6)) (== netcoreapp2.0) (== netcoreapp2.1) (== netstandard2.0)
      System.Reflection.Emit.ILGeneration (>= 4.3) - restriction: || (&& (== net452) (>= dnxcore50)) (&& (== net452) (< net45) (>= netstandard1.6)) (&& (== net461) (>= dnxcore50)) (&& (== net461) (< net45) (>= netstandard1.6)) (== netcoreapp2.0) (== netcoreapp2.1) (== netstandard2.0)
      System.Reflection.Emit.Lightweight (>= 4.3) - restriction: || (&& (== net452) (>= dnxcore50)) (&& (== net452) (< net45) (>= netstandard1.6)) (&& (== net461) (>= dnxcore50)) (&& (== net461) (< net45) (>= netstandard1.6)) (== netcoreapp2.0) (== netcoreapp2.1) (== netstandard2.0)
      System.Reflection.Extensions (>= 4.3) - restriction: || (&& (== net452) (>= dnxcore50)) (&& (== net452) (< net45) (>= netstandard1.6)) (&& (== net461) (>= dnxcore50)) (&& (== net461) (< net45) (>= netstandard1.6)) (== netcoreapp2.0) (== netcoreapp2.1) (== netstandard2.0)
      System.Reflection.Primitives (>= 4.3) - restriction: || (&& (== net452) (>= dnxcore50)) (&& (== net452) (< net45) (>= netstandard1.6)) (&& (== net461) (>= dnxcore50)) (&& (== net461) (< net45) (>= netstandard1.6)) (== netcoreapp2.0) (== netcoreapp2.1) (== netstandard2.0)
      System.Reflection.TypeExtensions (>= 4.3) - restriction: || (&& (== net452) (>= dnxcore50)) (&& (== net452) (< net45) (>= netstandard1.6)) (&& (== net461) (>= dnxcore50)) (&& (== net461) (< net45) (>= netstandard1.6)) (== netcoreapp2.0) (== netcoreapp2.1) (== netstandard2.0)
      System.Resources.ResourceManager (>= 4.3) - restriction: || (&& (== net452) (>= dnxcore50)) (&& (== net452) (< net45) (>= netstandard1.6)) (&& (== net461) (>= dnxcore50)) (&& (== net461) (< net45) (>= netstandard1.6)) (== netcoreapp2.0) (== netcoreapp2.1) (== netstandard2.0)
      System.Runtime (>= 4.3) - restriction: || (&& (== net452) (>= dnxcore50)) (&& (== net452) (< net45)) (&& (== net461) (>= dnxcore50)) (&& (== net461) (< net45)) (== netcoreapp2.0) (== netcoreapp2.1) (== netstandard2.0)
      System.Runtime.Extensions (>= 4.3) - restriction: || (&& (== net452) (>= dnxcore50)) (&& (== net452) (< net45) (>= netstandard1.6)) (&& (== net461) (>= dnxcore50)) (&& (== net461) (< net45) (>= netstandard1.6)) (== netcoreapp2.0) (== netcoreapp2.1) (== netstandard2.0)
      System.Threading (>= 4.3) - restriction: || (&& (== net452) (>= dnxcore50)) (&& (== net452) (< net45) (>= netstandard1.6)) (&& (== net461) (>= dnxcore50)) (&& (== net461) (< net45) (>= netstandard1.6)) (== netcoreapp2.0) (== netcoreapp2.1) (== netstandard2.0)
    System.Linq.Queryable (4.3) - restriction: || (&& (== net452) (>= netcoreapp2.1)) (&& (== net461) (>= netcoreapp2.1)) (&& (== netcoreapp2.0) (>= netcoreapp2.1)) (== netcoreapp2.1) (&& (== netstandard2.0) (>= netcoreapp2.1))
      System.Collections (>= 4.3) - restriction: || (&& (== net452) (>= dnxcore50)) (&& (== net452) (< net45) (>= netstandard1.3)) (&& (== net461) (>= dnxcore50)) (&& (== net461) (< net45)) (== netcoreapp2.0) (== netcoreapp2.1) (== netstandard2.0)
      System.Diagnostics.Debug (>= 4.3) - restriction: || (&& (== net452) (>= dnxcore50)) (&& (== net452) (< net45) (>= netstandard1.3)) (&& (== net461) (>= dnxcore50)) (&& (== net461) (< net45)) (== netcoreapp2.0) (== netcoreapp2.1) (== netstandard2.0)
      System.Linq (>= 4.3) - restriction: || (&& (== net452) (>= dnxcore50)) (&& (== net452) (< net45)) (&& (== net461) (>= dnxcore50)) (&& (== net461) (< net45)) (== netcoreapp2.0) (== netcoreapp2.1) (== netstandard2.0)
      System.Linq.Expressions (>= 4.3) - restriction: || (&& (== net452) (>= dnxcore50)) (&& (== net452) (< net45)) (&& (== net461) (>= dnxcore50)) (&& (== net461) (< net45)) (== netcoreapp2.0) (== netcoreapp2.1) (== netstandard2.0)
      System.Reflection (>= 4.3) - restriction: || (&& (== net452) (>= dnxcore50)) (&& (== net452) (< net45) (>= netstandard1.3)) (&& (== net461) (>= dnxcore50)) (&& (== net461) (< net45)) (== netcoreapp2.0) (== netcoreapp2.1) (== netstandard2.0)
      System.Reflection.Extensions (>= 4.3) - restriction: || (&& (== net452) (>= dnxcore50)) (&& (== net452) (< net45) (>= netstandard1.3)) (&& (== net461) (>= dnxcore50)) (&& (== net461) (< net45)) (== netcoreapp2.0) (== netcoreapp2.1) (== netstandard2.0)
      System.Resources.ResourceManager (>= 4.3) - restriction: || (&& (== net452) (>= dnxcore50)) (&& (== net452) (< net45) (>= netstandard1.3)) (&& (== net461) (>= dnxcore50)) (&& (== net461) (< net45)) (== netcoreapp2.0) (== netcoreapp2.1) (== netstandard2.0)
      System.Runtime (>= 4.3) - restriction: || (&& (== net452) (>= dnxcore50)) (&& (== net452) (< net45)) (&& (== net461) (>= dnxcore50)) (&& (== net461) (< net45)) (== netcoreapp2.0) (== netcoreapp2.1) (== netstandard2.0)
    System.Memory (4.5.0-preview1-26216-02) - restriction: || (&& (== net452) (>= netcoreapp2.1)) (&& (== net461) (>= netcoreapp2.1)) (&& (== netcoreapp2.0) (>= netcoreapp2.1)) (== netcoreapp2.1) (&& (== netstandard2.0) (>= netcoreapp2.1))
      Microsoft.NETCore.Platforms (>= 2.0) - restriction: || (&& (== net452) (>= netcoreapp2.1)) (&& (== net452) (>= uap10.1)) (&& (== net461) (>= netcoreapp2.1)) (&& (== net461) (>= uap10.1)) (&& (== netcoreapp2.0) (>= netcoreapp2.1)) (&& (== netcoreapp2.0) (>= uap10.1)) (== netcoreapp2.1) (&& (== netstandard2.0) (>= netcoreapp2.1)) (&& (== netstandard2.0) (>= uap10.1))
    System.Net.Http (4.3.3) - restriction: || (&& (== net452) (>= netcoreapp2.1)) (&& (== net461) (>= netcoreapp2.1)) (&& (== netcoreapp2.0) (>= netcoreapp2.1)) (== netcoreapp2.1) (&& (== netstandard2.0) (>= netcoreapp2.1))
      Microsoft.NETCore.Platforms (>= 1.1) - restriction: || (&& (== net452) (>= dnxcore50)) (&& (== net452) (< net45) (>= netstandard1.3)) (&& (== net452) (< net45) (>= netstandard1.6)) (&& (== net461) (>= dnxcore50)) (&& (== net461) (< net45)) (== netcoreapp2.0) (== netcoreapp2.1) (== netstandard2.0)
      runtime.native.System (>= 4.3) - restriction: || (&& (== net452) (< net45) (>= netstandard1.6)) (&& (== net461) (< net45) (>= netstandard1.6)) (== netcoreapp2.0) (== netcoreapp2.1) (== netstandard2.0)
      runtime.native.System.Net.Http (>= 4.3) - restriction: || (&& (== net452) (< net45) (>= netstandard1.6)) (&& (== net461) (< net45) (>= netstandard1.6)) (== netcoreapp2.0) (== netcoreapp2.1) (== netstandard2.0)
      runtime.native.System.Security.Cryptography.OpenSsl (>= 4.3.2) - restriction: || (&& (== net452) (< net45) (>= netstandard1.6)) (&& (== net461) (< net45) (>= netstandard1.6)) (== netcoreapp2.0) (== netcoreapp2.1) (== netstandard2.0)
      System.Collections (>= 4.3) - restriction: || (&& (== net452) (>= dnxcore50)) (&& (== net452) (< net45) (>= netstandard1.3)) (&& (== net452) (< net45) (>= netstandard1.6)) (&& (== net461) (>= dnxcore50)) (&& (== net461) (< net45)) (== netcoreapp2.0) (== netcoreapp2.1) (== netstandard2.0)
      System.Diagnostics.Debug (>= 4.3) - restriction: || (&& (== net452) (>= dnxcore50)) (&& (== net452) (< net45) (>= netstandard1.3)) (&& (== net452) (< net45) (>= netstandard1.6)) (&& (== net461) (>= dnxcore50)) (&& (== net461) (< net45)) (== netcoreapp2.0) (== netcoreapp2.1) (== netstandard2.0)
      System.Diagnostics.DiagnosticSource (>= 4.3) - restriction: || (&& (== net452) (>= dnxcore50)) (&& (== net452) (< net45) (>= netstandard1.3)) (&& (== net452) (< net45) (>= netstandard1.6)) (&& (== net461) (>= dnxcore50)) (&& (== net461) (< net45)) (== netcoreapp2.0) (== netcoreapp2.1) (== netstandard2.0)
      System.Diagnostics.Tracing (>= 4.3) - restriction: || (&& (== net452) (>= dnxcore50)) (&& (== net452) (< net45) (>= netstandard1.3)) (&& (== net452) (< net45) (>= netstandard1.6)) (&& (== net461) (>= dnxcore50)) (&& (== net461) (< net45)) (== netcoreapp2.0) (== netcoreapp2.1) (== netstandard2.0)
      System.Globalization (>= 4.3) - restriction: || (&& (== net452) (>= dnxcore50)) (&& (== net452) (< net45) (>= netstandard1.3)) (&& (== net452) (< net45) (>= netstandard1.6)) (&& (== net461) (>= dnxcore50)) (&& (== net461) (< net45)) (== netcoreapp2.0) (== netcoreapp2.1) (== netstandard2.0)
      System.Globalization.Extensions (>= 4.3) - restriction: || (&& (== net452) (< net45) (>= netstandard1.6)) (&& (== net461) (< net45) (>= netstandard1.6)) (== netcoreapp2.0) (== netcoreapp2.1) (== netstandard2.0)
      System.IO (>= 4.3) - restriction: || (&& (== net452) (>= dnxcore50)) (&& (== net452) (< net45)) (&& (== net461) (>= dnxcore50)) (&& (== net461) (< net45)) (== netcoreapp2.0) (== netcoreapp2.1) (== netstandard2.0)
      System.IO.FileSystem (>= 4.3) - restriction: || (&& (== net452) (< net45) (>= netstandard1.6)) (&& (== net461) (< net45) (>= netstandard1.6)) (== netcoreapp2.0) (== netcoreapp2.1) (== netstandard2.0)
      System.Net.Primitives (>= 4.3) - restriction: || (&& (== net452) (>= dnxcore50)) (&& (== net452) (< net45)) (&& (== net461) (>= dnxcore50)) (&& (== net461) (< net45)) (== netcoreapp2.0) (== netcoreapp2.1) (== netstandard2.0)
      System.Resources.ResourceManager (>= 4.3) - restriction: || (&& (== net452) (>= dnxcore50)) (&& (== net452) (< net45) (>= netstandard1.3)) (&& (== net452) (< net45) (>= netstandard1.6)) (&& (== net461) (>= dnxcore50)) (&& (== net461) (< net45)) (== netcoreapp2.0) (== netcoreapp2.1) (== netstandard2.0)
      System.Runtime (>= 4.3) - restriction: || (&& (== net452) (>= dnxcore50)) (&& (== net452) (< net45)) (&& (== net461) (>= dnxcore50)) (&& (== net461) (< net45)) (== netcoreapp2.0) (== netcoreapp2.1) (== netstandard2.0)
      System.Runtime.Extensions (>= 4.3) - restriction: || (&& (== net452) (>= dnxcore50)) (&& (== net452) (< net45) (>= netstandard1.3)) (&& (== net452) (< net45) (>= netstandard1.6)) (&& (== net461) (>= dnxcore50)) (&& (== net461) (< net45)) (== netcoreapp2.0) (== netcoreapp2.1) (== netstandard2.0)
      System.Runtime.Handles (>= 4.3) - restriction: || (&& (== net452) (< net45) (>= netstandard1.3)) (&& (== net452) (< net45) (>= netstandard1.6)) (&& (== net461) (< net45)) (== netcoreapp2.0) (== netcoreapp2.1) (== netstandard2.0)
      System.Runtime.InteropServices (>= 4.3) - restriction: || (&& (== net452) (>= dnxcore50)) (&& (== net452) (< net45) (>= netstandard1.3)) (&& (== net452) (< net45) (>= netstandard1.6)) (&& (== net461) (>= dnxcore50)) (&& (== net461) (< net45)) (== netcoreapp2.0) (== netcoreapp2.1) (== netstandard2.0)
      System.Security.Cryptography.Algorithms (>= 4.3) - restriction: || (&& (== net452) (< net45) (>= netstandard1.6)) (&& (== net461) (< net45) (>= netstandard1.6)) (== netcoreapp2.0) (== netcoreapp2.1) (== netstandard2.0)
      System.Security.Cryptography.Encoding (>= 4.3) - restriction: || (&& (== net452) (< net45) (>= netstandard1.3)) (&& (== net452) (< net45) (>= netstandard1.6)) (&& (== net461) (< net45)) (== netcoreapp2.0) (== netcoreapp2.1) (== netstandard2.0)
      System.Security.Cryptography.OpenSsl (>= 4.3) - restriction: || (&& (== net452) (< net45) (>= netstandard1.6)) (&& (== net461) (< net45) (>= netstandard1.6)) (== netcoreapp2.0) (== netcoreapp2.1) (== netstandard2.0)
      System.Security.Cryptography.Primitives (>= 4.3) - restriction: || (&& (== net452) (< net45) (>= netstandard1.6)) (&& (== net461) (< net45) (>= netstandard1.6)) (== netcoreapp2.0) (== netcoreapp2.1) (== netstandard2.0)
      System.Security.Cryptography.X509Certificates (>= 4.3) - restriction: || (&& (== net452) (>= dnxcore50)) (&& (== net452) (< net45) (>= netstandard1.3)) (&& (== net452) (< net45) (>= netstandard1.6)) (&& (== net452) (>= net46)) (== net461) (== netcoreapp2.0) (== netcoreapp2.1) (== netstandard2.0)
      System.Text.Encoding (>= 4.3) - restriction: || (&& (== net452) (>= dnxcore50)) (&& (== net452) (< net45)) (&& (== net461) (>= dnxcore50)) (&& (== net461) (< net45)) (== netcoreapp2.0) (== netcoreapp2.1) (== netstandard2.0)
      System.Threading (>= 4.3) - restriction: || (&& (== net452) (>= dnxcore50)) (&& (== net452) (< net45) (>= netstandard1.3)) (&& (== net452) (< net45) (>= netstandard1.6)) (&& (== net461) (>= dnxcore50)) (&& (== net461) (< net45)) (== netcoreapp2.0) (== netcoreapp2.1) (== netstandard2.0)
      System.Threading.Tasks (>= 4.3) - restriction: || (&& (== net452) (>= dnxcore50)) (&& (== net452) (< net45)) (&& (== net461) (>= dnxcore50)) (&& (== net461) (< net45)) (== netcoreapp2.0) (== netcoreapp2.1) (== netstandard2.0)
    System.Net.NameResolution (4.3) - restriction: || (&& (== net452) (< net451) (>= netstandard1.5)) (&& (== net461) (< net451) (>= netstandard1.5)) (== netcoreapp2.0) (== netcoreapp2.1) (== netstandard2.0)
      Microsoft.NETCore.Platforms (>= 1.1) - restriction: || (&& (== net452) (== net461)) (&& (== net452) (>= dnxcore50)) (&& (== net452) (>= netstandard1.3)) (&& (== net461) (>= dnxcore50)) (&& (== net461) (< net46)) (== netcoreapp2.0) (== netcoreapp2.1) (== netstandard2.0)
      runtime.native.System (>= 4.3) - restriction: || (&& (== net452) (== net461)) (&& (== net452) (>= netstandard1.3)) (&& (== net461) (< net46)) (== netcoreapp2.0) (== netcoreapp2.1) (== netstandard2.0)
      System.Collections (>= 4.3) - restriction: || (&& (== net452) (== net461)) (&& (== net452) (>= dnxcore50)) (&& (== net452) (>= netstandard1.3)) (&& (== net461) (>= dnxcore50)) (&& (== net461) (< net46)) (== netcoreapp2.0) (== netcoreapp2.1) (== netstandard2.0)
      System.Diagnostics.Tracing (>= 4.3) - restriction: || (&& (== net452) (== net461)) (&& (== net452) (>= dnxcore50)) (&& (== net452) (>= netstandard1.3)) (&& (== net461) (>= dnxcore50)) (&& (== net461) (< net46)) (== netcoreapp2.0) (== netcoreapp2.1) (== netstandard2.0)
      System.Globalization (>= 4.3) - restriction: || (&& (== net452) (== net461)) (&& (== net452) (>= dnxcore50)) (&& (== net452) (>= netstandard1.3)) (&& (== net461) (>= dnxcore50)) (&& (== net461) (< net46)) (== netcoreapp2.0) (== netcoreapp2.1) (== netstandard2.0)
      System.Net.Primitives (>= 4.3) - restriction: || (&& (== net452) (== net461)) (&& (== net452) (>= dnxcore50)) (&& (== net452) (>= netstandard1.3)) (&& (== net461) (>= dnxcore50)) (&& (== net461) (< net46)) (== netcoreapp2.0) (== netcoreapp2.1) (== netstandard2.0)
      System.Resources.ResourceManager (>= 4.3) - restriction: || (&& (== net452) (== net461)) (&& (== net452) (>= dnxcore50)) (&& (== net452) (>= netstandard1.3)) (&& (== net461) (>= dnxcore50)) (&& (== net461) (< net46)) (== netcoreapp2.0) (== netcoreapp2.1) (== netstandard2.0)
      System.Runtime (>= 4.3) - restriction: || (&& (== net452) (== net461)) (&& (== net452) (>= dnxcore50)) (&& (== net452) (>= netstandard1.3)) (&& (== net461) (>= dnxcore50)) (&& (== net461) (< net46)) (== netcoreapp2.0) (== netcoreapp2.1) (== netstandard2.0)
      System.Runtime.Extensions (>= 4.3) - restriction: || (&& (== net452) (== net461)) (&& (== net452) (>= dnxcore50)) (&& (== net452) (>= netstandard1.3)) (&& (== net461) (>= dnxcore50)) (&& (== net461) (< net46)) (== netcoreapp2.0) (== netcoreapp2.1) (== netstandard2.0)
      System.Runtime.Handles (>= 4.3) - restriction: || (&& (== net452) (== net461)) (&& (== net452) (>= dnxcore50)) (&& (== net452) (>= netstandard1.3)) (&& (== net461) (>= dnxcore50)) (&& (== net461) (< net46)) (== netcoreapp2.0) (== netcoreapp2.1) (== netstandard2.0)
      System.Runtime.InteropServices (>= 4.3) - restriction: || (&& (== net452) (== net461)) (&& (== net452) (>= dnxcore50)) (&& (== net452) (>= netstandard1.3)) (&& (== net461) (>= dnxcore50)) (&& (== net461) (< net46)) (== netcoreapp2.0) (== netcoreapp2.1) (== netstandard2.0)
      System.Security.Principal.Windows (>= 4.3) - restriction: || (&& (== net452) (== net461)) (&& (== net452) (>= netstandard1.3)) (&& (== net461) (< net46)) (== netcoreapp2.0) (== netcoreapp2.1) (== netstandard2.0)
      System.Threading (>= 4.3) - restriction: || (&& (== net452) (== net461)) (&& (== net452) (>= dnxcore50)) (&& (== net452) (>= netstandard1.3)) (&& (== net461) (>= dnxcore50)) (&& (== net461) (< net46)) (== netcoreapp2.0) (== netcoreapp2.1) (== netstandard2.0)
      System.Threading.Tasks (>= 4.3) - restriction: || (&& (== net452) (== net461)) (&& (== net452) (>= dnxcore50)) (&& (== net452) (>= netstandard1.3)) (&& (== net461) (>= dnxcore50)) (&& (== net461) (< net46)) (== netcoreapp2.0) (== netcoreapp2.1) (== netstandard2.0)
    System.Net.Primitives (4.3) - restriction: || (&& (== net452) (>= dnxcore50) (>= netstandard1.5)) (&& (== net452) (< net451) (>= netstandard1.5)) (&& (== net461) (>= dnxcore50) (>= netstandard1.5)) (&& (== net461) (< net451) (>= netstandard1.5)) (== netcoreapp2.0) (== netcoreapp2.1) (== netstandard2.0)
      Microsoft.NETCore.Platforms (>= 1.1) - restriction: || (&& (== net452) (>= dnxcore50)) (&& (== net452) (< net45)) (&& (== net452) (< netstandard1.1)) (&& (== net461) (>= dnxcore50)) (&& (== net461) (< net45)) (&& (== net461) (< netstandard1.1)) (== netcoreapp2.0) (== netcoreapp2.1) (== netstandard2.0)
      Microsoft.NETCore.Targets (>= 1.1) - restriction: || (&& (== net452) (>= dnxcore50)) (&& (== net452) (< net45)) (&& (== net452) (< netstandard1.1)) (&& (== net461) (>= dnxcore50)) (&& (== net461) (< net45)) (&& (== net461) (< netstandard1.1)) (== netcoreapp2.0) (== netcoreapp2.1) (== netstandard2.0)
      System.Runtime (>= 4.3) - restriction: || (&& (== net452) (>= dnxcore50)) (&& (== net452) (< net45)) (&& (== net452) (< netstandard1.1)) (&& (== net461) (>= dnxcore50)) (&& (== net461) (< net45)) (&& (== net461) (< netstandard1.1)) (== netcoreapp2.0) (== netcoreapp2.1) (== netstandard2.0)
      System.Runtime.Handles (>= 4.3) - restriction: || (&& (== net452) (>= dnxcore50)) (&& (== net452) (< net45) (>= netstandard1.3)) (&& (== net461) (>= dnxcore50)) (&& (== net461) (< net45)) (== netcoreapp2.0) (== netcoreapp2.1) (== netstandard2.0)
    System.Net.Security (4.3.2) - restriction: || (&& (== net452) (< net451) (>= netstandard1.5)) (&& (== net461) (< net451) (>= netstandard1.5)) (== netcoreapp2.0) (== netcoreapp2.1) (== netstandard2.0)
      Microsoft.NETCore.Platforms (>= 1.1) - restriction: || (&& (== net452) (== net461)) (&& (== net452) (>= netstandard1.3)) (&& (== net452) (>= netstandard1.6)) (&& (== net461) (< net46)) (== netcoreapp2.0) (== netcoreapp2.1) (== netstandard2.0)
      Microsoft.Win32.Primitives (>= 4.3) - restriction: || (&& (== net452) (== net461)) (&& (== net452) (>= netstandard1.3)) (&& (== net452) (>= netstandard1.6)) (&& (== net461) (< net46)) (== netcoreapp2.0) (== netcoreapp2.1) (== netstandard2.0)
      runtime.native.System (>= 4.3) - restriction: || (&& (== net452) (>= netstandard1.6)) (&& (== net461) (< net46) (>= netstandard1.6)) (== netcoreapp2.0) (== netcoreapp2.1) (== netstandard2.0)
      runtime.native.System.Net.Security (>= 4.3) - restriction: || (&& (== net452) (>= netstandard1.6)) (&& (== net461) (< net46) (>= netstandard1.6)) (== netcoreapp2.0) (== netcoreapp2.1) (== netstandard2.0)
      runtime.native.System.Security.Cryptography.OpenSsl (>= 4.3.2) - restriction: || (&& (== net452) (>= netstandard1.6)) (&& (== net461) (< net46) (>= netstandard1.6)) (== netcoreapp2.0) (== netcoreapp2.1) (== netstandard2.0)
      System.Collections (>= 4.3) - restriction: || (&& (== net452) (== net461)) (&& (== net452) (>= netstandard1.3)) (&& (== net452) (>= netstandard1.6)) (&& (== net461) (< net46)) (== netcoreapp2.0) (== netcoreapp2.1) (== netstandard2.0)
      System.Collections.Concurrent (>= 4.3) - restriction: || (&& (== net452) (== net461)) (&& (== net452) (>= netstandard1.3)) (&& (== net452) (>= netstandard1.6)) (&& (== net461) (< net46)) (== netcoreapp2.0) (== netcoreapp2.1) (== netstandard2.0)
      System.Diagnostics.Tracing (>= 4.3) - restriction: || (&& (== net452) (== net461)) (&& (== net452) (>= netstandard1.3)) (&& (== net452) (>= netstandard1.6)) (&& (== net461) (< net46)) (== netcoreapp2.0) (== netcoreapp2.1) (== netstandard2.0)
      System.Globalization (>= 4.3) - restriction: || (&& (== net452) (== net461)) (&& (== net452) (>= netstandard1.3)) (&& (== net452) (>= netstandard1.6)) (&& (== net461) (< net46)) (== netcoreapp2.0) (== netcoreapp2.1) (== netstandard2.0)
      System.Globalization.Extensions (>= 4.3) - restriction: || (&& (== net452) (>= netstandard1.6)) (&& (== net461) (< net46) (>= netstandard1.6)) (== netcoreapp2.0) (== netcoreapp2.1) (== netstandard2.0)
      System.IO (>= 4.3) - restriction: || (&& (== net452) (== net461)) (&& (== net452) (>= netstandard1.3)) (&& (== net452) (>= netstandard1.6)) (&& (== net461) (< net46)) (== netcoreapp2.0) (== netcoreapp2.1) (== netstandard2.0)
      System.Net.Primitives (>= 4.3) - restriction: || (&& (== net452) (== net461)) (&& (== net452) (>= netstandard1.3)) (&& (== net452) (>= netstandard1.6)) (&& (== net461) (< net46)) (== netcoreapp2.0) (== netcoreapp2.1) (== netstandard2.0)
      System.Resources.ResourceManager (>= 4.3) - restriction: || (&& (== net452) (== net461)) (&& (== net452) (>= netstandard1.3)) (&& (== net452) (>= netstandard1.6)) (&& (== net461) (< net46)) (== netcoreapp2.0) (== netcoreapp2.1) (== netstandard2.0)
      System.Runtime (>= 4.3) - restriction: || (&& (== net452) (== net461)) (&& (== net452) (>= netstandard1.3)) (&& (== net452) (>= netstandard1.6)) (&& (== net461) (< net46)) (== netcoreapp2.0) (== netcoreapp2.1) (== netstandard2.0)
      System.Runtime.Extensions (>= 4.3) - restriction: || (&& (== net452) (== net461)) (&& (== net452) (>= netstandard1.3)) (&& (== net452) (>= netstandard1.6)) (&& (== net461) (< net46)) (== netcoreapp2.0) (== netcoreapp2.1) (== netstandard2.0)
      System.Runtime.Handles (>= 4.3) - restriction: || (&& (== net452) (== net461)) (&& (== net452) (>= netstandard1.3)) (&& (== net452) (>= netstandard1.6)) (&& (== net461) (< net46)) (== netcoreapp2.0) (== netcoreapp2.1) (== netstandard2.0)
      System.Runtime.InteropServices (>= 4.3) - restriction: || (&& (== net452) (== net461)) (&& (== net452) (>= netstandard1.3)) (&& (== net452) (>= netstandard1.6)) (&& (== net461) (< net46)) (== netcoreapp2.0) (== netcoreapp2.1) (== netstandard2.0)
      System.Security.Claims (>= 4.3) - restriction: || (&& (== net452) (== net461)) (&& (== net452) (>= netstandard1.3)) (&& (== net452) (>= netstandard1.6)) (&& (== net461) (< net46)) (== netcoreapp2.0) (== netcoreapp2.1) (== netstandard2.0)
      System.Security.Cryptography.Algorithms (>= 4.3) - restriction: || (&& (== net452) (>= netstandard1.6)) (&& (== net461) (< net46) (>= netstandard1.6)) (== netcoreapp2.0) (== netcoreapp2.1) (== netstandard2.0)
      System.Security.Cryptography.Encoding (>= 4.3) - restriction: || (&& (== net452) (== net461)) (&& (== net452) (>= netstandard1.3)) (&& (== net452) (>= netstandard1.6)) (&& (== net461) (< net46)) (== netcoreapp2.0) (== netcoreapp2.1) (== netstandard2.0)
      System.Security.Cryptography.OpenSsl (>= 4.3) - restriction: || (&& (== net452) (>= netstandard1.6)) (&& (== net461) (< net46) (>= netstandard1.6)) (== netcoreapp2.0) (== netcoreapp2.1) (== netstandard2.0)
      System.Security.Cryptography.Primitives (>= 4.3) - restriction: || (&& (== net452) (== net461)) (&& (== net452) (>= netstandard1.3)) (&& (== net452) (>= netstandard1.6)) (&& (== net461) (< net46)) (== netcoreapp2.0) (== netcoreapp2.1) (== netstandard2.0)
      System.Security.Cryptography.X509Certificates (>= 4.3) - restriction: || (&& (== net452) (>= net46)) (&& (== net452) (>= netstandard1.3)) (&& (== net452) (>= netstandard1.6)) (== net461) (== netcoreapp2.0) (== netcoreapp2.1) (== netstandard2.0)
      System.Security.Principal (>= 4.3) - restriction: || (&& (== net452) (== net461)) (&& (== net452) (>= netstandard1.3)) (&& (== net452) (>= netstandard1.6)) (&& (== net461) (< net46)) (== netcoreapp2.0) (== netcoreapp2.1) (== netstandard2.0)
      System.Text.Encoding (>= 4.3) - restriction: || (&& (== net452) (>= netstandard1.6)) (&& (== net461) (< net46) (>= netstandard1.6)) (== netcoreapp2.0) (== netcoreapp2.1) (== netstandard2.0)
      System.Threading (>= 4.3) - restriction: || (&& (== net452) (== net461)) (&& (== net452) (>= netstandard1.3)) (&& (== net452) (>= netstandard1.6)) (&& (== net461) (< net46)) (== netcoreapp2.0) (== netcoreapp2.1) (== netstandard2.0)
      System.Threading.Tasks (>= 4.3) - restriction: || (&& (== net452) (== net461)) (&& (== net452) (>= netstandard1.3)) (&& (== net452) (>= netstandard1.6)) (&& (== net461) (< net46)) (== netcoreapp2.0) (== netcoreapp2.1) (== netstandard2.0)
      System.Threading.ThreadPool (>= 4.3) - restriction: || (&& (== net452) (== net461)) (&& (== net452) (>= netstandard1.3)) (&& (== net452) (>= netstandard1.6)) (&& (== net461) (< net46)) (== netcoreapp2.0) (== netcoreapp2.1) (== netstandard2.0)
    System.Net.Sockets (4.3) - restriction: || (&& (== net452) (< net451) (>= netstandard1.5)) (&& (== net461) (< net451) (>= netstandard1.5)) (== netcoreapp2.0) (== netcoreapp2.1) (== netstandard2.0)
      Microsoft.NETCore.Platforms (>= 1.1) - restriction: || (&& (== net452) (== net461)) (&& (== net452) (>= netstandard1.3)) (&& (== net461) (< net46)) (== netcoreapp2.0) (== netcoreapp2.1) (== netstandard2.0)
      Microsoft.NETCore.Targets (>= 1.1) - restriction: || (&& (== net452) (== net461)) (&& (== net452) (>= netstandard1.3)) (&& (== net461) (< net46)) (== netcoreapp2.0) (== netcoreapp2.1) (== netstandard2.0)
      System.IO (>= 4.3) - restriction: || (&& (== net452) (== net461)) (&& (== net452) (>= netstandard1.3)) (&& (== net461) (< net46)) (== netcoreapp2.0) (== netcoreapp2.1) (== netstandard2.0)
      System.Net.Primitives (>= 4.3) - restriction: || (&& (== net452) (== net461)) (&& (== net452) (>= netstandard1.3)) (&& (== net461) (< net46)) (== netcoreapp2.0) (== netcoreapp2.1) (== netstandard2.0)
      System.Runtime (>= 4.3) - restriction: || (&& (== net452) (== net461)) (&& (== net452) (>= netstandard1.3)) (&& (== net461) (< net46)) (== netcoreapp2.0) (== netcoreapp2.1) (== netstandard2.0)
      System.Threading.Tasks (>= 4.3) - restriction: || (&& (== net452) (== net461)) (&& (== net452) (>= netstandard1.3)) (&& (== net461) (< net46)) (== netcoreapp2.0) (== netcoreapp2.1) (== netstandard2.0)
    System.Net.WebSockets.WebSocketProtocol (4.5.0-preview1-26216-02) - restriction: || (&& (== net452) (>= netcoreapp2.1)) (&& (== net461) (>= netcoreapp2.1)) (&& (== netcoreapp2.0) (>= netcoreapp2.1)) (== netcoreapp2.1) (&& (== netstandard2.0) (>= netcoreapp2.1))
    System.Numerics.Vectors (4.5.0-preview1-26216-02) - restriction: || (&& (== net452) (>= netcoreapp2.1)) (&& (== net461) (>= netcoreapp2.1)) (&& (== netcoreapp2.0) (>= netcoreapp2.1)) (== netcoreapp2.1) (&& (== netstandard2.0) (>= netcoreapp2.1))
    System.ObjectModel (4.3) - restriction: || (&& (== net452) (>= dnxcore50) (>= netstandard1.3)) (&& (== net452) (< net35) (>= netstandard1.3)) (&& (== net461) (>= dnxcore50)) (&& (== net461) (< net35)) (== netcoreapp2.0) (== netcoreapp2.1) (== netstandard2.0)
      System.Collections (>= 4.3) - restriction: || (&& (== net452) (>= dnxcore50)) (&& (== net452) (< net45) (>= netstandard1.3)) (&& (== net461) (>= dnxcore50)) (&& (== net461) (< net45)) (== netcoreapp2.0) (== netcoreapp2.1) (== netstandard2.0)
      System.Diagnostics.Debug (>= 4.3) - restriction: || (&& (== net452) (>= dnxcore50)) (&& (== net452) (< net45) (>= netstandard1.3)) (&& (== net461) (>= dnxcore50)) (&& (== net461) (< net45)) (== netcoreapp2.0) (== netcoreapp2.1) (== netstandard2.0)
      System.Resources.ResourceManager (>= 4.3) - restriction: || (&& (== net452) (>= dnxcore50)) (&& (== net452) (< net45) (>= netstandard1.3)) (&& (== net461) (>= dnxcore50)) (&& (== net461) (< net45)) (== netcoreapp2.0) (== netcoreapp2.1) (== netstandard2.0)
      System.Runtime (>= 4.3) - restriction: || (&& (== net452) (>= dnxcore50)) (&& (== net452) (< net45)) (&& (== net461) (>= dnxcore50)) (&& (== net461) (< net45)) (== netcoreapp2.0) (== netcoreapp2.1) (== netstandard2.0)
      System.Threading (>= 4.3) - restriction: || (&& (== net452) (>= dnxcore50)) (&& (== net452) (< net45) (>= netstandard1.3)) (&& (== net461) (>= dnxcore50)) (&& (== net461) (< net45)) (== netcoreapp2.0) (== netcoreapp2.1) (== netstandard2.0)
    System.Private.DataContractSerialization (4.3) - restriction: || (&& (== net452) (>= dnxcore50) (>= netstandard1.3)) (&& (== net452) (< net45) (>= netstandard1.3)) (&& (== net461) (>= dnxcore50)) (&& (== net461) (< net45)) (== netcoreapp2.0) (== netcoreapp2.1) (== netstandard2.0)
      System.Collections (>= 4.3) - restriction: || (&& (== net452) (== net461)) (&& (== net452) (>= dnxcore50)) (&& (== net452) (>= netstandard1.3)) (&& (== net461) (>= dnxcore50)) (&& (== net461) (< net46)) (== netcoreapp2.0) (== netcoreapp2.1) (== netstandard2.0)
      System.Collections.Concurrent (>= 4.3) - restriction: || (&& (== net452) (== net461)) (&& (== net452) (>= dnxcore50)) (&& (== net452) (>= netstandard1.3)) (&& (== net461) (>= dnxcore50)) (&& (== net461) (< net46)) (== netcoreapp2.0) (== netcoreapp2.1) (== netstandard2.0)
      System.Diagnostics.Debug (>= 4.3) - restriction: || (&& (== net452) (== net461)) (&& (== net452) (>= dnxcore50)) (&& (== net452) (>= netstandard1.3)) (&& (== net461) (>= dnxcore50)) (&& (== net461) (< net46)) (== netcoreapp2.0) (== netcoreapp2.1) (== netstandard2.0)
      System.Globalization (>= 4.3) - restriction: || (&& (== net452) (== net461)) (&& (== net452) (>= dnxcore50)) (&& (== net452) (>= netstandard1.3)) (&& (== net461) (>= dnxcore50)) (&& (== net461) (< net46)) (== netcoreapp2.0) (== netcoreapp2.1) (== netstandard2.0)
      System.IO (>= 4.3) - restriction: || (&& (== net452) (== net461)) (&& (== net452) (>= dnxcore50)) (&& (== net452) (>= netstandard1.3)) (&& (== net461) (>= dnxcore50)) (&& (== net461) (< net46)) (== netcoreapp2.0) (== netcoreapp2.1) (== netstandard2.0)
      System.Linq (>= 4.3) - restriction: || (&& (== net452) (== net461)) (&& (== net452) (>= dnxcore50)) (&& (== net452) (>= netstandard1.3)) (&& (== net461) (>= dnxcore50)) (&& (== net461) (< net46)) (== netcoreapp2.0) (== netcoreapp2.1) (== netstandard2.0)
      System.Reflection (>= 4.3) - restriction: || (&& (== net452) (== net461)) (&& (== net452) (>= dnxcore50)) (&& (== net452) (>= netstandard1.3)) (&& (== net461) (>= dnxcore50)) (&& (== net461) (< net46)) (== netcoreapp2.0) (== netcoreapp2.1) (== netstandard2.0)
      System.Reflection.Emit.ILGeneration (>= 4.3) - restriction: || (&& (== net452) (== net461)) (&& (== net452) (>= netstandard1.3)) (&& (== net461) (< net46)) (== netcoreapp2.0) (== netcoreapp2.1) (== netstandard2.0)
      System.Reflection.Emit.Lightweight (>= 4.3) - restriction: || (&& (== net452) (== net461)) (&& (== net452) (>= netstandard1.3)) (&& (== net461) (< net46)) (== netcoreapp2.0) (== netcoreapp2.1) (== netstandard2.0)
      System.Reflection.Extensions (>= 4.3) - restriction: || (&& (== net452) (== net461)) (&& (== net452) (>= dnxcore50)) (&& (== net452) (>= netstandard1.3)) (&& (== net461) (>= dnxcore50)) (&& (== net461) (< net46)) (== netcoreapp2.0) (== netcoreapp2.1) (== netstandard2.0)
      System.Reflection.Primitives (>= 4.3) - restriction: || (&& (== net452) (== net461)) (&& (== net452) (>= dnxcore50)) (&& (== net452) (>= netstandard1.3)) (&& (== net461) (>= dnxcore50)) (&& (== net461) (< net46)) (== netcoreapp2.0) (== netcoreapp2.1) (== netstandard2.0)
      System.Reflection.TypeExtensions (>= 4.3) - restriction: || (&& (== net452) (>= dnxcore50)) (&& (== net452) (>= net46)) (&& (== net452) (>= netstandard1.3)) (== net461) (== netcoreapp2.0) (== netcoreapp2.1) (== netstandard2.0)
      System.Resources.ResourceManager (>= 4.3) - restriction: || (&& (== net452) (== net461)) (&& (== net452) (>= dnxcore50)) (&& (== net452) (>= netstandard1.3)) (&& (== net461) (>= dnxcore50)) (&& (== net461) (< net46)) (== netcoreapp2.0) (== netcoreapp2.1) (== netstandard2.0)
      System.Runtime (>= 4.3) - restriction: || (&& (== net452) (== net461)) (&& (== net452) (>= dnxcore50)) (&& (== net452) (>= netstandard1.3)) (&& (== net461) (>= dnxcore50)) (&& (== net461) (< net46)) (== netcoreapp2.0) (== netcoreapp2.1) (== netstandard2.0)
      System.Runtime.Extensions (>= 4.3) - restriction: || (&& (== net452) (== net461)) (&& (== net452) (>= dnxcore50)) (&& (== net452) (>= netstandard1.3)) (&& (== net461) (>= dnxcore50)) (&& (== net461) (< net46)) (== netcoreapp2.0) (== netcoreapp2.1) (== netstandard2.0)
      System.Runtime.Serialization.Primitives (>= 4.3) - restriction: || (&& (== net452) (>= dnxcore50)) (&& (== net452) (>= net46)) (&& (== net452) (>= netstandard1.3)) (== net461) (== netcoreapp2.0) (== netcoreapp2.1) (== netstandard2.0)
      System.Text.Encoding (>= 4.3) - restriction: || (&& (== net452) (== net461)) (&& (== net452) (>= dnxcore50)) (&& (== net452) (>= netstandard1.3)) (&& (== net461) (>= dnxcore50)) (&& (== net461) (< net46)) (== netcoreapp2.0) (== netcoreapp2.1) (== netstandard2.0)
      System.Text.Encoding.Extensions (>= 4.3) - restriction: || (&& (== net452) (== net461)) (&& (== net452) (>= dnxcore50)) (&& (== net452) (>= netstandard1.3)) (&& (== net461) (>= dnxcore50)) (&& (== net461) (< net46)) (== netcoreapp2.0) (== netcoreapp2.1) (== netstandard2.0)
      System.Text.RegularExpressions (>= 4.3) - restriction: || (&& (== net452) (== net461)) (&& (== net452) (>= dnxcore50)) (&& (== net452) (>= netstandard1.3)) (&& (== net461) (>= dnxcore50)) (&& (== net461) (< net46)) (== netcoreapp2.0) (== netcoreapp2.1) (== netstandard2.0)
      System.Threading (>= 4.3) - restriction: || (&& (== net452) (== net461)) (&& (== net452) (>= dnxcore50)) (&& (== net452) (>= netstandard1.3)) (&& (== net461) (>= dnxcore50)) (&& (== net461) (< net46)) (== netcoreapp2.0) (== netcoreapp2.1) (== netstandard2.0)
      System.Threading.Tasks (>= 4.3) - restriction: || (&& (== net452) (== net461)) (&& (== net452) (>= dnxcore50)) (&& (== net452) (>= netstandard1.3)) (&& (== net461) (>= dnxcore50)) (&& (== net461) (< net46)) (== netcoreapp2.0) (== netcoreapp2.1) (== netstandard2.0)
      System.Xml.ReaderWriter (>= 4.3) - restriction: || (&& (== net452) (== net461)) (&& (== net452) (>= dnxcore50)) (&& (== net452) (>= netstandard1.3)) (&& (== net461) (>= dnxcore50)) (&& (== net461) (< net46)) (== netcoreapp2.0) (== netcoreapp2.1) (== netstandard2.0)
      System.Xml.XDocument (>= 4.3) - restriction: || (&& (== net452) (== net461)) (&& (== net452) (>= dnxcore50)) (&& (== net452) (>= netstandard1.3)) (&& (== net461) (>= dnxcore50)) (&& (== net461) (< net46)) (== netcoreapp2.0) (== netcoreapp2.1) (== netstandard2.0)
      System.Xml.XmlDocument (>= 4.3) - restriction: || (&& (== net452) (>= dnxcore50)) (&& (== net452) (>= net46)) (&& (== net452) (>= netstandard1.3)) (== net461) (== netcoreapp2.0) (== netcoreapp2.1) (== netstandard2.0)
      System.Xml.XmlSerializer (>= 4.3) - restriction: || (&& (== net452) (== net461)) (&& (== net452) (>= dnxcore50)) (&& (== net452) (>= netstandard1.3)) (&& (== net461) (>= dnxcore50)) (&& (== net461) (< net46)) (== netcoreapp2.0) (== netcoreapp2.1) (== netstandard2.0)
    System.Reflection (4.3) - restriction: || (&& (== net452) (< net35) (>= netstandard1.3)) (&& (== net461) (< net35)) (== netcoreapp2.0) (== netcoreapp2.1) (== netstandard2.0)
      Microsoft.NETCore.Platforms (>= 1.1) - restriction: || (&& (== net452) (>= dnxcore50)) (&& (== net452) (< net45)) (&& (== net461) (>= dnxcore50)) (&& (== net461) (< net45)) (== netcoreapp2.0) (== netcoreapp2.1) (== netstandard2.0)
      Microsoft.NETCore.Targets (>= 1.1) - restriction: || (&& (== net452) (>= dnxcore50)) (&& (== net452) (< net45)) (&& (== net461) (>= dnxcore50)) (&& (== net461) (< net45)) (== netcoreapp2.0) (== netcoreapp2.1) (== netstandard2.0)
      System.IO (>= 4.3) - restriction: || (&& (== net452) (>= dnxcore50)) (&& (== net452) (< net45)) (&& (== net461) (>= dnxcore50)) (&& (== net461) (< net45)) (== netcoreapp2.0) (== netcoreapp2.1) (== netstandard2.0)
      System.Reflection.Primitives (>= 4.3) - restriction: || (&& (== net452) (>= dnxcore50)) (&& (== net452) (< net45)) (&& (== net461) (>= dnxcore50)) (&& (== net461) (< net45)) (== netcoreapp2.0) (== netcoreapp2.1) (== netstandard2.0)
      System.Runtime (>= 4.3) - restriction: || (&& (== net452) (>= dnxcore50)) (&& (== net452) (< net45)) (&& (== net461) (>= dnxcore50)) (&& (== net461) (< net45)) (== netcoreapp2.0) (== netcoreapp2.1) (== netstandard2.0)
    System.Reflection.Emit (4.3) - restriction: || (&& (== net452) (< net35) (>= netstandard1.3)) (&& (== net461) (< net35)) (== netcoreapp2.0) (== netcoreapp2.1) (== netstandard2.0)
      System.IO (>= 4.3) - restriction: || (&& (== net452) (< net45)) (&& (== net461) (< net45)) (== netcoreapp2.0) (== netcoreapp2.1) (== netstandard2.0)
      System.Reflection (>= 4.3) - restriction: || (&& (== net452) (< net45)) (&& (== net461) (< net45)) (== netcoreapp2.0) (== netcoreapp2.1) (== netstandard2.0)
      System.Reflection.Emit.ILGeneration (>= 4.3) - restriction: || (&& (== net452) (< net45)) (&& (== net461) (< net45)) (== netcoreapp2.0) (== netcoreapp2.1) (== netstandard2.0)
      System.Reflection.Primitives (>= 4.3) - restriction: || (&& (== net452) (< net45)) (&& (== net461) (< net45)) (== netcoreapp2.0) (== netcoreapp2.1) (== netstandard2.0)
      System.Runtime (>= 4.3) - restriction: || (&& (== net452) (< net45)) (&& (== net461) (< net45)) (== netcoreapp2.0) (== netcoreapp2.1) (== netstandard2.0)
    System.Reflection.Emit.ILGeneration (4.3) - restriction: || (&& (== net452) (< net35) (>= netstandard1.3)) (&& (== net461) (< net35)) (== netcoreapp2.0) (== netcoreapp2.1) (== netstandard2.0)
      System.Reflection (>= 4.3) - restriction: || (&& (== net452) (< net45)) (&& (== net461) (< net45)) (== netcoreapp2.0) (== netcoreapp2.1) (== netstandard2.0)
      System.Reflection.Primitives (>= 4.3) - restriction: || (&& (== net452) (< net45)) (&& (== net461) (< net45)) (== netcoreapp2.0) (== netcoreapp2.1) (== netstandard2.0)
      System.Runtime (>= 4.3) - restriction: || (&& (== net452) (< net45)) (&& (== net461) (< net45)) (== netcoreapp2.0) (== netcoreapp2.1) (== netstandard2.0)
    System.Reflection.Emit.Lightweight (4.3) - restriction: || (&& (== net452) (>= dnxcore50) (>= netstandard1.3)) (&& (== net452) (>= dnxcore50) (>= netstandard1.6)) (&& (== net452) (< net35) (>= netstandard1.6)) (&& (== net461) (>= dnxcore50)) (&& (== net461) (< net35) (>= netstandard1.6)) (== netcoreapp2.0) (== netcoreapp2.1) (== netstandard2.0)
      System.Reflection (>= 4.3) - restriction: || (&& (== net452) (< net45)) (&& (== net461) (< net45)) (== netcoreapp2.0) (== netcoreapp2.1) (== netstandard2.0)
      System.Reflection.Emit.ILGeneration (>= 4.3) - restriction: || (&& (== net452) (< net45)) (&& (== net461) (< net45)) (== netcoreapp2.0) (== netcoreapp2.1) (== netstandard2.0)
      System.Reflection.Primitives (>= 4.3) - restriction: || (&& (== net452) (< net45)) (&& (== net461) (< net45)) (== netcoreapp2.0) (== netcoreapp2.1) (== netstandard2.0)
      System.Runtime (>= 4.3) - restriction: || (&& (== net452) (< net45)) (&& (== net461) (< net45)) (== netcoreapp2.0) (== netcoreapp2.1) (== netstandard2.0)
    System.Reflection.Extensions (4.3) - restriction: || (&& (== net452) (< net451) (>= netstandard1.5)) (&& (== net461) (< net451) (>= netstandard1.5)) (== netcoreapp2.0) (== netcoreapp2.1) (== netstandard2.0)
      Microsoft.NETCore.Platforms (>= 1.1) - restriction: || (&& (== net452) (>= dnxcore50)) (&& (== net452) (< net45)) (&& (== net461) (>= dnxcore50)) (&& (== net461) (< net45)) (== netcoreapp2.0) (== netcoreapp2.1) (== netstandard2.0)
      Microsoft.NETCore.Targets (>= 1.1) - restriction: || (&& (== net452) (>= dnxcore50)) (&& (== net452) (< net45)) (&& (== net461) (>= dnxcore50)) (&& (== net461) (< net45)) (== netcoreapp2.0) (== netcoreapp2.1) (== netstandard2.0)
      System.Reflection (>= 4.3) - restriction: || (&& (== net452) (>= dnxcore50)) (&& (== net452) (< net45)) (&& (== net461) (>= dnxcore50)) (&& (== net461) (< net45)) (== netcoreapp2.0) (== netcoreapp2.1) (== netstandard2.0)
      System.Runtime (>= 4.3) - restriction: || (&& (== net452) (>= dnxcore50)) (&& (== net452) (< net45)) (&& (== net461) (>= dnxcore50)) (&& (== net461) (< net45)) (== netcoreapp2.0) (== netcoreapp2.1) (== netstandard2.0)
    System.Reflection.Metadata (1.6.0-preview1-26216-02) - restriction: || (&& (== net452) (>= netcoreapp2.1)) (&& (== net461) (>= netcoreapp2.1)) (&& (== netcoreapp2.0) (>= netcoreapp2.1)) (== netcoreapp2.1) (&& (== netstandard2.0) (>= netcoreapp2.1))
      System.Collections.Immutable (>= 1.5.0-preview1-26216-02)
    System.Reflection.Primitives (4.3) - restriction: || (&& (== net452) (< net35) (>= netstandard1.3)) (&& (== net452) (< net35) (>= netstandard1.5)) (&& (== net461) (< net35)) (== netcoreapp2.0) (== netcoreapp2.1) (== netstandard2.0)
      Microsoft.NETCore.Platforms (>= 1.1) - restriction: || (&& (== net452) (>= dnxcore50)) (&& (== net452) (< net45)) (&& (== net461) (>= dnxcore50)) (&& (== net461) (< net45)) (== netcoreapp2.0) (== netcoreapp2.1) (== netstandard2.0)
      Microsoft.NETCore.Targets (>= 1.1) - restriction: || (&& (== net452) (>= dnxcore50)) (&& (== net452) (< net45)) (&& (== net461) (>= dnxcore50)) (&& (== net461) (< net45)) (== netcoreapp2.0) (== netcoreapp2.1) (== netstandard2.0)
      System.Runtime (>= 4.3) - restriction: || (&& (== net452) (>= dnxcore50)) (&& (== net452) (< net45)) (&& (== net461) (>= dnxcore50)) (&& (== net461) (< net45)) (== netcoreapp2.0) (== netcoreapp2.1) (== netstandard2.0)
    System.Reflection.TypeExtensions (4.4) - restriction: || (&& (== net452) (< net35) (>= netstandard1.3)) (&& (== net461) (< net35)) (== netcoreapp2.0) (== netcoreapp2.1) (== netstandard2.0)
    System.Resources.ResourceManager (4.3) - restriction: || (&& (== net452) (< net35) (>= netstandard1.3)) (&& (== net461) (< net35)) (== netcoreapp2.0) (== netcoreapp2.1) (== netstandard2.0)
      Microsoft.NETCore.Platforms (>= 1.1) - restriction: || (&& (== net452) (>= dnxcore50)) (&& (== net452) (< net45)) (&& (== net461) (>= dnxcore50)) (&& (== net461) (< net45)) (== netcoreapp2.0) (== netcoreapp2.1) (== netstandard2.0)
      Microsoft.NETCore.Targets (>= 1.1) - restriction: || (&& (== net452) (>= dnxcore50)) (&& (== net452) (< net45)) (&& (== net461) (>= dnxcore50)) (&& (== net461) (< net45)) (== netcoreapp2.0) (== netcoreapp2.1) (== netstandard2.0)
      System.Globalization (>= 4.3) - restriction: || (&& (== net452) (>= dnxcore50)) (&& (== net452) (< net45)) (&& (== net461) (>= dnxcore50)) (&& (== net461) (< net45)) (== netcoreapp2.0) (== netcoreapp2.1) (== netstandard2.0)
      System.Reflection (>= 4.3) - restriction: || (&& (== net452) (>= dnxcore50)) (&& (== net452) (< net45)) (&& (== net461) (>= dnxcore50)) (&& (== net461) (< net45)) (== netcoreapp2.0) (== netcoreapp2.1) (== netstandard2.0)
      System.Runtime (>= 4.3) - restriction: || (&& (== net452) (>= dnxcore50)) (&& (== net452) (< net45)) (&& (== net461) (>= dnxcore50)) (&& (== net461) (< net45)) (== netcoreapp2.0) (== netcoreapp2.1) (== netstandard2.0)
    System.Runtime (4.3) - restriction: || (&& (== net452) (< net451) (>= netstandard1.5)) (&& (== net461) (< net451) (>= netstandard1.5)) (== netcoreapp2.0) (== netcoreapp2.1) (== netstandard2.0)
      Microsoft.NETCore.Platforms (>= 1.1) - restriction: || (&& (== net452) (>= dnxcore50)) (&& (== net452) (< net45)) (&& (== net461) (>= dnxcore50)) (&& (== net461) (< net45)) (== netcoreapp2.0) (== netcoreapp2.1) (== netstandard2.0)
      Microsoft.NETCore.Targets (>= 1.1) - restriction: || (&& (== net452) (>= dnxcore50)) (&& (== net452) (< net45)) (&& (== net461) (>= dnxcore50)) (&& (== net461) (< net45)) (== netcoreapp2.0) (== netcoreapp2.1) (== netstandard2.0)
    System.Runtime.CompilerServices.Unsafe (4.5.0-preview1-26216-02) - restriction: || (&& (== net452) (>= netcoreapp2.1)) (&& (== net461) (>= netcoreapp2.1)) (&& (== netcoreapp2.0) (>= netcoreapp2.1)) (== netcoreapp2.1) (&& (== netstandard2.0) (>= netcoreapp2.1))
    System.Runtime.Extensions (4.3) - restriction: || (&& (== net452) (< net451) (>= netstandard1.5)) (&& (== net461) (< net451) (>= netstandard1.5)) (== netcoreapp2.0) (== netcoreapp2.1) (== netstandard2.0)
      Microsoft.NETCore.Platforms (>= 1.1) - restriction: || (&& (== net452) (>= dnxcore50)) (&& (== net452) (< net45)) (&& (== net461) (>= dnxcore50)) (&& (== net461) (< net45)) (== netcoreapp2.0) (== netcoreapp2.1) (== netstandard2.0)
      Microsoft.NETCore.Targets (>= 1.1) - restriction: || (&& (== net452) (>= dnxcore50)) (&& (== net452) (< net45)) (&& (== net461) (>= dnxcore50)) (&& (== net461) (< net45)) (== netcoreapp2.0) (== netcoreapp2.1) (== netstandard2.0)
      System.Runtime (>= 4.3) - restriction: || (&& (== net452) (>= dnxcore50)) (&& (== net452) (< net45)) (&& (== net461) (>= dnxcore50)) (&& (== net461) (< net45)) (== netcoreapp2.0) (== netcoreapp2.1) (== netstandard2.0)
    System.Runtime.Handles (4.3) - restriction: || (&& (== net452) (>= dnxcore50) (>= netstandard1.5)) (&& (== net452) (< net451) (>= netstandard1.5)) (&& (== net461) (>= dnxcore50) (>= netstandard1.5)) (&& (== net461) (< net451) (>= netstandard1.5)) (== netcoreapp2.0) (== netcoreapp2.1) (== netstandard2.0)
      Microsoft.NETCore.Platforms (>= 1.1) - restriction: || (&& (== net452) (== net461)) (&& (== net452) (>= netstandard1.3)) (&& (== net461) (< net46)) (== netcoreapp2.0) (== netcoreapp2.1) (== netstandard2.0)
      Microsoft.NETCore.Targets (>= 1.1) - restriction: || (&& (== net452) (== net461)) (&& (== net452) (>= netstandard1.3)) (&& (== net461) (< net46)) (== netcoreapp2.0) (== netcoreapp2.1) (== netstandard2.0)
      System.Runtime (>= 4.3) - restriction: || (&& (== net452) (== net461)) (&& (== net452) (>= netstandard1.3)) (&& (== net461) (< net46)) (== netcoreapp2.0) (== netcoreapp2.1) (== netstandard2.0)
    System.Runtime.InteropServices (4.3) - restriction: || (&& (== net452) (>= dnxcore50) (>= netstandard1.5)) (&& (== net452) (< net451) (>= netstandard1.5)) (&& (== net461) (>= dnxcore50) (>= netstandard1.5)) (&& (== net461) (< net451) (>= netstandard1.5)) (== netcoreapp2.0) (== netcoreapp2.1) (== netstandard2.0)
      Microsoft.NETCore.Platforms (>= 1.1) - restriction: || (&& (== net452) (>= dnxcore50)) (&& (== net452) (< net45)) (&& (== net452) (>= netcoreapp1.1)) (&& (== net461) (>= dnxcore50)) (&& (== net461) (< net45)) (&& (== net461) (>= netcoreapp1.1)) (== netcoreapp2.0) (== netcoreapp2.1) (== netstandard2.0)
      Microsoft.NETCore.Targets (>= 1.1) - restriction: || (&& (== net452) (>= dnxcore50)) (&& (== net452) (< net45)) (&& (== net452) (>= netcoreapp1.1)) (&& (== net461) (>= dnxcore50)) (&& (== net461) (< net45)) (&& (== net461) (>= netcoreapp1.1)) (== netcoreapp2.0) (== netcoreapp2.1) (== netstandard2.0)
      System.Reflection (>= 4.3) - restriction: || (&& (== net452) (>= dnxcore50)) (&& (== net452) (< net45)) (&& (== net452) (>= netcoreapp1.1)) (&& (== net461) (>= dnxcore50)) (&& (== net461) (< net45)) (&& (== net461) (>= netcoreapp1.1)) (== netcoreapp2.0) (== netcoreapp2.1) (== netstandard2.0)
      System.Reflection.Primitives (>= 4.3) - restriction: || (&& (== net452) (>= dnxcore50)) (&& (== net452) (< net45)) (&& (== net452) (>= netcoreapp1.1)) (&& (== net461) (>= dnxcore50)) (&& (== net461) (< net45)) (&& (== net461) (>= netcoreapp1.1)) (== netcoreapp2.0) (== netcoreapp2.1) (== netstandard2.0)
      System.Runtime (>= 4.3) - restriction: || (&& (== net452) (>= dnxcore50)) (&& (== net452) (< net45)) (&& (== net452) (>= net462)) (&& (== net452) (>= netcoreapp1.1)) (&& (== net461) (>= dnxcore50)) (&& (== net461) (< net45)) (&& (== net461) (>= net462)) (&& (== net461) (>= netcoreapp1.1)) (== netcoreapp2.0) (== netcoreapp2.1) (== netstandard2.0)
      System.Runtime.Handles (>= 4.3) - restriction: || (&& (== net452) (>= dnxcore50)) (&& (== net452) (< net45) (>= netstandard1.3)) (&& (== net452) (< net45) (>= netstandard1.5)) (&& (== net452) (>= netcoreapp1.1)) (&& (== net461) (>= dnxcore50)) (&& (== net461) (< net45)) (&& (== net461) (>= netcoreapp1.1)) (== netcoreapp2.0) (== netcoreapp2.1) (== netstandard2.0)
    System.Runtime.InteropServices.RuntimeInformation (4.3) - restriction: || (&& (== net452) (>= netcoreapp2.1)) (&& (== net461) (>= netcoreapp2.1)) (&& (== netcoreapp2.0) (>= netcoreapp2.1)) (== netcoreapp2.1) (&& (== netstandard2.0) (>= netcoreapp2.1))
      runtime.native.System (>= 4.3) - restriction: || (&& (== net452) (< net45)) (&& (== net461) (< net45)) (== netcoreapp2.0) (== netcoreapp2.1) (== netstandard2.0)
      System.Reflection (>= 4.3) - restriction: || (&& (== net452) (>= dnxcore50)) (&& (== net452) (< net45)) (&& (== net461) (>= dnxcore50)) (&& (== net461) (< net45)) (== netcoreapp2.0) (== netcoreapp2.1) (== netstandard2.0)
      System.Reflection.Extensions (>= 4.3) - restriction: || (&& (== net452) (>= dnxcore50)) (&& (== net452) (< net45)) (&& (== net461) (>= dnxcore50)) (&& (== net461) (< net45)) (== netcoreapp2.0) (== netcoreapp2.1) (== netstandard2.0)
      System.Resources.ResourceManager (>= 4.3) - restriction: || (&& (== net452) (>= dnxcore50)) (&& (== net452) (< net45)) (&& (== net461) (>= dnxcore50)) (&& (== net461) (< net45)) (== netcoreapp2.0) (== netcoreapp2.1) (== netstandard2.0)
      System.Runtime (>= 4.3) - restriction: || (&& (== net452) (>= dnxcore50)) (&& (== net452) (< net45)) (&& (== net461) (>= dnxcore50)) (&& (== net461) (< net45)) (== netcoreapp2.0) (== netcoreapp2.1) (== netstandard2.0)
      System.Runtime.InteropServices (>= 4.3) - restriction: || (&& (== net452) (< net45)) (&& (== net461) (< net45)) (== netcoreapp2.0) (== netcoreapp2.1) (== netstandard2.0)
      System.Threading (>= 4.3) - restriction: || (&& (== net452) (>= dnxcore50)) (&& (== net452) (< net45)) (&& (== net461) (>= dnxcore50)) (&& (== net461) (< net45)) (== netcoreapp2.0) (== netcoreapp2.1) (== netstandard2.0)
    System.Runtime.Numerics (4.3) - restriction: || (&& (== net452) (< net451) (>= netstandard1.6)) (&& (== net461) (< net451) (>= netstandard1.6)) (== netcoreapp2.0) (== netcoreapp2.1) (== netstandard2.0)
      System.Globalization (>= 4.3) - restriction: || (&& (== net452) (>= dnxcore50)) (&& (== net452) (< net45) (>= netstandard1.3)) (&& (== net461) (>= dnxcore50)) (&& (== net461) (< net45)) (== netcoreapp2.0) (== netcoreapp2.1) (== netstandard2.0)
      System.Resources.ResourceManager (>= 4.3) - restriction: || (&& (== net452) (>= dnxcore50)) (&& (== net452) (< net45) (>= netstandard1.3)) (&& (== net461) (>= dnxcore50)) (&& (== net461) (< net45)) (== netcoreapp2.0) (== netcoreapp2.1) (== netstandard2.0)
      System.Runtime (>= 4.3) - restriction: || (&& (== net452) (>= dnxcore50)) (&& (== net452) (< net45)) (&& (== net461) (>= dnxcore50)) (&& (== net461) (< net45)) (== netcoreapp2.0) (== netcoreapp2.1) (== netstandard2.0)
      System.Runtime.Extensions (>= 4.3) - restriction: || (&& (== net452) (>= dnxcore50)) (&& (== net452) (< net45) (>= netstandard1.3)) (&& (== net461) (>= dnxcore50)) (&& (== net461) (< net45)) (== netcoreapp2.0) (== netcoreapp2.1) (== netstandard2.0)
    System.Runtime.Serialization.Primitives (4.3) - restriction: || (&& (== net452) (>= dnxcore50) (>= netstandard1.3)) (&& (== net452) (< net45) (>= net46)) (&& (== net452) (< net45) (>= netstandard1.3)) (&& (== net461) (>= dnxcore50)) (&& (== net461) (< net45)) (== netcoreapp2.0) (== netcoreapp2.1) (== netstandard2.0)
      System.Resources.ResourceManager (>= 4.3) - restriction: || (&& (== net452) (>= dnxcore50)) (&& (== net452) (< net45) (>= netstandard1.3)) (&& (== net461) (>= dnxcore50)) (&& (== net461) (< net45)) (== netcoreapp2.0) (== netcoreapp2.1) (== netstandard2.0)
      System.Runtime (>= 4.3) - restriction: || (&& (== net452) (>= dnxcore50)) (&& (== net452) (< net45)) (&& (== net461) (>= dnxcore50)) (&& (== net461) (< net45)) (== netcoreapp2.0) (== netcoreapp2.1) (== netstandard2.0)
    System.Runtime.Serialization.Xml (4.3) - restriction: || (&& (== net452) (< net45) (>= netstandard1.3)) (&& (== net461) (< net45)) (== netcoreapp2.0) (== netcoreapp2.1) (== netstandard2.0)
      System.IO (>= 4.3) - restriction: || (&& (== net452) (>= dnxcore50)) (&& (== net452) (< net45)) (&& (== net461) (>= dnxcore50)) (&& (== net461) (< net45)) (== netcoreapp2.0) (== netcoreapp2.1) (== netstandard2.0)
      System.Private.DataContractSerialization (>= 4.3) - restriction: || (&& (== net452) (>= dnxcore50)) (&& (== net452) (< net45) (>= netstandard1.3)) (&& (== net461) (>= dnxcore50)) (&& (== net461) (< net45)) (== netcoreapp2.0) (== netcoreapp2.1) (== netstandard2.0)
      System.Runtime (>= 4.3) - restriction: || (&& (== net452) (>= dnxcore50)) (&& (== net452) (< net45)) (&& (== net461) (>= dnxcore50)) (&& (== net461) (< net45)) (== netcoreapp2.0) (== netcoreapp2.1) (== netstandard2.0)
      System.Runtime.Serialization.Primitives (>= 4.3) - restriction: || (&& (== net452) (>= dnxcore50)) (&& (== net452) (< net45) (>= netstandard1.3)) (&& (== net452) (>= net46)) (== net461) (== netcoreapp2.0) (== netcoreapp2.1) (== netstandard2.0)
      System.Text.Encoding (>= 4.3) - restriction: || (&& (== net452) (>= dnxcore50)) (&& (== net452) (< net45)) (&& (== net461) (>= dnxcore50)) (&& (== net461) (< net45)) (== netcoreapp2.0) (== netcoreapp2.1) (== netstandard2.0)
      System.Xml.ReaderWriter (>= 4.3) - restriction: || (&& (== net452) (>= dnxcore50)) (&& (== net452) (< net45)) (&& (== net461) (>= dnxcore50)) (&& (== net461) (< net45)) (== netcoreapp2.0) (== netcoreapp2.1) (== netstandard2.0)
    System.Security.AccessControl (4.5.0-preview1-26216-02) - restriction: || (&& (== net452) (>= netcoreapp2.1)) (&& (== net461) (>= netcoreapp2.1)) (&& (== netcoreapp2.0) (>= netcoreapp2.1)) (== netcoreapp2.1) (&& (== netstandard2.0) (>= netcoreapp2.1))
      System.Security.Principal.Windows (>= 4.5.0-preview1-26216-02) - restriction: || (&& (== net452) (>= monoandroid)) (&& (== net452) (>= monotouch)) (&& (== net452) (>= netcoreapp2.0)) (&& (== net452) (>= netstandard2.0)) (&& (== net452) (>= xamarinios)) (&& (== net452) (>= xamarinmac)) (&& (== net452) (>= xamarintvos)) (&& (== net452) (>= xamarinwatchos)) (&& (== net461) (>= monoandroid)) (&& (== net461) (>= monotouch)) (&& (== net461) (< net46) (>= netstandard2.0)) (&& (== net461) (>= netcoreapp2.0)) (&& (== net461) (>= xamarinios)) (&& (== net461) (>= xamarinmac)) (&& (== net461) (>= xamarintvos)) (&& (== net461) (>= xamarinwatchos)) (== netcoreapp2.0) (== netcoreapp2.1) (== netstandard2.0)
    System.Security.Claims (4.3) - restriction: || (&& (== net452) (< net451) (>= netstandard1.5)) (&& (== net452) (< net451) (>= netstandard1.6)) (&& (== net461) (< net451) (>= netstandard1.5)) (&& (== net461) (< net451) (>= netstandard1.6)) (== netcoreapp2.0) (== netcoreapp2.1) (== netstandard2.0)
      System.Collections (>= 4.3) - restriction: || (&& (== net452) (== net461)) (&& (== net452) (>= netstandard1.3)) (&& (== net461) (< net46)) (== netcoreapp2.0) (== netcoreapp2.1) (== netstandard2.0)
      System.Globalization (>= 4.3) - restriction: || (&& (== net452) (== net461)) (&& (== net452) (>= netstandard1.3)) (&& (== net461) (< net46)) (== netcoreapp2.0) (== netcoreapp2.1) (== netstandard2.0)
      System.IO (>= 4.3) - restriction: || (&& (== net452) (== net461)) (&& (== net452) (>= netstandard1.3)) (&& (== net461) (< net46)) (== netcoreapp2.0) (== netcoreapp2.1) (== netstandard2.0)
      System.Resources.ResourceManager (>= 4.3) - restriction: || (&& (== net452) (== net461)) (&& (== net452) (>= netstandard1.3)) (&& (== net461) (< net46)) (== netcoreapp2.0) (== netcoreapp2.1) (== netstandard2.0)
      System.Runtime (>= 4.3) - restriction: || (&& (== net452) (== net461)) (&& (== net452) (>= netstandard1.3)) (&& (== net461) (< net46)) (== netcoreapp2.0) (== netcoreapp2.1) (== netstandard2.0)
      System.Runtime.Extensions (>= 4.3) - restriction: || (&& (== net452) (== net461)) (&& (== net452) (>= netstandard1.3)) (&& (== net461) (< net46)) (== netcoreapp2.0) (== netcoreapp2.1) (== netstandard2.0)
      System.Security.Principal (>= 4.3) - restriction: || (&& (== net452) (== net461)) (&& (== net452) (>= netstandard1.3)) (&& (== net461) (< net46)) (== netcoreapp2.0) (== netcoreapp2.1) (== netstandard2.0)
    System.Security.Cryptography.Algorithms (4.3.1) - restriction: || (&& (== net452) (< net451) (>= netstandard1.6)) (&& (== net461) (< net451) (>= netstandard1.6)) (== netcoreapp2.0) (== netcoreapp2.1) (== netstandard2.0)
      Microsoft.NETCore.Platforms (>= 1.1) - restriction: || (&& (== net452) (>= dnxcore50)) (&& (== net452) (>= netstandard1.6)) (&& (== net461) (>= dnxcore50)) (&& (== net461) (< net46) (>= netstandard1.6)) (== netcoreapp2.0) (== netcoreapp2.1) (== netstandard2.0)
      runtime.native.System.Security.Cryptography.Apple (>= 4.3.1) - restriction: || (&& (== net452) (>= netstandard1.6)) (&& (== net461) (< net46) (>= netstandard1.6)) (== netcoreapp2.0) (== netcoreapp2.1) (== netstandard2.0)
      runtime.native.System.Security.Cryptography.OpenSsl (>= 4.3.2) - restriction: || (&& (== net452) (>= netstandard1.6)) (&& (== net461) (< net46) (>= netstandard1.6)) (== netcoreapp2.0) (== netcoreapp2.1) (== netstandard2.0)
      System.Collections (>= 4.3) - restriction: || (&& (== net452) (>= netstandard1.6)) (&& (== net461) (< net46) (>= netstandard1.6)) (== netcoreapp2.0) (== netcoreapp2.1) (== netstandard2.0)
      System.IO (>= 4.3) - restriction: || (&& (== net452) (== net461)) (&& (== net452) (>= dnxcore50)) (&& (== net452) (>= net463)) (&& (== net452) (>= netstandard1.3)) (&& (== net452) (>= netstandard1.4)) (&& (== net452) (>= netstandard1.6)) (&& (== net461) (>= dnxcore50)) (&& (== net461) (< net46)) (&& (== net461) (>= net463)) (== netcoreapp2.0) (== netcoreapp2.1) (== netstandard2.0)
      System.Resources.ResourceManager (>= 4.3) - restriction: || (&& (== net452) (>= dnxcore50)) (&& (== net452) (>= netstandard1.6)) (&& (== net461) (>= dnxcore50)) (&& (== net461) (< net46) (>= netstandard1.6)) (== netcoreapp2.0) (== netcoreapp2.1) (== netstandard2.0)
      System.Runtime (>= 4.3) - restriction: || (&& (== net452) (== net461)) (&& (== net452) (>= dnxcore50)) (&& (== net452) (>= net463)) (&& (== net452) (>= netstandard1.3)) (&& (== net452) (>= netstandard1.4)) (&& (== net452) (>= netstandard1.6)) (&& (== net461) (>= dnxcore50)) (&& (== net461) (< net46)) (&& (== net461) (>= net463)) (== netcoreapp2.0) (== netcoreapp2.1) (== netstandard2.0)
      System.Runtime.Extensions (>= 4.3) - restriction: || (&& (== net452) (>= dnxcore50)) (&& (== net452) (>= netstandard1.6)) (&& (== net461) (>= dnxcore50)) (&& (== net461) (< net46) (>= netstandard1.6)) (== netcoreapp2.0) (== netcoreapp2.1) (== netstandard2.0)
      System.Runtime.Handles (>= 4.3) - restriction: || (&& (== net452) (>= dnxcore50)) (&& (== net452) (>= netstandard1.6)) (&& (== net461) (>= dnxcore50)) (&& (== net461) (< net46) (>= netstandard1.6)) (== netcoreapp2.0) (== netcoreapp2.1) (== netstandard2.0)
      System.Runtime.InteropServices (>= 4.3) - restriction: || (&& (== net452) (>= dnxcore50)) (&& (== net452) (>= netstandard1.6)) (&& (== net461) (>= dnxcore50)) (&& (== net461) (< net46) (>= netstandard1.6)) (== netcoreapp2.0) (== netcoreapp2.1) (== netstandard2.0)
      System.Runtime.Numerics (>= 4.3) - restriction: || (&& (== net452) (>= netstandard1.6)) (&& (== net461) (< net46) (>= netstandard1.6)) (== netcoreapp2.0) (== netcoreapp2.1) (== netstandard2.0)
      System.Security.Cryptography.Encoding (>= 4.3) - restriction: || (&& (== net452) (>= dnxcore50)) (&& (== net452) (>= net463)) (&& (== net452) (>= netstandard1.6)) (&& (== net461) (>= dnxcore50)) (&& (== net461) (< net46) (>= netstandard1.6)) (&& (== net461) (>= net463)) (== netcoreapp2.0) (== netcoreapp2.1) (== netstandard2.0)
      System.Security.Cryptography.Primitives (>= 4.3) - restriction: || (&& (== net452) (>= dnxcore50)) (&& (== net452) (>= net46)) (&& (== net452) (>= net461)) (&& (== net452) (>= net463)) (&& (== net452) (>= netstandard1.3)) (&& (== net452) (>= netstandard1.4)) (&& (== net452) (>= netstandard1.6)) (== net461) (== netcoreapp2.0) (== netcoreapp2.1) (== netstandard2.0)
      System.Text.Encoding (>= 4.3) - restriction: || (&& (== net452) (>= dnxcore50)) (&& (== net452) (>= netstandard1.6)) (&& (== net461) (>= dnxcore50)) (&& (== net461) (< net46) (>= netstandard1.6)) (== netcoreapp2.0) (== netcoreapp2.1) (== netstandard2.0)
    System.Security.Cryptography.Cng (4.5.0-preview1-26216-02) - restriction: || (&& (== net452) (>= netcoreapp2.1)) (&& (== net461) (>= netcoreapp2.1)) (&& (== netcoreapp2.0) (>= netcoreapp2.1)) (== netcoreapp2.1) (&& (== netstandard2.0) (>= netcoreapp2.1))
    System.Security.Cryptography.Csp (4.3) - restriction: || (&& (== net452) (< net451) (>= netstandard1.6)) (&& (== net461) (< net451) (>= netstandard1.6)) (== netcoreapp2.0) (== netcoreapp2.1) (== netstandard2.0)
      Microsoft.NETCore.Platforms (>= 1.1) - restriction: || (&& (== net452) (== net461)) (&& (== net452) (>= netstandard1.3)) (&& (== net461) (< net46)) (== netcoreapp2.0) (== netcoreapp2.1) (== netstandard2.0)
      System.IO (>= 4.3) - restriction: || (&& (== net452) (== net461)) (&& (== net452) (>= netstandard1.3)) (&& (== net461) (< net46)) (== netcoreapp2.0) (== netcoreapp2.1) (== netstandard2.0)
      System.Reflection (>= 4.3) - restriction: || (&& (== net452) (== net461)) (&& (== net452) (>= netstandard1.3)) (&& (== net461) (< net46)) (== netcoreapp2.0) (== netcoreapp2.1) (== netstandard2.0)
      System.Resources.ResourceManager (>= 4.3) - restriction: || (&& (== net452) (== net461)) (&& (== net452) (>= netstandard1.3)) (&& (== net461) (< net46)) (== netcoreapp2.0) (== netcoreapp2.1) (== netstandard2.0)
      System.Runtime (>= 4.3) - restriction: || (&& (== net452) (== net461)) (&& (== net452) (>= netstandard1.3)) (&& (== net461) (< net46)) (== netcoreapp2.0) (== netcoreapp2.1) (== netstandard2.0)
      System.Runtime.Extensions (>= 4.3) - restriction: || (&& (== net452) (== net461)) (&& (== net452) (>= netstandard1.3)) (&& (== net461) (< net46)) (== netcoreapp2.0) (== netcoreapp2.1) (== netstandard2.0)
      System.Runtime.Handles (>= 4.3) - restriction: || (&& (== net452) (== net461)) (&& (== net452) (>= netstandard1.3)) (&& (== net461) (< net46)) (== netcoreapp2.0) (== netcoreapp2.1) (== netstandard2.0)
      System.Runtime.InteropServices (>= 4.3) - restriction: || (&& (== net452) (== net461)) (&& (== net452) (>= netstandard1.3)) (&& (== net461) (< net46)) (== netcoreapp2.0) (== netcoreapp2.1) (== netstandard2.0)
      System.Security.Cryptography.Algorithms (>= 4.3) - restriction: || (&& (== net452) (>= net46)) (&& (== net452) (>= netstandard1.3)) (== net461) (== netcoreapp2.0) (== netcoreapp2.1) (== netstandard2.0)
      System.Security.Cryptography.Encoding (>= 4.3) - restriction: || (&& (== net452) (== net461)) (&& (== net452) (>= netstandard1.3)) (&& (== net461) (< net46)) (== netcoreapp2.0) (== netcoreapp2.1) (== netstandard2.0)
      System.Security.Cryptography.Primitives (>= 4.3) - restriction: || (&& (== net452) (>= net46)) (&& (== net452) (>= netstandard1.3)) (== net461) (== netcoreapp2.0) (== netcoreapp2.1) (== netstandard2.0)
      System.Text.Encoding (>= 4.3) - restriction: || (&& (== net452) (== net461)) (&& (== net452) (>= netstandard1.3)) (&& (== net461) (< net46)) (== netcoreapp2.0) (== netcoreapp2.1) (== netstandard2.0)
      System.Threading (>= 4.3) - restriction: || (&& (== net452) (== net461)) (&& (== net452) (>= netstandard1.3)) (&& (== net461) (< net46)) (== netcoreapp2.0) (== netcoreapp2.1) (== netstandard2.0)
    System.Security.Cryptography.Encoding (4.3) - restriction: || (&& (== net452) (< net451) (>= netstandard1.5)) (&& (== net452) (< net451) (>= netstandard1.6)) (&& (== net461) (< net451) (>= netstandard1.5)) (&& (== net461) (< net451) (>= netstandard1.6)) (== netcoreapp2.0) (== netcoreapp2.1) (== netstandard2.0)
      Microsoft.NETCore.Platforms (>= 1.1) - restriction: || (&& (== net452) (== net461)) (&& (== net452) (>= netstandard1.3)) (&& (== net461) (< net46)) (== netcoreapp2.0) (== netcoreapp2.1) (== netstandard2.0)
      runtime.native.System.Security.Cryptography.OpenSsl (>= 4.3) - restriction: || (&& (== net452) (== net461)) (&& (== net452) (>= netstandard1.3)) (&& (== net461) (< net46)) (== netcoreapp2.0) (== netcoreapp2.1) (== netstandard2.0)
      System.Collections (>= 4.3) - restriction: || (&& (== net452) (== net461)) (&& (== net452) (>= netstandard1.3)) (&& (== net461) (< net46)) (== netcoreapp2.0) (== netcoreapp2.1) (== netstandard2.0)
      System.Collections.Concurrent (>= 4.3) - restriction: || (&& (== net452) (== net461)) (&& (== net452) (>= netstandard1.3)) (&& (== net461) (< net46)) (== netcoreapp2.0) (== netcoreapp2.1) (== netstandard2.0)
      System.Linq (>= 4.3) - restriction: || (&& (== net452) (== net461)) (&& (== net452) (>= netstandard1.3)) (&& (== net461) (< net46)) (== netcoreapp2.0) (== netcoreapp2.1) (== netstandard2.0)
      System.Resources.ResourceManager (>= 4.3) - restriction: || (&& (== net452) (== net461)) (&& (== net452) (>= netstandard1.3)) (&& (== net461) (< net46)) (== netcoreapp2.0) (== netcoreapp2.1) (== netstandard2.0)
      System.Runtime (>= 4.3) - restriction: || (&& (== net452) (== net461)) (&& (== net452) (>= netstandard1.3)) (&& (== net461) (< net46)) (== netcoreapp2.0) (== netcoreapp2.1) (== netstandard2.0)
      System.Runtime.Extensions (>= 4.3) - restriction: || (&& (== net452) (== net461)) (&& (== net452) (>= netstandard1.3)) (&& (== net461) (< net46)) (== netcoreapp2.0) (== netcoreapp2.1) (== netstandard2.0)
      System.Runtime.Handles (>= 4.3) - restriction: || (&& (== net452) (== net461)) (&& (== net452) (>= netstandard1.3)) (&& (== net461) (< net46)) (== netcoreapp2.0) (== netcoreapp2.1) (== netstandard2.0)
      System.Runtime.InteropServices (>= 4.3) - restriction: || (&& (== net452) (== net461)) (&& (== net452) (>= netstandard1.3)) (&& (== net461) (< net46)) (== netcoreapp2.0) (== netcoreapp2.1) (== netstandard2.0)
      System.Security.Cryptography.Primitives (>= 4.3) - restriction: || (&& (== net452) (== net461)) (&& (== net452) (>= netstandard1.3)) (&& (== net461) (< net46)) (== netcoreapp2.0) (== netcoreapp2.1) (== netstandard2.0)
      System.Text.Encoding (>= 4.3) - restriction: || (&& (== net452) (== net461)) (&& (== net452) (>= netstandard1.3)) (&& (== net461) (< net46)) (== netcoreapp2.0) (== netcoreapp2.1) (== netstandard2.0)
    System.Security.Cryptography.OpenSsl (4.4) - restriction: || (&& (== net452) (< net451) (>= netstandard1.6)) (&& (== net461) (< net451) (>= netstandard1.6)) (== netcoreapp2.0) (== netcoreapp2.1) (== netstandard2.0)
      Microsoft.NETCore.Platforms (>= 2.0) - restriction: || (&& (== net452) (>= netcoreapp2.0)) (&& (== net461) (>= netcoreapp2.0)) (== netcoreapp2.0) (&& (== netcoreapp2.1) (>= netcoreapp2.0)) (&& (== netstandard2.0) (>= netcoreapp2.0))
    System.Security.Cryptography.Primitives (4.3) - restriction: || (&& (== net452) (< net451) (>= netstandard1.5)) (&& (== net452) (< net451) (>= netstandard1.6)) (&& (== net461) (< net451) (>= netstandard1.5)) (&& (== net461) (< net451) (>= netstandard1.6)) (== netcoreapp2.0) (== netcoreapp2.1) (== netstandard2.0)
      System.Diagnostics.Debug (>= 4.3) - restriction: || (&& (== net452) (== net461)) (&& (== net452) (>= netstandard1.3)) (&& (== net461) (< net46)) (== netcoreapp2.0) (== netcoreapp2.1) (== netstandard2.0)
      System.Globalization (>= 4.3) - restriction: || (&& (== net452) (== net461)) (&& (== net452) (>= netstandard1.3)) (&& (== net461) (< net46)) (== netcoreapp2.0) (== netcoreapp2.1) (== netstandard2.0)
      System.IO (>= 4.3) - restriction: || (&& (== net452) (== net461)) (&& (== net452) (>= netstandard1.3)) (&& (== net461) (< net46)) (== netcoreapp2.0) (== netcoreapp2.1) (== netstandard2.0)
      System.Resources.ResourceManager (>= 4.3) - restriction: || (&& (== net452) (== net461)) (&& (== net452) (>= netstandard1.3)) (&& (== net461) (< net46)) (== netcoreapp2.0) (== netcoreapp2.1) (== netstandard2.0)
      System.Runtime (>= 4.3) - restriction: || (&& (== net452) (== net461)) (&& (== net452) (>= netstandard1.3)) (&& (== net461) (< net46)) (== netcoreapp2.0) (== netcoreapp2.1) (== netstandard2.0)
      System.Threading (>= 4.3) - restriction: || (&& (== net452) (== net461)) (&& (== net452) (>= netstandard1.3)) (&& (== net461) (< net46)) (== netcoreapp2.0) (== netcoreapp2.1) (== netstandard2.0)
      System.Threading.Tasks (>= 4.3) - restriction: || (&& (== net452) (== net461)) (&& (== net452) (>= netstandard1.3)) (&& (== net461) (< net46)) (== netcoreapp2.0) (== netcoreapp2.1) (== netstandard2.0)
    System.Security.Cryptography.ProtectedData (4.4) - restriction: || (&& (== net452) (< net45) (>= netstandard2.0)) (&& (== net452) (>= netcoreapp2.0)) (&& (== net461) (< net45) (>= netstandard2.0)) (&& (== net461) (>= netcoreapp2.0)) (== netcoreapp2.0) (== netcoreapp2.1) (== netstandard2.0)
    System.Security.Cryptography.X509Certificates (4.3.2) - restriction: || (&& (== net452) (< net451) (>= netstandard1.5)) (&& (== net452) (< net451) (>= netstandard1.6)) (&& (== net461) (< net451) (>= netstandard1.5)) (&& (== net461) (< net451) (>= netstandard1.6)) (== netcoreapp2.0) (== netcoreapp2.1) (== netstandard2.0)
      Microsoft.NETCore.Platforms (>= 1.1) - restriction: || (&& (== net452) (>= dnxcore50)) (&& (== net452) (>= netstandard1.6)) (&& (== net461) (>= dnxcore50)) (&& (== net461) (< net46) (>= netstandard1.6)) (== netcoreapp2.0) (== netcoreapp2.1) (== netstandard2.0)
      runtime.native.System (>= 4.3) - restriction: || (&& (== net452) (>= netstandard1.6)) (&& (== net461) (< net46) (>= netstandard1.6)) (== netcoreapp2.0) (== netcoreapp2.1) (== netstandard2.0)
      runtime.native.System.Net.Http (>= 4.3) - restriction: || (&& (== net452) (>= netstandard1.6)) (&& (== net461) (< net46) (>= netstandard1.6)) (== netcoreapp2.0) (== netcoreapp2.1) (== netstandard2.0)
      runtime.native.System.Security.Cryptography.OpenSsl (>= 4.3.2) - restriction: || (&& (== net452) (>= netstandard1.6)) (&& (== net461) (< net46) (>= netstandard1.6)) (== netcoreapp2.0) (== netcoreapp2.1) (== netstandard2.0)
      System.Collections (>= 4.3) - restriction: || (&& (== net452) (>= dnxcore50)) (&& (== net452) (>= netstandard1.6)) (&& (== net461) (>= dnxcore50)) (&& (== net461) (< net46) (>= netstandard1.6)) (== netcoreapp2.0) (== netcoreapp2.1) (== netstandard2.0)
      System.Diagnostics.Debug (>= 4.3) - restriction: || (&& (== net452) (>= netstandard1.6)) (&& (== net461) (< net46) (>= netstandard1.6)) (== netcoreapp2.0) (== netcoreapp2.1) (== netstandard2.0)
      System.Globalization (>= 4.3) - restriction: || (&& (== net452) (>= dnxcore50)) (&& (== net452) (>= netstandard1.6)) (&& (== net461) (>= dnxcore50)) (&& (== net461) (< net46) (>= netstandard1.6)) (== netcoreapp2.0) (== netcoreapp2.1) (== netstandard2.0)
      System.Globalization.Calendars (>= 4.3) - restriction: || (&& (== net452) (>= dnxcore50)) (&& (== net452) (>= netstandard1.6)) (&& (== net461) (>= dnxcore50)) (&& (== net461) (< net46) (>= netstandard1.6)) (== netcoreapp2.0) (== netcoreapp2.1) (== netstandard2.0)
      System.IO (>= 4.3) - restriction: || (&& (== net452) (>= dnxcore50)) (&& (== net452) (>= netstandard1.6)) (&& (== net461) (>= dnxcore50)) (&& (== net461) (< net46) (>= netstandard1.6)) (== netcoreapp2.0) (== netcoreapp2.1) (== netstandard2.0)
      System.IO.FileSystem (>= 4.3) - restriction: || (&& (== net452) (>= dnxcore50)) (&& (== net452) (>= netstandard1.6)) (&& (== net461) (>= dnxcore50)) (&& (== net461) (< net46) (>= netstandard1.6)) (== netcoreapp2.0) (== netcoreapp2.1) (== netstandard2.0)
      System.IO.FileSystem.Primitives (>= 4.3) - restriction: || (&& (== net452) (>= netstandard1.6)) (&& (== net461) (< net46) (>= netstandard1.6)) (== netcoreapp2.0) (== netcoreapp2.1) (== netstandard2.0)
      System.Resources.ResourceManager (>= 4.3) - restriction: || (&& (== net452) (>= dnxcore50)) (&& (== net452) (>= netstandard1.6)) (&& (== net461) (>= dnxcore50)) (&& (== net461) (< net46) (>= netstandard1.6)) (== netcoreapp2.0) (== netcoreapp2.1) (== netstandard2.0)
      System.Runtime (>= 4.3) - restriction: || (&& (== net452) (== net461)) (&& (== net452) (>= dnxcore50)) (&& (== net452) (>= netstandard1.3)) (&& (== net452) (>= netstandard1.4)) (&& (== net452) (>= netstandard1.6)) (&& (== net461) (>= dnxcore50)) (&& (== net461) (< net46)) (== netcoreapp2.0) (== netcoreapp2.1) (== netstandard2.0)
      System.Runtime.Extensions (>= 4.3) - restriction: || (&& (== net452) (>= dnxcore50)) (&& (== net452) (>= netstandard1.6)) (&& (== net461) (>= dnxcore50)) (&& (== net461) (< net46) (>= netstandard1.6)) (== netcoreapp2.0) (== netcoreapp2.1) (== netstandard2.0)
      System.Runtime.Handles (>= 4.3) - restriction: || (&& (== net452) (== net461)) (&& (== net452) (>= dnxcore50)) (&& (== net452) (>= netstandard1.3)) (&& (== net452) (>= netstandard1.4)) (&& (== net452) (>= netstandard1.6)) (&& (== net461) (>= dnxcore50)) (&& (== net461) (< net46)) (== netcoreapp2.0) (== netcoreapp2.1) (== netstandard2.0)
      System.Runtime.InteropServices (>= 4.3) - restriction: || (&& (== net452) (>= dnxcore50)) (&& (== net452) (>= netstandard1.6)) (&& (== net461) (>= dnxcore50)) (&& (== net461) (< net46) (>= netstandard1.6)) (== netcoreapp2.0) (== netcoreapp2.1) (== netstandard2.0)
      System.Runtime.Numerics (>= 4.3) - restriction: || (&& (== net452) (>= dnxcore50)) (&& (== net452) (>= netstandard1.6)) (&& (== net461) (>= dnxcore50)) (&& (== net461) (< net46) (>= netstandard1.6)) (== netcoreapp2.0) (== netcoreapp2.1) (== netstandard2.0)
      System.Security.Cryptography.Algorithms (>= 4.3) - restriction: || (&& (== net452) (>= dnxcore50)) (&& (== net452) (>= net46)) (&& (== net452) (>= net461)) (&& (== net452) (>= netstandard1.3)) (&& (== net452) (>= netstandard1.4)) (&& (== net452) (>= netstandard1.6)) (== net461) (== netcoreapp2.0) (== netcoreapp2.1) (== netstandard2.0)
      System.Security.Cryptography.Cng (>= 4.3) - restriction: || (&& (== net452) (>= dnxcore50)) (&& (== net452) (>= netstandard1.6)) (&& (== net461) (>= dnxcore50)) (&& (== net461) (< net46) (>= netstandard1.6)) (== netcoreapp2.0) (== netcoreapp2.1) (== netstandard2.0)
      System.Security.Cryptography.Csp (>= 4.3) - restriction: || (&& (== net452) (>= netstandard1.6)) (&& (== net461) (< net46) (>= netstandard1.6)) (== netcoreapp2.0) (== netcoreapp2.1) (== netstandard2.0)
      System.Security.Cryptography.Encoding (>= 4.3) - restriction: || (&& (== net452) (>= dnxcore50)) (&& (== net452) (>= net46)) (&& (== net452) (>= net461)) (&& (== net452) (>= netstandard1.3)) (&& (== net452) (>= netstandard1.4)) (&& (== net452) (>= netstandard1.6)) (== net461) (== netcoreapp2.0) (== netcoreapp2.1) (== netstandard2.0)
      System.Security.Cryptography.OpenSsl (>= 4.3) - restriction: || (&& (== net452) (>= netstandard1.6)) (&& (== net461) (< net46) (>= netstandard1.6)) (== netcoreapp2.0) (== netcoreapp2.1) (== netstandard2.0)
      System.Security.Cryptography.Primitives (>= 4.3) - restriction: || (&& (== net452) (>= dnxcore50)) (&& (== net452) (>= netstandard1.6)) (&& (== net461) (>= dnxcore50)) (&& (== net461) (< net46) (>= netstandard1.6)) (== netcoreapp2.0) (== netcoreapp2.1) (== netstandard2.0)
      System.Text.Encoding (>= 4.3) - restriction: || (&& (== net452) (>= dnxcore50)) (&& (== net452) (>= netstandard1.6)) (&& (== net461) (>= dnxcore50)) (&& (== net461) (< net46) (>= netstandard1.6)) (== netcoreapp2.0) (== netcoreapp2.1) (== netstandard2.0)
      System.Threading (>= 4.3) - restriction: || (&& (== net452) (>= dnxcore50)) (&& (== net452) (>= netstandard1.6)) (&& (== net461) (>= dnxcore50)) (&& (== net461) (< net46) (>= netstandard1.6)) (== netcoreapp2.0) (== netcoreapp2.1) (== netstandard2.0)
    System.Security.Cryptography.Xml (4.5.0-preview1-26216-02) - restriction: || (&& (== net452) (>= netcoreapp2.1)) (&& (== net461) (>= netcoreapp2.1)) (&& (== netcoreapp2.0) (>= netcoreapp2.1)) (== netcoreapp2.1) (&& (== netstandard2.0) (>= netcoreapp2.1))
      System.Security.Permissions (>= 4.5.0-preview1-26216-02) - restriction: || (&& (== net452) (>= monoandroid)) (&& (== net452) (>= monotouch)) (&& (== net452) (>= netcoreapp2.0)) (&& (== net452) (>= netstandard2.0)) (&& (== net452) (>= xamarinios)) (&& (== net452) (>= xamarinmac)) (&& (== net452) (>= xamarintvos)) (&& (== net452) (>= xamarinwatchos)) (&& (== net461) (>= monoandroid)) (&& (== net461) (>= monotouch)) (&& (== net461) (>= netcoreapp2.0)) (&& (== net461) (>= xamarinios)) (&& (== net461) (>= xamarinmac)) (&& (== net461) (>= xamarintvos)) (&& (== net461) (>= xamarinwatchos)) (== netcoreapp2.0) (== netcoreapp2.1) (== netstandard2.0)
    System.Security.Permissions (4.5.0-preview1-26216-02) - restriction: || (&& (== net452) (>= netcoreapp2.1)) (&& (== net461) (>= netcoreapp2.1)) (&& (== netcoreapp2.0) (>= netcoreapp2.1)) (== netcoreapp2.1) (&& (== netstandard2.0) (>= netcoreapp2.1))
      System.Security.AccessControl (>= 4.5.0-preview1-26216-02) - restriction: || (&& (== net452) (>= monoandroid)) (&& (== net452) (>= monotouch)) (&& (== net452) (>= netcoreapp2.0)) (&& (== net452) (>= netstandard2.0)) (&& (== net452) (>= xamarinios)) (&& (== net452) (>= xamarinmac)) (&& (== net452) (>= xamarintvos)) (&& (== net452) (>= xamarinwatchos)) (&& (== net461) (>= monoandroid)) (&& (== net461) (>= monotouch)) (&& (== net461) (>= netcoreapp2.0)) (&& (== net461) (>= xamarinios)) (&& (== net461) (>= xamarinmac)) (&& (== net461) (>= xamarintvos)) (&& (== net461) (>= xamarinwatchos)) (== netcoreapp2.0) (== netcoreapp2.1) (== netstandard2.0)
    System.Security.Principal (4.3) - restriction: || (&& (== net452) (< net451) (>= netstandard1.5)) (&& (== net452) (< net451) (>= netstandard1.6)) (&& (== net461) (< net451) (>= netstandard1.5)) (&& (== net461) (< net451) (>= netstandard1.6)) (== netcoreapp2.0) (== netcoreapp2.1) (== netstandard2.0)
      System.Runtime (>= 4.3) - restriction: || (&& (== net452) (>= dnxcore50)) (&& (== net452) (< net45)) (&& (== net461) (>= dnxcore50)) (&& (== net461) (< net45)) (== netcoreapp2.0) (== netcoreapp2.1) (== netstandard2.0)
    System.Security.Principal.Windows (4.5.0-preview1-26216-02) - restriction: || (&& (== net452) (>= netcoreapp2.1)) (&& (== net461) (>= netcoreapp2.1)) (&& (== netcoreapp2.0) (>= netcoreapp2.1)) (== netcoreapp2.1) (&& (== netstandard2.0) (>= netcoreapp2.1))
    System.Text.Encoding (4.3) - restriction: || (&& (== net452) (< net35) (>= netstandard1.3)) (&& (== net461) (< net35)) (== netcoreapp2.0) (== netcoreapp2.1) (== netstandard2.0)
      Microsoft.NETCore.Platforms (>= 1.1) - restriction: || (&& (== net452) (>= dnxcore50)) (&& (== net452) (< net45)) (&& (== net461) (>= dnxcore50)) (&& (== net461) (< net45)) (== netcoreapp2.0) (== netcoreapp2.1) (== netstandard2.0)
      Microsoft.NETCore.Targets (>= 1.1) - restriction: || (&& (== net452) (>= dnxcore50)) (&& (== net452) (< net45)) (&& (== net461) (>= dnxcore50)) (&& (== net461) (< net45)) (== netcoreapp2.0) (== netcoreapp2.1) (== netstandard2.0)
      System.Runtime (>= 4.3) - restriction: || (&& (== net452) (>= dnxcore50)) (&& (== net452) (< net45)) (&& (== net461) (>= dnxcore50)) (&& (== net461) (< net45)) (== netcoreapp2.0) (== netcoreapp2.1) (== netstandard2.0)
    System.Text.Encoding.CodePages (4.5.0-preview1-26216-02) - restriction: || (&& (== net452) (>= netcoreapp2.1)) (&& (== net461) (>= netcoreapp2.1)) (&& (== netcoreapp2.0) (>= netcoreapp2.1)) (== netcoreapp2.1) (&& (== netstandard2.0) (>= netcoreapp2.1))
    System.Text.Encoding.Extensions (4.3) - restriction: || (&& (== net452) (>= dnxcore50) (>= netstandard1.3)) (&& (== net452) (< net45) (>= netstandard1.3)) (&& (== net461) (>= dnxcore50)) (&& (== net461) (< net45)) (== netcoreapp2.0) (== netcoreapp2.1) (== netstandard2.0)
      Microsoft.NETCore.Platforms (>= 1.1) - restriction: || (&& (== net452) (>= dnxcore50)) (&& (== net452) (< net45)) (&& (== net461) (>= dnxcore50)) (&& (== net461) (< net45)) (== netcoreapp2.0) (== netcoreapp2.1) (== netstandard2.0)
      Microsoft.NETCore.Targets (>= 1.1) - restriction: || (&& (== net452) (>= dnxcore50)) (&& (== net452) (< net45)) (&& (== net461) (>= dnxcore50)) (&& (== net461) (< net45)) (== netcoreapp2.0) (== netcoreapp2.1) (== netstandard2.0)
      System.Runtime (>= 4.3) - restriction: || (&& (== net452) (>= dnxcore50)) (&& (== net452) (< net45)) (&& (== net461) (>= dnxcore50)) (&& (== net461) (< net45)) (== netcoreapp2.0) (== netcoreapp2.1) (== netstandard2.0)
      System.Text.Encoding (>= 4.3) - restriction: || (&& (== net452) (>= dnxcore50)) (&& (== net452) (< net45)) (&& (== net461) (>= dnxcore50)) (&& (== net461) (< net45)) (== netcoreapp2.0) (== netcoreapp2.1) (== netstandard2.0)
    System.Text.Encodings.Web (4.5.0-preview1-26216-02) - restriction: || (&& (== net452) (>= netcoreapp2.1)) (&& (== net461) (>= netcoreapp2.1)) (&& (== netcoreapp2.0) (>= netcoreapp2.1)) (== netcoreapp2.1) (&& (== netstandard2.0) (>= netcoreapp2.1))
    System.Text.Encodings.Web.Utf8 (0.1.0-preview1-180216-4) - restriction: || (&& (== net452) (>= netcoreapp2.1)) (&& (== net461) (>= netcoreapp2.1)) (&& (== netcoreapp2.0) (>= netcoreapp2.1)) (== netcoreapp2.1) (&& (== netstandard2.0) (>= netcoreapp2.1))
      NETStandard.Library (>= 1.6.1)
      System.Text.Primitives (>= 0.1.0-preview1-180216-4)
    System.Text.Primitives (0.1.0-preview1-180216-4) - restriction: || (&& (== net452) (>= netcoreapp2.1)) (&& (== net461) (>= netcoreapp2.1)) (&& (== netcoreapp2.0) (>= netcoreapp2.1)) (== netcoreapp2.1) (&& (== netstandard2.0) (>= netcoreapp2.1))
      NETStandard.Library (>= 1.6.1)
      System.Buffers.Primitives (>= 0.1.0-preview1-180216-4)
      System.Numerics.Vectors (>= 4.3)
    System.Text.RegularExpressions (4.3) - restriction: || (&& (== net452) (< net451) (>= netstandard1.5)) (&& (== net461) (< net451) (>= netstandard1.5)) (== netcoreapp2.0) (== netcoreapp2.1) (== netstandard2.0)
      System.Collections (>= 4.3) - restriction: || (&& (== net452) (== netcoreapp2.0)) (&& (== net452) (== netcoreapp2.1)) (&& (== net452) (>= dnxcore50)) (&& (== net452) (< net45) (>= netstandard1.6)) (&& (== net461) (== netcoreapp2.0)) (&& (== net461) (== netcoreapp2.1)) (&& (== net461) (>= dnxcore50)) (&& (== net461) (< net45) (>= netstandard1.6)) (&& (== netcoreapp2.0) (>= dnxcore50)) (&& (== netcoreapp2.0) (< netcoreapp1.1)) (&& (== netcoreapp2.1) (>= dnxcore50)) (&& (== netcoreapp2.1) (< netcoreapp1.1)) (== netstandard2.0)
      System.Globalization (>= 4.3) - restriction: || (&& (== net452) (== netcoreapp2.0)) (&& (== net452) (== netcoreapp2.1)) (&& (== net452) (>= dnxcore50)) (&& (== net452) (< net45) (>= netstandard1.6)) (&& (== net461) (== netcoreapp2.0)) (&& (== net461) (== netcoreapp2.1)) (&& (== net461) (>= dnxcore50)) (&& (== net461) (< net45) (>= netstandard1.6)) (&& (== netcoreapp2.0) (>= dnxcore50)) (&& (== netcoreapp2.0) (< netcoreapp1.1)) (&& (== netcoreapp2.1) (>= dnxcore50)) (&& (== netcoreapp2.1) (< netcoreapp1.1)) (== netstandard2.0)
      System.Resources.ResourceManager (>= 4.3) - restriction: || (&& (== net452) (== netcoreapp2.0)) (&& (== net452) (== netcoreapp2.1)) (&& (== net452) (>= dnxcore50)) (&& (== net452) (< net45) (>= netstandard1.6)) (&& (== net461) (== netcoreapp2.0)) (&& (== net461) (== netcoreapp2.1)) (&& (== net461) (>= dnxcore50)) (&& (== net461) (< net45) (>= netstandard1.6)) (&& (== netcoreapp2.0) (>= dnxcore50)) (&& (== netcoreapp2.0) (< netcoreapp1.1)) (&& (== netcoreapp2.1) (>= dnxcore50)) (&& (== netcoreapp2.1) (< netcoreapp1.1)) (== netstandard2.0)
      System.Runtime (>= 4.3) - restriction: || (&& (== net452) (>= dnxcore50)) (&& (== net452) (< net45)) (&& (== net452) (>= netcoreapp1.1)) (&& (== net461) (>= dnxcore50)) (&& (== net461) (< net45)) (&& (== net461) (>= netcoreapp1.1)) (== netcoreapp2.0) (== netcoreapp2.1) (== netstandard2.0)
      System.Runtime.Extensions (>= 4.3) - restriction: || (&& (== net452) (== netcoreapp2.0)) (&& (== net452) (== netcoreapp2.1)) (&& (== net452) (>= dnxcore50)) (&& (== net452) (< net45) (>= netstandard1.6)) (&& (== net461) (== netcoreapp2.0)) (&& (== net461) (== netcoreapp2.1)) (&& (== net461) (>= dnxcore50)) (&& (== net461) (< net45) (>= netstandard1.6)) (&& (== netcoreapp2.0) (>= dnxcore50)) (&& (== netcoreapp2.0) (< netcoreapp1.1)) (&& (== netcoreapp2.1) (>= dnxcore50)) (&& (== netcoreapp2.1) (< netcoreapp1.1)) (== netstandard2.0)
      System.Threading (>= 4.3) - restriction: || (&& (== net452) (== netcoreapp2.0)) (&& (== net452) (== netcoreapp2.1)) (&& (== net452) (>= dnxcore50)) (&& (== net452) (< net45) (>= netstandard1.6)) (&& (== net461) (== netcoreapp2.0)) (&& (== net461) (== netcoreapp2.1)) (&& (== net461) (>= dnxcore50)) (&& (== net461) (< net45) (>= netstandard1.6)) (&& (== netcoreapp2.0) (>= dnxcore50)) (&& (== netcoreapp2.0) (< netcoreapp1.1)) (&& (== netcoreapp2.1) (>= dnxcore50)) (&& (== netcoreapp2.1) (< netcoreapp1.1)) (== netstandard2.0)
    System.Threading (4.3) - restriction: || (&& (== net452) (< net451) (>= netstandard1.5)) (&& (== net461) (< net451) (>= netstandard1.5)) (== netcoreapp2.0) (== netcoreapp2.1) (== netstandard2.0)
      System.Runtime (>= 4.3) - restriction: || (&& (== net452) (>= dnxcore50)) (&& (== net452) (< net45)) (&& (== net461) (>= dnxcore50)) (&& (== net461) (< net45)) (== netcoreapp2.0) (== netcoreapp2.1) (== netstandard2.0)
      System.Threading.Tasks (>= 4.3) - restriction: || (&& (== net452) (>= dnxcore50)) (&& (== net452) (< net45)) (&& (== net461) (>= dnxcore50)) (&& (== net461) (< net45)) (== netcoreapp2.0) (== netcoreapp2.1) (== netstandard2.0)
    System.Threading.Channels (4.5.0-preview1-26216-02) - restriction: || (&& (== net452) (>= netcoreapp2.1)) (&& (== net461) (>= netcoreapp2.1)) (&& (== netcoreapp2.0) (>= netcoreapp2.1)) (== netcoreapp2.1) (&& (== netstandard2.0) (>= netcoreapp2.1))
      System.Threading.Tasks.Extensions (>= 4.4) - restriction: || (&& (== net452) (== netcoreapp2.0)) (&& (== net452) (>= monoandroid)) (&& (== net452) (>= monotouch)) (&& (== net452) (>= net46)) (&& (== net452) (>= netstandard1.3)) (&& (== net452) (>= netstandard2.0)) (&& (== net452) (>= xamarinios)) (&& (== net452) (>= xamarinmac)) (&& (== net452) (>= xamarintvos)) (&& (== net452) (>= xamarinwatchos)) (== net461) (&& (== netcoreapp2.0) (>= monoandroid)) (&& (== netcoreapp2.0) (>= monotouch)) (&& (== netcoreapp2.0) (>= net46)) (&& (== netcoreapp2.0) (< netstandard2.0)) (&& (== netcoreapp2.0) (>= xamarinios)) (&& (== netcoreapp2.0) (>= xamarinmac)) (&& (== netcoreapp2.0) (>= xamarintvos)) (&& (== netcoreapp2.0) (>= xamarinwatchos)) (== netcoreapp2.1) (== netstandard2.0)
    System.Threading.Tasks (4.3) - restriction: || (&& (== net452) (>= dnxcore50) (>= netstandard1.5)) (&& (== net452) (< net45) (>= netstandard1.5)) (&& (== net461) (>= dnxcore50) (>= netstandard1.5)) (&& (== net461) (< net45) (>= netstandard1.5)) (== netcoreapp2.0) (== netcoreapp2.1) (== netstandard2.0)
      Microsoft.NETCore.Platforms (>= 1.1) - restriction: || (&& (== net452) (>= dnxcore50)) (&& (== net452) (< net45)) (&& (== net461) (>= dnxcore50)) (&& (== net461) (< net45)) (== netcoreapp2.0) (== netcoreapp2.1) (== netstandard2.0)
      Microsoft.NETCore.Targets (>= 1.1) - restriction: || (&& (== net452) (>= dnxcore50)) (&& (== net452) (< net45)) (&& (== net461) (>= dnxcore50)) (&& (== net461) (< net45)) (== netcoreapp2.0) (== netcoreapp2.1) (== netstandard2.0)
      System.Runtime (>= 4.3) - restriction: || (&& (== net452) (>= dnxcore50)) (&& (== net452) (< net45)) (&& (== net461) (>= dnxcore50)) (&& (== net461) (< net45)) (== netcoreapp2.0) (== netcoreapp2.1) (== netstandard2.0)
    System.Threading.Tasks.Extensions (4.5.0-preview1-26216-02) - restriction: || (&& (== net452) (>= netcoreapp2.1)) (&& (== net461) (>= netcoreapp2.1)) (&& (== netcoreapp2.0) (>= netcoreapp2.1)) (== netcoreapp2.1) (&& (== netstandard2.0) (>= netcoreapp2.1))
    System.Threading.Tasks.Parallel (4.3) - restriction: || (&& (== net452) (>= netcoreapp2.1)) (&& (== net461) (>= netcoreapp2.1)) (&& (== netcoreapp2.0) (>= netcoreapp2.1)) (== netcoreapp2.1) (&& (== netstandard2.0) (>= netcoreapp2.1))
      System.Collections.Concurrent (>= 4.3) - restriction: || (&& (== net452) (>= dnxcore50)) (&& (== net452) (< net45)) (&& (== net461) (>= dnxcore50)) (&& (== net461) (< net45)) (== netcoreapp2.0) (== netcoreapp2.1) (== netstandard2.0)
      System.Diagnostics.Debug (>= 4.3) - restriction: || (&& (== net452) (>= dnxcore50)) (&& (== net452) (< net45) (>= netstandard1.3)) (&& (== net461) (>= dnxcore50)) (&& (== net461) (< net45)) (== netcoreapp2.0) (== netcoreapp2.1) (== netstandard2.0)
      System.Diagnostics.Tracing (>= 4.3) - restriction: || (&& (== net452) (>= dnxcore50)) (&& (== net452) (< net45) (>= netstandard1.3)) (&& (== net461) (>= dnxcore50)) (&& (== net461) (< net45)) (== netcoreapp2.0) (== netcoreapp2.1) (== netstandard2.0)
      System.Resources.ResourceManager (>= 4.3) - restriction: || (&& (== net452) (>= dnxcore50)) (&& (== net452) (< net45) (>= netstandard1.3)) (&& (== net461) (>= dnxcore50)) (&& (== net461) (< net45)) (== netcoreapp2.0) (== netcoreapp2.1) (== netstandard2.0)
      System.Runtime (>= 4.3) - restriction: || (&& (== net452) (>= dnxcore50)) (&& (== net452) (< net45)) (&& (== net461) (>= dnxcore50)) (&& (== net461) (< net45)) (== netcoreapp2.0) (== netcoreapp2.1) (== netstandard2.0)
      System.Runtime.Extensions (>= 4.3) - restriction: || (&& (== net452) (>= dnxcore50)) (&& (== net452) (< net45) (>= netstandard1.3)) (&& (== net461) (>= dnxcore50)) (&& (== net461) (< net45)) (== netcoreapp2.0) (== netcoreapp2.1) (== netstandard2.0)
      System.Threading (>= 4.3) - restriction: || (&& (== net452) (>= dnxcore50)) (&& (== net452) (< net45) (>= netstandard1.3)) (&& (== net461) (>= dnxcore50)) (&& (== net461) (< net45)) (== netcoreapp2.0) (== netcoreapp2.1) (== netstandard2.0)
      System.Threading.Tasks (>= 4.3) - restriction: || (&& (== net452) (>= dnxcore50)) (&& (== net452) (< net45)) (&& (== net461) (>= dnxcore50)) (&& (== net461) (< net45)) (== netcoreapp2.0) (== netcoreapp2.1) (== netstandard2.0)
    System.Threading.Thread (4.3) - restriction: || (&& (== net452) (< net451) (>= netstandard1.5)) (&& (== net461) (< net451) (>= netstandard1.5)) (== netcoreapp2.0) (== netcoreapp2.1) (== netstandard2.0)
      System.Runtime (>= 4.3) - restriction: || (&& (== net452) (== net461)) (&& (== net452) (>= netstandard1.3)) (&& (== net461) (< net46)) (== netcoreapp2.0) (== netcoreapp2.1) (== netstandard2.0)
    System.Threading.ThreadPool (4.3) - restriction: || (&& (== net452) (< net451) (>= netstandard1.5)) (&& (== net452) (< net451) (>= netstandard1.6)) (&& (== net461) (< net451) (>= netstandard1.5)) (&& (== net461) (< net451) (>= netstandard1.6)) (== netcoreapp2.0) (== netcoreapp2.1) (== netstandard2.0)
      System.Runtime (>= 4.3) - restriction: || (&& (== net452) (== net461)) (&& (== net452) (>= netstandard1.3)) (&& (== net461) (< net46)) (== netcoreapp2.0) (== netcoreapp2.1) (== netstandard2.0)
      System.Runtime.Handles (>= 4.3) - restriction: || (&& (== net452) (== net461)) (&& (== net452) (>= netstandard1.3)) (&& (== net461) (< net46)) (== netcoreapp2.0) (== netcoreapp2.1) (== netstandard2.0)
    System.Threading.Timer (4.3) - restriction: || (&& (== net452) (< net451) (>= netstandard1.5)) (&& (== net461) (< net451) (>= netstandard1.5)) (== netcoreapp2.0) (== netcoreapp2.1) (== netstandard2.0)
      Microsoft.NETCore.Platforms (>= 1.1) - restriction: || (&& (== net452) (>= dnxcore50)) (&& (== net452) (< net451)) (&& (== net461) (>= dnxcore50)) (&& (== net461) (< net451)) (== netcoreapp2.0) (== netcoreapp2.1) (== netstandard2.0)
      Microsoft.NETCore.Targets (>= 1.1) - restriction: || (&& (== net452) (>= dnxcore50)) (&& (== net452) (< net451)) (&& (== net461) (>= dnxcore50)) (&& (== net461) (< net451)) (== netcoreapp2.0) (== netcoreapp2.1) (== netstandard2.0)
      System.Runtime (>= 4.3) - restriction: || (&& (== net452) (>= dnxcore50)) (&& (== net452) (< net451)) (&& (== net461) (>= dnxcore50)) (&& (== net461) (< net451)) (== netcoreapp2.0) (== netcoreapp2.1) (== netstandard2.0)
    System.ValueTuple (4.5.0-preview1-26216-02) - restriction: || (&& (== net452) (>= netcoreapp2.1)) (&& (== net461) (>= netcoreapp2.1)) (&& (== netcoreapp2.0) (>= netcoreapp2.1)) (== netcoreapp2.1) (&& (== netstandard2.0) (>= netcoreapp2.1))
    System.Xml.ReaderWriter (4.3.1) - restriction: || (&& (== net452) (< net35) (>= netstandard1.3)) (&& (== net461) (< net35)) (== netcoreapp2.0) (== netcoreapp2.1) (== netstandard2.0)
      System.Collections (>= 4.3) - restriction: || (&& (== net452) (>= dnxcore50)) (&& (== net452) (< net45) (>= netstandard1.3)) (&& (== net461) (>= dnxcore50)) (&& (== net461) (< net45)) (== netcoreapp2.0) (== netcoreapp2.1) (== netstandard2.0)
      System.Diagnostics.Debug (>= 4.3) - restriction: || (&& (== net452) (>= dnxcore50)) (&& (== net452) (< net45) (>= netstandard1.3)) (&& (== net461) (>= dnxcore50)) (&& (== net461) (< net45)) (== netcoreapp2.0) (== netcoreapp2.1) (== netstandard2.0)
      System.Globalization (>= 4.3) - restriction: || (&& (== net452) (>= dnxcore50)) (&& (== net452) (< net45) (>= netstandard1.3)) (&& (== net461) (>= dnxcore50)) (&& (== net461) (< net45)) (== netcoreapp2.0) (== netcoreapp2.1) (== netstandard2.0)
      System.IO (>= 4.3) - restriction: || (&& (== net452) (>= dnxcore50)) (&& (== net452) (< net45)) (&& (== net461) (>= dnxcore50)) (&& (== net461) (< net45)) (== netcoreapp2.0) (== netcoreapp2.1) (== netstandard2.0)
      System.IO.FileSystem (>= 4.3) - restriction: || (&& (== net452) (>= dnxcore50)) (&& (== net452) (< net45) (>= netstandard1.3)) (&& (== net461) (>= dnxcore50)) (&& (== net461) (< net45)) (== netcoreapp2.0) (== netcoreapp2.1) (== netstandard2.0)
      System.IO.FileSystem.Primitives (>= 4.3) - restriction: || (&& (== net452) (>= dnxcore50)) (&& (== net452) (< net45) (>= netstandard1.3)) (&& (== net461) (>= dnxcore50)) (&& (== net461) (< net45)) (== netcoreapp2.0) (== netcoreapp2.1) (== netstandard2.0)
      System.Resources.ResourceManager (>= 4.3) - restriction: || (&& (== net452) (>= dnxcore50)) (&& (== net452) (< net45) (>= netstandard1.3)) (&& (== net461) (>= dnxcore50)) (&& (== net461) (< net45)) (== netcoreapp2.0) (== netcoreapp2.1) (== netstandard2.0)
      System.Runtime (>= 4.3) - restriction: || (&& (== net452) (>= dnxcore50)) (&& (== net452) (< net45)) (&& (== net461) (>= dnxcore50)) (&& (== net461) (< net45)) (== netcoreapp2.0) (== netcoreapp2.1) (== netstandard2.0)
      System.Runtime.Extensions (>= 4.3) - restriction: || (&& (== net452) (>= dnxcore50)) (&& (== net452) (< net45) (>= netstandard1.3)) (&& (== net461) (>= dnxcore50)) (&& (== net461) (< net45)) (== netcoreapp2.0) (== netcoreapp2.1) (== netstandard2.0)
      System.Runtime.InteropServices (>= 4.3) - restriction: || (&& (== net452) (>= dnxcore50)) (&& (== net452) (< net45) (>= netstandard1.3)) (&& (== net461) (>= dnxcore50)) (&& (== net461) (< net45)) (== netcoreapp2.0) (== netcoreapp2.1) (== netstandard2.0)
      System.Text.Encoding (>= 4.3) - restriction: || (&& (== net452) (>= dnxcore50)) (&& (== net452) (< net45)) (&& (== net461) (>= dnxcore50)) (&& (== net461) (< net45)) (== netcoreapp2.0) (== netcoreapp2.1) (== netstandard2.0)
      System.Text.Encoding.Extensions (>= 4.3) - restriction: || (&& (== net452) (>= dnxcore50)) (&& (== net452) (< net45) (>= netstandard1.3)) (&& (== net461) (>= dnxcore50)) (&& (== net461) (< net45)) (== netcoreapp2.0) (== netcoreapp2.1) (== netstandard2.0)
      System.Text.RegularExpressions (>= 4.3) - restriction: || (&& (== net452) (>= dnxcore50)) (&& (== net452) (< net45) (>= netstandard1.3)) (&& (== net461) (>= dnxcore50)) (&& (== net461) (< net45)) (== netcoreapp2.0) (== netcoreapp2.1) (== netstandard2.0)
      System.Threading.Tasks (>= 4.3) - restriction: || (&& (== net452) (>= dnxcore50)) (&& (== net452) (< net45)) (&& (== net461) (>= dnxcore50)) (&& (== net461) (< net45)) (== netcoreapp2.0) (== netcoreapp2.1) (== netstandard2.0)
      System.Threading.Tasks.Extensions (>= 4.3) - restriction: || (&& (== net452) (>= dnxcore50)) (&& (== net452) (< net45) (>= netstandard1.3)) (&& (== net461) (>= dnxcore50)) (&& (== net461) (< net45)) (== netcoreapp2.0) (== netcoreapp2.1) (== netstandard2.0)
    System.Xml.XDocument (4.3) - restriction: || (&& (== net452) (>= dnxcore50) (>= netstandard1.3)) (&& (== net452) (< net45) (>= netstandard1.3)) (&& (== net461) (>= dnxcore50)) (&& (== net461) (< net45)) (== netcoreapp2.0) (== netcoreapp2.1) (== netstandard2.0)
      System.Collections (>= 4.3) - restriction: || (&& (== net452) (>= dnxcore50)) (&& (== net452) (< net45) (>= netstandard1.3)) (&& (== net461) (>= dnxcore50)) (&& (== net461) (< net45)) (== netcoreapp2.0) (== netcoreapp2.1) (== netstandard2.0)
      System.Diagnostics.Debug (>= 4.3) - restriction: || (&& (== net452) (>= dnxcore50)) (&& (== net452) (< net45) (>= netstandard1.3)) (&& (== net461) (>= dnxcore50)) (&& (== net461) (< net45)) (== netcoreapp2.0) (== netcoreapp2.1) (== netstandard2.0)
      System.Diagnostics.Tools (>= 4.3) - restriction: || (&& (== net452) (>= dnxcore50)) (&& (== net452) (< net45) (>= netstandard1.3)) (&& (== net461) (>= dnxcore50)) (&& (== net461) (< net45)) (== netcoreapp2.0) (== netcoreapp2.1) (== netstandard2.0)
      System.Globalization (>= 4.3) - restriction: || (&& (== net452) (>= dnxcore50)) (&& (== net452) (< net45) (>= netstandard1.3)) (&& (== net461) (>= dnxcore50)) (&& (== net461) (< net45)) (== netcoreapp2.0) (== netcoreapp2.1) (== netstandard2.0)
      System.IO (>= 4.3) - restriction: || (&& (== net452) (>= dnxcore50)) (&& (== net452) (< net45)) (&& (== net461) (>= dnxcore50)) (&& (== net461) (< net45)) (== netcoreapp2.0) (== netcoreapp2.1) (== netstandard2.0)
      System.Reflection (>= 4.3) - restriction: || (&& (== net452) (>= dnxcore50)) (&& (== net452) (< net45) (>= netstandard1.3)) (&& (== net461) (>= dnxcore50)) (&& (== net461) (< net45)) (== netcoreapp2.0) (== netcoreapp2.1) (== netstandard2.0)
      System.Resources.ResourceManager (>= 4.3) - restriction: || (&& (== net452) (>= dnxcore50)) (&& (== net452) (< net45) (>= netstandard1.3)) (&& (== net461) (>= dnxcore50)) (&& (== net461) (< net45)) (== netcoreapp2.0) (== netcoreapp2.1) (== netstandard2.0)
      System.Runtime (>= 4.3) - restriction: || (&& (== net452) (>= dnxcore50)) (&& (== net452) (< net45)) (&& (== net461) (>= dnxcore50)) (&& (== net461) (< net45)) (== netcoreapp2.0) (== netcoreapp2.1) (== netstandard2.0)
      System.Runtime.Extensions (>= 4.3) - restriction: || (&& (== net452) (>= dnxcore50)) (&& (== net452) (< net45) (>= netstandard1.3)) (&& (== net461) (>= dnxcore50)) (&& (== net461) (< net45)) (== netcoreapp2.0) (== netcoreapp2.1) (== netstandard2.0)
      System.Text.Encoding (>= 4.3) - restriction: || (&& (== net452) (>= dnxcore50)) (&& (== net452) (< net45) (>= netstandard1.3)) (&& (== net461) (>= dnxcore50)) (&& (== net461) (< net45)) (== netcoreapp2.0) (== netcoreapp2.1) (== netstandard2.0)
      System.Threading (>= 4.3) - restriction: || (&& (== net452) (>= dnxcore50)) (&& (== net452) (< net45) (>= netstandard1.3)) (&& (== net461) (>= dnxcore50)) (&& (== net461) (< net45)) (== netcoreapp2.0) (== netcoreapp2.1) (== netstandard2.0)
      System.Xml.ReaderWriter (>= 4.3) - restriction: || (&& (== net452) (>= dnxcore50)) (&& (== net452) (< net45)) (&& (== net461) (>= dnxcore50)) (&& (== net461) (< net45)) (== netcoreapp2.0) (== netcoreapp2.1) (== netstandard2.0)
    System.Xml.XmlDocument (4.3) - restriction: || (&& (== net452) (< net35) (>= netstandard1.3)) (&& (== net461) (< net35)) (== netcoreapp2.0) (== netcoreapp2.1) (== netstandard2.0)
      System.Collections (>= 4.3) - restriction: || (&& (== net452) (== net461)) (&& (== net452) (>= netstandard1.3)) (&& (== net461) (< net46)) (== netcoreapp2.0) (== netcoreapp2.1) (== netstandard2.0)
      System.Diagnostics.Debug (>= 4.3) - restriction: || (&& (== net452) (== net461)) (&& (== net452) (>= netstandard1.3)) (&& (== net461) (< net46)) (== netcoreapp2.0) (== netcoreapp2.1) (== netstandard2.0)
      System.Globalization (>= 4.3) - restriction: || (&& (== net452) (== net461)) (&& (== net452) (>= netstandard1.3)) (&& (== net461) (< net46)) (== netcoreapp2.0) (== netcoreapp2.1) (== netstandard2.0)
      System.IO (>= 4.3) - restriction: || (&& (== net452) (== net461)) (&& (== net452) (>= netstandard1.3)) (&& (== net461) (< net46)) (== netcoreapp2.0) (== netcoreapp2.1) (== netstandard2.0)
      System.Resources.ResourceManager (>= 4.3) - restriction: || (&& (== net452) (== net461)) (&& (== net452) (>= netstandard1.3)) (&& (== net461) (< net46)) (== netcoreapp2.0) (== netcoreapp2.1) (== netstandard2.0)
      System.Runtime (>= 4.3) - restriction: || (&& (== net452) (== net461)) (&& (== net452) (>= netstandard1.3)) (&& (== net461) (< net46)) (== netcoreapp2.0) (== netcoreapp2.1) (== netstandard2.0)
      System.Runtime.Extensions (>= 4.3) - restriction: || (&& (== net452) (== net461)) (&& (== net452) (>= netstandard1.3)) (&& (== net461) (< net46)) (== netcoreapp2.0) (== netcoreapp2.1) (== netstandard2.0)
      System.Text.Encoding (>= 4.3) - restriction: || (&& (== net452) (== net461)) (&& (== net452) (>= netstandard1.3)) (&& (== net461) (< net46)) (== netcoreapp2.0) (== netcoreapp2.1) (== netstandard2.0)
      System.Threading (>= 4.3) - restriction: || (&& (== net452) (== net461)) (&& (== net452) (>= netstandard1.3)) (&& (== net461) (< net46)) (== netcoreapp2.0) (== netcoreapp2.1) (== netstandard2.0)
      System.Xml.ReaderWriter (>= 4.3) - restriction: || (&& (== net452) (== net461)) (&& (== net452) (>= netstandard1.3)) (&& (== net461) (< net46)) (== netcoreapp2.0) (== netcoreapp2.1) (== netstandard2.0)
    System.Xml.XmlSerializer (4.3) - restriction: || (&& (== net452) (>= dnxcore50) (>= netstandard1.3)) (&& (== net452) (< net45) (>= netstandard1.3)) (&& (== net461) (>= dnxcore50)) (&& (== net461) (< net45)) (== netcoreapp2.0) (== netcoreapp2.1) (== netstandard2.0)
      System.Collections (>= 4.3) - restriction: || (&& (== net452) (>= dnxcore50)) (&& (== net452) (< net45) (>= netstandard1.3)) (&& (== net461) (>= dnxcore50)) (&& (== net461) (< net45)) (== netcoreapp2.0) (== netcoreapp2.1) (== netstandard2.0)
      System.Globalization (>= 4.3) - restriction: || (&& (== net452) (>= dnxcore50)) (&& (== net452) (< net45) (>= netstandard1.3)) (&& (== net461) (>= dnxcore50)) (&& (== net461) (< net45)) (== netcoreapp2.0) (== netcoreapp2.1) (== netstandard2.0)
      System.IO (>= 4.3) - restriction: || (&& (== net452) (>= dnxcore50)) (&& (== net452) (< net45)) (&& (== net461) (>= dnxcore50)) (&& (== net461) (< net45)) (== netcoreapp2.0) (== netcoreapp2.1) (== netstandard2.0)
      System.Linq (>= 4.3) - restriction: || (&& (== net452) (>= dnxcore50)) (&& (== net452) (< net45) (>= netstandard1.3)) (&& (== net461) (>= dnxcore50)) (&& (== net461) (< net45)) (== netcoreapp2.0) (== netcoreapp2.1) (== netstandard2.0)
      System.Reflection (>= 4.3) - restriction: || (&& (== net452) (>= dnxcore50)) (&& (== net452) (< net45) (>= netstandard1.3)) (&& (== net461) (>= dnxcore50)) (&& (== net461) (< net45)) (== netcoreapp2.0) (== netcoreapp2.1) (== netstandard2.0)
      System.Reflection.Emit (>= 4.3) - restriction: || (&& (== net452) (>= dnxcore50)) (&& (== net452) (< net45) (>= netstandard1.3)) (&& (== net461) (>= dnxcore50)) (&& (== net461) (< net45)) (== netcoreapp2.0) (== netcoreapp2.1) (== netstandard2.0)
      System.Reflection.Emit.ILGeneration (>= 4.3) - restriction: || (&& (== net452) (>= dnxcore50)) (&& (== net452) (< net45) (>= netstandard1.3)) (&& (== net461) (>= dnxcore50)) (&& (== net461) (< net45)) (== netcoreapp2.0) (== netcoreapp2.1) (== netstandard2.0)
      System.Reflection.Extensions (>= 4.3) - restriction: || (&& (== net452) (>= dnxcore50)) (&& (== net452) (< net45) (>= netstandard1.3)) (&& (== net461) (>= dnxcore50)) (&& (== net461) (< net45)) (== netcoreapp2.0) (== netcoreapp2.1) (== netstandard2.0)
      System.Reflection.Primitives (>= 4.3) - restriction: || (&& (== net452) (>= dnxcore50)) (&& (== net452) (< net45) (>= netstandard1.3)) (&& (== net461) (>= dnxcore50)) (&& (== net461) (< net45)) (== netcoreapp2.0) (== netcoreapp2.1) (== netstandard2.0)
      System.Reflection.TypeExtensions (>= 4.3) - restriction: || (&& (== net452) (>= dnxcore50)) (&& (== net452) (< net45) (>= netstandard1.3)) (&& (== net461) (>= dnxcore50)) (&& (== net461) (< net45)) (== netcoreapp2.0) (== netcoreapp2.1) (== netstandard2.0)
      System.Resources.ResourceManager (>= 4.3) - restriction: || (&& (== net452) (>= dnxcore50)) (&& (== net452) (< net45) (>= netstandard1.3)) (&& (== net461) (>= dnxcore50)) (&& (== net461) (< net45)) (== netcoreapp2.0) (== netcoreapp2.1) (== netstandard2.0)
      System.Runtime (>= 4.3) - restriction: || (&& (== net452) (>= dnxcore50)) (&& (== net452) (< net45)) (&& (== net461) (>= dnxcore50)) (&& (== net461) (< net45)) (== netcoreapp2.0) (== netcoreapp2.1) (== netstandard2.0)
      System.Runtime.Extensions (>= 4.3) - restriction: || (&& (== net452) (>= dnxcore50)) (&& (== net452) (< net45) (>= netstandard1.3)) (&& (== net461) (>= dnxcore50)) (&& (== net461) (< net45)) (== netcoreapp2.0) (== netcoreapp2.1) (== netstandard2.0)
      System.Text.RegularExpressions (>= 4.3) - restriction: || (&& (== net452) (>= dnxcore50)) (&& (== net452) (< net45) (>= netstandard1.3)) (&& (== net461) (>= dnxcore50)) (&& (== net461) (< net45)) (== netcoreapp2.0) (== netcoreapp2.1) (== netstandard2.0)
      System.Threading (>= 4.3) - restriction: || (&& (== net452) (>= dnxcore50)) (&& (== net452) (< net45) (>= netstandard1.3)) (&& (== net461) (>= dnxcore50)) (&& (== net461) (< net45)) (== netcoreapp2.0) (== netcoreapp2.1) (== netstandard2.0)
      System.Xml.ReaderWriter (>= 4.3) - restriction: || (&& (== net452) (>= dnxcore50)) (&& (== net452) (< net45)) (&& (== net461) (>= dnxcore50)) (&& (== net461) (< net45)) (== netcoreapp2.0) (== netcoreapp2.1) (== netstandard2.0)
      System.Xml.XmlDocument (>= 4.3) - restriction: || (&& (== net452) (>= dnxcore50)) (&& (== net452) (< net45) (>= netstandard1.3)) (&& (== net461) (>= dnxcore50)) (&& (== net461) (< net45)) (== netcoreapp2.0) (== netcoreapp2.1) (== netstandard2.0)
    System.Xml.XPath (4.3) - restriction: || (&& (== net452) (>= netcoreapp2.1)) (&& (== net461) (>= netcoreapp2.1)) (&& (== netcoreapp2.0) (>= netcoreapp2.1)) (== netcoreapp2.1) (&& (== netstandard2.0) (>= netcoreapp2.1))
      System.Collections (>= 4.3) - restriction: || (&& (== net452) (== net461)) (&& (== net452) (>= netstandard1.3)) (&& (== net461) (< net46)) (== netcoreapp2.0) (== netcoreapp2.1) (== netstandard2.0)
      System.Diagnostics.Debug (>= 4.3) - restriction: || (&& (== net452) (== net461)) (&& (== net452) (>= netstandard1.3)) (&& (== net461) (< net46)) (== netcoreapp2.0) (== netcoreapp2.1) (== netstandard2.0)
      System.Globalization (>= 4.3) - restriction: || (&& (== net452) (== net461)) (&& (== net452) (>= netstandard1.3)) (&& (== net461) (< net46)) (== netcoreapp2.0) (== netcoreapp2.1) (== netstandard2.0)
      System.IO (>= 4.3) - restriction: || (&& (== net452) (== net461)) (&& (== net452) (>= netstandard1.3)) (&& (== net461) (< net46)) (== netcoreapp2.0) (== netcoreapp2.1) (== netstandard2.0)
      System.Resources.ResourceManager (>= 4.3) - restriction: || (&& (== net452) (== net461)) (&& (== net452) (>= netstandard1.3)) (&& (== net461) (< net46)) (== netcoreapp2.0) (== netcoreapp2.1) (== netstandard2.0)
      System.Runtime (>= 4.3) - restriction: || (&& (== net452) (== net461)) (&& (== net452) (>= netstandard1.3)) (&& (== net461) (< net46)) (== netcoreapp2.0) (== netcoreapp2.1) (== netstandard2.0)
      System.Runtime.Extensions (>= 4.3) - restriction: || (&& (== net452) (== net461)) (&& (== net452) (>= netstandard1.3)) (&& (== net461) (< net46)) (== netcoreapp2.0) (== netcoreapp2.1) (== netstandard2.0)
      System.Threading (>= 4.3) - restriction: || (&& (== net452) (== net461)) (&& (== net452) (>= netstandard1.3)) (&& (== net461) (< net46)) (== netcoreapp2.0) (== netcoreapp2.1) (== netstandard2.0)
      System.Xml.ReaderWriter (>= 4.3) - restriction: || (&& (== net452) (== net461)) (&& (== net452) (>= netstandard1.3)) (&& (== net461) (< net46)) (== netcoreapp2.0) (== netcoreapp2.1) (== netstandard2.0)
    System.Xml.XPath.XDocument (4.3) - restriction: || (&& (== net452) (>= netcoreapp2.1)) (&& (== net461) (>= netcoreapp2.1)) (&& (== netcoreapp2.0) (>= netcoreapp2.1)) (== netcoreapp2.1) (&& (== netstandard2.0) (>= netcoreapp2.1))
      System.Diagnostics.Debug (>= 4.3) - restriction: || (&& (== net452) (== net461)) (&& (== net452) (>= netstandard1.3)) (&& (== net461) (< net46)) (== netcoreapp2.0) (== netcoreapp2.1) (== netstandard2.0)
      System.Linq (>= 4.3) - restriction: || (&& (== net452) (== net461)) (&& (== net452) (>= netstandard1.3)) (&& (== net461) (< net46)) (== netcoreapp2.0) (== netcoreapp2.1) (== netstandard2.0)
      System.Resources.ResourceManager (>= 4.3) - restriction: || (&& (== net452) (== net461)) (&& (== net452) (>= netstandard1.3)) (&& (== net461) (< net46)) (== netcoreapp2.0) (== netcoreapp2.1) (== netstandard2.0)
      System.Runtime (>= 4.3) - restriction: || (&& (== net452) (== net461)) (&& (== net452) (>= netstandard1.3)) (&& (== net461) (< net46)) (== netcoreapp2.0) (== netcoreapp2.1) (== netstandard2.0)
      System.Runtime.Extensions (>= 4.3) - restriction: || (&& (== net452) (== net461)) (&& (== net452) (>= netstandard1.3)) (&& (== net461) (< net46)) (== netcoreapp2.0) (== netcoreapp2.1) (== netstandard2.0)
      System.Threading (>= 4.3) - restriction: || (&& (== net452) (== net461)) (&& (== net452) (>= netstandard1.3)) (&& (== net461) (< net46)) (== netcoreapp2.0) (== netcoreapp2.1) (== netstandard2.0)
      System.Xml.ReaderWriter (>= 4.3) - restriction: || (&& (== net452) (== net461)) (&& (== net452) (>= netstandard1.3)) (&& (== net461) (< net46)) (== netcoreapp2.0) (== netcoreapp2.1) (== netstandard2.0)
      System.Xml.XDocument (>= 4.3) - restriction: || (&& (== net452) (== net461)) (&& (== net452) (>= netstandard1.3)) (&& (== net461) (< net46)) (== netcoreapp2.0) (== netcoreapp2.1) (== netstandard2.0)
      System.Xml.XPath (>= 4.3) - restriction: || (&& (== net452) (>= net46)) (&& (== net452) (>= netstandard1.3)) (== net461) (== netcoreapp2.0) (== netcoreapp2.1) (== netstandard2.0)
