REDIRECTS: ON
RESTRICTION: || (== net45) (== net452) (== net461)
NUGET
  remote: https://www.nuget.org/api/v2
    Aether (8.1.2)
    aliyun-log-csharp-sdk (0.6)
      Newtonsoft.Json (>= 10.0.2)
    ApacheThrift (0.9.3)
    Argu (3.7)
    Castle.Core (3.3.3)
    Chiron (6.2.1)
      Aether (>= 8.0.2 < 9.0)
      FParsec (>= 1.0 < 2.0)
    Common.Logging (3.3.1)
      Common.Logging.Core (>= 3.3.1)
    Common.Logging.Core (3.3.1)
    DVar (0.2)
      FSharp.Core (>= 4.0.0.1)
    elmah.corelibrary (1.2.2)
    elmah.io.client (2.0.29)
    elmah.io.core (2.0.29)
      elmah.corelibrary (>= 1.2.2)
      elmah.io.client (>= 2.0.29)
    EventStore.Client (3.9.4)
    Expecto (3.2)
      Argu (>= 3.2)
      FSharp.Core (>= 3.1.2.5)
      Mono.Cecil (>= 0.9.6.4)
    Expecto.FsCheck (3.0)
      Expecto (>= 3.0)
      FsCheck (>= 2.6.2)
      FSharp.Core (>= 3.1.2.5)
    FAKE (4.48)
    FluentMigrator (1.6.2)
    FluentMigrator.Runner (1.6.2)
      FluentMigrator (>= 1.6.2)
    FParsec (1.0.2)
    FsCheck (2.6.2)
      FSharp.Core (>= 3.1.2.5)
    FSharp.Core (4.0.0.1) - redirects: force
    FsPickler (3.2)
    FsSql (2.1)
      FSharp.Core (>= 3.1.2.1)
    fszmq (12.2.1)
      FSharp.Core
    Google.Api.CommonProtos (1.0.0-beta05)
      Google.Protobuf (>= 3.0)
    Google.Api.Gax (1.0.0-beta06)
      Google.Apis.Auth (>= 1.20)
      System.Interactive.Async (>= 3.1.1)
    Google.Api.Gax.Grpc (1.0.0-beta06)
      Google.Api.Gax (>= 1.0.0-beta06)
      Google.Apis.Auth (>= 1.20)
      Google.Protobuf (>= 3.0)
      Grpc.Auth (>= 1.0.1)
      Grpc.Core (>= 1.0.1)
    Google.Api.Gax.Rest (1.0.0-beta06)
      Google.Api.Gax (>= 1.0.0-beta06)
      Google.Apis (>= 1.20)
      Google.Apis.Auth (>= 1.20)
    Google.Apis (1.20)
      Google.Apis.Core (>= 1.20)
      log4net (>= 2.0.3)
      Zlib.Portable.Signed (>= 1.11)
    Google.Apis.Auth (1.20)
      Google.Apis (>= 1.20)
      Google.Apis.Core (>= 1.20)
    Google.Apis.Core (1.20)
      Newtonsoft.Json (>= 7.0.1)
    Google.Cloud.Logging.Type (1.0.0-beta06)
      Google.Api.CommonProtos (>= 1.0.0-beta05)
    Google.Cloud.Logging.V2 (1.0.0-beta06)
      Google.Api.Gax.Grpc (>= 1.0.0-beta06)
      Google.Cloud.Logging.Type (>= 1.0.0-beta06)
    Google.Protobuf (3.1)
    Grpc.Auth (1.0.1)
      Google.Apis.Auth (>= 1.16)
      Grpc.Core (>= 1.0.1)
    Grpc.Core (1.0.1)
      System.Interactive.Async (>= 3.0)
    Hopac (0.3.22)
      FSharp.Core (>= 3.1.2.5)
    Http.fs (4.1)
      FSharp.Core (>= 3.1.2.5)
      Hopac (>= 0.3.21)
    log4net (2.0.7)
    Machine.Specifications (0.11)
    Machine.Specifications.Runner.Console (0.9.2)
    Machine.Specifications.Should (0.11)
      Machine.Specifications (>= 0.11)
    Mailgun.Api (0.5)
      Chiron (>= 6.2.1)
      Http.fs (>= 4.1)
      NodaTime (>= 1.3.2)
    Microsoft.ApplicationInsights (2.4)
      System.Diagnostics.DiagnosticSource (>= 4.4)
    Microsoft.ApplicationInsights.Agent.Intercept (2.4)
    Microsoft.ApplicationInsights.DependencyCollector (2.4.1)
      Microsoft.ApplicationInsights (2.4)
      Microsoft.ApplicationInsights.Agent.Intercept (>= 2.4)
      System.Diagnostics.DiagnosticSource (>= 4.4)
    Mono.Cecil (0.9.6.4)
    Newtonsoft.Json (10.0.2)
    NLog (4.4.1)
    NodaTime (1.3.2)
    protobuf-net (2.1)
    RabbitMQ.Client (3.6.6)
    SQLite.Interop (1.0)
    SQLite.Interop.dll (1.0.103)
    Suave (2.2.1)
      FSharp.Core (>= 4.0.0.1)
    System.Data.SQLite.Core (1.0.104)
    System.Diagnostics.DiagnosticSource (4.4)
    System.Interactive.Async (3.1.1)
    Topshelf (4.0.3)
    Topshelf.FSharp (3.0)
      Topshelf (>= 4.0.2)
    Unquote (3.1.2)
    Zlib.Portable.Signed (1.11)
GITHUB
  remote: xyncro/chiron
    src/Chiron/Chiron.fs (e0f4c122b21cb02d47ae3f4f83924b2dcb8dea9e)
  remote: xyncro/aether
    src/Aether/Aether.fs (5b5c05db2414562e9f3f679d42284638e63b9f3a)
  remote: haf/YoLo
    YoLo.fs (eb8f7b984c0c9f390d88a4f6dd211e45451c2156)
  remote: logary/RingBuffer
    RingBuffer.fs (0fa46d2ed3d92679517c942240a1dc674767e69e)
      Expecto
      Hopac
  remote: logary/logary
    src/Logary.CSharp.Facade/Facade.cs (fee70647099053cf08db19879288a711643ccc0c)
    src/Logary.Facade/Facade.fs (fee70647099053cf08db19879288a711643ccc0c)
GROUP Examples
REDIRECTS: ON
RESTRICTION: >= net45
NUGET
  remote: https://www.nuget.org/api/v2
    elmah.io.client (2.0.29)
    FParsec (1.0.2)
    FSharp.Core (4.0.0.1)
    FsSql (2.1)
      FSharp.Core (>= 3.1.2.1)
    fszmq (12.2.1)
      FSharp.Core
    Hopac (0.3.23)
      FSharp.Core (>= 3.1.2.5)
    Http.fs (4.1)
      FSharp.Core (>= 3.1.2.5)
      Hopac (>= 0.3.21)
    Logary (4.0.304)
      FParsec (>= 1.0.2)
      FSharp.Core (>= 4.0.0.1)
      Hopac (>= 0.3.23)
      NodaTime (>= 1.3.2)
    Logary.CSharp (4.0.304)
      FSharp.Core (>= 4.0.0.1)
      Hopac (>= 0.3.23)
      Logary (>= 4.0.304)
      NodaTime (>= 1.3.2)
    Logary.Targets.DB (4.0.304)
      FSharp.Core (>= 4.0.0.1)
      FsSql (>= 2.1)
      Hopac (>= 0.3.23)
      Logary (>= 4.0.304)
      NodaTime (>= 1.3.2)
    Logary.Targets.ElasticSearch (4.0.304)
      FSharp.Core (>= 4.0.0.1)
      Hopac (>= 0.3.23)
      Http.fs (>= 4.1)
      Logary (>= 4.0.304)
      NodaTime (>= 1.3.2)
    Logary.Targets.Elmah.Io (4.0.304)
      elmah.io.client (>= 2.0.29)
      FSharp.Core (>= 4.0.0.1)
      Hopac (>= 0.3.23)
      Logary (>= 4.0.304)
      NodaTime (>= 1.3.2)
    Logary.Targets.InfluxDb (4.0.304)
      FParsec (>= 1.0.2)
      FSharp.Core (>= 4.0.0.1)
      Hopac (>= 0.3.23)
      Http.fs (>= 4.1)
      Logary (>= 4.0.304)
      NodaTime (>= 1.3.2)
    Logary.Targets.Logstash (4.0.304)
      FSharp.Core (>= 4.0.0.1)
      fszmq (>= 12.2.1)
      Hopac (>= 0.3.23)
      Logary (>= 4.0.304)
      NodaTime (>= 1.3.2)
    NodaTime (1.3.2)
